{
  "aor": 0.004354108108108108,
  "aqi": 0.0008750554864864865,
  "bids_meta": {
    "AcquisitionDateTime": "2020-05-10T15:40:7.000000",
    "BodyPartExamined": "HEAD",
    "ConversionSoftware": "dcm2niix",
    "ConversionSoftwareVersion": "v1.0.20170411 GCC4.8.4",
    "Dcm2bidsVersion": "2.1.4",
    "EchoTime": 0.03,
    "FlipAngle": 90,
    "ImageType": [
      "ORIGINAL",
      "PRIMARY",
      "EPI",
      "NONE"
    ],
    "MagneticFieldStrength": 3,
    "Manufacturer": "GE",
    "ManufacturersModelName": "DISCOVERY_MR750",
    "ProtocolName": "tr_FMRI_1",
    "RepetitionTime": 2,
    "ScanningSequence": "EP_GR",
    "SequenceVariant": "SS",
    "SeriesDescription": "tr_FMRI_1",
    "SliceEncodingDirection": "k",
    "SliceTiming": [
      0.057142857,
      0.171428571,
      0.285714286,
      0.4,
      0.514285714,
      0.628571429,
      0.742857143,
      0.857142857,
      0.971428571,
      1.085714286,
      1.2,
      1.314285714,
      1.428571429,
      1.542857143,
      1.657142857,
      1.771428571,
      1.885714286,
      2.0,
      0.114285714,
      0.228571429,
      0.342857143,
      0.457142857,
      0.571428571,
      0.685714286,
      0.8,
      0.914285714,
      1.028571429,
      1.142857143,
      1.257142857,
      1.371428571,
      1.485714286,
      1.6,
      1.714285714,
      1.828571429,
      1.942857143
    ],
    "TaskName": "Emotional face perception",
    "dataset": "ds003548",
    "modality": "bold",
    "run_id": 1,
    "subject_id": "15",
    "task_id": "emotionalfaces"
  },
  "dummy_trs": 0,
  "dvars_nstd": 11.804093902336962,
  "dvars_std": 1.138812040543479,
  "dvars_vstd": 1.0114820138043472,
  "efc": 0.36880236839785263,
  "fber": 116394.703125,
  "fd_mean": 0.10512185658941753,
  "fd_num": 15,
  "fd_perc": 8.108108108108109,
  "fwhm_avg": 2.8961166666666665,
  "fwhm_x": 2.74765,
  "fwhm_y": 2.948,
  "fwhm_z": 2.9927,
  "gcor": 0.0731129,
  "gsr_x": -0.003986406605690718,
  "gsr_y": -0.002873013960197568,
  "provenance": {
    "md5sum": "703b7888b0c1ac6abb36f5c85b775a76",
    "settings": {
      "fd_thres": 0.2,
      "testing": false
    },
    "software": "mriqc",
    "version": "22.0.1",
    "webapi_port": null,
    "webapi_url": "https://mriqc.nimh.nih.gov/api/v1"
  },
  "size_t": 185,
  "size_x": 64,
  "size_y": 64,
  "size_z": 35,
  "snr": 3.5208188771840745,
  "spacing_tr": 2.0,
  "spacing_x": 4.0,
  "spacing_y": 4.0,
  "spacing_z": 4.0,
  "summary_bg_k": 56.10775669388133,
  "summary_bg_mad": 10.274032892105307,
  "summary_bg_mean": 56.704017639160156,
  "summary_bg_median": 7.675675868988037,
  "summary_bg_n": 100415.0,
  "summary_bg_p05": 0.24864865839481354,
  "summary_bg_p95": 283.220016479491,
  "summary_bg_stdv": 176.4309539794922,
  "summary_fg_k": -0.07261937228361903,
  "summary_fg_mad": 712.1378964979457,
  "summary_fg_mean": 2615.011474609375,
  "summary_fg_median": 2513.9189453125,
  "summary_fg_n": 15055.0,
  "summary_fg_p05": 1601.7325073242187,
  "summary_fg_p95": 3925.693627929687,
  "summary_fg_stdv": 713.99169921875,
  "tsnr": 116.2185860145837
}