{
  "aor": 0.001184162162162162,
  "aqi": 0.0007483575999999999,
  "bids_meta": {
    "AcquisitionDateTime": "2019-10-30T18:16:14.000000",
    "BodyPartExamined": "HEAD",
    "ConversionSoftware": "dcm2niix",
    "ConversionSoftwareVersion": "v1.0.20170411 GCC4.8.4",
    "Dcm2bidsVersion": "2.1.4",
    "EchoTime": 0.03,
    "FlipAngle": 90,
    "ImageType": [
      "ORIGINAL",
      "PRIMARY",
      "EPI",
      "NONE"
    ],
    "MagneticFieldStrength": 3,
    "Manufacturer": "GE",
    "ManufacturersModelName": "DISCOVERY_MR750",
    "ProtocolName": "tr_FMRI_2",
    "RepetitionTime": 2,
    "ScanningSequence": "EP_GR",
    "SequenceVariant": "SS",
    "SeriesDescription": "tr_FMRI_2",
    "SliceEncodingDirection": "k",
    "SliceTiming": [
      0.057142857,
      0.171428571,
      0.285714286,
      0.4,
      0.514285714,
      0.628571429,
      0.742857143,
      0.857142857,
      0.971428571,
      1.085714286,
      1.2,
      1.314285714,
      1.428571429,
      1.542857143,
      1.657142857,
      1.771428571,
      1.885714286,
      2.0,
      0.114285714,
      0.228571429,
      0.342857143,
      0.457142857,
      0.571428571,
      0.685714286,
      0.8,
      0.914285714,
      1.028571429,
      1.142857143,
      1.257142857,
      1.371428571,
      1.485714286,
      1.6,
      1.714285714,
      1.828571429,
      1.942857143
    ],
    "TaskName": "Emotional face perception",
    "dataset": "ds003548",
    "modality": "bold",
    "run_id": 2,
    "subject_id": "04",
    "task_id": "emotionalfaces"
  },
  "dummy_trs": 0,
  "dvars_nstd": 10.49942911217391,
  "dvars_std": 1.1208852641304348,
  "dvars_vstd": 1.0043544726086957,
  "efc": 0.4152530475449305,
  "fber": 47410.8984375,
  "fd_mean": 0.03402926041294781,
  "fd_num": 0,
  "fd_perc": 0.0,
  "fwhm_avg": 2.7258612222222225,
  "fwhm_x": 2.606285333333333,
  "fwhm_y": 2.7795733333333335,
  "fwhm_z": 2.791725,
  "gcor": 0.0417801,
  "gsr_x": 0.004659815691411495,
  "gsr_y": 0.011749807745218277,
  "provenance": {
    "md5sum": "0932d8b4ba028be87e3d7804c66613e3",
    "settings": {
      "fd_thres": 0.2,
      "testing": false
    },
    "software": "mriqc",
    "version": "22.0.1",
    "webapi_port": null,
    "webapi_url": "https://mriqc.nimh.nih.gov/api/v1"
  },
  "size_t": 185,
  "size_x": 64,
  "size_y": 64,
  "size_z": 35,
  "snr": 3.6848990436777904,
  "spacing_tr": 2.0,
  "spacing_x": 3.75,
  "spacing_y": 3.75,
  "spacing_z": 4.0,
  "summary_bg_k": 21.40586649703342,
  "summary_bg_mad": 16.18040000649595,
  "summary_bg_mean": 95.7435531616211,
  "summary_bg_median": 11.62702751159668,
  "summary_bg_n": 96982.0,
  "summary_bg_p05": 0.29729729890823364,
  "summary_bg_p95": 599.5430114746089,
  "summary_bg_stdv": 257.2179260253906,
  "summary_fg_k": 0.26890871499701774,
  "summary_fg_mad": 609.1770362303341,
  "summary_fg_mean": 2533.869873046875,
  "summary_fg_median": 2448.75146484375,
  "summary_fg_n": 17124.0,
  "summary_fg_p05": 1576.380596923828,
  "summary_fg_p95": 3772.3100341796858,
  "summary_fg_stdv": 664.5175170898438,
  "tsnr": 133.2723309006542
}