{
  "aor": 0.0008309189189189191,
  "aqi": 0.0008126155945945946,
  "bids_meta": {
    "AcquisitionDateTime": "2020-05-10T17:22:7.000000",
    "BodyPartExamined": "HEAD",
    "ConversionSoftware": "dcm2niix",
    "ConversionSoftwareVersion": "v1.0.20170411 GCC4.8.4",
    "Dcm2bidsVersion": "2.1.4",
    "EchoTime": 0.03,
    "FlipAngle": 90,
    "ImageType": [
      "ORIGINAL",
      "PRIMARY",
      "EPI",
      "NONE"
    ],
    "MagneticFieldStrength": 3,
    "Manufacturer": "GE",
    "ManufacturersModelName": "DISCOVERY_MR750",
    "ProtocolName": "tr_FMRI_1",
    "RepetitionTime": 2,
    "ScanningSequence": "EP_GR",
    "SequenceVariant": "SS",
    "SeriesDescription": "tr_FMRI_1",
    "SliceEncodingDirection": "k",
    "SliceTiming": [
      0.057142857,
      0.171428571,
      0.285714286,
      0.4,
      0.514285714,
      0.628571429,
      0.742857143,
      0.857142857,
      0.971428571,
      1.085714286,
      1.2,
      1.314285714,
      1.428571429,
      1.542857143,
      1.657142857,
      1.771428571,
      1.885714286,
      2.0,
      0.114285714,
      0.228571429,
      0.342857143,
      0.457142857,
      0.571428571,
      0.685714286,
      0.8,
      0.914285714,
      1.028571429,
      1.142857143,
      1.257142857,
      1.371428571,
      1.485714286,
      1.6,
      1.714285714,
      1.828571429,
      1.942857143
    ],
    "TaskName": "Emotional face perception",
    "dataset": "ds003548",
    "modality": "bold",
    "run_id": 1,
    "subject_id": "16",
    "task_id": "emotionalfaces"
  },
  "dummy_trs": 0,
  "dvars_nstd": 10.983564475163046,
  "dvars_std": 1.2073461703804345,
  "dvars_vstd": 0.9778999382608696,
  "efc": 0.3291977450595913,
  "fber": 101435.4921875,
  "fd_mean": 0.03265739490089028,
  "fd_num": 1,
  "fd_perc": 0.5405405405405406,
  "fwhm_avg": 3.0241000000000002,
  "fwhm_x": 2.8674,
  "fwhm_y": 3.065625,
  "fwhm_z": 3.139275,
  "gcor": 0.0516819,
  "gsr_x": -0.013197668828070164,
  "gsr_y": -0.0018375416984781623,
  "provenance": {
    "md5sum": "6de18a2adfdc7f2fa6cfd512605ec34f",
    "settings": {
      "fd_thres": 0.2,
      "testing": false
    },
    "software": "mriqc",
    "version": "22.0.1",
    "webapi_port": null,
    "webapi_url": "https://mriqc.nimh.nih.gov/api/v1"
  },
  "size_t": 185,
  "size_x": 64,
  "size_y": 64,
  "size_z": 35,
  "snr": 3.4121479881825034,
  "spacing_tr": 2.0,
  "spacing_x": 4.0,
  "spacing_y": 4.0,
  "spacing_z": 4.0,
  "summary_bg_k": 52.5583101596433,
  "summary_bg_mad": 10.0897092001293,
  "summary_bg_mean": 46.87932586669922,
  "summary_bg_median": 7.762162208557129,
  "summary_bg_n": 105693.0,
  "summary_bg_p05": 0.4702702760696411,
  "summary_bg_p95": 230.11135559082018,
  "summary_bg_stdv": 137.863525390625,
  "summary_fg_k": 0.41627687713307315,
  "summary_fg_mad": 625.5861054863458,
  "summary_fg_mean": 2509.42919921875,
  "summary_fg_median": 2365.36767578125,
  "summary_fg_n": 11403.0,
  "summary_fg_p05": 1624.8405883789062,
  "summary_fg_p95": 3886.1277099609374,
  "summary_fg_stdv": 693.1891479492188,
  "tsnr": 139.8166631576605
}