{
  "bids_meta": {
    "AcquisitionDateTime": "2020-03-12T21:42:24.000000",
    "BodyPartExamined": "HEAD",
    "ConversionSoftware": "dcm2niix",
    "ConversionSoftwareVersion": "v1.0.20170411 GCC4.8.4",
    "Dcm2bidsVersion": "2.1.4",
    "EchoTime": 0.003192,
    "FlipAngle": 12,
    "ImageType": [
      "ORIGINAL",
      "PRIMARY",
      "OTHER"
    ],
    "InversionTime": 0.45,
    "MagneticFieldStrength": 3,
    "Manufacturer": "GE",
    "ManufacturersModelName": "DISCOVERY_MR750",
    "ProtocolName": "Sag_T1_FSPGR_BRAVO",
    "RepetitionTime": 0.008184,
    "ScanningSequence": "GR",
    "SequenceVariant": "SS_SP_SK",
    "SeriesDescription": "Sag_T1_FSPGR_BRAVO",
    "dataset": "ds003548",
    "modality": "T1w",
    "subject_id": "11"
  },
  "cjv": 0.3560988604523596,
  "cnr": 3.8501011046552747,
  "efc": 0.5887575371830249,
  "fber": -1.0,
  "fwhm_avg": 3.9273666666666665,
  "fwhm_x": 3.89076,
  "fwhm_y": 4.08884,
  "fwhm_z": 3.8025,
  "icvs_csf": 0.20149806870620407,
  "icvs_gm": 0.45864510909815986,
  "icvs_wm": 0.33985682219563607,
  "inu_med": 0.5535770058631897,
  "inu_range": 0.1905122220516205,
  "provenance": {
    "md5sum": "378408869aff2578afbd88a98cba6c4d",
    "settings": {
      "testing": false
    },
    "software": "mriqc",
    "version": "22.0.1",
    "warnings": {
      "large_rot_frame": true,
      "small_air_mask": false
    },
    "webapi_port": null,
    "webapi_url": "https://mriqc.nimh.nih.gov/api/v1"
  },
  "qi_1": 0.0,
  "qi_2": 0.00348782489915273,
  "rpve_csf": 28.02259040195218,
  "rpve_gm": 13.272203862048062,
  "rpve_wm": 19.95011134539009,
  "size_x": 176,
  "size_y": 256,
  "size_z": 256,
  "snr_csf": 2.8079749522228794,
  "snr_gm": 11.318018251968367,
  "snr_total": 11.191860777521427,
  "snr_wm": 19.449589128373038,
  "snrd_csf": 20.57143379997761,
  "snrd_gm": 51.2341552181597,
  "snrd_total": 48.655361247640364,
  "snrd_wm": 74.16049472478377,
  "spacing_x": 1.0,
  "spacing_y": 1.0,
  "spacing_z": 1.0,
  "summary_bg_k": 15.5806144931246,
  "summary_bg_mad": 0.0,
  "summary_bg_mean": 5.0761383838603535,
  "summary_bg_median": 0.0,
  "summary_bg_n": 1531085.0,
  "summary_bg_p05": 0.0,
  "summary_bg_p95": 23.137283980846405,
  "summary_bg_stdv": 8.834035041037383,
  "summary_csf_k": 0.5963229202084963,
  "summary_csf_mad": 86.41083378198596,
  "summary_csf_mean": 283.25341512507373,
  "summary_csf_median": 277.3907342553139,
  "summary_csf_n": 24812.0,
  "summary_csf_p05": 132.64703908860685,
  "summary_csf_p95": 467.51247346401215,
  "summary_csf_stdv": 98.78476448981293,
  "summary_gm_k": 0.07666537941684703,
  "summary_gm_mad": 60.832792074263786,
  "summary_gm_mean": 690.7462073586091,
  "summary_gm_median": 690.8550990223885,
  "summary_gm_n": 34085.0,
  "summary_gm_p05": 589.9090723991394,
  "summary_gm_p95": 790.8477668762207,
  "summary_gm_stdv": 61.039393051857324,
  "summary_wm_k": 0.6275668547550506,
  "summary_wm_mad": 49.25335980275513,
  "summary_wm_mean": 1001.6010269395658,
  "summary_wm_median": 1000.0000138282776,
  "summary_wm_n": 165290.0,
  "summary_wm_p05": 920.5412271618843,
  "summary_wm_p95": 1088.0023617744446,
  "summary_wm_stdv": 51.4148130449953,
  "tpm_overlap_csf": 0.16629260502687834,
  "tpm_overlap_gm": 0.479770469778115,
  "tpm_overlap_wm": 0.5069680705619797,
  "wm2max": 0.5087031618096823
}