{
  "bids_meta": {
    "AcquisitionDateTime": "2020-03-12T21:41:24.000000",
    "BodyPartExamined": "HEAD",
    "ConversionSoftware": "dcm2niix",
    "ConversionSoftwareVersion": "v1.0.20170411 GCC4.8.4",
    "Dcm2bidsVersion": "2.1.4",
    "EchoTime": 0.1014,
    "FlipAngle": 142,
    "ImageType": [
      "ORIGINAL",
      "PRIMARY",
      "OTHER"
    ],
    "MagneticFieldStrength": 3,
    "Manufacturer": "GE",
    "ManufacturersModelName": "DISCOVERY_MR750",
    "ProtocolName": "Ax_T2_FSE",
    "RepetitionTime": 6.255,
    "ScanningSequence": "SE",
    "SequenceVariant": "SK",
    "SeriesDescription": "Ax_T2_FSE",
    "dataset": "ds003548",
    "modality": "T2w",
    "subject_id": "11"
  },
  "cjv": 0.5053091477324287,
  "cnr": 2.8411070206376414,
  "efc": 0.6128210440202535,
  "fber": 8134.527734949263,
  "fwhm_avg": 5.011996666666667,
  "fwhm_x": 5.71148,
  "fwhm_y": 7.58684,
  "fwhm_z": 1.73767,
  "icvs_csf": 0.14566514450930157,
  "icvs_gm": 0.373666834677269,
  "icvs_wm": 0.4806680208134294,
  "inu_med": 1.042398452758789,
  "inu_range": 0.41436807811260223,
  "provenance": {
    "md5sum": "4488fc46eb088d67bfd81f0bd27f7115",
    "settings": {
      "testing": false
    },
    "software": "mriqc",
    "version": "22.0.1",
    "warnings": {
      "large_rot_frame": true,
      "small_air_mask": false
    },
    "webapi_port": null,
    "webapi_url": "https://mriqc.nimh.nih.gov/api/v1"
  },
  "qi_1": 0.0,
  "qi_2": 0.0018378430947711146,
  "rpve_csf": 34.14205486571473,
  "rpve_gm": 12.772888467958056,
  "rpve_wm": 11.570113146958096,
  "size_x": 512,
  "size_y": 512,
  "size_z": 35,
  "snr_csf": 2.1307373884216383,
  "snr_gm": 12.243823341381246,
  "snr_total": 8.234052657670604,
  "snr_wm": 10.327597243208931,
  "snrd_csf": 94.00908994489902,
  "snrd_gm": 57.98680516656407,
  "snrd_total": 64.09657116511384,
  "snrd_wm": 40.293818383878445,
  "spacing_x": 0.5,
  "spacing_y": 0.5,
  "spacing_z": 4.0,
  "summary_bg_k": 242.12079339961758,
  "summary_bg_mad": 17.114847931495845,
  "summary_bg_mean": 10.406525504076082,
  "summary_bg_median": 11.543789505958557,
  "summary_bg_n": 1201484.0,
  "summary_bg_p05": 0.0,
  "summary_bg_p95": 26.704633057117462,
  "summary_bg_stdv": 27.768654926607155,
  "summary_csf_k": -0.6395026946506959,
  "summary_csf_mad": 796.7532207042365,
  "summary_csf_mean": 2234.747408796219,
  "summary_csf_median": 2455.90273809433,
  "summary_csf_n": 140938.0,
  "summary_csf_p05": 206.78774935007095,
  "summary_csf_p95": 4037.513490375875,
  "summary_csf_stdv": 1152.602868245543,
  "summary_gm_k": -0.062132207332001865,
  "summary_gm_mad": 125.28068685854957,
  "summary_gm_mean": 1527.59161480625,
  "summary_gm_median": 1514.8530175685883,
  "summary_gm_n": 288770.0,
  "summary_gm_p05": 1346.5445665717125,
  "summary_gm_p95": 1749.807613313198,
  "summary_gm_stdv": 123.72364027060455,
  "summary_wm_k": -0.44029491482165906,
  "summary_wm_mad": 108.27993791326371,
  "summary_wm_mean": 1049.555738108797,
  "summary_wm_median": 1052.6396857500076,
  "summary_wm_n": 446952.0,
  "summary_wm_p05": 878.4823814034462,
  "summary_wm_p95": 1213.4831528663635,
  "summary_wm_stdv": 101.92482175520193,
  "tpm_overlap_csf": 0.16401776620789887,
  "tpm_overlap_gm": 0.3932563492935738,
  "tpm_overlap_wm": 0.4467353330532322,
  "wm2max": 0.24514302100508997
}