{
  "aor": 0.0029823666666666665,
  "aqi": 0.0017515885766666666,
  "bids_meta": {
    "AcquisitionDateTime": "2020-05-10T17:10:21.000000",
    "BodyPartExamined": "HEAD",
    "ConversionSoftware": "dcm2niix",
    "ConversionSoftwareVersion": "v1.0.20170411 GCC4.8.4",
    "Dcm2bidsVersion": "2.1.4",
    "EchoTime": 0.04,
    "FlipAngle": 90,
    "ImageType": [
      "ORIGINAL",
      "PRIMARY",
      "EPI",
      "NONE"
    ],
    "MagneticFieldStrength": 3,
    "Manufacturer": "GE",
    "ManufacturersModelName": "DISCOVERY_MR750",
    "ProtocolName": "fMRI_RestState",
    "RepetitionTime": 2,
    "ScanningSequence": "EP_GR",
    "SequenceVariant": "SS",
    "SeriesDescription": "fMRI_RestState",
    "SliceEncodingDirection": "k",
    "SliceTiming": [
      0.057142857,
      0.171428571,
      0.285714286,
      0.4,
      0.514285714,
      0.628571429,
      0.742857143,
      0.857142857,
      0.971428571,
      1.085714286,
      1.2,
      1.314285714,
      1.428571429,
      1.542857143,
      1.657142857,
      1.771428571,
      1.885714286,
      2.0,
      0.114285714,
      0.228571429,
      0.342857143,
      0.457142857,
      0.571428571,
      0.685714286,
      0.8,
      0.914285714,
      1.028571429,
      1.142857143,
      1.257142857,
      1.371428571,
      1.485714286,
      1.6,
      1.714285714,
      1.828571429,
      1.942857143
    ],
    "TaskName": "Resting state, awake, closed eyes",
    "dataset": "ds003548",
    "modality": "bold",
    "subject_id": "16",
    "task_id": "rest"
  },
  "dummy_trs": 0,
  "dvars_nstd": 10.664735491438128,
  "dvars_std": 1.0270864378929774,
  "dvars_vstd": 0.9908270993311039,
  "efc": 0.3094052495072256,
  "fber": 89332.5234375,
  "fd_mean": 0.05173653206127622,
  "fd_num": 4,
  "fd_perc": 1.3333333333333333,
  "fwhm_avg": 2.7382500000000003,
  "fwhm_x": 2.655875,
  "fwhm_y": 2.790375,
  "fwhm_z": 2.7685,
  "gcor": 0.0617429,
  "gsr_x": -0.011176515370607376,
  "gsr_y": 0.0021327619906514883,
  "provenance": {
    "md5sum": "a4f6457ba28c6faed61c2ee8a274f12d",
    "settings": {
      "fd_thres": 0.2,
      "testing": false
    },
    "software": "mriqc",
    "version": "22.0.1",
    "webapi_port": null,
    "webapi_url": "https://mriqc.nimh.nih.gov/api/v1"
  },
  "size_t": 300,
  "size_x": 64,
  "size_y": 64,
  "size_z": 35,
  "snr": 3.71508112113339,
  "spacing_tr": 2.0,
  "spacing_x": 4.0,
  "spacing_y": 4.0,
  "spacing_z": 4.0,
  "summary_bg_k": 157.81142590440655,
  "summary_bg_mad": 8.781947337718668,
  "summary_bg_mean": 29.90993309020996,
  "summary_bg_median": 6.813333511352539,
  "summary_bg_n": 107534.0,
  "summary_bg_p05": 0.17666667699813843,
  "summary_bg_p95": 131.07600097656226,
  "summary_bg_stdv": 88.82278442382812,
  "summary_fg_k": 0.294946148339037,
  "summary_fg_mad": 484.203007866864,
  "summary_fg_mean": 2000.1326904296875,
  "summary_fg_median": 1904.6700439453125,
  "summary_fg_n": 10163.0,
  "summary_fg_p05": 1311.9880615234374,
  "summary_fg_p95": 2974.5930419921874,
  "summary_fg_stdv": 512.6607666015625,
  "tsnr": 93.75436482322402
}