{
  "aor": 0.0008032972972972974,
  "aqi": 0.0006891868702702703,
  "bids_meta": {
    "AcquisitionDateTime": "2020-05-10T17:30:16.000000",
    "BodyPartExamined": "HEAD",
    "ConversionSoftware": "dcm2niix",
    "ConversionSoftwareVersion": "v1.0.20170411 GCC4.8.4",
    "Dcm2bidsVersion": "2.1.4",
    "EchoTime": 0.03,
    "FlipAngle": 90,
    "ImageType": [
      "ORIGINAL",
      "PRIMARY",
      "EPI",
      "NONE"
    ],
    "MagneticFieldStrength": 3,
    "Manufacturer": "GE",
    "ManufacturersModelName": "DISCOVERY_MR750",
    "ProtocolName": "tr_FMRI_2",
    "RepetitionTime": 2,
    "ScanningSequence": "EP_GR",
    "SequenceVariant": "SS",
    "SeriesDescription": "tr_FMRI_2",
    "SliceEncodingDirection": "k",
    "SliceTiming": [
      0.057142857,
      0.171428571,
      0.285714286,
      0.4,
      0.514285714,
      0.628571429,
      0.742857143,
      0.857142857,
      0.971428571,
      1.085714286,
      1.2,
      1.314285714,
      1.428571429,
      1.542857143,
      1.657142857,
      1.771428571,
      1.885714286,
      2.0,
      0.114285714,
      0.228571429,
      0.342857143,
      0.457142857,
      0.571428571,
      0.685714286,
      0.8,
      0.914285714,
      1.028571429,
      1.142857143,
      1.257142857,
      1.371428571,
      1.485714286,
      1.6,
      1.714285714,
      1.828571429,
      1.942857143
    ],
    "TaskName": "Emotional face perception",
    "dataset": "ds003548",
    "modality": "bold",
    "run_id": 2,
    "subject_id": "16",
    "task_id": "emotionalfaces"
  },
  "dummy_trs": 0,
  "dvars_nstd": 11.623790279565224,
  "dvars_std": 1.2083616591847823,
  "dvars_vstd": 0.9935004572826089,
  "efc": 0.3279343307280893,
  "fber": 101508.8046875,
  "fd_mean": 0.04853801412392487,
  "fd_num": 0,
  "fd_perc": 0.0,
  "fwhm_avg": 3.049433333333333,
  "fwhm_x": 2.87265,
  "fwhm_y": 3.0803,
  "fwhm_z": 3.19535,
  "gcor": 0.0636263,
  "gsr_x": -0.012823835015296936,
  "gsr_y": -0.002525102347135544,
  "provenance": {
    "md5sum": "eb3fab7a96610ad3f0aafdd9f328b088",
    "settings": {
      "fd_thres": 0.2,
      "testing": false
    },
    "software": "mriqc",
    "version": "22.0.1",
    "webapi_port": null,
    "webapi_url": "https://mriqc.nimh.nih.gov/api/v1"
  },
  "size_t": 185,
  "size_x": 64,
  "size_y": 64,
  "size_z": 35,
  "snr": 3.3956156258802914,
  "spacing_tr": 2.0,
  "spacing_x": 4.0,
  "spacing_y": 4.0,
  "spacing_z": 4.0,
  "summary_bg_k": 49.55255954911417,
  "summary_bg_mad": 10.097723296746514,
  "summary_bg_mean": 46.30868911743164,
  "summary_bg_median": 7.77297306060791,
  "summary_bg_n": 105805.0,
  "summary_bg_p05": 0.4648648798465729,
  "summary_bg_p95": 227.87027587890435,
  "summary_bg_stdv": 134.59266662597656,
  "summary_fg_k": 0.3899584746383491,
  "summary_fg_mad": 614.8071059464452,
  "summary_fg_mean": 2512.182373046875,
  "summary_fg_median": 2364.373046875,
  "summary_fg_n": 11372.0,
  "summary_fg_p05": 1620.967578125,
  "summary_fg_p95": 3889.6656860351545,
  "summary_fg_stdv": 696.2711181640625,
  "tsnr": 143.25699954130687
}