{
  "aor": 0.0025523243243243243,
  "aqi": 0.0007504101567567566,
  "bids_meta": {
    "AcquisitionDateTime": "2020-05-10T17:45:40.000000",
    "BodyPartExamined": "HEAD",
    "ConversionSoftware": "dcm2niix",
    "ConversionSoftwareVersion": "v1.0.20170411 GCC4.8.4",
    "Dcm2bidsVersion": "2.1.4",
    "EchoTime": 0.03,
    "FlipAngle": 90,
    "ImageType": [
      "ORIGINAL",
      "PRIMARY",
      "EPI",
      "NONE"
    ],
    "MagneticFieldStrength": 3,
    "Manufacturer": "GE",
    "ManufacturersModelName": "DISCOVERY_MR750",
    "ProtocolName": "tr_FMRI_4",
    "RepetitionTime": 2,
    "ScanningSequence": "EP_GR",
    "SequenceVariant": "SS",
    "SeriesDescription": "tr_FMRI_4",
    "SliceEncodingDirection": "k",
    "SliceTiming": [
      0.057142857,
      0.171428571,
      0.285714286,
      0.4,
      0.514285714,
      0.628571429,
      0.742857143,
      0.857142857,
      0.971428571,
      1.085714286,
      1.2,
      1.314285714,
      1.428571429,
      1.542857143,
      1.657142857,
      1.771428571,
      1.885714286,
      2.0,
      0.114285714,
      0.228571429,
      0.342857143,
      0.457142857,
      0.571428571,
      0.685714286,
      0.8,
      0.914285714,
      1.028571429,
      1.142857143,
      1.257142857,
      1.371428571,
      1.485714286,
      1.6,
      1.714285714,
      1.828571429,
      1.942857143
    ],
    "TaskName": "Emotional face perception",
    "dataset": "ds003548",
    "modality": "bold",
    "run_id": 4,
    "subject_id": "16",
    "task_id": "emotionalfaces"
  },
  "dummy_trs": 0,
  "dvars_nstd": 10.784260420760873,
  "dvars_std": 1.1850292392934783,
  "dvars_vstd": 1.0271862032608694,
  "efc": 0.3290139134952802,
  "fber": 101835.21875,
  "fd_mean": 0.06730288803996846,
  "fd_num": 6,
  "fd_perc": 3.2432432432432434,
  "fwhm_avg": 3.023891666666666,
  "fwhm_x": 2.8724,
  "fwhm_y": 3.060575,
  "fwhm_z": 3.1387,
  "gcor": 0.0771479,
  "gsr_x": -0.012565774843096733,
  "gsr_y": -0.002148648723959923,
  "provenance": {
    "md5sum": "34f8cdc168b3e896670f921f7ef007ce",
    "settings": {
      "fd_thres": 0.2,
      "testing": false
    },
    "software": "mriqc",
    "version": "22.0.1",
    "webapi_port": null,
    "webapi_url": "https://mriqc.nimh.nih.gov/api/v1"
  },
  "size_t": 185,
  "size_x": 64,
  "size_y": 64,
  "size_z": 35,
  "snr": 3.4243424681359738,
  "spacing_tr": 2.0,
  "spacing_x": 4.0,
  "spacing_y": 4.0,
  "spacing_z": 4.0,
  "summary_bg_k": 51.4330919904399,
  "summary_bg_mad": 9.985526739435352,
  "summary_bg_mean": 46.03510284423828,
  "summary_bg_median": 7.708108425140381,
  "summary_bg_n": 105723.0,
  "summary_bg_p05": 0.4702702760696411,
  "summary_bg_p95": 222.6427093505859,
  "summary_bg_stdv": 134.74468994140625,
  "summary_fg_k": 0.4409875927958793,
  "summary_fg_mad": 616.305725046828,
  "summary_fg_mean": 2492.865234375,
  "summary_fg_median": 2344.7431640625,
  "summary_fg_n": 11366.0,
  "summary_fg_p05": 1614.3068237304688,
  "summary_fg_p95": 3834.25,
  "summary_fg_stdv": 684.6978759765625,
  "tsnr": 139.3861727565527
}