{
  "aor": 0.0005854594594594594,
  "aqi": 0.0007650136594594594,
  "bids_meta": {
    "AcquisitionDateTime": "2020-05-10T17:52:52.000000",
    "BodyPartExamined": "HEAD",
    "ConversionSoftware": "dcm2niix",
    "ConversionSoftwareVersion": "v1.0.20170411 GCC4.8.4",
    "Dcm2bidsVersion": "2.1.4",
    "EchoTime": 0.03,
    "FlipAngle": 90,
    "ImageType": [
      "ORIGINAL",
      "PRIMARY",
      "EPI",
      "NONE"
    ],
    "MagneticFieldStrength": 3,
    "Manufacturer": "GE",
    "ManufacturersModelName": "DISCOVERY_MR750",
    "ProtocolName": "tr_FMRI_5",
    "RepetitionTime": 2,
    "ScanningSequence": "EP_GR",
    "SequenceVariant": "SS",
    "SeriesDescription": "tr_FMRI_5",
    "SliceEncodingDirection": "k",
    "SliceTiming": [
      0.057142857,
      0.171428571,
      0.285714286,
      0.4,
      0.514285714,
      0.628571429,
      0.742857143,
      0.857142857,
      0.971428571,
      1.085714286,
      1.2,
      1.314285714,
      1.428571429,
      1.542857143,
      1.657142857,
      1.771428571,
      1.885714286,
      2.0,
      0.114285714,
      0.228571429,
      0.342857143,
      0.457142857,
      0.571428571,
      0.685714286,
      0.8,
      0.914285714,
      1.028571429,
      1.142857143,
      1.257142857,
      1.371428571,
      1.485714286,
      1.6,
      1.714285714,
      1.828571429,
      1.942857143
    ],
    "TaskName": "Emotional face perception",
    "dataset": "ds003548",
    "modality": "bold",
    "run_id": 5,
    "subject_id": "16",
    "task_id": "emotionalfaces"
  },
  "dummy_trs": 0,
  "dvars_nstd": 11.11260518804348,
  "dvars_std": 1.1591714541847822,
  "dvars_vstd": 0.9877456047826089,
  "efc": 0.3276300989930019,
  "fber": 102017.7265625,
  "fd_mean": 0.06940123109797398,
  "fd_num": 8,
  "fd_perc": 4.324324324324325,
  "fwhm_avg": 3.0482666666666667,
  "fwhm_x": 2.88885,
  "fwhm_y": 3.078875,
  "fwhm_z": 3.177075,
  "gcor": 0.0842842,
  "gsr_x": -0.012629282660782337,
  "gsr_y": -0.0022721411660313606,
  "provenance": {
    "md5sum": "614bc408cb4eff57770e2f11723f7f76",
    "settings": {
      "fd_thres": 0.2,
      "testing": false
    },
    "software": "mriqc",
    "version": "22.0.1",
    "webapi_port": null,
    "webapi_url": "https://mriqc.nimh.nih.gov/api/v1"
  },
  "size_t": 185,
  "size_x": 64,
  "size_y": 64,
  "size_z": 35,
  "snr": 3.3884983691756227,
  "spacing_tr": 2.0,
  "spacing_x": 4.0,
  "spacing_y": 4.0,
  "spacing_z": 4.0,
  "summary_bg_k": 51.52505006618978,
  "summary_bg_mad": 9.985526739435352,
  "summary_bg_mean": 46.44550323486328,
  "summary_bg_median": 7.70270299911499,
  "summary_bg_n": 105885.0,
  "summary_bg_p05": 0.4648648798465729,
  "summary_bg_p95": 224.8637878417968,
  "summary_bg_stdv": 136.93809509277344,
  "summary_fg_k": 0.45616413169868464,
  "summary_fg_mad": 605.767159716801,
  "summary_fg_mean": 2494.839599609375,
  "summary_fg_median": 2343.7568359375,
  "summary_fg_n": 11299.0,
  "summary_fg_p05": 1602.8638671875,
  "summary_fg_p95": 3865.9621582031255,
  "summary_fg_stdv": 691.6494750976562,
  "tsnr": 141.0745530249551
}