{
  "aor": 0.0008244864864864864,
  "aqi": 0.0007502918702702702,
  "bids_meta": {
    "AcquisitionDateTime": "2020-05-10T17:37:58.000000",
    "BodyPartExamined": "HEAD",
    "ConversionSoftware": "dcm2niix",
    "ConversionSoftwareVersion": "v1.0.20170411 GCC4.8.4",
    "Dcm2bidsVersion": "2.1.4",
    "EchoTime": 0.03,
    "FlipAngle": 90,
    "ImageType": [
      "ORIGINAL",
      "PRIMARY",
      "EPI",
      "NONE"
    ],
    "MagneticFieldStrength": 3,
    "Manufacturer": "GE",
    "ManufacturersModelName": "DISCOVERY_MR750",
    "ProtocolName": "tr_FMRI_3",
    "RepetitionTime": 2,
    "ScanningSequence": "EP_GR",
    "SequenceVariant": "SS",
    "SeriesDescription": "tr_FMRI_3",
    "SliceEncodingDirection": "k",
    "SliceTiming": [
      0.057142857,
      0.171428571,
      0.285714286,
      0.4,
      0.514285714,
      0.628571429,
      0.742857143,
      0.857142857,
      0.971428571,
      1.085714286,
      1.2,
      1.314285714,
      1.428571429,
      1.542857143,
      1.657142857,
      1.771428571,
      1.885714286,
      2.0,
      0.114285714,
      0.228571429,
      0.342857143,
      0.457142857,
      0.571428571,
      0.685714286,
      0.8,
      0.914285714,
      1.028571429,
      1.142857143,
      1.257142857,
      1.371428571,
      1.485714286,
      1.6,
      1.714285714,
      1.828571429,
      1.942857143
    ],
    "TaskName": "Emotional face perception",
    "dataset": "ds003548",
    "modality": "bold",
    "run_id": 3,
    "subject_id": "16",
    "task_id": "emotionalfaces"
  },
  "dummy_trs": 0,
  "dvars_nstd": 11.778008600978263,
  "dvars_std": 1.2160957651086952,
  "dvars_vstd": 0.9987566369565226,
  "efc": 0.32904549342279776,
  "fber": 100105.1640625,
  "fd_mean": 0.05902788662212121,
  "fd_num": 4,
  "fd_perc": 2.1621621621621623,
  "fwhm_avg": 3.0399083333333334,
  "fwhm_x": 2.871925,
  "fwhm_y": 3.05525,
  "fwhm_z": 3.19255,
  "gcor": 0.0707306,
  "gsr_x": -0.013011433184146881,
  "gsr_y": -0.0019106316613033414,
  "provenance": {
    "md5sum": "da7328a94cdab4d5e7d71ca0824289b1",
    "settings": {
      "fd_thres": 0.2,
      "testing": false
    },
    "software": "mriqc",
    "version": "22.0.1",
    "webapi_port": null,
    "webapi_url": "https://mriqc.nimh.nih.gov/api/v1"
  },
  "size_t": 185,
  "size_x": 64,
  "size_y": 64,
  "size_z": 35,
  "snr": 3.396394724630314,
  "spacing_tr": 2.0,
  "spacing_x": 4.0,
  "spacing_y": 4.0,
  "spacing_z": 4.0,
  "summary_bg_k": 50.96466094713911,
  "summary_bg_mad": 10.089709288499279,
  "summary_bg_mean": 46.39265823364258,
  "summary_bg_median": 7.77297306060791,
  "summary_bg_n": 105722.0,
  "summary_bg_p05": 0.4648648798465729,
  "summary_bg_p95": 224.00946731567376,
  "summary_bg_stdv": 135.791015625,
  "summary_fg_k": 0.4439609075819053,
  "summary_fg_mad": 617.123400440286,
  "summary_fg_mean": 2489.646240234375,
  "summary_fg_median": 2342.35693359375,
  "summary_fg_n": 11407.0,
  "summary_fg_p05": 1603.2557250976563,
  "summary_fg_p95": 3837.7649169921856,
  "summary_fg_stdv": 689.6295776367188,
  "tsnr": 141.2992227487266
}