{
  "aor": 0.0008564864864864866,
  "aqi": 0.0008495445189189189,
  "bids_meta": {
    "AcquisitionDateTime": "2019-10-14T18:39:59.000000",
    "BodyPartExamined": "HEAD",
    "ConversionSoftware": "dcm2niix",
    "ConversionSoftwareVersion": "v1.0.20170411 GCC4.8.4",
    "Dcm2bidsVersion": "2.1.4",
    "EchoTime": 0.03,
    "FlipAngle": 90,
    "ImageType": [
      "ORIGINAL",
      "PRIMARY",
      "EPI",
      "NONE"
    ],
    "MagneticFieldStrength": 3,
    "Manufacturer": "GE",
    "ManufacturersModelName": "DISCOVERY_MR750",
    "ProtocolName": "tr_FMRI_3",
    "RepetitionTime": 2,
    "ScanningSequence": "EP_GR",
    "SequenceVariant": "SS",
    "SeriesDescription": "tr_FMRI_3",
    "SliceEncodingDirection": "k",
    "SliceTiming": [
      0.057142857,
      0.171428571,
      0.285714286,
      0.4,
      0.514285714,
      0.628571429,
      0.742857143,
      0.857142857,
      0.971428571,
      1.085714286,
      1.2,
      1.314285714,
      1.428571429,
      1.542857143,
      1.657142857,
      1.771428571,
      1.885714286,
      2.0,
      0.114285714,
      0.228571429,
      0.342857143,
      0.457142857,
      0.571428571,
      0.685714286,
      0.8,
      0.914285714,
      1.028571429,
      1.142857143,
      1.257142857,
      1.371428571,
      1.485714286,
      1.6,
      1.714285714,
      1.828571429,
      1.942857143
    ],
    "TaskName": "Emotional face perception",
    "dataset": "ds003548",
    "modality": "bold",
    "run_id": 3,
    "subject_id": "02",
    "task_id": "emotionalfaces"
  },
  "dummy_trs": 0,
  "dvars_nstd": 10.94019806646739,
  "dvars_std": 1.207813000543478,
  "dvars_vstd": 1.0015409504891302,
  "efc": 0.3816068206598977,
  "fber": 88514.203125,
  "fd_mean": 0.040270120911181866,
  "fd_num": 0,
  "fd_perc": 0.0,
  "fwhm_avg": 2.8987407026220615,
  "fwhm_x": 2.744325,
  "fwhm_y": 2.919275,
  "fwhm_z": 3.0326221078661844,
  "gcor": 0.0575342,
  "gsr_x": -0.011683288030326366,
  "gsr_y": 0.009200354106724262,
  "provenance": {
    "md5sum": "09526d3d3cd56ba6510a220fc249e534",
    "settings": {
      "fd_thres": 0.2,
      "testing": false
    },
    "software": "mriqc",
    "version": "22.0.1",
    "webapi_port": null,
    "webapi_url": "https://mriqc.nimh.nih.gov/api/v1"
  },
  "size_t": 185,
  "size_x": 64,
  "size_y": 64,
  "size_z": 35,
  "snr": 3.1578160655459517,
  "spacing_tr": 2.0,
  "spacing_x": 4.0,
  "spacing_y": 4.0,
  "spacing_z": 4.000003814697266,
  "summary_bg_k": 38.10906186000696,
  "summary_bg_mad": 11.98904258696038,
  "summary_bg_mean": 68.8008804321289,
  "summary_bg_median": 8.967567443847656,
  "summary_bg_n": 99552.0,
  "summary_bg_p05": 0.4378378391265869,
  "summary_bg_p95": 398.73405761718743,
  "summary_bg_stdv": 199.7459259033203,
  "summary_fg_k": 1.5178340061205908,
  "summary_fg_mad": 721.6106605017058,
  "summary_fg_mean": 2700.90185546875,
  "summary_fg_median": 2564.5107421875,
  "summary_fg_n": 15688.0,
  "summary_fg_p05": 1678.470037841797,
  "summary_fg_p95": 4243.133813476562,
  "summary_fg_stdv": 812.0894165039062,
  "tsnr": 137.18175941286609
}