{
  "aor": 0.0007423243243243244,
  "aqi": 0.0008991706702702704,
  "bids_meta": {
    "AcquisitionDateTime": "2019-10-14T18:55:7.000000",
    "BodyPartExamined": "HEAD",
    "ConversionSoftware": "dcm2niix",
    "ConversionSoftwareVersion": "v1.0.20170411 GCC4.8.4",
    "Dcm2bidsVersion": "2.1.4",
    "EchoTime": 0.03,
    "FlipAngle": 90,
    "ImageType": [
      "ORIGINAL",
      "PRIMARY",
      "EPI",
      "NONE"
    ],
    "MagneticFieldStrength": 3,
    "Manufacturer": "GE",
    "ManufacturersModelName": "DISCOVERY_MR750",
    "ProtocolName": "tr_FMRI_5",
    "RepetitionTime": 2,
    "ScanningSequence": "EP_GR",
    "SequenceVariant": "SS",
    "SeriesDescription": "tr_FMRI_5",
    "SliceEncodingDirection": "k",
    "SliceTiming": [
      0.057142857,
      0.171428571,
      0.285714286,
      0.4,
      0.514285714,
      0.628571429,
      0.742857143,
      0.857142857,
      0.971428571,
      1.085714286,
      1.2,
      1.314285714,
      1.428571429,
      1.542857143,
      1.657142857,
      1.771428571,
      1.885714286,
      2.0,
      0.114285714,
      0.228571429,
      0.342857143,
      0.457142857,
      0.571428571,
      0.685714286,
      0.8,
      0.914285714,
      1.028571429,
      1.142857143,
      1.257142857,
      1.371428571,
      1.485714286,
      1.6,
      1.714285714,
      1.828571429,
      1.942857143
    ],
    "TaskName": "Emotional face perception",
    "dataset": "ds003548",
    "modality": "bold",
    "run_id": 5,
    "subject_id": "02",
    "task_id": "emotionalfaces"
  },
  "dummy_trs": 0,
  "dvars_nstd": 10.504398799347834,
  "dvars_std": 1.213449339402174,
  "dvars_vstd": 0.9997544718478263,
  "efc": 0.38233253445425214,
  "fber": 86796.546875,
  "fd_mean": 0.03670372779741058,
  "fd_num": 0,
  "fd_perc": 0.0,
  "fwhm_avg": 2.9350657036472607,
  "fwhm_x": 2.8028,
  "fwhm_y": 2.973,
  "fwhm_z": 3.029397110941781,
  "gcor": 0.0502604,
  "gsr_x": -0.012194385752081871,
  "gsr_y": 0.009550751186907291,
  "provenance": {
    "md5sum": "28ef9175fab59c28602c482c749d546e",
    "settings": {
      "fd_thres": 0.2,
      "testing": false
    },
    "software": "mriqc",
    "version": "22.0.1",
    "webapi_port": null,
    "webapi_url": "https://mriqc.nimh.nih.gov/api/v1"
  },
  "size_t": 185,
  "size_x": 64,
  "size_y": 64,
  "size_z": 35,
  "snr": 3.1734159886454423,
  "spacing_tr": 2.0,
  "spacing_x": 4.0,
  "spacing_y": 4.0,
  "spacing_z": 4.000003814697266,
  "summary_bg_k": 36.74884630524685,
  "summary_bg_mad": 12.10925403621856,
  "summary_bg_mean": 69.6375961303711,
  "summary_bg_median": 9.043243408203125,
  "summary_bg_n": 99584.0,
  "summary_bg_p05": 0.42702704668045044,
  "summary_bg_p95": 404.7389190673827,
  "summary_bg_stdv": 200.26515197753906,
  "summary_fg_k": 1.4580788630325818,
  "summary_fg_mad": 719.8554998187141,
  "summary_fg_mean": 2695.003173828125,
  "summary_fg_median": 2561.0595703125,
  "summary_fg_n": 15603.0,
  "summary_fg_p05": 1675.741162109375,
  "summary_fg_p95": 4251.38994140625,
  "summary_fg_stdv": 807.0097045898438,
  "tsnr": 142.7383517299313
}