{
  "aor": 0.0009009729729729729,
  "aqi": 0.0008279521297297296,
  "bids_meta": {
    "AcquisitionDateTime": "2019-10-14T18:16:16.000000",
    "BodyPartExamined": "HEAD",
    "ConversionSoftware": "dcm2niix",
    "ConversionSoftwareVersion": "v1.0.20170411 GCC4.8.4",
    "Dcm2bidsVersion": "2.1.4",
    "EchoTime": 0.03,
    "FlipAngle": 90,
    "ImageType": [
      "ORIGINAL",
      "PRIMARY",
      "EPI",
      "NONE"
    ],
    "MagneticFieldStrength": 3,
    "Manufacturer": "GE",
    "ManufacturersModelName": "DISCOVERY_MR750",
    "ProtocolName": "tr_FMRI_1",
    "RepetitionTime": 2,
    "ScanningSequence": "EP_GR",
    "SequenceVariant": "SS",
    "SeriesDescription": "tr_FMRI_1",
    "SliceEncodingDirection": "k",
    "SliceTiming": [
      0.057142857,
      0.171428571,
      0.285714286,
      0.4,
      0.514285714,
      0.628571429,
      0.742857143,
      0.857142857,
      0.971428571,
      1.085714286,
      1.2,
      1.314285714,
      1.428571429,
      1.542857143,
      1.657142857,
      1.771428571,
      1.885714286,
      2.0,
      0.114285714,
      0.228571429,
      0.342857143,
      0.457142857,
      0.571428571,
      0.685714286,
      0.8,
      0.914285714,
      1.028571429,
      1.142857143,
      1.257142857,
      1.371428571,
      1.485714286,
      1.6,
      1.714285714,
      1.828571429,
      1.942857143
    ],
    "TaskName": "Emotional face perception",
    "dataset": "ds003548",
    "modality": "bold",
    "run_id": 1,
    "subject_id": "02",
    "task_id": "emotionalfaces"
  },
  "dummy_trs": 0,
  "dvars_nstd": 10.462508960652173,
  "dvars_std": 1.1748477978260863,
  "dvars_vstd": 0.9809145789130436,
  "efc": 0.3803486741752903,
  "fber": 89487.265625,
  "fd_mean": 0.03840534862348879,
  "fd_num": 0,
  "fd_perc": 0.0,
  "fwhm_avg": 2.90520736519588,
  "fwhm_x": 2.73285,
  "fwhm_y": 2.937275,
  "fwhm_z": 3.0454970955876393,
  "gcor": 0.0528785,
  "gsr_x": -0.011928798630833626,
  "gsr_y": 0.008471314795315266,
  "provenance": {
    "md5sum": "5b69d1d71ec5d5e423df1d916b285bc6",
    "settings": {
      "fd_thres": 0.2,
      "testing": false
    },
    "software": "mriqc",
    "version": "22.0.1",
    "webapi_port": null,
    "webapi_url": "https://mriqc.nimh.nih.gov/api/v1"
  },
  "size_t": 185,
  "size_x": 64,
  "size_y": 64,
  "size_z": 35,
  "snr": 3.2039651370404303,
  "spacing_tr": 2.0,
  "spacing_x": 4.0,
  "spacing_y": 4.0,
  "spacing_z": 4.000003814697266,
  "summary_bg_k": 37.38314685022598,
  "summary_bg_mad": 11.940959421176764,
  "summary_bg_mean": 67.13446044921875,
  "summary_bg_median": 8.929730415344238,
  "summary_bg_n": 99655.0,
  "summary_bg_p05": 0.4216216206550598,
  "summary_bg_p95": 388.02055664062465,
  "summary_bg_stdv": 194.01918029785156,
  "summary_fg_k": 1.410526958184823,
  "summary_fg_mad": 720.7448439717581,
  "summary_fg_mean": 2707.544921875,
  "summary_fg_median": 2575.83251953125,
  "summary_fg_n": 15641.0,
  "summary_fg_p05": 1685.189208984375,
  "summary_fg_p95": 4255.4541015625,
  "summary_fg_stdv": 803.92578125,
  "tsnr": 132.43833332811482
}