{
  "aor": 0.0019144324324324323,
  "aqi": 0.000783716291891892,
  "bids_meta": {
    "AcquisitionDateTime": "2019-10-14T18:32:21.000000",
    "BodyPartExamined": "HEAD",
    "ConversionSoftware": "dcm2niix",
    "ConversionSoftwareVersion": "v1.0.20170411 GCC4.8.4",
    "Dcm2bidsVersion": "2.1.4",
    "EchoTime": 0.03,
    "FlipAngle": 90,
    "ImageType": [
      "ORIGINAL",
      "PRIMARY",
      "EPI",
      "NONE"
    ],
    "MagneticFieldStrength": 3,
    "Manufacturer": "GE",
    "ManufacturersModelName": "DISCOVERY_MR750",
    "ProtocolName": "tr_FMRI_2",
    "RepetitionTime": 2,
    "ScanningSequence": "EP_GR",
    "SequenceVariant": "SS",
    "SeriesDescription": "tr_FMRI_2",
    "SliceEncodingDirection": "k",
    "SliceTiming": [
      0.057142857,
      0.171428571,
      0.285714286,
      0.4,
      0.514285714,
      0.628571429,
      0.742857143,
      0.857142857,
      0.971428571,
      1.085714286,
      1.2,
      1.314285714,
      1.428571429,
      1.542857143,
      1.657142857,
      1.771428571,
      1.885714286,
      2.0,
      0.114285714,
      0.228571429,
      0.342857143,
      0.457142857,
      0.571428571,
      0.685714286,
      0.8,
      0.914285714,
      1.028571429,
      1.142857143,
      1.257142857,
      1.371428571,
      1.485714286,
      1.6,
      1.714285714,
      1.828571429,
      1.942857143
    ],
    "TaskName": "Emotional face perception",
    "dataset": "ds003548",
    "modality": "bold",
    "run_id": 2,
    "subject_id": "02",
    "task_id": "emotionalfaces"
  },
  "dummy_trs": 0,
  "dvars_nstd": 10.874565969293482,
  "dvars_std": 1.2233271894021736,
  "dvars_vstd": 1.0137092458152173,
  "efc": 0.38062550767575587,
  "fber": 88077.453125,
  "fd_mean": 0.040799877470785416,
  "fd_num": 0,
  "fd_perc": 0.0,
  "fwhm_avg": 2.9117990260451383,
  "fwhm_x": 2.736025,
  "fwhm_y": 2.935575,
  "fwhm_z": 3.063797078135416,
  "gcor": 0.0420777,
  "gsr_x": -0.011940333992242813,
  "gsr_y": 0.00823327898979187,
  "provenance": {
    "md5sum": "34a484bded730912a824477e5b89223b",
    "settings": {
      "fd_thres": 0.2,
      "testing": false
    },
    "software": "mriqc",
    "version": "22.0.1",
    "webapi_port": null,
    "webapi_url": "https://mriqc.nimh.nih.gov/api/v1"
  },
  "size_t": 185,
  "size_x": 64,
  "size_y": 64,
  "size_z": 35,
  "snr": 3.1917320241389504,
  "spacing_tr": 2.0,
  "spacing_x": 4.0,
  "spacing_y": 4.0,
  "spacing_z": 4.000003814697266,
  "summary_bg_k": 37.11946665928006,
  "summary_bg_mad": 11.956986200491531,
  "summary_bg_mean": 67.89346313476562,
  "summary_bg_median": 8.951351165771484,
  "summary_bg_n": 99683.0,
  "summary_bg_p05": 0.42702704668045044,
  "summary_bg_p95": 392.9259490966782,
  "summary_bg_stdv": 195.86793518066406,
  "summary_fg_k": 1.4339023010017105,
  "summary_fg_mad": 720.7209543852294,
  "summary_fg_mean": 2701.4111328125,
  "summary_fg_median": 2568.486572265625,
  "summary_fg_n": 15579.0,
  "summary_fg_p05": 1683.212451171875,
  "summary_fg_p95": 4240.273828124998,
  "summary_fg_stdv": 804.7054443359375,
  "tsnr": 134.208711826941
}