{
  "aor": 0.003241333333333333,
  "aqi": 0.0024887734466666664,
  "bids_meta": {
    "AcquisitionDateTime": "2020-02-21T18:33:18.000000",
    "BodyPartExamined": "HEAD",
    "ConversionSoftware": "dcm2niix",
    "ConversionSoftwareVersion": "v1.0.20170411 GCC4.8.4",
    "Dcm2bidsVersion": "2.1.4",
    "EchoTime": 0.04,
    "FlipAngle": 90,
    "ImageType": [
      "ORIGINAL",
      "PRIMARY",
      "EPI",
      "NONE"
    ],
    "MagneticFieldStrength": 3,
    "Manufacturer": "GE",
    "ManufacturersModelName": "DISCOVERY_MR750",
    "ProtocolName": "fMRI_RestState",
    "RepetitionTime": 2,
    "ScanningSequence": "EP_GR",
    "SequenceVariant": "SS",
    "SeriesDescription": "fMRI_RestState",
    "SliceEncodingDirection": "k",
    "SliceTiming": [
      0.057142857,
      0.171428571,
      0.285714286,
      0.4,
      0.514285714,
      0.628571429,
      0.742857143,
      0.857142857,
      0.971428571,
      1.085714286,
      1.2,
      1.314285714,
      1.428571429,
      1.542857143,
      1.657142857,
      1.771428571,
      1.885714286,
      2.0,
      0.114285714,
      0.228571429,
      0.342857143,
      0.457142857,
      0.571428571,
      0.685714286,
      0.8,
      0.914285714,
      1.028571429,
      1.142857143,
      1.257142857,
      1.371428571,
      1.485714286,
      1.6,
      1.714285714,
      1.828571429,
      1.942857143
    ],
    "TaskName": "Resting state, awake, closed eyes",
    "dataset": "ds003548",
    "modality": "bold",
    "subject_id": "09",
    "task_id": "rest"
  },
  "dummy_trs": 0,
  "dvars_nstd": 14.483973458595317,
  "dvars_std": 1.1485416057190627,
  "dvars_vstd": 1.0085620971571903,
  "efc": 0.32095177251546303,
  "fber": 87135.4140625,
  "fd_mean": 0.07690144834813437,
  "fd_num": 11,
  "fd_perc": 3.6666666666666665,
  "fwhm_avg": 2.5413983333333334,
  "fwhm_x": 2.46082,
  "fwhm_y": 2.630875,
  "fwhm_z": 2.5325,
  "gcor": 0.0679456,
  "gsr_x": -0.014826636761426926,
  "gsr_y": -0.001841037068516016,
  "provenance": {
    "md5sum": "d290296118eed5ea68622e3aec8e1f9c",
    "settings": {
      "fd_thres": 0.2,
      "testing": false
    },
    "software": "mriqc",
    "version": "22.0.1",
    "webapi_port": null,
    "webapi_url": "https://mriqc.nimh.nih.gov/api/v1"
  },
  "size_t": 300,
  "size_x": 64,
  "size_y": 64,
  "size_z": 35,
  "snr": 3.834284923864905,
  "spacing_tr": 2.0,
  "spacing_x": 4.0,
  "spacing_y": 4.0,
  "spacing_z": 4.0,
  "summary_bg_k": 248.02892394624422,
  "summary_bg_mad": 8.841251458272085,
  "summary_bg_mean": 25.763261795043945,
  "summary_bg_median": 6.840000152587891,
  "summary_bg_n": 105118.0,
  "summary_bg_p05": 0.2666666805744171,
  "summary_bg_p95": 103.66150398254389,
  "summary_bg_stdv": 82.52458190917969,
  "summary_fg_k": 0.6989621987792916,
  "summary_fg_mad": 454.9661355535454,
  "summary_fg_mean": 1981.8072509765625,
  "summary_fg_median": 1917.35498046875,
  "summary_fg_n": 11504.0,
  "summary_fg_p05": 1282.858642578125,
  "summary_fg_p95": 2896.0705078125006,
  "summary_fg_stdv": 500.03369140625,
  "tsnr": 77.15072563709691
}