{
  "bids_meta": {
    "AcquisitionDateTime": "2020-03-17T18:19:50.000000",
    "BodyPartExamined": "HEAD",
    "ConversionSoftware": "dcm2niix",
    "ConversionSoftwareVersion": "v1.0.20170411 GCC4.8.4",
    "Dcm2bidsVersion": "2.1.4",
    "EchoTime": 0.1014,
    "FlipAngle": 142,
    "ImageType": [
      "ORIGINAL",
      "PRIMARY",
      "OTHER"
    ],
    "MagneticFieldStrength": 3,
    "Manufacturer": "GE",
    "ManufacturersModelName": "DISCOVERY_MR750",
    "ProtocolName": "Ax_T2_FSE",
    "RepetitionTime": 6.255,
    "ScanningSequence": "SE",
    "SequenceVariant": "SK",
    "SeriesDescription": "Ax_T2_FSE",
    "dataset": "ds003548",
    "modality": "T2w",
    "subject_id": "12"
  },
  "cjv": 0.979157436394347,
  "cnr": 1.0837335485562516,
  "efc": 0.5813123814317924,
  "fber": 9143.494521548575,
  "fwhm_avg": 4.838078333333333,
  "fwhm_x": 5.69604,
  "fwhm_y": 7.14998,
  "fwhm_z": 1.668215,
  "icvs_csf": 0.37162541120882425,
  "icvs_gm": 0.1369263542122549,
  "icvs_wm": 0.49144823457892084,
  "inu_med": 1.0551351308822632,
  "inu_range": 0.4397366225719451,
  "provenance": {
    "md5sum": "8acdbc6eb42f222814ff9c4d0699e8dd",
    "settings": {
      "testing": false
    },
    "software": "mriqc",
    "version": "22.0.1",
    "warnings": {
      "large_rot_frame": true,
      "small_air_mask": false
    },
    "webapi_port": null,
    "webapi_url": "https://mriqc.nimh.nih.gov/api/v1"
  },
  "qi_1": 0.0,
  "qi_2": 0.00041819729517758933,
  "rpve_csf": 11.483853535372846,
  "rpve_gm": 33.95267321432554,
  "rpve_wm": 10.111727460257233,
  "size_x": 512,
  "size_y": 512,
  "size_z": 35,
  "snr_csf": 10.935295733111612,
  "snr_gm": 1.9146409109097589,
  "snr_total": 7.372644842581444,
  "snr_wm": 9.267997883722959,
  "snrd_csf": 29.60518434959393,
  "snrd_gm": 43.90961987244869,
  "snrd_total": 30.820644937143637,
  "snrd_wm": 18.947130589388287,
  "spacing_x": 0.5,
  "spacing_y": 0.5,
  "spacing_z": 4.0,
  "summary_bg_k": 161.14541597381842,
  "summary_bg_mad": 0.0,
  "summary_bg_mean": 10.724865285921467,
  "summary_bg_median": 0.0,
  "summary_bg_n": 1805670.0,
  "summary_bg_p05": 0.0,
  "summary_bg_p95": 29.481029272079468,
  "summary_bg_stdv": 36.591686024408524,
  "summary_csf_k": 0.03352705636879216,
  "summary_csf_mad": 151.9457138996183,
  "summary_csf_mean": 1671.5000979921754,
  "summary_csf_median": 1653.5542986392975,
  "summary_csf_n": 340590.0,
  "summary_csf_p05": 1453.3798543214798,
  "summary_csf_p95": 1945.4862660169601,
  "summary_csf_stdv": 151.21235963884664,
  "summary_gm_k": -1.135886145393081,
  "summary_gm_mad": 1245.5669074732966,
  "summary_gm_mean": 2017.6619989903272,
  "summary_gm_median": 2452.50763630867,
  "summary_gm_n": 151543.0,
  "summary_gm_p05": 164.94548655748372,
  "summary_gm_p95": 3835.150464773178,
  "summary_gm_stdv": 1280.9188033812902,
  "summary_wm_k": -0.35876700030918407,
  "summary_wm_mad": 119.61683860182718,
  "summary_wm_mean": 1065.2382565713528,
  "summary_wm_median": 1058.264284491539,
  "summary_wm_n": 512690.0,
  "summary_wm_p05": 887.9197573661804,
  "summary_wm_p95": 1262.4509398937225,
  "summary_wm_stdv": 114.18466703356559,
  "tpm_overlap_csf": 0.11304291293196264,
  "tpm_overlap_gm": 0.1053911859830519,
  "tpm_overlap_wm": 0.4759311597471735,
  "wm2max": 0.23350654349499614
}