{
  "bids_meta": {
    "AcquisitionDateTime": "2020-05-10T17:03:28.000000",
    "BodyPartExamined": "HEAD",
    "ConversionSoftware": "dcm2niix",
    "ConversionSoftwareVersion": "v1.0.20170411 GCC4.8.4",
    "Dcm2bidsVersion": "2.1.4",
    "EchoTime": 0.1014,
    "FlipAngle": 142,
    "ImageType": [
      "ORIGINAL",
      "PRIMARY",
      "OTHER"
    ],
    "MagneticFieldStrength": 3,
    "Manufacturer": "GE",
    "ManufacturersModelName": "DISCOVERY_MR750",
    "ProtocolName": "Ax_T2_FSE",
    "RepetitionTime": 6.255,
    "ScanningSequence": "SE",
    "SequenceVariant": "SK",
    "SeriesDescription": "Ax_T2_FSE",
    "dataset": "ds003548",
    "modality": "T2w",
    "subject_id": "16"
  },
  "cjv": 0.46715863076406433,
  "cnr": 3.121732606103383,
  "efc": 0.5879208707721494,
  "fber": 5460.2136409544255,
  "fwhm_avg": 5.075989166666666,
  "fwhm_x": 6.11692,
  "fwhm_y": 7.44832,
  "fwhm_z": 1.6627275,
  "icvs_csf": 0.1532087687189205,
  "icvs_gm": 0.35962391909055186,
  "icvs_wm": 0.4871673121905276,
  "inu_med": 1.0409959554672241,
  "inu_range": 0.3949120402336119,
  "provenance": {
    "md5sum": "7cd2503c5d026d2b43276b7c8632b37d",
    "settings": {
      "testing": false
    },
    "software": "mriqc",
    "version": "22.0.1",
    "warnings": {
      "large_rot_frame": true,
      "small_air_mask": false
    },
    "webapi_port": null,
    "webapi_url": "https://mriqc.nimh.nih.gov/api/v1"
  },
  "qi_1": 0.0,
  "qi_2": 0.002701106623090349,
  "rpve_csf": 32.51622139443451,
  "rpve_gm": 13.34951694353239,
  "rpve_wm": 11.915660466820688,
  "size_x": 512,
  "size_y": 512,
  "size_z": 35,
  "snr_csf": 2.1423671930307835,
  "snr_gm": 10.994633027566111,
  "snr_total": 7.955169431659068,
  "snr_wm": 10.728508074380311,
  "snrd_csf": 79.50117991915431,
  "snrd_gm": 46.753354367151275,
  "snrd_total": 52.30203700277946,
  "snrd_wm": 30.651576722032793,
  "spacing_x": 0.5,
  "spacing_y": 0.5,
  "spacing_z": 4.0,
  "summary_bg_k": 271.4731964982996,
  "summary_bg_mad": 21.99626879556032,
  "summary_bg_mean": 12.169713666529685,
  "summary_bg_median": 14.836257845163345,
  "summary_bg_n": 1238717.0,
  "summary_bg_p05": 0.0,
  "summary_bg_p95": 33.11018519103527,
  "summary_bg_stdv": 20.12673428203822,
  "summary_csf_k": -0.4723579111724874,
  "summary_csf_mad": 834.5840401242322,
  "summary_csf_mean": 2450.3588171751785,
  "summary_csf_median": 2669.2599023133516,
  "summary_csf_n": 150090.0,
  "summary_csf_p05": 259.3631173297763,
  "summary_csf_p95": 4263.9359814506015,
  "summary_csf_stdv": 1245.935346090084,
  "summary_gm_k": -0.1321501438662378,
  "summary_gm_mad": 149.81605027220044,
  "summary_gm_mean": 1582.4203911089621,
  "summary_gm_median": 1569.7484520077705,
  "summary_gm_n": 291564.0,
  "summary_gm_p05": 1372.8061756119132,
  "summary_gm_p95": 1832.0969139039516,
  "summary_gm_stdv": 142.77382029257663,
  "summary_wm_k": -0.3856008788594476,
  "summary_wm_mad": 102.7386701060927,
  "summary_wm_mean": 1026.8210889689567,
  "summary_wm_median": 1029.129690527916,
  "summary_wm_n": 472941.0,
  "summary_wm_p05": 865.5689942836761,
  "summary_wm_p95": 1178.3064538612962,
  "summary_wm_stdv": 95.9246705489508,
  "tpm_overlap_csf": 0.16489179459284678,
  "tpm_overlap_gm": 0.3877507170984004,
  "tpm_overlap_wm": 0.4770251071021451,
  "wm2max": 0.21450794788150773
}