{
  "aor": 0.000784162162162162,
  "aqi": 0.0010882352864864866,
  "bids_meta": {
    "AcquisitionDateTime": "2020-02-21T19:13:0.000000",
    "BodyPartExamined": "HEAD",
    "ConversionSoftware": "dcm2niix",
    "ConversionSoftwareVersion": "v1.0.20170411 GCC4.8.4",
    "Dcm2bidsVersion": "2.1.4",
    "EchoTime": 0.03,
    "FlipAngle": 90,
    "ImageType": [
      "ORIGINAL",
      "PRIMARY",
      "EPI",
      "NONE"
    ],
    "MagneticFieldStrength": 3,
    "Manufacturer": "GE",
    "ManufacturersModelName": "DISCOVERY_MR750",
    "ProtocolName": "tr_FMRI_4",
    "RepetitionTime": 2,
    "ScanningSequence": "EP_GR",
    "SequenceVariant": "SS",
    "SeriesDescription": "tr_FMRI_4",
    "SliceEncodingDirection": "k",
    "SliceTiming": [
      0.057142857,
      0.171428571,
      0.285714286,
      0.4,
      0.514285714,
      0.628571429,
      0.742857143,
      0.857142857,
      0.971428571,
      1.085714286,
      1.2,
      1.314285714,
      1.428571429,
      1.542857143,
      1.657142857,
      1.771428571,
      1.885714286,
      2.0,
      0.114285714,
      0.228571429,
      0.342857143,
      0.457142857,
      0.571428571,
      0.685714286,
      0.8,
      0.914285714,
      1.028571429,
      1.142857143,
      1.257142857,
      1.371428571,
      1.485714286,
      1.6,
      1.714285714,
      1.828571429,
      1.942857143
    ],
    "TaskName": "Emotional face perception",
    "dataset": "ds003548",
    "modality": "bold",
    "run_id": 4,
    "subject_id": "09",
    "task_id": "emotionalfaces"
  },
  "dummy_trs": 0,
  "dvars_nstd": 12.820315874402157,
  "dvars_std": 1.166993307282609,
  "dvars_vstd": 0.9982470790760868,
  "efc": 0.3357141802835965,
  "fber": 104184.65625,
  "fd_mean": 0.04858338911741265,
  "fd_num": 0,
  "fd_perc": 0.0,
  "fwhm_avg": 2.659860833333333,
  "fwhm_x": 2.4834825,
  "fwhm_y": 2.715075,
  "fwhm_z": 2.781025,
  "gcor": 0.0469416,
  "gsr_x": -0.01686582714319229,
  "gsr_y": -0.0013417366426438093,
  "provenance": {
    "md5sum": "756ada34548c922f26a5f3b8c2325627",
    "settings": {
      "fd_thres": 0.2,
      "testing": false
    },
    "software": "mriqc",
    "version": "22.0.1",
    "webapi_port": null,
    "webapi_url": "https://mriqc.nimh.nih.gov/api/v1"
  },
  "size_t": 185,
  "size_x": 64,
  "size_y": 64,
  "size_z": 35,
  "snr": 3.791707537165092,
  "spacing_tr": 2.0,
  "spacing_x": 4.0,
  "spacing_y": 4.0,
  "spacing_z": 4.0,
  "summary_bg_k": 66.52161833034172,
  "summary_bg_mad": 9.961484537953694,
  "summary_bg_mean": 39.69823455810547,
  "summary_bg_median": 7.583784103393555,
  "summary_bg_n": 104185.0,
  "summary_bg_p05": 0.4054054021835327,
  "summary_bg_p95": 183.72649230957012,
  "summary_bg_stdv": 117.84136962890625,
  "summary_fg_k": 0.5489035725572688,
  "summary_fg_mad": 588.0162015265719,
  "summary_fg_mean": 2449.900390625,
  "summary_fg_median": 2367.38671875,
  "summary_fg_n": 12420.0,
  "summary_fg_p05": 1583.8735229492188,
  "summary_fg_p95": 3604.3198974609377,
  "summary_fg_stdv": 624.3338623046875,
  "tsnr": 114.19914326444268
}