{
  "aor": 0.0015396216216216217,
  "aqi": 0.0011632238216216216,
  "bids_meta": {
    "AcquisitionDateTime": "2020-02-21T19:04:51.000000",
    "BodyPartExamined": "HEAD",
    "ConversionSoftware": "dcm2niix",
    "ConversionSoftwareVersion": "v1.0.20170411 GCC4.8.4",
    "Dcm2bidsVersion": "2.1.4",
    "EchoTime": 0.03,
    "FlipAngle": 90,
    "ImageType": [
      "ORIGINAL",
      "PRIMARY",
      "EPI",
      "NONE"
    ],
    "MagneticFieldStrength": 3,
    "Manufacturer": "GE",
    "ManufacturersModelName": "DISCOVERY_MR750",
    "ProtocolName": "tr_FMRI_3",
    "RepetitionTime": 2,
    "ScanningSequence": "EP_GR",
    "SequenceVariant": "SS",
    "SeriesDescription": "tr_FMRI_3",
    "SliceEncodingDirection": "k",
    "SliceTiming": [
      0.057142857,
      0.171428571,
      0.285714286,
      0.4,
      0.514285714,
      0.628571429,
      0.742857143,
      0.857142857,
      0.971428571,
      1.085714286,
      1.2,
      1.314285714,
      1.428571429,
      1.542857143,
      1.657142857,
      1.771428571,
      1.885714286,
      2.0,
      0.114285714,
      0.228571429,
      0.342857143,
      0.457142857,
      0.571428571,
      0.685714286,
      0.8,
      0.914285714,
      1.028571429,
      1.142857143,
      1.257142857,
      1.371428571,
      1.485714286,
      1.6,
      1.714285714,
      1.828571429,
      1.942857143
    ],
    "TaskName": "Emotional face perception",
    "dataset": "ds003548",
    "modality": "bold",
    "run_id": 3,
    "subject_id": "09",
    "task_id": "emotionalfaces"
  },
  "dummy_trs": 0,
  "dvars_nstd": 13.92046242206522,
  "dvars_std": 1.257957349728261,
  "dvars_vstd": 1.006308423315217,
  "efc": 0.33628405813296103,
  "fber": 110815.5390625,
  "fd_mean": 0.05558626506050424,
  "fd_num": 0,
  "fd_perc": 0.0,
  "fwhm_avg": 2.6522275,
  "fwhm_x": 2.4907825,
  "fwhm_y": 2.691725,
  "fwhm_z": 2.774175,
  "gcor": 0.0469234,
  "gsr_x": -0.017087560147047043,
  "gsr_y": -0.0013208992313593626,
  "provenance": {
    "md5sum": "bd9703c05a53aaec9c2c057079001454",
    "settings": {
      "fd_thres": 0.2,
      "testing": false
    },
    "software": "mriqc",
    "version": "22.0.1",
    "webapi_port": null,
    "webapi_url": "https://mriqc.nimh.nih.gov/api/v1"
  },
  "size_t": 185,
  "size_x": 64,
  "size_y": 64,
  "size_z": 35,
  "snr": 3.8128210223277854,
  "spacing_tr": 2.0,
  "spacing_x": 4.0,
  "spacing_y": 4.0,
  "spacing_z": 4.0,
  "summary_bg_k": 66.3824149670676,
  "summary_bg_mad": 9.873329740274297,
  "summary_bg_mean": 40.08061599731445,
  "summary_bg_median": 7.481081485748291,
  "summary_bg_n": 104186.0,
  "summary_bg_p05": 0.3405405580997467,
  "summary_bg_p95": 187.61486434936523,
  "summary_bg_stdv": 118.9135971069336,
  "summary_fg_k": 0.5462713193107778,
  "summary_fg_mad": 591.421824969776,
  "summary_fg_mean": 2455.40673828125,
  "summary_fg_median": 2373.016357421875,
  "summary_fg_n": 12435.0,
  "summary_fg_p05": 1586.9297607421875,
  "summary_fg_p95": 3594.42919921875,
  "summary_fg_stdv": 622.3530883789062,
  "tsnr": 112.10667430981994
}