{
  "aor": 0.0008044864864864864,
  "aqi": 0.0016808177351351353,
  "bids_meta": {
    "AcquisitionDateTime": "2020-02-21T18:48:2.000000",
    "BodyPartExamined": "HEAD",
    "ConversionSoftware": "dcm2niix",
    "ConversionSoftwareVersion": "v1.0.20170411 GCC4.8.4",
    "Dcm2bidsVersion": "2.1.4",
    "EchoTime": 0.03,
    "FlipAngle": 90,
    "ImageType": [
      "ORIGINAL",
      "PRIMARY",
      "EPI",
      "NONE"
    ],
    "MagneticFieldStrength": 3,
    "Manufacturer": "GE",
    "ManufacturersModelName": "DISCOVERY_MR750",
    "ProtocolName": "tr_FMRI_1",
    "RepetitionTime": 2,
    "ScanningSequence": "EP_GR",
    "SequenceVariant": "SS",
    "SeriesDescription": "tr_FMRI_1",
    "SliceEncodingDirection": "k",
    "SliceTiming": [
      0.057142857,
      0.171428571,
      0.285714286,
      0.4,
      0.514285714,
      0.628571429,
      0.742857143,
      0.857142857,
      0.971428571,
      1.085714286,
      1.2,
      1.314285714,
      1.428571429,
      1.542857143,
      1.657142857,
      1.771428571,
      1.885714286,
      2.0,
      0.114285714,
      0.228571429,
      0.342857143,
      0.457142857,
      0.571428571,
      0.685714286,
      0.8,
      0.914285714,
      1.028571429,
      1.142857143,
      1.257142857,
      1.371428571,
      1.485714286,
      1.6,
      1.714285714,
      1.828571429,
      1.942857143
    ],
    "TaskName": "Emotional face perception",
    "dataset": "ds003548",
    "modality": "bold",
    "run_id": 1,
    "subject_id": "09",
    "task_id": "emotionalfaces"
  },
  "dummy_trs": 0,
  "dvars_nstd": 11.991744891902176,
  "dvars_std": 1.1076796009239138,
  "dvars_vstd": 0.9526650810326087,
  "efc": 0.336800008436281,
  "fber": 101411.515625,
  "fd_mean": 0.04794915489583167,
  "fd_num": 0,
  "fd_perc": 0.0,
  "fwhm_avg": 2.6644,
  "fwhm_x": 2.544775,
  "fwhm_y": 2.7075,
  "fwhm_z": 2.740925,
  "gcor": 0.0312488,
  "gsr_x": -0.017378197982907295,
  "gsr_y": -0.0007203164859674871,
  "provenance": {
    "md5sum": "6c15acc26e30f4fe1e975397f4a20899",
    "settings": {
      "fd_thres": 0.2,
      "testing": false
    },
    "software": "mriqc",
    "version": "22.0.1",
    "webapi_port": null,
    "webapi_url": "https://mriqc.nimh.nih.gov/api/v1"
  },
  "size_t": 185,
  "size_x": 64,
  "size_y": 64,
  "size_z": 35,
  "snr": 3.763059175001698,
  "spacing_tr": 2.0,
  "spacing_x": 4.0,
  "spacing_y": 4.0,
  "spacing_z": 4.0,
  "summary_bg_k": 62.80395083488716,
  "summary_bg_mad": 9.945455902869377,
  "summary_bg_mean": 40.1419792175293,
  "summary_bg_median": 7.6270270347595215,
  "summary_bg_n": 104143.0,
  "summary_bg_p05": 0.41081082820892334,
  "summary_bg_p95": 185.10108489990225,
  "summary_bg_stdv": 118.14592742919922,
  "summary_fg_k": 0.5257201953857802,
  "summary_fg_mad": 575.0332066476866,
  "summary_fg_mean": 2423.9111328125,
  "summary_fg_median": 2338.837890625,
  "summary_fg_n": 12369.0,
  "summary_fg_p05": 1556.818408203125,
  "summary_fg_p95": 3576.8962890625,
  "summary_fg_stdv": 621.5005493164062,
  "tsnr": 108.0775923631154
}