{
  "aor": 0.0008154594594594595,
  "aqi": 0.0013871308432432431,
  "bids_meta": {
    "AcquisitionDateTime": "2020-02-21T18:56:35.000000",
    "BodyPartExamined": "HEAD",
    "ConversionSoftware": "dcm2niix",
    "ConversionSoftwareVersion": "v1.0.20170411 GCC4.8.4",
    "Dcm2bidsVersion": "2.1.4",
    "EchoTime": 0.03,
    "FlipAngle": 90,
    "ImageType": [
      "ORIGINAL",
      "PRIMARY",
      "EPI",
      "NONE"
    ],
    "MagneticFieldStrength": 3,
    "Manufacturer": "GE",
    "ManufacturersModelName": "DISCOVERY_MR750",
    "ProtocolName": "tr_FMRI_2",
    "RepetitionTime": 2,
    "ScanningSequence": "EP_GR",
    "SequenceVariant": "SS",
    "SeriesDescription": "tr_FMRI_2",
    "SliceEncodingDirection": "k",
    "SliceTiming": [
      0.057142857,
      0.171428571,
      0.285714286,
      0.4,
      0.514285714,
      0.628571429,
      0.742857143,
      0.857142857,
      0.971428571,
      1.085714286,
      1.2,
      1.314285714,
      1.428571429,
      1.542857143,
      1.657142857,
      1.771428571,
      1.885714286,
      2.0,
      0.114285714,
      0.228571429,
      0.342857143,
      0.457142857,
      0.571428571,
      0.685714286,
      0.8,
      0.914285714,
      1.028571429,
      1.142857143,
      1.257142857,
      1.371428571,
      1.485714286,
      1.6,
      1.714285714,
      1.828571429,
      1.942857143
    ],
    "TaskName": "Emotional face perception",
    "dataset": "ds003548",
    "modality": "bold",
    "run_id": 2,
    "subject_id": "09",
    "task_id": "emotionalfaces"
  },
  "dummy_trs": 0,
  "dvars_nstd": 12.720746195706521,
  "dvars_std": 1.1733448876086963,
  "dvars_vstd": 0.9772766931521737,
  "efc": 0.3366485442611366,
  "fber": 106342.9296875,
  "fd_mean": 0.05014840185104149,
  "fd_num": 0,
  "fd_perc": 0.0,
  "fwhm_avg": 2.6849916666666664,
  "fwhm_x": 2.5305,
  "fwhm_y": 2.7426,
  "fwhm_z": 2.781875,
  "gcor": 0.0512755,
  "gsr_x": -0.01731248013675213,
  "gsr_y": -0.0008773892768658698,
  "provenance": {
    "md5sum": "0aa13835b7093dfd2f7014687349785d",
    "settings": {
      "fd_thres": 0.2,
      "testing": false
    },
    "software": "mriqc",
    "version": "22.0.1",
    "webapi_port": null,
    "webapi_url": "https://mriqc.nimh.nih.gov/api/v1"
  },
  "size_t": 185,
  "size_x": 64,
  "size_y": 64,
  "size_z": 35,
  "snr": 3.7944479018089283,
  "spacing_tr": 2.0,
  "spacing_x": 4.0,
  "spacing_y": 4.0,
  "spacing_z": 4.0,
  "summary_bg_k": 64.20090091321967,
  "summary_bg_mad": 9.9134000466204,
  "summary_bg_mean": 39.898983001708984,
  "summary_bg_median": 7.567567825317383,
  "summary_bg_n": 104117.0,
  "summary_bg_p05": 0.3891891837120056,
  "summary_bg_p95": 186.162173461914,
  "summary_bg_stdv": 117.97552490234375,
  "summary_fg_k": 0.5758492585763402,
  "summary_fg_mad": 583.7644885604777,
  "summary_fg_mean": 2439.97802734375,
  "summary_fg_median": 2358.699951171875,
  "summary_fg_n": 12434.0,
  "summary_fg_p05": 1576.6962951660157,
  "summary_fg_p95": 3597.820556640625,
  "summary_fg_stdv": 621.59375,
  "tsnr": 108.37808242673054
}