{
  "aor": 0.0007878918918918919,
  "aqi": 0.0011867930162162163,
  "bids_meta": {
    "AcquisitionDateTime": "2020-02-21T19:20:29.000000",
    "BodyPartExamined": "HEAD",
    "ConversionSoftware": "dcm2niix",
    "ConversionSoftwareVersion": "v1.0.20170411 GCC4.8.4",
    "Dcm2bidsVersion": "2.1.4",
    "EchoTime": 0.03,
    "FlipAngle": 90,
    "ImageType": [
      "ORIGINAL",
      "PRIMARY",
      "EPI",
      "NONE"
    ],
    "MagneticFieldStrength": 3,
    "Manufacturer": "GE",
    "ManufacturersModelName": "DISCOVERY_MR750",
    "ProtocolName": "tr_FMRI_5",
    "RepetitionTime": 2,
    "ScanningSequence": "EP_GR",
    "SequenceVariant": "SS",
    "SeriesDescription": "tr_FMRI_5",
    "SliceEncodingDirection": "k",
    "SliceTiming": [
      0.057142857,
      0.171428571,
      0.285714286,
      0.4,
      0.514285714,
      0.628571429,
      0.742857143,
      0.857142857,
      0.971428571,
      1.085714286,
      1.2,
      1.314285714,
      1.428571429,
      1.542857143,
      1.657142857,
      1.771428571,
      1.885714286,
      2.0,
      0.114285714,
      0.228571429,
      0.342857143,
      0.457142857,
      0.571428571,
      0.685714286,
      0.8,
      0.914285714,
      1.028571429,
      1.142857143,
      1.257142857,
      1.371428571,
      1.485714286,
      1.6,
      1.714285714,
      1.828571429,
      1.942857143
    ],
    "TaskName": "Emotional face perception",
    "dataset": "ds003548",
    "modality": "bold",
    "run_id": 5,
    "subject_id": "09",
    "task_id": "emotionalfaces"
  },
  "dummy_trs": 0,
  "dvars_nstd": 13.723345849673915,
  "dvars_std": 1.2025698338586963,
  "dvars_vstd": 0.9948958403804341,
  "efc": 0.3355811264187332,
  "fber": 102718.3203125,
  "fd_mean": 0.05248801892256227,
  "fd_num": 0,
  "fd_perc": 0.0,
  "fwhm_avg": 2.6483141666666667,
  "fwhm_x": 2.4941675,
  "fwhm_y": 2.6948,
  "fwhm_z": 2.755975,
  "gcor": 0.0438149,
  "gsr_x": -0.016994042322039604,
  "gsr_y": -0.0014842726523056626,
  "provenance": {
    "md5sum": "10832c87b106238c0c47d0c5d8c484ac",
    "settings": {
      "fd_thres": 0.2,
      "testing": false
    },
    "software": "mriqc",
    "version": "22.0.1",
    "webapi_port": null,
    "webapi_url": "https://mriqc.nimh.nih.gov/api/v1"
  },
  "size_t": 185,
  "size_x": 64,
  "size_y": 64,
  "size_z": 35,
  "snr": 3.788874930595894,
  "spacing_tr": 2.0,
  "spacing_x": 4.0,
  "spacing_y": 4.0,
  "spacing_z": 4.0,
  "summary_bg_k": 67.15674230038346,
  "summary_bg_mad": 10.025596603931561,
  "summary_bg_mean": 39.923580169677734,
  "summary_bg_median": 7.621621608734131,
  "summary_bg_n": 104249.0,
  "summary_bg_p05": 0.41081082820892334,
  "summary_bg_p95": 185.970816040039,
  "summary_bg_stdv": 117.92041778564453,
  "summary_fg_k": 0.5298912420369852,
  "summary_fg_mad": 589.9314405374771,
  "summary_fg_mean": 2445.973388671875,
  "summary_fg_median": 2362.26220703125,
  "summary_fg_n": 12370.0,
  "summary_fg_p05": 1583.4646606445312,
  "summary_fg_p95": 3593.8889892578118,
  "summary_fg_stdv": 623.4480590820312,
  "tsnr": 111.48541541118175
}