{
  "bids_meta": {
    "AcquisitionDateTime": "2020-03-17T18:22:22.000000",
    "BodyPartExamined": "HEAD",
    "ConversionSoftware": "dcm2niix",
    "ConversionSoftwareVersion": "v1.0.20170411 GCC4.8.4",
    "Dcm2bidsVersion": "2.1.4",
    "EchoTime": 0.003192,
    "FlipAngle": 12,
    "ImageType": [
      "ORIGINAL",
      "PRIMARY",
      "OTHER"
    ],
    "InversionTime": 0.45,
    "MagneticFieldStrength": 3,
    "Manufacturer": "GE",
    "ManufacturersModelName": "DISCOVERY_MR750",
    "ProtocolName": "Sag_T1_FSPGR_BRAVO",
    "RepetitionTime": 0.008184,
    "ScanningSequence": "GR",
    "SequenceVariant": "SS_SP_SK",
    "SeriesDescription": "Sag_T1_FSPGR_BRAVO",
    "dataset": "ds003548",
    "modality": "T1w",
    "subject_id": "12"
  },
  "cjv": 0.3232330434728386,
  "cnr": 4.190696968058107,
  "efc": 0.5814555279783693,
  "fber": -1.0,
  "fwhm_avg": 3.889616666666667,
  "fwhm_x": 3.87835,
  "fwhm_y": 4.07664,
  "fwhm_z": 3.71386,
  "icvs_csf": 0.1883579470497199,
  "icvs_gm": 0.46003976960372256,
  "icvs_wm": 0.3516022833465575,
  "inu_med": 0.43477536737918854,
  "inu_range": 0.12109675109386442,
  "provenance": {
    "md5sum": "d21d52f3999dc79638a3c6d3266ff54a",
    "settings": {
      "testing": false
    },
    "software": "mriqc",
    "version": "22.0.1",
    "warnings": {
      "large_rot_frame": true,
      "small_air_mask": false
    },
    "webapi_port": null,
    "webapi_url": "https://mriqc.nimh.nih.gov/api/v1"
  },
  "qi_1": 8.192480165574336e-06,
  "qi_2": 0.002731003531465692,
  "rpve_csf": 27.120677942029328,
  "rpve_gm": 12.347565856695656,
  "rpve_wm": 18.294394656773694,
  "size_x": 176,
  "size_y": 256,
  "size_z": 256,
  "snr_csf": 2.472086255255513,
  "snr_gm": 11.311287132773495,
  "snr_total": 12.536199378465689,
  "snr_wm": 23.825224747368058,
  "snrd_csf": 20.67055445069042,
  "snrd_gm": 50.07792450330033,
  "snrd_total": 47.84485244668022,
  "snrd_wm": 72.78607838604992,
  "spacing_x": 1.0,
  "spacing_y": 1.0,
  "spacing_z": 1.0,
  "summary_bg_k": 36.705634262239265,
  "summary_bg_mad": 0.0,
  "summary_bg_mean": 5.269098108652971,
  "summary_bg_median": 0.0,
  "summary_bg_n": 2043538.0,
  "summary_bg_p05": 0.0,
  "summary_bg_p95": 23.09348714351654,
  "summary_bg_stdv": 9.000847364358734,
  "summary_csf_k": 0.6403546245236984,
  "summary_csf_mad": 95.119052588473,
  "summary_csf_mean": 278.78561089397067,
  "summary_csf_median": 283.99048739671707,
  "summary_csf_n": 19591.0,
  "summary_csf_p05": 75.18378049135208,
  "summary_csf_p95": 472.65536668896675,
  "summary_csf_stdv": 114.8759428264467,
  "summary_gm_k": 0.1119265095751949,
  "summary_gm_mad": 59.7246366079243,
  "summary_gm_mean": 688.2548964532739,
  "summary_gm_median": 688.0151290297508,
  "summary_gm_n": 51444.0,
  "summary_gm_p05": 587.7700883746147,
  "summary_gm_p95": 788.0002751350403,
  "summary_gm_stdv": 60.82494714274736,
  "summary_wm_k": 0.2988460637397612,
  "summary_wm_mad": 41.119173775225306,
  "summary_wm_mean": 1001.1934888104176,
  "summary_wm_median": 999.9999722242355,
  "summary_wm_n": 209370.0,
  "summary_wm_p05": 934.358034491539,
  "summary_wm_p95": 1071.8051235675812,
  "summary_wm_stdv": 41.972220397005394,
  "tpm_overlap_csf": 0.1392712625804305,
  "tpm_overlap_gm": 0.47286761919755915,
  "tpm_overlap_wm": 0.5227186709379922,
  "wm2max": 0.5026875699888018
}