{
  "aor": 0.0008457,
  "aqi": 0.0014986083833333334,
  "bids_meta": {
    "AcquisitionDateTime": "2020-05-09T15:47:48.000000",
    "BodyPartExamined": "HEAD",
    "ConversionSoftware": "dcm2niix",
    "ConversionSoftwareVersion": "v1.0.20170411 GCC4.8.4",
    "Dcm2bidsVersion": "2.1.4",
    "EchoTime": 0.04,
    "FlipAngle": 90,
    "ImageType": [
      "ORIGINAL",
      "PRIMARY",
      "EPI",
      "NONE"
    ],
    "MagneticFieldStrength": 3,
    "Manufacturer": "GE",
    "ManufacturersModelName": "DISCOVERY_MR750",
    "ProtocolName": "fMRI_RestState",
    "RepetitionTime": 2,
    "ScanningSequence": "EP_GR",
    "SequenceVariant": "SS",
    "SeriesDescription": "fMRI_RestState",
    "SliceEncodingDirection": "k",
    "SliceTiming": [
      0.057142857,
      0.171428571,
      0.285714286,
      0.4,
      0.514285714,
      0.628571429,
      0.742857143,
      0.857142857,
      0.971428571,
      1.085714286,
      1.2,
      1.314285714,
      1.428571429,
      1.542857143,
      1.657142857,
      1.771428571,
      1.885714286,
      2.0,
      0.114285714,
      0.228571429,
      0.342857143,
      0.457142857,
      0.571428571,
      0.685714286,
      0.8,
      0.914285714,
      1.028571429,
      1.142857143,
      1.257142857,
      1.371428571,
      1.485714286,
      1.6,
      1.714285714,
      1.828571429,
      1.942857143
    ],
    "TaskName": "Resting state, awake, closed eyes",
    "dataset": "ds003548",
    "modality": "bold",
    "subject_id": "13",
    "task_id": "rest"
  },
  "dummy_trs": 0,
  "dvars_nstd": 15.245130338193988,
  "dvars_std": 1.108152546889633,
  "dvars_vstd": 0.9825668553177254,
  "efc": 0.3551257887824036,
  "fber": 65868.921875,
  "fd_mean": 0.24031517517491946,
  "fd_num": 182,
  "fd_perc": 60.666666666666664,
  "fwhm_avg": 2.8115,
  "fwhm_x": 2.593575,
  "fwhm_y": 2.9064,
  "fwhm_z": 2.934525,
  "gcor": 0.0496288,
  "gsr_x": -0.024076031520962715,
  "gsr_y": 0.007561849895864725,
  "provenance": {
    "md5sum": "2cd4aa86a8909d14331896c6d89dd039",
    "settings": {
      "fd_thres": 0.2,
      "testing": false
    },
    "software": "mriqc",
    "version": "22.0.1",
    "webapi_port": null,
    "webapi_url": "https://mriqc.nimh.nih.gov/api/v1"
  },
  "size_t": 300,
  "size_x": 64,
  "size_y": 64,
  "size_z": 35,
  "snr": 3.0331024135874523,
  "spacing_tr": 2.0,
  "spacing_x": 4.0,
  "spacing_y": 4.0,
  "spacing_z": 4.0,
  "summary_bg_k": 43.32722379116107,
  "summary_bg_mad": 10.684620049300223,
  "summary_bg_mean": 47.668296813964844,
  "summary_bg_median": 7.920000076293945,
  "summary_bg_n": 102720.0,
  "summary_bg_p05": 0.2133333384990692,
  "summary_bg_p95": 249.9558387756342,
  "summary_bg_stdv": 131.81484985351562,
  "summary_fg_k": 1.4483140740471807,
  "summary_fg_mad": 510.9294827957965,
  "summary_fg_mean": 2077.001220703125,
  "summary_fg_median": 1947.953369140625,
  "summary_fg_n": 13321.0,
  "summary_fg_p05": 1254.2266845703125,
  "summary_fg_p95": 3348.513427734375,
  "summary_fg_stdv": 642.2072143554688,
  "tsnr": 89.38836077880114
}