{
  "aor": 0.0015249189189189187,
  "aqi": 0.0006069119027027028,
  "bids_meta": {
    "AcquisitionDateTime": "2020-05-09T16:21:59.000000",
    "BodyPartExamined": "HEAD",
    "ConversionSoftware": "dcm2niix",
    "ConversionSoftwareVersion": "v1.0.20170411 GCC4.8.4",
    "Dcm2bidsVersion": "2.1.4",
    "EchoTime": 0.03,
    "FlipAngle": 90,
    "ImageType": [
      "ORIGINAL",
      "PRIMARY",
      "EPI",
      "NONE"
    ],
    "MagneticFieldStrength": 3,
    "Manufacturer": "GE",
    "ManufacturersModelName": "DISCOVERY_MR750",
    "ProtocolName": "tr_FMRI_3",
    "RepetitionTime": 2,
    "ScanningSequence": "EP_GR",
    "SequenceVariant": "SS",
    "SeriesDescription": "tr_FMRI_3",
    "SliceEncodingDirection": "k",
    "SliceTiming": [
      0.057142857,
      0.171428571,
      0.285714286,
      0.4,
      0.514285714,
      0.628571429,
      0.742857143,
      0.857142857,
      0.971428571,
      1.085714286,
      1.2,
      1.314285714,
      1.428571429,
      1.542857143,
      1.657142857,
      1.771428571,
      1.885714286,
      2.0,
      0.114285714,
      0.228571429,
      0.342857143,
      0.457142857,
      0.571428571,
      0.685714286,
      0.8,
      0.914285714,
      1.028571429,
      1.142857143,
      1.257142857,
      1.371428571,
      1.485714286,
      1.6,
      1.714285714,
      1.828571429,
      1.942857143
    ],
    "TaskName": "Emotional face perception",
    "dataset": "ds003548",
    "modality": "bold",
    "run_id": 3,
    "subject_id": "13",
    "task_id": "emotionalfaces"
  },
  "dummy_trs": 0,
  "dvars_nstd": 12.62971233804348,
  "dvars_std": 1.1581903811413043,
  "dvars_vstd": 1.005217941358696,
  "efc": 0.37792926614277594,
  "fber": 83259.578125,
  "fd_mean": 0.13118848609614964,
  "fd_num": 28,
  "fd_perc": 15.135135135135135,
  "fwhm_avg": 3.001983333333333,
  "fwhm_x": 2.750575,
  "fwhm_y": 3.013375,
  "fwhm_z": 3.242,
  "gcor": 0.0601552,
  "gsr_x": -0.031192513182759285,
  "gsr_y": 0.011650217697024345,
  "provenance": {
    "md5sum": "4ec998db54511c87de1746b1483ff505",
    "settings": {
      "fd_thres": 0.2,
      "testing": false
    },
    "software": "mriqc",
    "version": "22.0.1",
    "webapi_port": null,
    "webapi_url": "https://mriqc.nimh.nih.gov/api/v1"
  },
  "size_t": 185,
  "size_x": 64,
  "size_y": 64,
  "size_z": 35,
  "snr": 2.9053829815932373,
  "spacing_tr": 2.0,
  "spacing_x": 4.0,
  "spacing_y": 4.0,
  "spacing_z": 4.0,
  "summary_bg_k": 24.942912184634604,
  "summary_bg_mad": 12.021099150169185,
  "summary_bg_mean": 86.11933898925781,
  "summary_bg_median": 8.76756763458252,
  "summary_bg_n": 101470.0,
  "summary_bg_p05": 0.3081081211566925,
  "summary_bg_p95": 519.9543487548802,
  "summary_bg_stdv": 243.99417114257812,
  "summary_fg_k": 1.5415409783354042,
  "summary_fg_mad": 643.6658169639181,
  "summary_fg_mean": 2563.609375,
  "summary_fg_median": 2394.578369140625,
  "summary_fg_n": 14523.0,
  "summary_fg_p05": 1526.30322265625,
  "summary_fg_p95": 4233.251806640625,
  "summary_fg_stdv": 824.158447265625,
  "tsnr": 130.77112177433446
}