{
  "aor": 0.011400756756756758,
  "aqi": 0.001490725643243243,
  "bids_meta": {
    "AcquisitionDateTime": "2020-05-09T16:07:14.000000",
    "BodyPartExamined": "HEAD",
    "ConversionSoftware": "dcm2niix",
    "ConversionSoftwareVersion": "v1.0.20170411 GCC4.8.4",
    "Dcm2bidsVersion": "2.1.4",
    "EchoTime": 0.03,
    "FlipAngle": 90,
    "ImageType": [
      "ORIGINAL",
      "PRIMARY",
      "EPI",
      "NONE"
    ],
    "MagneticFieldStrength": 3,
    "Manufacturer": "GE",
    "ManufacturersModelName": "DISCOVERY_MR750",
    "ProtocolName": "tr_FMRI_1",
    "RepetitionTime": 2,
    "ScanningSequence": "EP_GR",
    "SequenceVariant": "SS",
    "SeriesDescription": "tr_FMRI_1",
    "SliceEncodingDirection": "k",
    "SliceTiming": [
      0.057142857,
      0.171428571,
      0.285714286,
      0.4,
      0.514285714,
      0.628571429,
      0.742857143,
      0.857142857,
      0.971428571,
      1.085714286,
      1.2,
      1.314285714,
      1.428571429,
      1.542857143,
      1.657142857,
      1.771428571,
      1.885714286,
      2.0,
      0.114285714,
      0.228571429,
      0.342857143,
      0.457142857,
      0.571428571,
      0.685714286,
      0.8,
      0.914285714,
      1.028571429,
      1.142857143,
      1.257142857,
      1.371428571,
      1.485714286,
      1.6,
      1.714285714,
      1.828571429,
      1.942857143
    ],
    "TaskName": "Emotional face perception",
    "dataset": "ds003548",
    "modality": "bold",
    "run_id": 1,
    "subject_id": "13",
    "task_id": "emotionalfaces"
  },
  "dummy_trs": 0,
  "dvars_nstd": 12.634789689673914,
  "dvars_std": 1.1106161005978257,
  "dvars_vstd": 1.055363611576087,
  "efc": 0.37746395776965397,
  "fber": 88994.7421875,
  "fd_mean": 0.14436782004856083,
  "fd_num": 16,
  "fd_perc": 8.64864864864865,
  "fwhm_avg": 3.0119166666666666,
  "fwhm_x": 2.739475,
  "fwhm_y": 3.042775,
  "fwhm_z": 3.2535,
  "gcor": 0.0601198,
  "gsr_x": -0.030952399596571922,
  "gsr_y": 0.01266202051192522,
  "provenance": {
    "md5sum": "a7852b487abada2e8ab71219889f7b29",
    "settings": {
      "fd_thres": 0.2,
      "testing": false
    },
    "software": "mriqc",
    "version": "22.0.1",
    "webapi_port": null,
    "webapi_url": "https://mriqc.nimh.nih.gov/api/v1"
  },
  "size_t": 185,
  "size_x": 64,
  "size_y": 64,
  "size_z": 35,
  "snr": 2.940164697830095,
  "spacing_tr": 2.0,
  "spacing_x": 4.0,
  "spacing_y": 4.0,
  "spacing_z": 4.0,
  "summary_bg_k": 24.32405353058229,
  "summary_bg_mad": 11.572311241894946,
  "summary_bg_mean": 84.26769256591797,
  "summary_bg_median": 8.481081008911133,
  "summary_bg_n": 101461.0,
  "summary_bg_p05": 0.31351351737976074,
  "summary_bg_p95": 504.113525390625,
  "summary_bg_stdv": 236.52508544921875,
  "summary_fg_k": 1.549105844000998,
  "summary_fg_mad": 633.6682964742504,
  "summary_fg_mean": 2569.91357421875,
  "summary_fg_median": 2401.1162109375,
  "summary_fg_n": 14458.0,
  "summary_fg_p05": 1539.2403381347656,
  "summary_fg_p95": 4222.879394531249,
  "summary_fg_stdv": 816.6322021484375,
  "tsnr": 88.62100295023993
}