{
  "aor": 0.0008981081081081081,
  "aqi": 0.001042318508108108,
  "bids_meta": {
    "AcquisitionDateTime": "2020-05-09T16:37:20.000000",
    "BodyPartExamined": "HEAD",
    "ConversionSoftware": "dcm2niix",
    "ConversionSoftwareVersion": "v1.0.20170411 GCC4.8.4",
    "Dcm2bidsVersion": "2.1.4",
    "EchoTime": 0.03,
    "FlipAngle": 90,
    "ImageType": [
      "ORIGINAL",
      "PRIMARY",
      "EPI",
      "NONE"
    ],
    "MagneticFieldStrength": 3,
    "Manufacturer": "GE",
    "ManufacturersModelName": "DISCOVERY_MR750",
    "ProtocolName": "tr_FMRI_5",
    "RepetitionTime": 2,
    "ScanningSequence": "EP_GR",
    "SequenceVariant": "SS",
    "SeriesDescription": "tr_FMRI_5",
    "SliceEncodingDirection": "k",
    "SliceTiming": [
      0.057142857,
      0.171428571,
      0.285714286,
      0.4,
      0.514285714,
      0.628571429,
      0.742857143,
      0.857142857,
      0.971428571,
      1.085714286,
      1.2,
      1.314285714,
      1.428571429,
      1.542857143,
      1.657142857,
      1.771428571,
      1.885714286,
      2.0,
      0.114285714,
      0.228571429,
      0.342857143,
      0.457142857,
      0.571428571,
      0.685714286,
      0.8,
      0.914285714,
      1.028571429,
      1.142857143,
      1.257142857,
      1.371428571,
      1.485714286,
      1.6,
      1.714285714,
      1.828571429,
      1.942857143
    ],
    "TaskName": "Emotional face perception",
    "dataset": "ds003548",
    "modality": "bold",
    "run_id": 5,
    "subject_id": "13",
    "task_id": "emotionalfaces"
  },
  "dummy_trs": 0,
  "dvars_nstd": 12.106900458749996,
  "dvars_std": 1.073089972173913,
  "dvars_vstd": 0.9516682731521746,
  "efc": 0.37772596526803476,
  "fber": 83009.0546875,
  "fd_mean": 0.12012634027030601,
  "fd_num": 13,
  "fd_perc": 7.027027027027027,
  "fwhm_avg": 2.97585,
  "fwhm_x": 2.7155,
  "fwhm_y": 2.999025,
  "fwhm_z": 3.213025,
  "gcor": 0.042662,
  "gsr_x": -0.03085573948919773,
  "gsr_y": 0.01070926059037447,
  "provenance": {
    "md5sum": "ed4532871838675227b4560aefdfa2d0",
    "settings": {
      "fd_thres": 0.2,
      "testing": false
    },
    "software": "mriqc",
    "version": "22.0.1",
    "webapi_port": null,
    "webapi_url": "https://mriqc.nimh.nih.gov/api/v1"
  },
  "size_t": 185,
  "size_x": 64,
  "size_y": 64,
  "size_z": 35,
  "snr": 2.9339918149243918,
  "spacing_tr": 2.0,
  "spacing_x": 4.0,
  "spacing_y": 4.0,
  "spacing_z": 4.0,
  "summary_bg_k": 25.26531275020398,
  "summary_bg_mad": 11.956986465601467,
  "summary_bg_mean": 86.44103240966797,
  "summary_bg_median": 8.735135078430176,
  "summary_bg_n": 101613.0,
  "summary_bg_p05": 0.31351351737976074,
  "summary_bg_p95": 518.6637817382793,
  "summary_bg_stdv": 245.43423461914062,
  "summary_fg_k": 1.48919000290124,
  "summary_fg_mad": 645.6252155135581,
  "summary_fg_mean": 2556.626220703125,
  "summary_fg_median": 2396.38916015625,
  "summary_fg_n": 14398.0,
  "summary_fg_p05": 1521.7516235351563,
  "summary_fg_p95": 4202.0396484375,
  "summary_fg_stdv": 816.7391357421875,
  "tsnr": 123.30813349038363
}