{
  "aor": 0.0008598918918918919,
  "aqi": 0.0006161413135135136,
  "bids_meta": {
    "AcquisitionDateTime": "2020-05-09T16:29:44.000000",
    "BodyPartExamined": "HEAD",
    "ConversionSoftware": "dcm2niix",
    "ConversionSoftwareVersion": "v1.0.20170411 GCC4.8.4",
    "Dcm2bidsVersion": "2.1.4",
    "EchoTime": 0.03,
    "FlipAngle": 90,
    "ImageType": [
      "ORIGINAL",
      "PRIMARY",
      "EPI",
      "NONE"
    ],
    "MagneticFieldStrength": 3,
    "Manufacturer": "GE",
    "ManufacturersModelName": "DISCOVERY_MR750",
    "ProtocolName": "tr_FMRI_4",
    "RepetitionTime": 2,
    "ScanningSequence": "EP_GR",
    "SequenceVariant": "SS",
    "SeriesDescription": "tr_FMRI_4",
    "SliceEncodingDirection": "k",
    "SliceTiming": [
      0.057142857,
      0.171428571,
      0.285714286,
      0.4,
      0.514285714,
      0.628571429,
      0.742857143,
      0.857142857,
      0.971428571,
      1.085714286,
      1.2,
      1.314285714,
      1.428571429,
      1.542857143,
      1.657142857,
      1.771428571,
      1.885714286,
      2.0,
      0.114285714,
      0.228571429,
      0.342857143,
      0.457142857,
      0.571428571,
      0.685714286,
      0.8,
      0.914285714,
      1.028571429,
      1.142857143,
      1.257142857,
      1.371428571,
      1.485714286,
      1.6,
      1.714285714,
      1.828571429,
      1.942857143
    ],
    "TaskName": "Emotional face perception",
    "dataset": "ds003548",
    "modality": "bold",
    "run_id": 4,
    "subject_id": "13",
    "task_id": "emotionalfaces"
  },
  "dummy_trs": 0,
  "dvars_nstd": 12.76447796326087,
  "dvars_std": 1.145864554021739,
  "dvars_vstd": 0.9980657938586951,
  "efc": 0.3775734149388915,
  "fber": 83146.1796875,
  "fd_mean": 0.15451847183783168,
  "fd_num": 41,
  "fd_perc": 22.16216216216216,
  "fwhm_avg": 2.995483333333333,
  "fwhm_x": 2.74455,
  "fwhm_y": 3.025675,
  "fwhm_z": 3.216225,
  "gcor": 0.0437764,
  "gsr_x": -0.030718814581632614,
  "gsr_y": 0.011300128884613514,
  "provenance": {
    "md5sum": "91909791c242cc00b5a679f8b861cfa0",
    "settings": {
      "fd_thres": 0.2,
      "testing": false
    },
    "software": "mriqc",
    "version": "22.0.1",
    "webapi_port": null,
    "webapi_url": "https://mriqc.nimh.nih.gov/api/v1"
  },
  "size_t": 185,
  "size_x": 64,
  "size_y": 64,
  "size_z": 35,
  "snr": 2.915901831852219,
  "spacing_tr": 2.0,
  "spacing_x": 4.0,
  "spacing_y": 4.0,
  "spacing_z": 4.0,
  "summary_bg_k": 24.95208276859483,
  "summary_bg_mad": 12.03712734340361,
  "summary_bg_mean": 86.42357635498047,
  "summary_bg_median": 8.77297306060791,
  "summary_bg_n": 101590.0,
  "summary_bg_p05": 0.30270272493362427,
  "summary_bg_p95": 519.4537963867157,
  "summary_bg_stdv": 245.44903564453125,
  "summary_fg_k": 1.5318564403354857,
  "summary_fg_mad": 641.942871026397,
  "summary_fg_mean": 2553.3642578125,
  "summary_fg_median": 2388.6650390625,
  "summary_fg_n": 14455.0,
  "summary_fg_p05": 1515.9011108398438,
  "summary_fg_p95": 4206.874072265624,
  "summary_fg_stdv": 819.1573486328125,
  "tsnr": 134.35733093880117
}