{
  "aor": 0.0019902702702702703,
  "aqi": 0.0012867066648648649,
  "bids_meta": {
    "AcquisitionDateTime": "2019-11-05T20:02:33.000000",
    "BodyPartExamined": "HEAD",
    "ConversionSoftware": "dcm2niix",
    "ConversionSoftwareVersion": "v1.0.20170411 GCC4.8.4",
    "Dcm2bidsVersion": "2.1.4",
    "EchoTime": 0.03,
    "FlipAngle": 90,
    "ImageType": [
      "ORIGINAL",
      "PRIMARY",
      "EPI",
      "NONE"
    ],
    "MagneticFieldStrength": 3,
    "Manufacturer": "GE",
    "ManufacturersModelName": "DISCOVERY_MR750",
    "ProtocolName": "tr_FMRI_4",
    "RepetitionTime": 2,
    "ScanningSequence": "EP_GR",
    "SequenceVariant": "SS",
    "SeriesDescription": "tr_FMRI_4",
    "SliceEncodingDirection": "k",
    "SliceTiming": [
      0.057142857,
      0.171428571,
      0.285714286,
      0.4,
      0.514285714,
      0.628571429,
      0.742857143,
      0.857142857,
      0.971428571,
      1.085714286,
      1.2,
      1.314285714,
      1.428571429,
      1.542857143,
      1.657142857,
      1.771428571,
      1.885714286,
      2.0,
      0.114285714,
      0.228571429,
      0.342857143,
      0.457142857,
      0.571428571,
      0.685714286,
      0.8,
      0.914285714,
      1.028571429,
      1.142857143,
      1.257142857,
      1.371428571,
      1.485714286,
      1.6,
      1.714285714,
      1.828571429,
      1.942857143
    ],
    "TaskName": "Emotional face perception",
    "dataset": "ds003548",
    "modality": "bold",
    "run_id": 4,
    "subject_id": "06",
    "task_id": "emotionalfaces"
  },
  "dummy_trs": 0,
  "dvars_nstd": 15.089341495760868,
  "dvars_std": 1.256079128695653,
  "dvars_vstd": 1.0201875338043482,
  "efc": 0.3456208279843187,
  "fber": 93209.578125,
  "fd_mean": 0.09096303227645162,
  "fd_num": 14,
  "fd_perc": 7.5675675675675675,
  "fwhm_avg": 2.6309,
  "fwhm_x": 2.547825,
  "fwhm_y": 2.690575,
  "fwhm_z": 2.6543,
  "gcor": 0.0993043,
  "gsr_x": -0.008553185500204563,
  "gsr_y": -0.004639300052076578,
  "provenance": {
    "md5sum": "be1507a5db2a7ae6c54729c097f815d3",
    "settings": {
      "fd_thres": 0.2,
      "testing": false
    },
    "software": "mriqc",
    "version": "22.0.1",
    "webapi_port": null,
    "webapi_url": "https://mriqc.nimh.nih.gov/api/v1"
  },
  "size_t": 185,
  "size_x": 64,
  "size_y": 64,
  "size_z": 35,
  "snr": 3.829414070400685,
  "spacing_tr": 2.0,
  "spacing_x": 4.0,
  "spacing_y": 4.0,
  "spacing_z": 4.0,
  "summary_bg_k": 62.130204871585505,
  "summary_bg_mad": 11.203664123052869,
  "summary_bg_mean": 50.59808349609375,
  "summary_bg_median": 8.2216215133667,
  "summary_bg_n": 104270.0,
  "summary_bg_p05": 0.23783785104751587,
  "summary_bg_p95": 238.167843627929,
  "summary_bg_stdv": 154.96347045898438,
  "summary_fg_k": 0.3246593232067929,
  "summary_fg_mad": 541.4744909532751,
  "summary_fg_mean": 2460.580322265625,
  "summary_fg_median": 2360.159423828125,
  "summary_fg_n": 12660.0,
  "summary_fg_p05": 1586.807550048828,
  "summary_fg_p95": 3652.7878540039055,
  "summary_fg_stdv": 616.299560546875,
  "tsnr": 108.84356948081404
}