{
  "aor": 0.0016891891891891893,
  "aqi": 0.0012181128756756758,
  "bids_meta": {
    "AcquisitionDateTime": "2019-11-05T19:55:28.000000",
    "BodyPartExamined": "HEAD",
    "ConversionSoftware": "dcm2niix",
    "ConversionSoftwareVersion": "v1.0.20170411 GCC4.8.4",
    "Dcm2bidsVersion": "2.1.4",
    "EchoTime": 0.03,
    "FlipAngle": 90,
    "ImageType": [
      "ORIGINAL",
      "PRIMARY",
      "EPI",
      "NONE"
    ],
    "MagneticFieldStrength": 3,
    "Manufacturer": "GE",
    "ManufacturersModelName": "DISCOVERY_MR750",
    "ProtocolName": "tr_FMRI_3",
    "RepetitionTime": 2,
    "ScanningSequence": "EP_GR",
    "SequenceVariant": "SS",
    "SeriesDescription": "tr_FMRI_3",
    "SliceEncodingDirection": "k",
    "SliceTiming": [
      0.057142857,
      0.171428571,
      0.285714286,
      0.4,
      0.514285714,
      0.628571429,
      0.742857143,
      0.857142857,
      0.971428571,
      1.085714286,
      1.2,
      1.314285714,
      1.428571429,
      1.542857143,
      1.657142857,
      1.771428571,
      1.885714286,
      2.0,
      0.114285714,
      0.228571429,
      0.342857143,
      0.457142857,
      0.571428571,
      0.685714286,
      0.8,
      0.914285714,
      1.028571429,
      1.142857143,
      1.257142857,
      1.371428571,
      1.485714286,
      1.6,
      1.714285714,
      1.828571429,
      1.942857143
    ],
    "TaskName": "Emotional face perception",
    "dataset": "ds003548",
    "modality": "bold",
    "run_id": 3,
    "subject_id": "06",
    "task_id": "emotionalfaces"
  },
  "dummy_trs": 0,
  "dvars_nstd": 14.402210624184775,
  "dvars_std": 1.2524695896739129,
  "dvars_vstd": 1.0175910484239126,
  "efc": 0.34605205827572566,
  "fber": 92857.6328125,
  "fd_mean": 0.06388287688295305,
  "fd_num": 2,
  "fd_perc": 1.0810810810810811,
  "fwhm_avg": 2.6376416666666667,
  "fwhm_x": 2.5644,
  "fwhm_y": 2.69055,
  "fwhm_z": 2.657975,
  "gcor": 0.0802615,
  "gsr_x": -0.00910442415624857,
  "gsr_y": -0.004274583421647549,
  "provenance": {
    "md5sum": "d4e5f8f67ab2b240060576f7bb1522d4",
    "settings": {
      "fd_thres": 0.2,
      "testing": false
    },
    "software": "mriqc",
    "version": "22.0.1",
    "webapi_port": null,
    "webapi_url": "https://mriqc.nimh.nih.gov/api/v1"
  },
  "size_t": 185,
  "size_x": 64,
  "size_y": 64,
  "size_z": 35,
  "snr": 3.8249953554194582,
  "spacing_tr": 2.0,
  "spacing_x": 4.0,
  "spacing_y": 4.0,
  "spacing_z": 4.0,
  "summary_bg_k": 59.31964602236597,
  "summary_bg_mad": 11.235720686261676,
  "summary_bg_mean": 50.764007568359375,
  "summary_bg_median": 8.264864921569824,
  "summary_bg_n": 104201.0,
  "summary_bg_p05": 0.26486486196517944,
  "summary_bg_p95": 239.74053955078125,
  "summary_bg_stdv": 155.2053680419922,
  "summary_fg_k": 0.31481339167764233,
  "summary_fg_mad": 543.3056639570397,
  "summary_fg_mean": 2468.19091796875,
  "summary_fg_median": 2367.66748046875,
  "summary_fg_n": 12674.0,
  "summary_fg_p05": 1591.317578125,
  "summary_fg_p95": 3667.8827392578123,
  "summary_fg_stdv": 618.974365234375,
  "tsnr": 118.12640474922955
}