{
  "aor": 0.0006586486486486487,
  "aqi": 0.0018986132972972976,
  "bids_meta": {
    "AcquisitionDateTime": "2019-11-05T19:47:48.000000",
    "BodyPartExamined": "HEAD",
    "ConversionSoftware": "dcm2niix",
    "ConversionSoftwareVersion": "v1.0.20170411 GCC4.8.4",
    "Dcm2bidsVersion": "2.1.4",
    "EchoTime": 0.03,
    "FlipAngle": 90,
    "ImageType": [
      "ORIGINAL",
      "PRIMARY",
      "EPI",
      "NONE"
    ],
    "MagneticFieldStrength": 3,
    "Manufacturer": "GE",
    "ManufacturersModelName": "DISCOVERY_MR750",
    "ProtocolName": "tr_FMRI_2",
    "RepetitionTime": 2,
    "ScanningSequence": "EP_GR",
    "SequenceVariant": "SS",
    "SeriesDescription": "tr_FMRI_2",
    "SliceEncodingDirection": "k",
    "SliceTiming": [
      0.057142857,
      0.171428571,
      0.285714286,
      0.4,
      0.514285714,
      0.628571429,
      0.742857143,
      0.857142857,
      0.971428571,
      1.085714286,
      1.2,
      1.314285714,
      1.428571429,
      1.542857143,
      1.657142857,
      1.771428571,
      1.885714286,
      2.0,
      0.114285714,
      0.228571429,
      0.342857143,
      0.457142857,
      0.571428571,
      0.685714286,
      0.8,
      0.914285714,
      1.028571429,
      1.142857143,
      1.257142857,
      1.371428571,
      1.485714286,
      1.6,
      1.714285714,
      1.828571429,
      1.942857143
    ],
    "TaskName": "Emotional face perception",
    "dataset": "ds003548",
    "modality": "bold",
    "run_id": 2,
    "subject_id": "06",
    "task_id": "emotionalfaces"
  },
  "dummy_trs": 0,
  "dvars_nstd": 13.803341933206518,
  "dvars_std": 1.1407037877717392,
  "dvars_vstd": 0.9579327980434779,
  "efc": 0.34554148443470023,
  "fber": 90587.75,
  "fd_mean": 0.05612836593231747,
  "fd_num": 0,
  "fd_perc": 0.0,
  "fwhm_avg": 2.6382333333333334,
  "fwhm_x": 2.52435,
  "fwhm_y": 2.72345,
  "fwhm_z": 2.6669,
  "gcor": 0.0378158,
  "gsr_x": -0.009405655786395073,
  "gsr_y": -0.004016831051558256,
  "provenance": {
    "md5sum": "55ae7b4db43a36a8fda7bf5af1992fb9",
    "settings": {
      "fd_thres": 0.2,
      "testing": false
    },
    "software": "mriqc",
    "version": "22.0.1",
    "webapi_port": null,
    "webapi_url": "https://mriqc.nimh.nih.gov/api/v1"
  },
  "size_t": 185,
  "size_x": 64,
  "size_y": 64,
  "size_z": 35,
  "snr": 3.8176803423068293,
  "spacing_tr": 2.0,
  "spacing_x": 4.0,
  "spacing_y": 4.0,
  "spacing_z": 4.0,
  "summary_bg_k": 59.610993677401936,
  "summary_bg_mad": 11.355932047149878,
  "summary_bg_mean": 51.38844680786133,
  "summary_bg_median": 8.340540885925293,
  "summary_bg_n": 104434.0,
  "summary_bg_p05": 0.2756756842136383,
  "summary_bg_p95": 239.5297393798828,
  "summary_bg_stdv": 155.5048828125,
  "summary_fg_k": 0.296627402836267,
  "summary_fg_mad": 541.8632396795141,
  "summary_fg_mean": 2456.888427734375,
  "summary_fg_median": 2356.61083984375,
  "summary_fg_n": 12528.0,
  "summary_fg_p05": 1581.3559997558593,
  "summary_fg_p95": 3651.0189208984375,
  "summary_fg_stdv": 617.2640380859375,
  "tsnr": 102.62881360016763
}