{
  "aor": 0.0023956666666666666,
  "aqi": 0.0033037463666666673,
  "bids_meta": {
    "AcquisitionDateTime": "2019-11-05T19:26:17.000000",
    "BodyPartExamined": "HEAD",
    "ConversionSoftware": "dcm2niix",
    "ConversionSoftwareVersion": "v1.0.20170411 GCC4.8.4",
    "Dcm2bidsVersion": "2.1.4",
    "EchoTime": 0.04,
    "FlipAngle": 90,
    "ImageType": [
      "ORIGINAL",
      "PRIMARY",
      "EPI",
      "NONE"
    ],
    "MagneticFieldStrength": 3,
    "Manufacturer": "GE",
    "ManufacturersModelName": "DISCOVERY_MR750",
    "ProtocolName": "fMRI_RestState",
    "RepetitionTime": 2,
    "ScanningSequence": "EP_GR",
    "SequenceVariant": "SS",
    "SeriesDescription": "fMRI_RestState",
    "SliceEncodingDirection": "k",
    "SliceTiming": [
      0.057142857,
      0.171428571,
      0.285714286,
      0.4,
      0.514285714,
      0.628571429,
      0.742857143,
      0.857142857,
      0.971428571,
      1.085714286,
      1.2,
      1.314285714,
      1.428571429,
      1.542857143,
      1.657142857,
      1.771428571,
      1.885714286,
      2.0,
      0.114285714,
      0.228571429,
      0.342857143,
      0.457142857,
      0.571428571,
      0.685714286,
      0.8,
      0.914285714,
      1.028571429,
      1.142857143,
      1.257142857,
      1.371428571,
      1.485714286,
      1.6,
      1.714285714,
      1.828571429,
      1.942857143
    ],
    "TaskName": "Resting state, awake, closed eyes",
    "dataset": "ds003548",
    "modality": "bold",
    "subject_id": "06",
    "task_id": "rest"
  },
  "dummy_trs": 0,
  "dvars_nstd": 15.783507487658861,
  "dvars_std": 1.1580300143143811,
  "dvars_vstd": 1.0076364936120399,
  "efc": 0.32826767139034685,
  "fber": 70808.875,
  "fd_mean": 0.08017314482290822,
  "fd_num": 4,
  "fd_perc": 1.3333333333333333,
  "fwhm_avg": 2.4640625000000003,
  "fwhm_x": 2.4346025,
  "fwhm_y": 2.562725,
  "fwhm_z": 2.39486,
  "gcor": 0.0998022,
  "gsr_x": -0.008338169194757938,
  "gsr_y": -0.004429091699421406,
  "provenance": {
    "md5sum": "dfa3b234af0a89757301dadd8d3d509c",
    "settings": {
      "fd_thres": 0.2,
      "testing": false
    },
    "software": "mriqc",
    "version": "22.0.1",
    "webapi_port": null,
    "webapi_url": "https://mriqc.nimh.nih.gov/api/v1"
  },
  "size_t": 300,
  "size_x": 64,
  "size_y": 64,
  "size_z": 35,
  "snr": 3.921020982854875,
  "spacing_tr": 2.0,
  "spacing_x": 4.0,
  "spacing_y": 4.0,
  "spacing_z": 4.0,
  "summary_bg_k": 68.50064744967096,
  "summary_bg_mad": 10.05698526684228,
  "summary_bg_mean": 32.31229782104492,
  "summary_bg_median": 7.590000152587891,
  "summary_bg_n": 105674.0,
  "summary_bg_p05": 0.2666666805744171,
  "summary_bg_p95": 135.53433532714791,
  "summary_bg_stdv": 96.00003814697266,
  "summary_fg_k": 0.5178371551411689,
  "summary_fg_mad": 409.72704088206683,
  "summary_fg_mean": 1963.220458984375,
  "summary_fg_median": 1888.25,
  "summary_fg_n": 11645.0,
  "summary_fg_p05": 1271.9194091796876,
  "summary_fg_p95": 2876.5586914062496,
  "summary_fg_stdv": 481.5503234863281,
  "tsnr": 68.0473720440641
}