{
  "aor": 0.0020475675675675673,
  "aqi": 0.0018316401351351351,
  "bids_meta": {
    "AcquisitionDateTime": "2019-11-05T19:39:27.000000",
    "BodyPartExamined": "HEAD",
    "ConversionSoftware": "dcm2niix",
    "ConversionSoftwareVersion": "v1.0.20170411 GCC4.8.4",
    "Dcm2bidsVersion": "2.1.4",
    "EchoTime": 0.03,
    "FlipAngle": 90,
    "ImageType": [
      "ORIGINAL",
      "PRIMARY",
      "EPI",
      "NONE"
    ],
    "MagneticFieldStrength": 3,
    "Manufacturer": "GE",
    "ManufacturersModelName": "DISCOVERY_MR750",
    "ProtocolName": "tr_FMRI_1",
    "RepetitionTime": 2,
    "ScanningSequence": "EP_GR",
    "SequenceVariant": "SS",
    "SeriesDescription": "tr_FMRI_1",
    "SliceEncodingDirection": "k",
    "SliceTiming": [
      0.057142857,
      0.171428571,
      0.285714286,
      0.4,
      0.514285714,
      0.628571429,
      0.742857143,
      0.857142857,
      0.971428571,
      1.085714286,
      1.2,
      1.314285714,
      1.428571429,
      1.542857143,
      1.657142857,
      1.771428571,
      1.885714286,
      2.0,
      0.114285714,
      0.228571429,
      0.342857143,
      0.457142857,
      0.571428571,
      0.685714286,
      0.8,
      0.914285714,
      1.028571429,
      1.142857143,
      1.257142857,
      1.371428571,
      1.485714286,
      1.6,
      1.714285714,
      1.828571429,
      1.942857143
    ],
    "TaskName": "Emotional face perception",
    "dataset": "ds003548",
    "modality": "bold",
    "run_id": 1,
    "subject_id": "06",
    "task_id": "emotionalfaces"
  },
  "dummy_trs": 0,
  "dvars_nstd": 13.333861076358701,
  "dvars_std": 1.1860076583152175,
  "dvars_vstd": 0.9868835453804353,
  "efc": 0.345054045673851,
  "fber": 95490.453125,
  "fd_mean": 0.05519697211130984,
  "fd_num": 2,
  "fd_perc": 1.0810810810810811,
  "fwhm_avg": 2.63325,
  "fwhm_x": 2.522,
  "fwhm_y": 2.735575,
  "fwhm_z": 2.642175,
  "gcor": 0.0553315,
  "gsr_x": -0.009499568492174149,
  "gsr_y": -0.00418801000341773,
  "provenance": {
    "md5sum": "4535f1c100156550c829be951e457ebf",
    "settings": {
      "fd_thres": 0.2,
      "testing": false
    },
    "software": "mriqc",
    "version": "22.0.1",
    "webapi_port": null,
    "webapi_url": "https://mriqc.nimh.nih.gov/api/v1"
  },
  "size_t": 185,
  "size_x": 64,
  "size_y": 64,
  "size_z": 35,
  "snr": 3.8589428825094143,
  "spacing_tr": 2.0,
  "spacing_x": 4.0,
  "spacing_y": 4.0,
  "spacing_z": 4.0,
  "summary_bg_k": 60.305806965456654,
  "summary_bg_mad": 10.963242815196123,
  "summary_bg_mean": 50.40505599975586,
  "summary_bg_median": 8.08108139038086,
  "summary_bg_n": 104400.0,
  "summary_bg_p05": 0.27027028799057007,
  "summary_bg_p95": 233.67162399291962,
  "summary_bg_stdv": 154.24037170410156,
  "summary_fg_k": 0.2854103840067559,
  "summary_fg_mad": 535.6240759977804,
  "summary_fg_mean": 2452.75634765625,
  "summary_fg_median": 2355.491943359375,
  "summary_fg_n": 12540.0,
  "summary_fg_p05": 1574.9619079589843,
  "summary_fg_p95": 3627.0204467773438,
  "summary_fg_stdv": 610.3739013671875,
  "tsnr": 102.11830004467629
}