{
  "bids_meta": {
    "AcquisitionDateTime": "2020-05-09T15:41:33.000000",
    "BodyPartExamined": "HEAD",
    "ConversionSoftware": "dcm2niix",
    "ConversionSoftwareVersion": "v1.0.20170411 GCC4.8.4",
    "Dcm2bidsVersion": "2.1.4",
    "EchoTime": 0.003192,
    "FlipAngle": 12,
    "ImageType": [
      "ORIGINAL",
      "PRIMARY",
      "OTHER"
    ],
    "InversionTime": 0.45,
    "MagneticFieldStrength": 3,
    "Manufacturer": "GE",
    "ManufacturersModelName": "DISCOVERY_MR750",
    "ProtocolName": "Sag_T1_FSPGR_BRAVO",
    "RepetitionTime": 0.008184,
    "ScanningSequence": "GR",
    "SequenceVariant": "SS_SP_SK",
    "SeriesDescription": "Sag_T1_FSPGR_BRAVO",
    "dataset": "ds003548",
    "modality": "T1w",
    "subject_id": "13"
  },
  "cjv": 0.34704047202522303,
  "cnr": 3.9203793793974437,
  "efc": 0.620074910329796,
  "fber": 24285.279467266653,
  "fwhm_avg": 3.697416666666667,
  "fwhm_x": 3.62417,
  "fwhm_y": 3.95234,
  "fwhm_z": 3.51574,
  "icvs_csf": 0.19467837574165536,
  "icvs_gm": 0.4505815549226045,
  "icvs_wm": 0.35474006933574015,
  "inu_med": 0.40571001172065735,
  "inu_range": 0.07123203277587886,
  "provenance": {
    "md5sum": "fac0587a238ab8ab4350fe5fc18a0158",
    "settings": {
      "testing": false
    },
    "software": "mriqc",
    "version": "22.0.1",
    "warnings": {
      "large_rot_frame": true,
      "small_air_mask": false
    },
    "webapi_port": null,
    "webapi_url": "https://mriqc.nimh.nih.gov/api/v1"
  },
  "qi_1": 0.0,
  "qi_2": 0.002169976989478783,
  "rpve_csf": 25.694128915327536,
  "rpve_gm": 12.012237970870926,
  "rpve_wm": 17.317083496502015,
  "size_x": 176,
  "size_y": 256,
  "size_z": 256,
  "snr_csf": 2.9338411729127785,
  "snr_gm": 11.207392064927694,
  "snr_total": 11.758665798504852,
  "snr_wm": 21.134764157674088,
  "snrd_csf": 31.41420557261916,
  "snrd_gm": 74.67426892931182,
  "snrd_total": 71.31656984435848,
  "snrd_wm": 107.8612350311445,
  "spacing_x": 1.0,
  "spacing_y": 1.0,
  "spacing_z": 1.0,
  "summary_bg_k": 8.872091894988504,
  "summary_bg_mad": 6.07402915779485,
  "summary_bg_mean": 7.230862737998714,
  "summary_bg_median": 4.096870409324765,
  "summary_bg_n": 1742569.0,
  "summary_bg_p05": 0.0,
  "summary_bg_p95": 28.411432661116123,
  "summary_bg_stdv": 10.245018959966272,
  "summary_csf_k": 1.3650066644351018,
  "summary_csf_mad": 80.66957659568368,
  "summary_csf_mean": 295.63618124348295,
  "summary_csf_median": 291.2535475315526,
  "summary_csf_n": 25196.0,
  "summary_csf_p05": 129.59685922041535,
  "summary_csf_p95": 469.43710804125294,
  "summary_csf_stdv": 99.27182507545083,
  "summary_gm_k": 0.0843584067222567,
  "summary_gm_mad": 61.13564258821917,
  "summary_gm_mean": 692.2599070825075,
  "summary_gm_median": 692.334736420773,
  "summary_gm_n": 38532.0,
  "summary_gm_p05": 590.5444760347716,
  "summary_gm_p95": 793.4353165514767,
  "summary_gm_stdv": 61.774028110960785,
  "summary_wm_k": 0.4664139485692065,
  "summary_wm_mad": 45.64507118579562,
  "summary_wm_mean": 1001.3477793900445,
  "summary_wm_median": 1000.0242492631078,
  "summary_wm_n": 207967.0,
  "summary_wm_p05": 925.9896798543632,
  "summary_wm_p95": 1080.7980492860079,
  "summary_wm_stdv": 47.316442119426846,
  "tpm_overlap_csf": 0.1648388595488931,
  "tpm_overlap_gm": 0.47740493143484825,
  "tpm_overlap_wm": 0.5134662262532458,
  "wm2max": 0.6980407960104971
}