{
  "bids_meta": {
    "AcquisitionDateTime": "2020-05-09T15:40:30.000000",
    "BodyPartExamined": "HEAD",
    "ConversionSoftware": "dcm2niix",
    "ConversionSoftwareVersion": "v1.0.20170411 GCC4.8.4",
    "Dcm2bidsVersion": "2.1.4",
    "EchoTime": 0.1014,
    "FlipAngle": 142,
    "ImageType": [
      "ORIGINAL",
      "PRIMARY",
      "OTHER"
    ],
    "MagneticFieldStrength": 3,
    "Manufacturer": "GE",
    "ManufacturersModelName": "DISCOVERY_MR750",
    "ProtocolName": "Ax_T2_FSE",
    "RepetitionTime": 6.255,
    "ScanningSequence": "SE",
    "SequenceVariant": "SK",
    "SeriesDescription": "Ax_T2_FSE",
    "dataset": "ds003548",
    "modality": "T2w",
    "subject_id": "13"
  },
  "cjv": 0.5930882775962157,
  "cnr": 1.32277022001059,
  "efc": 0.6184521787342825,
  "fber": 8552.90695311366,
  "fwhm_avg": 5.205465833333333,
  "fwhm_x": 5.90332,
  "fwhm_y": 7.93218,
  "fwhm_z": 1.7808975,
  "icvs_csf": 0.36636961569829574,
  "icvs_gm": 0.14325812808258076,
  "icvs_wm": 0.4903722562191235,
  "inu_med": 0.9667905569076538,
  "inu_range": 0.38715338706970215,
  "provenance": {
    "md5sum": "2bca6ae340eaf03ef4eb36926f94f5f6",
    "settings": {
      "testing": false
    },
    "software": "mriqc",
    "version": "22.0.1",
    "warnings": {
      "large_rot_frame": true,
      "small_air_mask": false
    },
    "webapi_port": null,
    "webapi_url": "https://mriqc.nimh.nih.gov/api/v1"
  },
  "qi_1": 0.0,
  "qi_2": 0.0006428310068421575,
  "rpve_csf": 11.58053954731479,
  "rpve_gm": 31.81833293837211,
  "rpve_wm": 10.3306592149169,
  "size_x": 512,
  "size_y": 512,
  "size_z": 35,
  "snr_csf": 10.50770590519491,
  "snr_gm": 2.1945978155602273,
  "snr_total": 7.348388813214757,
  "snr_wm": 9.342862718889133,
  "snrd_csf": 65.7820077088458,
  "snrd_gm": 105.82800105782488,
  "snrd_total": 71.11727901634067,
  "snrd_wm": 41.74182828235138,
  "spacing_x": 0.5,
  "spacing_y": 0.5,
  "spacing_z": 4.0,
  "summary_bg_k": 122.60393916406667,
  "summary_bg_mad": 16.55375226333865,
  "summary_bg_mean": 13.378919407821071,
  "summary_bg_median": 11.165336228907108,
  "summary_bg_n": 1449864.0,
  "summary_bg_p05": 0.0,
  "summary_bg_p95": 35.64034478366375,
  "summary_bg_stdv": 35.1991241295283,
  "summary_csf_k": 0.015236477452650998,
  "summary_csf_mad": 158.7406177305587,
  "summary_csf_mean": 1680.1108711326647,
  "summary_csf_median": 1662.1562456265092,
  "summary_csf_n": 332744.0,
  "summary_csf_p05": 1451.1239966377616,
  "summary_csf_p95": 1966.578028768301,
  "summary_csf_stdv": 158.18426619198254,
  "summary_gm_k": -0.9028313315521448,
  "summary_gm_mad": 842.3228842076988,
  "summary_gm_mean": 2312.8805712357052,
  "summary_gm_median": 2674.02408419922,
  "summary_gm_n": 157620.0,
  "summary_gm_p05": 196.53579754717654,
  "summary_gm_p95": 3937.888385474682,
  "summary_gm_stdv": 1218.4535967018028,
  "summary_wm_k": -0.3283408053853112,
  "summary_wm_mad": 118.06881581202468,
  "summary_wm_mean": 1059.9695799868218,
  "summary_wm_median": 1054.717589199543,
  "summary_wm_n": 522707.0,
  "summary_wm_p05": 882.6531030759215,
  "summary_wm_p95": 1254.7323872074485,
  "summary_wm_stdv": 112.89008647930082,
  "tpm_overlap_csf": 0.11064685590723657,
  "tpm_overlap_gm": 0.11354376985005984,
  "tpm_overlap_wm": 0.47256885014275113,
  "wm2max": 0.24587388788025047
}