{
  "aor": 0.0013184864864864865,
  "aqi": 0.0007161569243243243,
  "bids_meta": {
    "AcquisitionDateTime": "2019-10-02T19:12:17.000000",
    "BodyPartExamined": "HEAD",
    "ConversionSoftware": "dcm2niix",
    "ConversionSoftwareVersion": "v1.0.20170411 GCC4.8.4",
    "Dcm2bidsVersion": "2.1.4",
    "EchoTime": 0.03,
    "FlipAngle": 90,
    "ImageType": [
      "ORIGINAL",
      "PRIMARY",
      "EPI",
      "NONE"
    ],
    "MagneticFieldStrength": 3,
    "Manufacturer": "GE",
    "ManufacturersModelName": "DISCOVERY_MR750",
    "ProtocolName": "tr_FMRI_5",
    "RepetitionTime": 2,
    "ScanningSequence": "EP_GR",
    "SequenceVariant": "SS",
    "SeriesDescription": "tr_FMRI_5",
    "SliceEncodingDirection": "k",
    "SliceTiming": [
      0.057142857,
      0.171428571,
      0.285714286,
      0.4,
      0.514285714,
      0.628571429,
      0.742857143,
      0.857142857,
      0.971428571,
      1.085714286,
      1.2,
      1.314285714,
      1.428571429,
      1.542857143,
      1.657142857,
      1.771428571,
      1.885714286,
      2.0,
      0.114285714,
      0.228571429,
      0.342857143,
      0.457142857,
      0.571428571,
      0.685714286,
      0.8,
      0.914285714,
      1.028571429,
      1.142857143,
      1.257142857,
      1.371428571,
      1.485714286,
      1.6,
      1.714285714,
      1.828571429,
      1.942857143
    ],
    "TaskName": "Emotional face perception",
    "dataset": "ds003548",
    "modality": "bold",
    "run_id": 5,
    "subject_id": "01",
    "task_id": "emotionalfaces"
  },
  "dummy_trs": 0,
  "dvars_nstd": 12.483224583804354,
  "dvars_std": 1.2655390581521744,
  "dvars_vstd": 1.0013107584782606,
  "efc": 0.36749925513769144,
  "fber": 100625.5859375,
  "fd_mean": 0.0526242219278932,
  "fd_num": 0,
  "fd_perc": 0.0,
  "fwhm_avg": 2.863208333333333,
  "fwhm_x": 2.7347,
  "fwhm_y": 2.865325,
  "fwhm_z": 2.9896,
  "gcor": 0.102124,
  "gsr_x": -0.0022313755471259356,
  "gsr_y": 0.0027490216307342052,
  "provenance": {
    "md5sum": "c8a8b08e6a78db2274e0f84e0698e19a",
    "settings": {
      "fd_thres": 0.2,
      "testing": false
    },
    "software": "mriqc",
    "version": "22.0.1",
    "webapi_port": null,
    "webapi_url": "https://mriqc.nimh.nih.gov/api/v1"
  },
  "size_t": 185,
  "size_x": 64,
  "size_y": 64,
  "size_z": 35,
  "snr": 3.2954089568277634,
  "spacing_tr": 2.0,
  "spacing_x": 4.0,
  "spacing_y": 4.0,
  "spacing_z": 4.0,
  "summary_bg_k": 59.15869292424053,
  "summary_bg_mad": 11.35593125182007,
  "summary_bg_mean": 57.684364318847656,
  "summary_bg_median": 8.189188957214355,
  "summary_bg_n": 100597.0,
  "summary_bg_p05": 0.1621621698141098,
  "summary_bg_p95": 287.9037963867187,
  "summary_bg_stdv": 184.29388427734375,
  "summary_fg_k": 0.4783929356765402,
  "summary_fg_mad": 652.6897463116852,
  "summary_fg_mean": 2616.547119140625,
  "summary_fg_median": 2482.36767578125,
  "summary_fg_n": 15179.0,
  "summary_fg_p05": 1582.8206176757812,
  "summary_fg_p95": 4081.96171875,
  "summary_fg_stdv": 753.2557983398438,
  "tsnr": 136.70521763619035
}