{
  "bids_meta": {
    "AcquisitionDateTime": "2020-05-10T15:23:7.000000",
    "BodyPartExamined": "HEAD",
    "ConversionSoftware": "dcm2niix",
    "ConversionSoftwareVersion": "v1.0.20170411 GCC4.8.4",
    "Dcm2bidsVersion": "2.1.4",
    "EchoTime": 0.003192,
    "FlipAngle": 12,
    "ImageType": [
      "ORIGINAL",
      "PRIMARY",
      "OTHER"
    ],
    "InversionTime": 0.45,
    "MagneticFieldStrength": 3,
    "Manufacturer": "GE",
    "ManufacturersModelName": "DISCOVERY_MR750",
    "ProtocolName": "Sag_T1_FSPGR_BRAVO",
    "RepetitionTime": 0.008184,
    "ScanningSequence": "GR",
    "SequenceVariant": "SS_SP_SK",
    "SeriesDescription": "Sag_T1_FSPGR_BRAVO",
    "dataset": "ds003548",
    "modality": "T1w",
    "subject_id": "15"
  },
  "cjv": 0.31812009179141615,
  "cnr": 4.231008378049467,
  "efc": 0.6007807767165916,
  "fber": 25927.571845064558,
  "fwhm_avg": 4.0736300000000005,
  "fwhm_x": 4.10151,
  "fwhm_y": 4.23116,
  "fwhm_z": 3.88822,
  "icvs_csf": 0.19776333191188855,
  "icvs_gm": 0.42032889412315433,
  "icvs_wm": 0.3819077739649571,
  "inu_med": 0.3725167214870453,
  "inu_range": 0.07027813792228699,
  "provenance": {
    "md5sum": "fc3261dc7a1fab3384e3f0eae15ac98e",
    "settings": {
      "testing": false
    },
    "software": "mriqc",
    "version": "22.0.1",
    "warnings": {
      "large_rot_frame": true,
      "small_air_mask": false
    },
    "webapi_port": null,
    "webapi_url": "https://mriqc.nimh.nih.gov/api/v1"
  },
  "qi_1": 0.0,
  "qi_2": 0.004515264205903972,
  "rpve_csf": 24.488941250930115,
  "rpve_gm": 12.149491880990986,
  "rpve_wm": 15.862730627306274,
  "size_x": 176,
  "size_y": 256,
  "size_z": 256,
  "snr_csf": 2.231093957172002,
  "snr_gm": 10.384542778233948,
  "snr_total": 12.666341564023739,
  "snr_wm": 25.383387956665267,
  "snrd_csf": 21.12762303450353,
  "snrd_gm": 60.19061929139175,
  "snrd_total": 56.7674979826323,
  "snrd_wm": 88.98425162200162,
  "spacing_x": 1.0,
  "spacing_y": 1.0,
  "spacing_z": 1.0,
  "summary_bg_k": 9.813841179000903,
  "summary_bg_mad": 0.0,
  "summary_bg_mean": 4.656672991193595,
  "summary_bg_median": 0.0,
  "summary_bg_n": 1684045.0,
  "summary_bg_p05": 0.0,
  "summary_bg_p95": 19.63374513760209,
  "summary_bg_stdv": 7.362385891721728,
  "summary_csf_k": 0.6972222604553946,
  "summary_csf_mad": 94.20113541401413,
  "summary_csf_mean": 245.82071797829587,
  "summary_csf_median": 237.43103536125273,
  "summary_csf_n": 33932.0,
  "summary_csf_p05": 80.41935384692627,
  "summary_csf_p95": 443.2473377044312,
  "summary_csf_stdv": 106.41754281217763,
  "summary_gm_k": 0.12609201568290507,
  "summary_gm_mad": 64.11283961422609,
  "summary_gm_mean": 678.3110101347186,
  "summary_gm_median": 676.4187828442082,
  "summary_gm_n": 39234.0,
  "summary_gm_p05": 573.7301514483988,
  "summary_gm_p95": 787.2406543102115,
  "summary_gm_stdv": 65.1362488383449,
  "summary_wm_k": 0.1474875983858932,
  "summary_wm_mad": 38.82484627132829,
  "summary_wm_mean": 1000.4681039793121,
  "summary_wm_median": 999.9999980572611,
  "summary_wm_n": 270476.0,
  "summary_wm_p05": 936.6695140711963,
  "summary_wm_p95": 1065.765273656696,
  "summary_wm_stdv": 39.395771406476946,
  "tpm_overlap_csf": 0.14690964984768254,
  "tpm_overlap_gm": 0.44928324939902275,
  "tpm_overlap_wm": 0.5127318366011597,
  "wm2max": 0.683382306085602
}