{
  "bids_meta": {
    "AcquisitionDateTime": "2020-05-10T15:22:8.000000",
    "BodyPartExamined": "HEAD",
    "ConversionSoftware": "dcm2niix",
    "ConversionSoftwareVersion": "v1.0.20170411 GCC4.8.4",
    "Dcm2bidsVersion": "2.1.4",
    "EchoTime": 0.1014,
    "FlipAngle": 142,
    "ImageType": [
      "ORIGINAL",
      "PRIMARY",
      "OTHER"
    ],
    "MagneticFieldStrength": 3,
    "Manufacturer": "GE",
    "ManufacturersModelName": "DISCOVERY_MR750",
    "ProtocolName": "Ax_T2_FSE",
    "RepetitionTime": 6.255,
    "ScanningSequence": "SE",
    "SequenceVariant": "SK",
    "SeriesDescription": "Ax_T2_FSE",
    "dataset": "ds003548",
    "modality": "T2w",
    "subject_id": "15"
  },
  "cjv": 0.6788162396040159,
  "cnr": 1.261244195786594,
  "efc": 0.6004777407025081,
  "fber": -1.0,
  "fwhm_avg": 5.2243286137880185,
  "fwhm_x": 6.39764,
  "fwhm_y": 7.53614,
  "fwhm_z": 1.739205841364058,
  "icvs_csf": 0.37231278976272064,
  "icvs_gm": 0.14685982007736387,
  "icvs_wm": 0.4808273901599155,
  "inu_med": 0.991381824016571,
  "inu_range": 0.31413960456848145,
  "provenance": {
    "md5sum": "816563c3c5d7b482ae3edef8b66dd3f9",
    "settings": {
      "testing": false
    },
    "software": "mriqc",
    "version": "22.0.1",
    "warnings": {
      "large_rot_frame": true,
      "small_air_mask": false
    },
    "webapi_port": null,
    "webapi_url": "https://mriqc.nimh.nih.gov/api/v1"
  },
  "qi_1": 0.0,
  "qi_2": 0.0019358894809182064,
  "rpve_csf": 10.98122338507713,
  "rpve_gm": 28.54897519249361,
  "rpve_wm": 10.06746512313244,
  "size_x": 512,
  "size_y": 512,
  "size_z": 35,
  "snr_csf": 11.949428328260272,
  "snr_gm": 2.157799348535063,
  "snr_total": 8.526532136933488,
  "snr_wm": 11.472368734005126,
  "snrd_csf": 95.76888870365366,
  "snrd_gm": 152.62044916726816,
  "snrd_total": 103.84305996912296,
  "snrd_wm": 63.13984203644706,
  "spacing_x": 0.5,
  "spacing_y": 0.5,
  "spacing_z": 4.000003814697266,
  "summary_bg_k": 460.5054212269649,
  "summary_bg_mad": 0.0,
  "summary_bg_mean": 6.341034884443708,
  "summary_bg_median": 0.0,
  "summary_bg_n": 1568983.0,
  "summary_bg_p05": 0.0,
  "summary_bg_p95": 24.3867140263319,
  "summary_bg_stdv": 10.698072332756698,
  "summary_csf_k": -0.18962528642142384,
  "summary_csf_mad": 138.50781319256456,
  "summary_csf_mean": 1576.200128410618,
  "summary_csf_median": 1563.8613555580378,
  "summary_csf_n": 376152.0,
  "summary_csf_p05": 1386.2797643989325,
  "summary_csf_p95": 1805.9193924069405,
  "summary_csf_stdv": 130.87314588059664,
  "summary_gm_k": -0.9641671219495844,
  "summary_gm_mad": 896.4920891069476,
  "summary_gm_mean": 2175.2785551807688,
  "summary_gm_median": 2492.220863699913,
  "summary_gm_n": 172014.0,
  "summary_gm_p05": 222.59208410978317,
  "summary_gm_p95": 3703.8136024028063,
  "summary_gm_stdv": 1154.9793177678507,
  "summary_wm_k": -0.2798326568325811,
  "summary_wm_mad": 95.37834696219201,
  "summary_wm_mean": 1031.3422848309572,
  "summary_wm_median": 1031.0442179441452,
  "summary_wm_n": 558703.0,
  "summary_wm_p05": 884.5068413764238,
  "summary_wm_p95": 1176.4961324632168,
  "summary_wm_stdv": 89.87187555917426,
  "tpm_overlap_csf": 0.10746616568656771,
  "tpm_overlap_gm": 0.1227341049729406,
  "tpm_overlap_wm": 0.4574839563262372,
  "wm2max": 0.2536856349262873
}