{
  "aor": 0.0017504864864864866,
  "aqi": 0.0007166540108108109,
  "bids_meta": {
    "AcquisitionDateTime": "2019-10-30T18:07:21.000000",
    "BodyPartExamined": "HEAD",
    "ConversionSoftware": "dcm2niix",
    "ConversionSoftwareVersion": "v1.0.20170411 GCC4.8.4",
    "Dcm2bidsVersion": "2.1.4",
    "EchoTime": 0.03,
    "FlipAngle": 90,
    "ImageType": [
      "ORIGINAL",
      "PRIMARY",
      "EPI",
      "NONE"
    ],
    "MagneticFieldStrength": 3,
    "Manufacturer": "GE",
    "ManufacturersModelName": "DISCOVERY_MR750",
    "ProtocolName": "tr_FMRI_1",
    "RepetitionTime": 2,
    "ScanningSequence": "EP_GR",
    "SequenceVariant": "SS",
    "SeriesDescription": "tr_FMRI_1",
    "SliceEncodingDirection": "k",
    "SliceTiming": [
      0.057142857,
      0.171428571,
      0.285714286,
      0.4,
      0.514285714,
      0.628571429,
      0.742857143,
      0.857142857,
      0.971428571,
      1.085714286,
      1.2,
      1.314285714,
      1.428571429,
      1.542857143,
      1.657142857,
      1.771428571,
      1.885714286,
      2.0,
      0.114285714,
      0.228571429,
      0.342857143,
      0.457142857,
      0.571428571,
      0.685714286,
      0.8,
      0.914285714,
      1.028571429,
      1.142857143,
      1.257142857,
      1.371428571,
      1.485714286,
      1.6,
      1.714285714,
      1.828571429,
      1.942857143
    ],
    "TaskName": "Emotional face perception",
    "dataset": "ds003548",
    "modality": "bold",
    "run_id": 1,
    "subject_id": "04",
    "task_id": "emotionalfaces"
  },
  "dummy_trs": 0,
  "dvars_nstd": 10.793714482228264,
  "dvars_std": 1.1497513059239128,
  "dvars_vstd": 1.0234041532608693,
  "efc": 0.4148562754891381,
  "fber": 47260.37890625,
  "fd_mean": 0.03558053812816009,
  "fd_num": 0,
  "fd_perc": 0.0,
  "fwhm_avg": 2.747961333333334,
  "fwhm_x": 2.605250666666667,
  "fwhm_y": 2.8149333333333333,
  "fwhm_z": 2.8237,
  "gcor": 0.0474436,
  "gsr_x": 0.00472328532487154,
  "gsr_y": 0.009863662533462048,
  "provenance": {
    "md5sum": "b936a4dfac5bb5d79a00eb0d8886bb77",
    "settings": {
      "fd_thres": 0.2,
      "testing": false
    },
    "software": "mriqc",
    "version": "22.0.1",
    "webapi_port": null,
    "webapi_url": "https://mriqc.nimh.nih.gov/api/v1"
  },
  "size_t": 185,
  "size_x": 64,
  "size_y": 64,
  "size_z": 35,
  "snr": 3.7277414681369243,
  "spacing_tr": 2.0,
  "spacing_x": 3.75,
  "spacing_y": 3.75,
  "spacing_z": 4.0,
  "summary_bg_k": 21.822702245920915,
  "summary_bg_mad": 16.444863780944292,
  "summary_bg_mean": 95.2114486694336,
  "summary_bg_median": 11.800000190734863,
  "summary_bg_n": 97011.0,
  "summary_bg_p05": 0.227027028799057,
  "summary_bg_p95": 590.3081359863281,
  "summary_bg_stdv": 255.4775848388672,
  "summary_fg_k": 0.23767101706700977,
  "summary_fg_mad": 609.3335854147833,
  "summary_fg_mean": 2557.315673828125,
  "summary_fg_median": 2469.2216796875,
  "summary_fg_n": 17065.0,
  "summary_fg_p05": 1609.3016845703125,
  "summary_fg_p95": 3790.4379394531247,
  "summary_fg_stdv": 662.3713989257812,
  "tsnr": 135.35311973188072
}