{
  "aor": 0.0030818,
  "aqi": 0.0037830987566666668,
  "bids_meta": {
    "AcquisitionDateTime": "2019-10-30T17:53:38.000000",
    "BodyPartExamined": "HEAD",
    "ConversionSoftware": "dcm2niix",
    "ConversionSoftwareVersion": "v1.0.20170411 GCC4.8.4",
    "Dcm2bidsVersion": "2.1.4",
    "EchoTime": 0.04,
    "FlipAngle": 90,
    "ImageType": [
      "ORIGINAL",
      "PRIMARY",
      "EPI",
      "NONE"
    ],
    "MagneticFieldStrength": 3,
    "Manufacturer": "GE",
    "ManufacturersModelName": "DISCOVERY_MR750",
    "ProtocolName": "fMRI_RestState",
    "RepetitionTime": 2,
    "ScanningSequence": "EP_GR",
    "SequenceVariant": "SS",
    "SeriesDescription": "fMRI_RestState",
    "SliceEncodingDirection": "k",
    "SliceTiming": [
      0.057142857,
      0.171428571,
      0.285714286,
      0.4,
      0.514285714,
      0.628571429,
      0.742857143,
      0.857142857,
      0.971428571,
      1.085714286,
      1.2,
      1.314285714,
      1.428571429,
      1.542857143,
      1.657142857,
      1.771428571,
      1.885714286,
      2.0,
      0.114285714,
      0.228571429,
      0.342857143,
      0.457142857,
      0.571428571,
      0.685714286,
      0.8,
      0.914285714,
      1.028571429,
      1.142857143,
      1.257142857,
      1.371428571,
      1.485714286,
      1.6,
      1.714285714,
      1.828571429,
      1.942857143
    ],
    "TaskName": "Resting state, awake, closed eyes",
    "dataset": "ds003548",
    "modality": "bold",
    "subject_id": "04",
    "task_id": "rest"
  },
  "dummy_trs": 0,
  "dvars_nstd": 12.281277978494982,
  "dvars_std": 0.9903161504682279,
  "dvars_vstd": 0.9095199389297659,
  "efc": 0.3623781476483527,
  "fber": 69553.09375,
  "fd_mean": 0.05056975026477233,
  "fd_num": 0,
  "fd_perc": 0.0,
  "fwhm_avg": 2.5657583333333336,
  "fwhm_x": 2.536175,
  "fwhm_y": 2.620675,
  "fwhm_z": 2.540425,
  "gcor": 0.0368889,
  "gsr_x": -0.010168126784265041,
  "gsr_y": -0.0003786300658248365,
  "provenance": {
    "md5sum": "f1086c539c6ab70199bd5fcbcdd4c78d",
    "settings": {
      "fd_thres": 0.2,
      "testing": false
    },
    "software": "mriqc",
    "version": "22.0.1",
    "webapi_port": null,
    "webapi_url": "https://mriqc.nimh.nih.gov/api/v1"
  },
  "size_t": 300,
  "size_x": 64,
  "size_y": 64,
  "size_z": 35,
  "snr": 3.9032771274940847,
  "spacing_tr": 2.0,
  "spacing_x": 4.0,
  "spacing_y": 4.0,
  "spacing_z": 4.0,
  "summary_bg_k": 63.11480979917448,
  "summary_bg_mad": 10.936662716299706,
  "summary_bg_mean": 48.325923919677734,
  "summary_bg_median": 7.9766669273376465,
  "summary_bg_n": 102291.0,
  "summary_bg_p05": 0.17666667699813843,
  "summary_bg_p95": 255.23333740234375,
  "summary_bg_stdv": 140.0972442626953,
  "summary_fg_k": 0.13802316129965053,
  "summary_fg_mad": 472.32744010895493,
  "summary_fg_mean": 2060.0146484375,
  "summary_fg_median": 2006.405029296875,
  "summary_fg_n": 13490.0,
  "summary_fg_p05": 1293.4885192871093,
  "summary_fg_p95": 3002.7488159179684,
  "summary_fg_stdv": 514.0118408203125,
  "tsnr": 62.27212983882055
}