{
  "aor": 0.0012108648648648647,
  "aqi": 0.0007283465189189191,
  "bids_meta": {
    "AcquisitionDateTime": "2019-10-30T18:23:36.000000",
    "BodyPartExamined": "HEAD",
    "ConversionSoftware": "dcm2niix",
    "ConversionSoftwareVersion": "v1.0.20170411 GCC4.8.4",
    "Dcm2bidsVersion": "2.1.4",
    "EchoTime": 0.03,
    "FlipAngle": 90,
    "ImageType": [
      "ORIGINAL",
      "PRIMARY",
      "EPI",
      "NONE"
    ],
    "MagneticFieldStrength": 3,
    "Manufacturer": "GE",
    "ManufacturersModelName": "DISCOVERY_MR750",
    "ProtocolName": "tr_FMRI_3",
    "RepetitionTime": 2,
    "ScanningSequence": "EP_GR",
    "SequenceVariant": "SS",
    "SeriesDescription": "tr_FMRI_3",
    "SliceEncodingDirection": "k",
    "SliceTiming": [
      0.057142857,
      0.171428571,
      0.285714286,
      0.4,
      0.514285714,
      0.628571429,
      0.742857143,
      0.857142857,
      0.971428571,
      1.085714286,
      1.2,
      1.314285714,
      1.428571429,
      1.542857143,
      1.657142857,
      1.771428571,
      1.885714286,
      2.0,
      0.114285714,
      0.228571429,
      0.342857143,
      0.457142857,
      0.571428571,
      0.685714286,
      0.8,
      0.914285714,
      1.028571429,
      1.142857143,
      1.257142857,
      1.371428571,
      1.485714286,
      1.6,
      1.714285714,
      1.828571429,
      1.942857143
    ],
    "TaskName": "Emotional face perception",
    "dataset": "ds003548",
    "modality": "bold",
    "run_id": 3,
    "subject_id": "04",
    "task_id": "emotionalfaces"
  },
  "dummy_trs": 0,
  "dvars_nstd": 10.177578853423908,
  "dvars_std": 1.108748157445652,
  "dvars_vstd": 1.0075431650000002,
  "efc": 0.41460094783785045,
  "fber": 47094.15234375,
  "fd_mean": 0.03282075697405049,
  "fd_num": 0,
  "fd_perc": 0.0,
  "fwhm_avg": 2.718701333333333,
  "fwhm_x": 2.6089973333333334,
  "fwhm_y": 2.7685066666666667,
  "fwhm_z": 2.7786,
  "gcor": 0.0338555,
  "gsr_x": 0.004244707059115171,
  "gsr_y": 0.011796317063272,
  "provenance": {
    "md5sum": "49b4d01ac4604ee79dd25c6bdbdae679",
    "settings": {
      "fd_thres": 0.2,
      "testing": false
    },
    "software": "mriqc",
    "version": "22.0.1",
    "webapi_port": null,
    "webapi_url": "https://mriqc.nimh.nih.gov/api/v1"
  },
  "size_t": 185,
  "size_x": 64,
  "size_y": 64,
  "size_z": 35,
  "snr": 3.709254468510247,
  "spacing_tr": 2.0,
  "spacing_x": 3.75,
  "spacing_y": 3.75,
  "spacing_z": 4.0,
  "summary_bg_k": 21.47011192572982,
  "summary_bg_mad": 16.332666428303323,
  "summary_bg_mean": 96.0569076538086,
  "summary_bg_median": 11.729729652404785,
  "summary_bg_n": 97157.0,
  "summary_bg_p05": 0.2918919026851654,
  "summary_bg_p95": 600.0875732421873,
  "summary_bg_stdv": 257.8886413574219,
  "summary_fg_k": 0.2446573254028932,
  "summary_fg_mad": 605.7392885325175,
  "summary_fg_mean": 2537.094482421875,
  "summary_fg_median": 2452.2080078125,
  "summary_fg_n": 17020.0,
  "summary_fg_p05": 1586.3730102539062,
  "summary_fg_p95": 3759.702880859375,
  "summary_fg_stdv": 661.0859375,
  "tsnr": 138.36040551541373
}