{
  "aor": 0.001264108108108108,
  "aqi": 0.0006755433243243244,
  "bids_meta": {
    "AcquisitionDateTime": "2019-10-30T18:38:44.000000",
    "BodyPartExamined": "HEAD",
    "ConversionSoftware": "dcm2niix",
    "ConversionSoftwareVersion": "v1.0.20170411 GCC4.8.4",
    "Dcm2bidsVersion": "2.1.4",
    "EchoTime": 0.03,
    "FlipAngle": 90,
    "ImageType": [
      "ORIGINAL",
      "PRIMARY",
      "EPI",
      "NONE"
    ],
    "MagneticFieldStrength": 3,
    "Manufacturer": "GE",
    "ManufacturersModelName": "DISCOVERY_MR750",
    "ProtocolName": "tr_FMRI_5",
    "RepetitionTime": 2,
    "ScanningSequence": "EP_GR",
    "SequenceVariant": "SS",
    "SeriesDescription": "tr_FMRI_5",
    "SliceEncodingDirection": "k",
    "SliceTiming": [
      0.057142857,
      0.171428571,
      0.285714286,
      0.4,
      0.514285714,
      0.628571429,
      0.742857143,
      0.857142857,
      0.971428571,
      1.085714286,
      1.2,
      1.314285714,
      1.428571429,
      1.542857143,
      1.657142857,
      1.771428571,
      1.885714286,
      2.0,
      0.114285714,
      0.228571429,
      0.342857143,
      0.457142857,
      0.571428571,
      0.685714286,
      0.8,
      0.914285714,
      1.028571429,
      1.142857143,
      1.257142857,
      1.371428571,
      1.485714286,
      1.6,
      1.714285714,
      1.828571429,
      1.942857143
    ],
    "TaskName": "Emotional face perception",
    "dataset": "ds003548",
    "modality": "bold",
    "run_id": 5,
    "subject_id": "04",
    "task_id": "emotionalfaces"
  },
  "dummy_trs": 0,
  "dvars_nstd": 9.69448249771739,
  "dvars_std": 1.0898314373913045,
  "dvars_vstd": 1.0087228036956515,
  "efc": 0.4146616638463881,
  "fber": 46563.05078125,
  "fd_mean": 0.033437495189933,
  "fd_num": 0,
  "fd_perc": 0.0,
  "fwhm_avg": 2.7302895555555557,
  "fwhm_x": 2.6247386666666666,
  "fwhm_y": 2.77848,
  "fwhm_z": 2.78765,
  "gcor": 0.0343056,
  "gsr_x": 0.004192477557808161,
  "gsr_y": 0.012777370400726795,
  "provenance": {
    "md5sum": "d9f1bfe7a92c9da95705b005651e6a08",
    "settings": {
      "fd_thres": 0.2,
      "testing": false
    },
    "software": "mriqc",
    "version": "22.0.1",
    "webapi_port": null,
    "webapi_url": "https://mriqc.nimh.nih.gov/api/v1"
  },
  "size_t": 185,
  "size_x": 64,
  "size_y": 64,
  "size_z": 35,
  "snr": 3.6822230842341868,
  "spacing_tr": 2.0,
  "spacing_x": 3.75,
  "spacing_y": 3.75,
  "spacing_z": 4.0,
  "summary_bg_k": 21.524853221875798,
  "summary_bg_mad": 16.300610041834474,
  "summary_bg_mean": 96.21351623535156,
  "summary_bg_median": 11.702702522277832,
  "summary_bg_n": 97101.0,
  "summary_bg_p05": 0.28648650646209717,
  "summary_bg_p95": 600.5567626953125,
  "summary_bg_stdv": 257.7947998046875,
  "summary_fg_k": 0.1958695596077309,
  "summary_fg_mad": 610.9963549316925,
  "summary_fg_mean": 2527.634765625,
  "summary_fg_median": 2442.032470703125,
  "summary_fg_n": 17018.0,
  "summary_fg_p05": 1573.4219604492187,
  "summary_fg_p95": 3762.850122070312,
  "summary_fg_stdv": 663.1756591796875,
  "tsnr": 136.90170827228576
}