{
  "aor": 0.0013404864864864864,
  "aqi": 0.0007425338432432433,
  "bids_meta": {
    "AcquisitionDateTime": "2019-10-30T18:31:28.000000",
    "BodyPartExamined": "HEAD",
    "ConversionSoftware": "dcm2niix",
    "ConversionSoftwareVersion": "v1.0.20170411 GCC4.8.4",
    "Dcm2bidsVersion": "2.1.4",
    "EchoTime": 0.03,
    "FlipAngle": 90,
    "ImageType": [
      "ORIGINAL",
      "PRIMARY",
      "EPI",
      "NONE"
    ],
    "MagneticFieldStrength": 3,
    "Manufacturer": "GE",
    "ManufacturersModelName": "DISCOVERY_MR750",
    "ProtocolName": "tr_FMRI_4",
    "RepetitionTime": 2,
    "ScanningSequence": "EP_GR",
    "SequenceVariant": "SS",
    "SeriesDescription": "tr_FMRI_4",
    "SliceEncodingDirection": "k",
    "SliceTiming": [
      0.057142857,
      0.171428571,
      0.285714286,
      0.4,
      0.514285714,
      0.628571429,
      0.742857143,
      0.857142857,
      0.971428571,
      1.085714286,
      1.2,
      1.314285714,
      1.428571429,
      1.542857143,
      1.657142857,
      1.771428571,
      1.885714286,
      2.0,
      0.114285714,
      0.228571429,
      0.342857143,
      0.457142857,
      0.571428571,
      0.685714286,
      0.8,
      0.914285714,
      1.028571429,
      1.142857143,
      1.257142857,
      1.371428571,
      1.485714286,
      1.6,
      1.714285714,
      1.828571429,
      1.942857143
    ],
    "TaskName": "Emotional face perception",
    "dataset": "ds003548",
    "modality": "bold",
    "run_id": 4,
    "subject_id": "04",
    "task_id": "emotionalfaces"
  },
  "dummy_trs": 0,
  "dvars_nstd": 10.485007389565215,
  "dvars_std": 1.1268132595108704,
  "dvars_vstd": 1.010907808804348,
  "efc": 0.41474258231930494,
  "fber": 47100.578125,
  "fd_mean": 0.031557857812499486,
  "fd_num": 0,
  "fd_perc": 0.0,
  "fwhm_avg": 2.719793555555556,
  "fwhm_x": 2.614344,
  "fwhm_y": 2.763386666666667,
  "fwhm_z": 2.78165,
  "gcor": 0.0348508,
  "gsr_x": 0.0039622969925403595,
  "gsr_y": 0.01191393006592989,
  "provenance": {
    "md5sum": "9fc0290bdd613bb356ff6a1b7ae2d231",
    "settings": {
      "fd_thres": 0.2,
      "testing": false
    },
    "software": "mriqc",
    "version": "22.0.1",
    "webapi_port": null,
    "webapi_url": "https://mriqc.nimh.nih.gov/api/v1"
  },
  "size_t": 185,
  "size_x": 64,
  "size_y": 64,
  "size_z": 35,
  "snr": 3.7126523636952573,
  "spacing_tr": 2.0,
  "spacing_x": 3.75,
  "spacing_y": 3.75,
  "spacing_z": 4.0,
  "summary_bg_k": 21.400021691147398,
  "summary_bg_mad": 16.32465233168611,
  "summary_bg_mean": 96.8042984008789,
  "summary_bg_median": 11.718918800354004,
  "summary_bg_n": 97206.0,
  "summary_bg_p05": 0.29729729890823364,
  "summary_bg_p95": 610.3364868164062,
  "summary_bg_stdv": 259.4017639160156,
  "summary_fg_k": 0.21822471040637348,
  "summary_fg_mad": 608.1193790812929,
  "summary_fg_mean": 2535.297607421875,
  "summary_fg_median": 2450.548828125,
  "summary_fg_n": 17006.0,
  "summary_fg_p05": 1586.3608093261719,
  "summary_fg_p95": 3760.690673828125,
  "summary_fg_stdv": 660.0339965820312,
  "tsnr": 138.12104313843884
}