{
  "aor": 0.0008965405405405405,
  "aqi": 0.000615766572972973,
  "bids_meta": {
    "AcquisitionDateTime": "2020-05-09T16:14:35.000000",
    "BodyPartExamined": "HEAD",
    "ConversionSoftware": "dcm2niix",
    "ConversionSoftwareVersion": "v1.0.20170411 GCC4.8.4",
    "Dcm2bidsVersion": "2.1.4",
    "EchoTime": 0.03,
    "FlipAngle": 90,
    "ImageType": [
      "ORIGINAL",
      "PRIMARY",
      "EPI",
      "NONE"
    ],
    "MagneticFieldStrength": 3,
    "Manufacturer": "GE",
    "ManufacturersModelName": "DISCOVERY_MR750",
    "ProtocolName": "tr_FMRI_2",
    "RepetitionTime": 2,
    "ScanningSequence": "EP_GR",
    "SequenceVariant": "SS",
    "SeriesDescription": "tr_FMRI_2",
    "SliceEncodingDirection": "k",
    "SliceTiming": [
      0.057142857,
      0.171428571,
      0.285714286,
      0.4,
      0.514285714,
      0.628571429,
      0.742857143,
      0.857142857,
      0.971428571,
      1.085714286,
      1.2,
      1.314285714,
      1.428571429,
      1.542857143,
      1.657142857,
      1.771428571,
      1.885714286,
      2.0,
      0.114285714,
      0.228571429,
      0.342857143,
      0.457142857,
      0.571428571,
      0.685714286,
      0.8,
      0.914285714,
      1.028571429,
      1.142857143,
      1.257142857,
      1.371428571,
      1.485714286,
      1.6,
      1.714285714,
      1.828571429,
      1.942857143
    ],
    "TaskName": "Emotional face perception",
    "dataset": "ds003548",
    "modality": "bold",
    "run_id": 2,
    "subject_id": "13",
    "task_id": "emotionalfaces"
  },
  "dummy_trs": 0,
  "dvars_nstd": 12.039631039619566,
  "dvars_std": 1.1425501229347832,
  "dvars_vstd": 0.9964901385326087,
  "efc": 0.377735469115525,
  "fber": 83519.828125,
  "fd_mean": 0.1122006581298515,
  "fd_num": 18,
  "fd_perc": 9.72972972972973,
  "fwhm_avg": 3.0345,
  "fwhm_x": 2.766675,
  "fwhm_y": 3.0424,
  "fwhm_z": 3.294425,
  "gcor": 0.0596805,
  "gsr_x": -0.031188318505883217,
  "gsr_y": 0.013027132488787174,
  "provenance": {
    "md5sum": "f2ce3884d300d6d26ad791a0bbcded43",
    "settings": {
      "fd_thres": 0.2,
      "testing": false
    },
    "software": "mriqc",
    "version": "22.0.1",
    "webapi_port": null,
    "webapi_url": "https://mriqc.nimh.nih.gov/api/v1"
  },
  "size_t": 185,
  "size_x": 64,
  "size_y": 64,
  "size_z": 35,
  "snr": 2.892506173789585,
  "spacing_tr": 2.0,
  "spacing_x": 4.0,
  "spacing_y": 4.0,
  "spacing_z": 4.0,
  "summary_bg_k": 24.667175114035917,
  "summary_bg_mad": 12.021098973429227,
  "summary_bg_mean": 84.34422302246094,
  "summary_bg_median": 8.729729652404785,
  "summary_bg_n": 101349.0,
  "summary_bg_p05": 0.2432432472705841,
  "summary_bg_p95": 510.0292053222652,
  "summary_bg_stdv": 237.87384033203125,
  "summary_fg_k": 1.497078138981685,
  "summary_fg_mad": 640.4682320034009,
  "summary_fg_mean": 2567.044189453125,
  "summary_fg_median": 2392.61083984375,
  "summary_fg_n": 14517.0,
  "summary_fg_p05": 1534.5297607421876,
  "summary_fg_p95": 4258.05302734375,
  "summary_fg_stdv": 827.147216796875,
  "tsnr": 131.4879039376974
}