{
  "aor": 0.003466108108108108,
  "aqi": 0.0009873054054054056,
  "bids_meta": {
    "AcquisitionDateTime": "2020-05-10T15:57:35.000000",
    "BodyPartExamined": "HEAD",
    "ConversionSoftware": "dcm2niix",
    "ConversionSoftwareVersion": "v1.0.20170411 GCC4.8.4",
    "Dcm2bidsVersion": "2.1.4",
    "EchoTime": 0.03,
    "FlipAngle": 90,
    "ImageType": [
      "ORIGINAL",
      "PRIMARY",
      "EPI",
      "NONE"
    ],
    "MagneticFieldStrength": 3,
    "Manufacturer": "GE",
    "ManufacturersModelName": "DISCOVERY_MR750",
    "ProtocolName": "tr_FMRI_3",
    "RepetitionTime": 2,
    "ScanningSequence": "EP_GR",
    "SequenceVariant": "SS",
    "SeriesDescription": "tr_FMRI_3",
    "SliceEncodingDirection": "k",
    "SliceTiming": [
      0.057142857,
      0.171428571,
      0.285714286,
      0.4,
      0.514285714,
      0.628571429,
      0.742857143,
      0.857142857,
      0.971428571,
      1.085714286,
      1.2,
      1.314285714,
      1.428571429,
      1.542857143,
      1.657142857,
      1.771428571,
      1.885714286,
      2.0,
      0.114285714,
      0.228571429,
      0.342857143,
      0.457142857,
      0.571428571,
      0.685714286,
      0.8,
      0.914285714,
      1.028571429,
      1.142857143,
      1.257142857,
      1.371428571,
      1.485714286,
      1.6,
      1.714285714,
      1.828571429,
      1.942857143
    ],
    "TaskName": "Emotional face perception",
    "dataset": "ds003548",
    "modality": "bold",
    "run_id": 3,
    "subject_id": "15",
    "task_id": "emotionalfaces"
  },
  "dummy_trs": 0,
  "dvars_nstd": 12.09998794190218,
  "dvars_std": 1.1293055528260871,
  "dvars_vstd": 1.001557783478262,
  "efc": 0.3677207219380639,
  "fber": 113287.9296875,
  "fd_mean": 0.09397030849509226,
  "fd_num": 12,
  "fd_perc": 6.486486486486487,
  "fwhm_avg": 2.8878833333333334,
  "fwhm_x": 2.716575,
  "fwhm_y": 2.940175,
  "fwhm_z": 3.0069,
  "gcor": 0.0650216,
  "gsr_x": -0.0034371265210211277,
  "gsr_y": -0.003319422947242856,
  "provenance": {
    "md5sum": "82586081c56635d5b094318bfa5c4dbd",
    "settings": {
      "fd_thres": 0.2,
      "testing": false
    },
    "software": "mriqc",
    "version": "22.0.1",
    "webapi_port": null,
    "webapi_url": "https://mriqc.nimh.nih.gov/api/v1"
  },
  "size_t": 185,
  "size_x": 64,
  "size_y": 64,
  "size_z": 35,
  "snr": 3.5270232617085844,
  "spacing_tr": 2.0,
  "spacing_x": 4.0,
  "spacing_y": 4.0,
  "spacing_z": 4.0,
  "summary_bg_k": 53.276761038222965,
  "summary_bg_mad": 10.266019237337987,
  "summary_bg_mean": 55.755332946777344,
  "summary_bg_median": 7.735135555267334,
  "summary_bg_n": 100566.0,
  "summary_bg_p05": 0.3351351320743561,
  "summary_bg_p95": 286.33919525146484,
  "summary_bg_stdv": 171.3995819091797,
  "summary_fg_k": -0.06519521373435833,
  "summary_fg_mad": 706.508279236125,
  "summary_fg_mean": 2611.16259765625,
  "summary_fg_median": 2510.478515625,
  "summary_fg_n": 14910.0,
  "summary_fg_p05": 1603.207861328125,
  "summary_fg_p95": 3918.480883789062,
  "summary_fg_stdv": 711.7600708007812,
  "tsnr": 112.98178033903241
}