{
  "aor": 0.005097351351351351,
  "aqi": 0.0012191054054054053,
  "bids_meta": {
    "AcquisitionDateTime": "2020-05-10T15:49:43.000000",
    "BodyPartExamined": "HEAD",
    "ConversionSoftware": "dcm2niix",
    "ConversionSoftwareVersion": "v1.0.20170411 GCC4.8.4",
    "Dcm2bidsVersion": "2.1.4",
    "EchoTime": 0.03,
    "FlipAngle": 90,
    "ImageType": [
      "ORIGINAL",
      "PRIMARY",
      "EPI",
      "NONE"
    ],
    "MagneticFieldStrength": 3,
    "Manufacturer": "GE",
    "ManufacturersModelName": "DISCOVERY_MR750",
    "ProtocolName": "tr_FMRI_2",
    "RepetitionTime": 2,
    "ScanningSequence": "EP_GR",
    "SequenceVariant": "SS",
    "SeriesDescription": "tr_FMRI_2",
    "SliceEncodingDirection": "k",
    "SliceTiming": [
      0.057142857,
      0.171428571,
      0.285714286,
      0.4,
      0.514285714,
      0.628571429,
      0.742857143,
      0.857142857,
      0.971428571,
      1.085714286,
      1.2,
      1.314285714,
      1.428571429,
      1.542857143,
      1.657142857,
      1.771428571,
      1.885714286,
      2.0,
      0.114285714,
      0.228571429,
      0.342857143,
      0.457142857,
      0.571428571,
      0.685714286,
      0.8,
      0.914285714,
      1.028571429,
      1.142857143,
      1.257142857,
      1.371428571,
      1.485714286,
      1.6,
      1.714285714,
      1.828571429,
      1.942857143
    ],
    "TaskName": "Emotional face perception",
    "dataset": "ds003548",
    "modality": "bold",
    "run_id": 2,
    "subject_id": "15",
    "task_id": "emotionalfaces"
  },
  "dummy_trs": 0,
  "dvars_nstd": 12.782242170869559,
  "dvars_std": 1.1156992173913047,
  "dvars_vstd": 1.0023421161956514,
  "efc": 0.3672900890313563,
  "fber": 111017.4140625,
  "fd_mean": 0.12065652331481927,
  "fd_num": 25,
  "fd_perc": 13.513513513513514,
  "fwhm_avg": 2.8834916666666666,
  "fwhm_x": 2.724325,
  "fwhm_y": 2.9175,
  "fwhm_z": 3.00865,
  "gcor": 0.0624094,
  "gsr_x": -0.0033652563579380512,
  "gsr_y": -0.0030359323136508465,
  "provenance": {
    "md5sum": "629d06b7107b8cf302349db8997d4683",
    "settings": {
      "fd_thres": 0.2,
      "testing": false
    },
    "software": "mriqc",
    "version": "22.0.1",
    "webapi_port": null,
    "webapi_url": "https://mriqc.nimh.nih.gov/api/v1"
  },
  "size_t": 185,
  "size_x": 64,
  "size_y": 64,
  "size_z": 35,
  "snr": 3.5120701060199577,
  "spacing_tr": 2.0,
  "spacing_x": 4.0,
  "spacing_y": 4.0,
  "spacing_z": 4.0,
  "summary_bg_k": 54.16747324198938,
  "summary_bg_mad": 10.27403271536535,
  "summary_bg_mean": 54.973907470703125,
  "summary_bg_median": 7.756756782531738,
  "summary_bg_n": 100468.0,
  "summary_bg_p05": 0.37837839126586914,
  "summary_bg_p95": 279.70973968505854,
  "summary_bg_stdv": 169.60911560058594,
  "summary_fg_k": -0.06271542174301903,
  "summary_fg_mad": 712.2902831029239,
  "summary_fg_mean": 2610.314453125,
  "summary_fg_median": 2510.43798828125,
  "summary_fg_n": 14971.0,
  "summary_fg_p05": 1595.724365234375,
  "summary_fg_p95": 3924.5028076171875,
  "summary_fg_stdv": 714.779052734375,
  "tsnr": 103.07420144788921
}