{
  "aor": 0.025461567567567563,
  "aqi": 0.0020267115405405403,
  "bids_meta": {
    "AcquisitionDateTime": "2020-05-10T16:12:27.000000",
    "BodyPartExamined": "HEAD",
    "ConversionSoftware": "dcm2niix",
    "ConversionSoftwareVersion": "v1.0.20170411 GCC4.8.4",
    "Dcm2bidsVersion": "2.1.4",
    "EchoTime": 0.03,
    "FlipAngle": 90,
    "ImageType": [
      "ORIGINAL",
      "PRIMARY",
      "EPI",
      "NONE"
    ],
    "MagneticFieldStrength": 3,
    "Manufacturer": "GE",
    "ManufacturersModelName": "DISCOVERY_MR750",
    "ProtocolName": "tr_FMRI_5",
    "RepetitionTime": 2,
    "ScanningSequence": "EP_GR",
    "SequenceVariant": "SS",
    "SeriesDescription": "tr_FMRI_5",
    "SliceEncodingDirection": "k",
    "SliceTiming": [
      0.057142857,
      0.171428571,
      0.285714286,
      0.4,
      0.514285714,
      0.628571429,
      0.742857143,
      0.857142857,
      0.971428571,
      1.085714286,
      1.2,
      1.314285714,
      1.428571429,
      1.542857143,
      1.657142857,
      1.771428571,
      1.885714286,
      2.0,
      0.114285714,
      0.228571429,
      0.342857143,
      0.457142857,
      0.571428571,
      0.685714286,
      0.8,
      0.914285714,
      1.028571429,
      1.142857143,
      1.257142857,
      1.371428571,
      1.485714286,
      1.6,
      1.714285714,
      1.828571429,
      1.942857143
    ],
    "TaskName": "Emotional face perception",
    "dataset": "ds003548",
    "modality": "bold",
    "run_id": 5,
    "subject_id": "15",
    "task_id": "emotionalfaces"
  },
  "dummy_trs": 0,
  "dvars_nstd": 14.769992157119558,
  "dvars_std": 1.0747694706521742,
  "dvars_vstd": 0.9886053486413037,
  "efc": 0.3695205062680649,
  "fber": 101878.609375,
  "fd_mean": 0.11585474155600453,
  "fd_num": 21,
  "fd_perc": 11.35135135135135,
  "fwhm_avg": 2.8473583333333337,
  "fwhm_x": 2.706225,
  "fwhm_y": 2.921675,
  "fwhm_z": 2.914175,
  "gcor": 0.0938862,
  "gsr_x": -0.004414512310177088,
  "gsr_y": -0.0029785321094095707,
  "provenance": {
    "md5sum": "b03b1371363e54dfa052ac95e45af14b",
    "settings": {
      "fd_thres": 0.2,
      "testing": false
    },
    "software": "mriqc",
    "version": "22.0.1",
    "webapi_port": null,
    "webapi_url": "https://mriqc.nimh.nih.gov/api/v1"
  },
  "size_t": 185,
  "size_x": 64,
  "size_y": 64,
  "size_z": 35,
  "snr": 3.560924900198368,
  "spacing_tr": 2.0,
  "spacing_x": 4.0,
  "spacing_y": 4.0,
  "spacing_z": 4.0,
  "summary_bg_k": 52.78892386970057,
  "summary_bg_mad": 10.851046257884962,
  "summary_bg_mean": 58.05986404418945,
  "summary_bg_median": 8.145946502685547,
  "summary_bg_n": 100593.0,
  "summary_bg_p05": 0.3351351320743561,
  "summary_bg_p95": 295.9243286132809,
  "summary_bg_stdv": 178.7086181640625,
  "summary_fg_k": -0.14068400082827637,
  "summary_fg_mad": 704.9493027334141,
  "summary_fg_mean": 2605.775634765625,
  "summary_fg_median": 2505.67578125,
  "summary_fg_n": 15007.0,
  "summary_fg_p05": 1612.7027587890625,
  "summary_fg_p95": 3890.9314941406246,
  "summary_fg_stdv": 703.63525390625,
  "tsnr": 70.53587982081808
}