{
  "aor": 0.005116108108108108,
  "aqi": 0.0018105717297297297,
  "bids_meta": {
    "AcquisitionDateTime": "2020-05-10T16:05:3.000000",
    "BodyPartExamined": "HEAD",
    "ConversionSoftware": "dcm2niix",
    "ConversionSoftwareVersion": "v1.0.20170411 GCC4.8.4",
    "Dcm2bidsVersion": "2.1.4",
    "EchoTime": 0.03,
    "FlipAngle": 90,
    "ImageType": [
      "ORIGINAL",
      "PRIMARY",
      "EPI",
      "NONE"
    ],
    "MagneticFieldStrength": 3,
    "Manufacturer": "GE",
    "ManufacturersModelName": "DISCOVERY_MR750",
    "ProtocolName": "tr_FMRI_4",
    "RepetitionTime": 2,
    "ScanningSequence": "EP_GR",
    "SequenceVariant": "SS",
    "SeriesDescription": "tr_FMRI_4",
    "SliceEncodingDirection": "k",
    "SliceTiming": [
      0.057142857,
      0.171428571,
      0.285714286,
      0.4,
      0.514285714,
      0.628571429,
      0.742857143,
      0.857142857,
      0.971428571,
      1.085714286,
      1.2,
      1.314285714,
      1.428571429,
      1.542857143,
      1.657142857,
      1.771428571,
      1.885714286,
      2.0,
      0.114285714,
      0.228571429,
      0.342857143,
      0.457142857,
      0.571428571,
      0.685714286,
      0.8,
      0.914285714,
      1.028571429,
      1.142857143,
      1.257142857,
      1.371428571,
      1.485714286,
      1.6,
      1.714285714,
      1.828571429,
      1.942857143
    ],
    "TaskName": "Emotional face perception",
    "dataset": "ds003548",
    "modality": "bold",
    "run_id": 4,
    "subject_id": "15",
    "task_id": "emotionalfaces"
  },
  "dummy_trs": 0,
  "dvars_nstd": 12.847267420489125,
  "dvars_std": 1.0685637578804343,
  "dvars_vstd": 0.9656224628260874,
  "efc": 0.3696883713685924,
  "fber": 107738.1953125,
  "fd_mean": 0.1156680144988247,
  "fd_num": 16,
  "fd_perc": 8.64864864864865,
  "fwhm_avg": 2.886891666666667,
  "fwhm_x": 2.722325,
  "fwhm_y": 2.95785,
  "fwhm_z": 2.9805,
  "gcor": 0.0497389,
  "gsr_x": -0.003219334874302149,
  "gsr_y": -0.0031265709549188614,
  "provenance": {
    "md5sum": "8faafce17dec4a7c8df092e956f06e8d",
    "settings": {
      "fd_thres": 0.2,
      "testing": false
    },
    "software": "mriqc",
    "version": "22.0.1",
    "webapi_port": null,
    "webapi_url": "https://mriqc.nimh.nih.gov/api/v1"
  },
  "size_t": 185,
  "size_x": 64,
  "size_y": 64,
  "size_z": 35,
  "snr": 3.5129520211171528,
  "spacing_tr": 2.0,
  "spacing_x": 4.0,
  "spacing_y": 4.0,
  "spacing_z": 4.0,
  "summary_bg_k": 51.12462931760513,
  "summary_bg_mad": 10.562539044775262,
  "summary_bg_mean": 56.89475631713867,
  "summary_bg_median": 7.886486530303955,
  "summary_bg_n": 100456.0,
  "summary_bg_p05": 0.27027028799057007,
  "summary_bg_p95": 293.6743392944336,
  "summary_bg_stdv": 172.0452880859375,
  "summary_fg_k": -0.11430038287716915,
  "summary_fg_mad": 708.7157132277159,
  "summary_fg_mean": 2593.694580078125,
  "summary_fg_median": 2489.82177734375,
  "summary_fg_n": 15025.0,
  "summary_fg_p05": 1598.1438232421876,
  "summary_fg_p95": 3890.421679687499,
  "summary_fg_stdv": 708.7312622070312,
  "tsnr": 90.025659234263
}