{
  "aor": 0.0012871,
  "aqi": 0.005334921733333334,
  "bids_meta": {
    "AcquisitionDateTime": "2020-05-10T15:29:15.000000",
    "BodyPartExamined": "HEAD",
    "ConversionSoftware": "dcm2niix",
    "ConversionSoftwareVersion": "v1.0.20170411 GCC4.8.4",
    "Dcm2bidsVersion": "2.1.4",
    "EchoTime": 0.04,
    "FlipAngle": 90,
    "ImageType": [
      "ORIGINAL",
      "PRIMARY",
      "EPI",
      "NONE"
    ],
    "MagneticFieldStrength": 3,
    "Manufacturer": "GE",
    "ManufacturersModelName": "DISCOVERY_MR750",
    "ProtocolName": "fMRI_RestState",
    "RepetitionTime": 2,
    "ScanningSequence": "EP_GR",
    "SequenceVariant": "SS",
    "SeriesDescription": "fMRI_RestState",
    "SliceEncodingDirection": "k",
    "SliceTiming": [
      0.057142857,
      0.171428571,
      0.285714286,
      0.4,
      0.514285714,
      0.628571429,
      0.742857143,
      0.857142857,
      0.971428571,
      1.085714286,
      1.2,
      1.314285714,
      1.428571429,
      1.542857143,
      1.657142857,
      1.771428571,
      1.885714286,
      2.0,
      0.114285714,
      0.228571429,
      0.342857143,
      0.457142857,
      0.571428571,
      0.685714286,
      0.8,
      0.914285714,
      1.028571429,
      1.142857143,
      1.257142857,
      1.371428571,
      1.485714286,
      1.6,
      1.714285714,
      1.828571429,
      1.942857143
    ],
    "TaskName": "Resting state, awake, closed eyes",
    "dataset": "ds003548",
    "modality": "bold",
    "subject_id": "15",
    "task_id": "rest"
  },
  "dummy_trs": 0,
  "dvars_nstd": 13.60551041508362,
  "dvars_std": 0.9324950651505017,
  "dvars_vstd": 0.8883198334448159,
  "efc": 0.3505169386727886,
  "fber": 82856.7421875,
  "fd_mean": 0.13906467338628653,
  "fd_num": 56,
  "fd_perc": 18.666666666666668,
  "fwhm_avg": 2.7290666666666668,
  "fwhm_x": 2.6448,
  "fwhm_y": 2.8368,
  "fwhm_z": 2.7056,
  "gcor": 0.0376818,
  "gsr_x": -0.005228150635957718,
  "gsr_y": -0.0013544182293117046,
  "provenance": {
    "md5sum": "e6baeb70605ac72ed7e07bc38058edfc",
    "settings": {
      "fd_thres": 0.2,
      "testing": false
    },
    "software": "mriqc",
    "version": "22.0.1",
    "webapi_port": null,
    "webapi_url": "https://mriqc.nimh.nih.gov/api/v1"
  },
  "size_t": 300,
  "size_x": 64,
  "size_y": 64,
  "size_z": 35,
  "snr": 3.6033675262626828,
  "spacing_tr": 2.0,
  "spacing_x": 4.0,
  "spacing_y": 4.0,
  "spacing_z": 4.0,
  "summary_bg_k": 63.98504937914187,
  "summary_bg_mad": 9.622088500610532,
  "summary_bg_mean": 36.25320816040039,
  "summary_bg_median": 7.413333415985107,
  "summary_bg_n": 102121.0,
  "summary_bg_p05": 0.36000001430511475,
  "summary_bg_p95": 165.72000122070312,
  "summary_bg_stdv": 103.9549789428711,
  "summary_fg_k": -0.02729805237692462,
  "summary_fg_mad": 554.7156562502142,
  "summary_fg_mean": 2108.81689453125,
  "summary_fg_median": 2042.280029296875,
  "summary_fg_n": 13655.0,
  "summary_fg_p05": 1268.5210083007812,
  "summary_fg_p95": 3131.3534912109367,
  "summary_fg_stdv": 566.7490844726562,
  "tsnr": 50.001318799797446
}