{
  "aor": 0.001856108108108108,
  "aqi": 0.002718825081081081,
  "bids_meta": {
    "AcquisitionDateTime": "2020-02-25T19:14:56.000000",
    "BodyPartExamined": "HEAD",
    "ConversionSoftware": "dcm2niix",
    "ConversionSoftwareVersion": "v1.0.20170411 GCC4.8.4",
    "Dcm2bidsVersion": "2.1.4",
    "EchoTime": 0.03,
    "FlipAngle": 90,
    "ImageType": [
      "ORIGINAL",
      "PRIMARY",
      "EPI",
      "NONE"
    ],
    "MagneticFieldStrength": 3,
    "Manufacturer": "GE",
    "ManufacturersModelName": "DISCOVERY_MR750",
    "ProtocolName": "tr_FMRI_3",
    "RepetitionTime": 2,
    "ScanningSequence": "EP_GR",
    "SequenceVariant": "SS",
    "SeriesDescription": "tr_FMRI_3",
    "SliceEncodingDirection": "k",
    "SliceTiming": [
      0.057142857,
      0.171428571,
      0.285714286,
      0.4,
      0.514285714,
      0.628571429,
      0.742857143,
      0.857142857,
      0.971428571,
      1.085714286,
      1.2,
      1.314285714,
      1.428571429,
      1.542857143,
      1.657142857,
      1.771428571,
      1.885714286,
      2.0,
      0.114285714,
      0.228571429,
      0.342857143,
      0.457142857,
      0.571428571,
      0.685714286,
      0.8,
      0.914285714,
      1.028571429,
      1.142857143,
      1.257142857,
      1.371428571,
      1.485714286,
      1.6,
      1.714285714,
      1.828571429,
      1.942857143
    ],
    "TaskName": "Emotional face perception",
    "dataset": "ds003548",
    "modality": "bold",
    "run_id": 3,
    "subject_id": "08",
    "task_id": "emotionalfaces"
  },
  "dummy_trs": 0,
  "dvars_nstd": 12.339256815869557,
  "dvars_std": 1.0363792339130433,
  "dvars_vstd": 0.9515062316304352,
  "efc": 0.36244641242718256,
  "fber": 67308.0,
  "fd_mean": 0.09782459511589833,
  "fd_num": 13,
  "fd_perc": 7.027027027027027,
  "fwhm_avg": 2.9237249999999997,
  "fwhm_x": 2.844225,
  "fwhm_y": 2.9166,
  "fwhm_z": 3.01035,
  "gcor": 0.0371459,
  "gsr_x": -0.002004251815378666,
  "gsr_y": 0.002873999997973442,
  "provenance": {
    "md5sum": "0badb29cff2e651885a6c636b97e8901",
    "settings": {
      "fd_thres": 0.2,
      "testing": false
    },
    "software": "mriqc",
    "version": "22.0.1",
    "webapi_port": null,
    "webapi_url": "https://mriqc.nimh.nih.gov/api/v1"
  },
  "size_t": 185,
  "size_x": 64,
  "size_y": 64,
  "size_z": 35,
  "snr": 3.4371745603900976,
  "spacing_tr": 2.0,
  "spacing_x": 4.0,
  "spacing_y": 4.0,
  "spacing_z": 4.0,
  "summary_bg_k": 61.49086903950732,
  "summary_bg_mad": 12.718323788467062,
  "summary_bg_mean": 52.948429107666016,
  "summary_bg_median": 9.1729736328125,
  "summary_bg_n": 101827.0,
  "summary_bg_p05": 0.16756756603717804,
  "summary_bg_p95": 247.35622406005817,
  "summary_bg_stdv": 150.8920135498047,
  "summary_fg_k": 1.1614659259227533,
  "summary_fg_mad": 564.5268560631301,
  "summary_fg_mean": 2365.05029296875,
  "summary_fg_median": 2254.52978515625,
  "summary_fg_n": 14057.0,
  "summary_fg_p05": 1469.64755859375,
  "summary_fg_p95": 3636.380615234372,
  "summary_fg_stdv": 655.9019775390625,
  "tsnr": 80.56919185025617
}