{
  "bids_meta": {
    "AcquisitionDateTime": "2020-05-10T17:04:27.000000",
    "BodyPartExamined": "HEAD",
    "ConversionSoftware": "dcm2niix",
    "ConversionSoftwareVersion": "v1.0.20170411 GCC4.8.4",
    "Dcm2bidsVersion": "2.1.4",
    "EchoTime": 0.003192,
    "FlipAngle": 12,
    "ImageType": [
      "ORIGINAL",
      "PRIMARY",
      "OTHER"
    ],
    "InversionTime": 0.45,
    "MagneticFieldStrength": 3,
    "Manufacturer": "GE",
    "ManufacturersModelName": "DISCOVERY_MR750",
    "ProtocolName": "Sag_T1_FSPGR_BRAVO",
    "RepetitionTime": 0.008184,
    "ScanningSequence": "GR",
    "SequenceVariant": "SS_SP_SK",
    "SeriesDescription": "Sag_T1_FSPGR_BRAVO",
    "dataset": "ds003548",
    "modality": "T1w",
    "subject_id": "16"
  },
  "cjv": 0.34959652932998103,
  "cnr": 3.890802224741774,
  "efc": 0.5872165037793008,
  "fber": 18550.066851191594,
  "fwhm_avg": 4.157236666666667,
  "fwhm_x": 4.17088,
  "fwhm_y": 4.28191,
  "fwhm_z": 4.01892,
  "icvs_csf": 0.2042167995983448,
  "icvs_gm": 0.4195234417034284,
  "icvs_wm": 0.3762597586982268,
  "inu_med": 0.44456222653388977,
  "inu_range": 0.11669216156005863,
  "provenance": {
    "md5sum": "1d974b776fb30e04e755728c851db02d",
    "settings": {
      "testing": false
    },
    "software": "mriqc",
    "version": "22.0.1",
    "warnings": {
      "large_rot_frame": true,
      "small_air_mask": false
    },
    "webapi_port": null,
    "webapi_url": "https://mriqc.nimh.nih.gov/api/v1"
  },
  "qi_1": 3.665771694691491e-06,
  "qi_2": 0.0026694362893504714,
  "rpve_csf": 28.25193410483859,
  "rpve_gm": 14.464734347362901,
  "rpve_wm": 19.248740601724634,
  "size_x": 176,
  "size_y": 256,
  "size_z": 256,
  "snr_csf": 2.2224898020373436,
  "snr_gm": 10.409219300899359,
  "snr_total": 12.16730847368512,
  "snr_wm": 23.870216318118654,
  "snrd_csf": 20.69178766422604,
  "snrd_gm": 53.43167818849822,
  "snrd_total": 50.431729233064374,
  "snrd_wm": 77.17172184646886,
  "spacing_x": 1.0,
  "spacing_y": 1.0,
  "spacing_z": 1.0,
  "summary_bg_k": 14.416950313956594,
  "summary_bg_mad": 0.0,
  "summary_bg_mean": 5.220893818122757,
  "summary_bg_median": 0.0,
  "summary_bg_n": 1683804.0,
  "summary_bg_p05": 0.0,
  "summary_bg_p95": 22.662168085575104,
  "summary_bg_stdv": 8.489332380875855,
  "summary_csf_k": 16.1550294616031,
  "summary_csf_mad": 99.09811717362787,
  "summary_csf_mean": 267.638256787129,
  "summary_csf_median": 268.12655049562454,
  "summary_csf_n": 28305.0,
  "summary_csf_p05": 73.69024094343186,
  "summary_csf_p95": 463.9060391113162,
  "summary_csf_stdv": 120.64028992466669,
  "summary_gm_k": -0.05070145927623271,
  "summary_gm_mad": 67.197961359641,
  "summary_gm_mean": 692.5002104911307,
  "summary_gm_median": 692.3737954571843,
  "summary_gm_n": 32977.0,
  "summary_gm_p05": 583.2898313239217,
  "summary_gm_p95": 801.3240782618523,
  "summary_gm_stdv": 66.51443086505607,
  "summary_wm_k": 0.4223510799164316,
  "summary_wm_mad": 40.34709056354849,
  "summary_wm_mean": 1001.1827033817834,
  "summary_wm_median": 999.9999956637621,
  "summary_wm_n": 211659.0,
  "summary_wm_p05": 934.6552890911698,
  "summary_wm_p95": 1071.455848686397,
  "summary_wm_stdv": 41.89311148435834,
  "tpm_overlap_csf": 0.1500456645554375,
  "tpm_overlap_gm": 0.4575864910370831,
  "tpm_overlap_wm": 0.5214476235119223,
  "wm2max": 0.557392754497392
}