{
  "aor": 0.0010531666666666664,
  "aqi": 0.0035112010666666664,
  "bids_meta": {
    "AcquisitionDateTime": "2019-10-14T18:01:53.000000",
    "BodyPartExamined": "HEAD",
    "ConversionSoftware": "dcm2niix",
    "ConversionSoftwareVersion": "v1.0.20170411 GCC4.8.4",
    "Dcm2bidsVersion": "2.1.4",
    "EchoTime": 0.04,
    "FlipAngle": 90,
    "ImageType": [
      "ORIGINAL",
      "PRIMARY",
      "EPI",
      "NONE"
    ],
    "MagneticFieldStrength": 3,
    "Manufacturer": "GE",
    "ManufacturersModelName": "DISCOVERY_MR750",
    "ProtocolName": "fMRI_RestState",
    "RepetitionTime": 2,
    "ScanningSequence": "EP_GR",
    "SequenceVariant": "SS",
    "SeriesDescription": "fMRI_RestState",
    "SliceEncodingDirection": "k",
    "SliceTiming": [
      0.057142857,
      0.171428571,
      0.285714286,
      0.4,
      0.514285714,
      0.628571429,
      0.742857143,
      0.857142857,
      0.971428571,
      1.085714286,
      1.2,
      1.314285714,
      1.428571429,
      1.542857143,
      1.657142857,
      1.771428571,
      1.885714286,
      2.0,
      0.114285714,
      0.228571429,
      0.342857143,
      0.457142857,
      0.571428571,
      0.685714286,
      0.8,
      0.914285714,
      1.028571429,
      1.142857143,
      1.257142857,
      1.371428571,
      1.485714286,
      1.6,
      1.714285714,
      1.828571429,
      1.942857143
    ],
    "TaskName": "Resting state, awake, closed eyes",
    "dataset": "ds003548",
    "modality": "bold",
    "subject_id": "02",
    "task_id": "rest"
  },
  "dummy_trs": 0,
  "dvars_nstd": 14.659445989163887,
  "dvars_std": 1.0649273196655515,
  "dvars_vstd": 0.9174111745484947,
  "efc": 0.3592310978981359,
  "fber": 66953.4609375,
  "fd_mean": 0.08583295390504968,
  "fd_num": 16,
  "fd_perc": 5.333333333333333,
  "fwhm_avg": 2.771515781474958,
  "fwhm_x": 2.666875,
  "fwhm_y": 2.8631,
  "fwhm_z": 2.784572344424873,
  "gcor": 0.0951784,
  "gsr_x": -0.01246668491512537,
  "gsr_y": 0.012394953519105911,
  "provenance": {
    "md5sum": "bf5873f70a89bd073b068cb1967ec5a6",
    "settings": {
      "fd_thres": 0.2,
      "testing": false
    },
    "software": "mriqc",
    "version": "22.0.1",
    "webapi_port": null,
    "webapi_url": "https://mriqc.nimh.nih.gov/api/v1"
  },
  "size_t": 300,
  "size_x": 64,
  "size_y": 64,
  "size_z": 35,
  "snr": 3.248272753094843,
  "spacing_tr": 2.0,
  "spacing_x": 4.0,
  "spacing_y": 4.0,
  "spacing_z": 4.000003814697266,
  "summary_bg_k": 233.63850677127732,
  "summary_bg_mad": 10.857589789688669,
  "summary_bg_mean": 42.68426513671875,
  "summary_bg_median": 8.279999732971191,
  "summary_bg_n": 101458.0,
  "summary_bg_p05": 0.44333335757255554,
  "summary_bg_p95": 209.24717025756757,
  "summary_bg_stdv": 133.4173126220703,
  "summary_fg_k": 1.266025189407764,
  "summary_fg_mad": 575.0815287658924,
  "summary_fg_mean": 2183.8154296875,
  "summary_fg_median": 2084.989990234375,
  "summary_fg_n": 14105.0,
  "summary_fg_p05": 1355.426025390625,
  "summary_fg_p95": 3403.2166992187485,
  "summary_fg_stdv": 641.853759765625,
  "tsnr": 67.95410407707095
}