{
  "aor": 0.000809945945945946,
  "aqi": 0.0009753366648648649,
  "bids_meta": {
    "AcquisitionDateTime": "2019-10-14T18:47:30.000000",
    "BodyPartExamined": "HEAD",
    "ConversionSoftware": "dcm2niix",
    "ConversionSoftwareVersion": "v1.0.20170411 GCC4.8.4",
    "Dcm2bidsVersion": "2.1.4",
    "EchoTime": 0.03,
    "FlipAngle": 90,
    "ImageType": [
      "ORIGINAL",
      "PRIMARY",
      "EPI",
      "NONE"
    ],
    "MagneticFieldStrength": 3,
    "Manufacturer": "GE",
    "ManufacturersModelName": "DISCOVERY_MR750",
    "ProtocolName": "tr_FMRI_4",
    "RepetitionTime": 2,
    "ScanningSequence": "EP_GR",
    "SequenceVariant": "SS",
    "SeriesDescription": "tr_FMRI_4",
    "SliceEncodingDirection": "k",
    "SliceTiming": [
      0.057142857,
      0.171428571,
      0.285714286,
      0.4,
      0.514285714,
      0.628571429,
      0.742857143,
      0.857142857,
      0.971428571,
      1.085714286,
      1.2,
      1.314285714,
      1.428571429,
      1.542857143,
      1.657142857,
      1.771428571,
      1.885714286,
      2.0,
      0.114285714,
      0.228571429,
      0.342857143,
      0.457142857,
      0.571428571,
      0.685714286,
      0.8,
      0.914285714,
      1.028571429,
      1.142857143,
      1.257142857,
      1.371428571,
      1.485714286,
      1.6,
      1.714285714,
      1.828571429,
      1.942857143
    ],
    "TaskName": "Emotional face perception",
    "dataset": "ds003548",
    "modality": "bold",
    "run_id": 4,
    "subject_id": "02",
    "task_id": "emotionalfaces"
  },
  "dummy_trs": 0,
  "dvars_nstd": 11.062608874130436,
  "dvars_std": 1.1927573391304347,
  "dvars_vstd": 0.9867879420652178,
  "efc": 0.3818232096903254,
  "fber": 87693.0546875,
  "fd_mean": 0.040588972490138986,
  "fd_num": 0,
  "fd_perc": 0.0,
  "fwhm_avg": 2.90986570026172,
  "fwhm_x": 2.754175,
  "fwhm_y": 2.935375,
  "fwhm_z": 3.0400471007851593,
  "gcor": 0.0571304,
  "gsr_x": -0.011741220019757748,
  "gsr_y": 0.00937204621732235,
  "provenance": {
    "md5sum": "35d92651d57b633565e94f1ed887d1c2",
    "settings": {
      "fd_thres": 0.2,
      "testing": false
    },
    "software": "mriqc",
    "version": "22.0.1",
    "webapi_port": null,
    "webapi_url": "https://mriqc.nimh.nih.gov/api/v1"
  },
  "size_t": 185,
  "size_x": 64,
  "size_y": 64,
  "size_z": 35,
  "snr": 3.1650678523401132,
  "spacing_tr": 2.0,
  "spacing_x": 4.0,
  "spacing_y": 4.0,
  "spacing_z": 4.000003814697266,
  "summary_bg_k": 36.917491229542726,
  "summary_bg_mad": 12.013084876812016,
  "summary_bg_mean": 69.04690551757812,
  "summary_bg_median": 8.978378295898438,
  "summary_bg_n": 99578.0,
  "summary_bg_p05": 0.42702704668045044,
  "summary_bg_p95": 405.3170272827145,
  "summary_bg_stdv": 200.115966796875,
  "summary_fg_k": 1.4942097895026256,
  "summary_fg_mad": 717.9960936672338,
  "summary_fg_mean": 2698.722412109375,
  "summary_fg_median": 2563.875732421875,
  "summary_fg_n": 15651.0,
  "summary_fg_p05": 1676.997314453125,
  "summary_fg_p95": 4249.7568359375,
  "summary_fg_stdv": 810.028076171875,
  "tsnr": 125.60108035104349
}