{
  "aor": 0.0009301621621621621,
  "aqi": 0.0009616341783783784,
  "bids_meta": {
    "AcquisitionDateTime": "2020-05-09T17:49:29.000000",
    "BodyPartExamined": "HEAD",
    "ConversionSoftware": "dcm2niix",
    "ConversionSoftwareVersion": "v1.0.20170411 GCC4.8.4",
    "Dcm2bidsVersion": "2.1.4",
    "EchoTime": 0.03,
    "FlipAngle": 90,
    "ImageType": [
      "ORIGINAL",
      "PRIMARY",
      "EPI",
      "NONE"
    ],
    "MagneticFieldStrength": 3,
    "Manufacturer": "GE",
    "ManufacturersModelName": "DISCOVERY_MR750",
    "ProtocolName": "tr_FMRI_2",
    "RepetitionTime": 2,
    "ScanningSequence": "EP_GR",
    "SequenceVariant": "SS",
    "SeriesDescription": "tr_FMRI_2",
    "SliceEncodingDirection": "k",
    "SliceTiming": [
      0.057142857,
      0.171428571,
      0.285714286,
      0.4,
      0.514285714,
      0.628571429,
      0.742857143,
      0.857142857,
      0.971428571,
      1.085714286,
      1.2,
      1.314285714,
      1.428571429,
      1.542857143,
      1.657142857,
      1.771428571,
      1.885714286,
      2.0,
      0.114285714,
      0.228571429,
      0.342857143,
      0.457142857,
      0.571428571,
      0.685714286,
      0.8,
      0.914285714,
      1.028571429,
      1.142857143,
      1.257142857,
      1.371428571,
      1.485714286,
      1.6,
      1.714285714,
      1.828571429,
      1.942857143
    ],
    "TaskName": "Emotional face perception",
    "dataset": "ds003548",
    "modality": "bold",
    "run_id": 2,
    "subject_id": "14",
    "task_id": "emotionalfaces"
  },
  "dummy_trs": 0,
  "dvars_nstd": 13.66053307554348,
  "dvars_std": 1.2473530423369574,
  "dvars_vstd": 0.9941874690760869,
  "efc": 0.3418464156843464,
  "fber": 126362.34375,
  "fd_mean": 0.09397562055091278,
  "fd_num": 4,
  "fd_perc": 2.1621621621621623,
  "fwhm_avg": 2.888541666666667,
  "fwhm_x": 2.78345,
  "fwhm_y": 2.919425,
  "fwhm_z": 2.96275,
  "gcor": 0.0726347,
  "gsr_x": -0.020675618201494217,
  "gsr_y": 0.004719248041510582,
  "provenance": {
    "md5sum": "e5a3a1d61d78133d45a7781817d64b52",
    "settings": {
      "fd_thres": 0.2,
      "testing": false
    },
    "software": "mriqc",
    "version": "22.0.1",
    "webapi_port": null,
    "webapi_url": "https://mriqc.nimh.nih.gov/api/v1"
  },
  "size_t": 185,
  "size_x": 64,
  "size_y": 64,
  "size_z": 35,
  "snr": 3.3233494007564643,
  "spacing_tr": 2.0,
  "spacing_x": 4.0,
  "spacing_y": 4.0,
  "spacing_z": 4.0,
  "summary_bg_k": 72.67714556940894,
  "summary_bg_mad": 9.312344832839003,
  "summary_bg_mean": 41.52492904663086,
  "summary_bg_median": 7.151351451873779,
  "summary_bg_n": 102935.0,
  "summary_bg_p05": 0.37837839126586914,
  "summary_bg_p95": 205.94217224121087,
  "summary_bg_stdv": 124.91078186035156,
  "summary_fg_k": 0.8329089529141966,
  "summary_fg_mad": 633.207426534135,
  "summary_fg_mean": 2542.0322265625,
  "summary_fg_median": 2402.724365234375,
  "summary_fg_n": 13530.0,
  "summary_fg_p05": 1598.426776123047,
  "summary_fg_p95": 3949.1416870117187,
  "summary_fg_stdv": 722.9560546875,
  "tsnr": 127.7710818676278
}