{
  "aor": 0.0009871891891891893,
  "aqi": 0.0012058663243243244,
  "bids_meta": {
    "AcquisitionDateTime": "2020-05-09T18:04:49.000000",
    "BodyPartExamined": "HEAD",
    "ConversionSoftware": "dcm2niix",
    "ConversionSoftwareVersion": "v1.0.20170411 GCC4.8.4",
    "Dcm2bidsVersion": "2.1.4",
    "EchoTime": 0.03,
    "FlipAngle": 90,
    "ImageType": [
      "ORIGINAL",
      "PRIMARY",
      "EPI",
      "NONE"
    ],
    "MagneticFieldStrength": 3,
    "Manufacturer": "GE",
    "ManufacturersModelName": "DISCOVERY_MR750",
    "ProtocolName": "tr_FMRI_4",
    "RepetitionTime": 2,
    "ScanningSequence": "EP_GR",
    "SequenceVariant": "SS",
    "SeriesDescription": "tr_FMRI_4",
    "SliceEncodingDirection": "k",
    "SliceTiming": [
      0.057142857,
      0.171428571,
      0.285714286,
      0.4,
      0.514285714,
      0.628571429,
      0.742857143,
      0.857142857,
      0.971428571,
      1.085714286,
      1.2,
      1.314285714,
      1.428571429,
      1.542857143,
      1.657142857,
      1.771428571,
      1.885714286,
      2.0,
      0.114285714,
      0.228571429,
      0.342857143,
      0.457142857,
      0.571428571,
      0.685714286,
      0.8,
      0.914285714,
      1.028571429,
      1.142857143,
      1.257142857,
      1.371428571,
      1.485714286,
      1.6,
      1.714285714,
      1.828571429,
      1.942857143
    ],
    "TaskName": "Emotional face perception",
    "dataset": "ds003548",
    "modality": "bold",
    "run_id": 4,
    "subject_id": "14",
    "task_id": "emotionalfaces"
  },
  "dummy_trs": 0,
  "dvars_nstd": 14.693044636358696,
  "dvars_std": 1.2403288981521734,
  "dvars_vstd": 0.9845960027173909,
  "efc": 0.34027589130965996,
  "fber": 126296.59375,
  "fd_mean": 0.11829226478121305,
  "fd_num": 10,
  "fd_perc": 5.405405405405405,
  "fwhm_avg": 2.8117583333333336,
  "fwhm_x": 2.690775,
  "fwhm_y": 2.845575,
  "fwhm_z": 2.898925,
  "gcor": 0.0800094,
  "gsr_x": -0.01987350918352604,
  "gsr_y": 0.004151178058236837,
  "provenance": {
    "md5sum": "78d81bcc1460564b9cf774e56ea79f4f",
    "settings": {
      "fd_thres": 0.2,
      "testing": false
    },
    "software": "mriqc",
    "version": "22.0.1",
    "webapi_port": null,
    "webapi_url": "https://mriqc.nimh.nih.gov/api/v1"
  },
  "size_t": 185,
  "size_x": 64,
  "size_y": 64,
  "size_z": 35,
  "snr": 3.409208940870682,
  "spacing_tr": 2.0,
  "spacing_x": 4.0,
  "spacing_y": 4.0,
  "spacing_z": 4.0,
  "summary_bg_k": 74.78161645713344,
  "summary_bg_mad": 9.332380162752012,
  "summary_bg_mean": 41.09687423706055,
  "summary_bg_median": 7.1702704429626465,
  "summary_bg_n": 103174.0,
  "summary_bg_p05": 0.3513513505458832,
  "summary_bg_p95": 201.68757400512638,
  "summary_bg_stdv": 124.85714721679688,
  "summary_fg_k": 0.81933987844815,
  "summary_fg_mad": 617.1952501815881,
  "summary_fg_mean": 2541.592041015625,
  "summary_fg_median": 2408.89208984375,
  "summary_fg_n": 13358.0,
  "summary_fg_p05": 1610.7281127929687,
  "summary_fg_p95": 3913.617016601562,
  "summary_fg_stdv": 706.5574340820312,
  "tsnr": 111.62719867564738
}