{
  "aor": 0.001498864864864865,
  "aqi": 0.0008687868324324323,
  "bids_meta": {
    "AcquisitionDateTime": "2020-05-09T17:40:4.000000",
    "BodyPartExamined": "HEAD",
    "ConversionSoftware": "dcm2niix",
    "ConversionSoftwareVersion": "v1.0.20170411 GCC4.8.4",
    "Dcm2bidsVersion": "2.1.4",
    "EchoTime": 0.03,
    "FlipAngle": 90,
    "ImageType": [
      "ORIGINAL",
      "PRIMARY",
      "EPI",
      "NONE"
    ],
    "MagneticFieldStrength": 3,
    "Manufacturer": "GE",
    "ManufacturersModelName": "DISCOVERY_MR750",
    "ProtocolName": "tr_FMRI_1",
    "RepetitionTime": 2,
    "ScanningSequence": "EP_GR",
    "SequenceVariant": "SS",
    "SeriesDescription": "tr_FMRI_1",
    "SliceEncodingDirection": "k",
    "SliceTiming": [
      0.057142857,
      0.171428571,
      0.285714286,
      0.4,
      0.514285714,
      0.628571429,
      0.742857143,
      0.857142857,
      0.971428571,
      1.085714286,
      1.2,
      1.314285714,
      1.428571429,
      1.542857143,
      1.657142857,
      1.771428571,
      1.885714286,
      2.0,
      0.114285714,
      0.228571429,
      0.342857143,
      0.457142857,
      0.571428571,
      0.685714286,
      0.8,
      0.914285714,
      1.028571429,
      1.142857143,
      1.257142857,
      1.371428571,
      1.485714286,
      1.6,
      1.714285714,
      1.828571429,
      1.942857143
    ],
    "TaskName": "Emotional face perception",
    "dataset": "ds003548",
    "modality": "bold",
    "run_id": 1,
    "subject_id": "14",
    "task_id": "emotionalfaces"
  },
  "dummy_trs": 0,
  "dvars_nstd": 13.566290207880439,
  "dvars_std": 1.2695380019565214,
  "dvars_vstd": 1.0002922561956524,
  "efc": 0.3417960452926482,
  "fber": 124896.6640625,
  "fd_mean": 0.08229510274722551,
  "fd_num": 0,
  "fd_perc": 0.0,
  "fwhm_avg": 2.884608333333333,
  "fwhm_x": 2.794475,
  "fwhm_y": 2.92965,
  "fwhm_z": 2.9297,
  "gcor": 0.0444148,
  "gsr_x": -0.020445559173822403,
  "gsr_y": 0.004793875385075808,
  "provenance": {
    "md5sum": "35977fd98ac74586645588418dea9a97",
    "settings": {
      "fd_thres": 0.2,
      "testing": false
    },
    "software": "mriqc",
    "version": "22.0.1",
    "webapi_port": null,
    "webapi_url": "https://mriqc.nimh.nih.gov/api/v1"
  },
  "size_t": 185,
  "size_x": 64,
  "size_y": 64,
  "size_z": 35,
  "snr": 3.310655047188429,
  "spacing_tr": 2.0,
  "spacing_x": 4.0,
  "spacing_y": 4.0,
  "spacing_z": 4.0,
  "summary_bg_k": 72.60609207482837,
  "summary_bg_mad": 9.328373026073427,
  "summary_bg_mean": 40.70395278930664,
  "summary_bg_median": 7.1621623039245605,
  "summary_bg_n": 102825.0,
  "summary_bg_p05": 0.3729729950428009,
  "summary_bg_p95": 201.15784301757756,
  "summary_bg_stdv": 121.20664978027344,
  "summary_fg_k": 0.8522952489177169,
  "summary_fg_mad": 634.5217157566433,
  "summary_fg_mean": 2542.072265625,
  "summary_fg_median": 2401.52978515625,
  "summary_fg_n": 13547.0,
  "summary_fg_p05": 1599.85576171875,
  "summary_fg_p95": 3960.5995605468747,
  "summary_fg_stdv": 725.3673706054688,
  "tsnr": 132.14498554170132
}