{
  "aor": 0.0010290810810810811,
  "aqi": 0.0017202338216216217,
  "bids_meta": {
    "AcquisitionDateTime": "2020-05-09T18:12:27.000000",
    "BodyPartExamined": "HEAD",
    "ConversionSoftware": "dcm2niix",
    "ConversionSoftwareVersion": "v1.0.20170411 GCC4.8.4",
    "Dcm2bidsVersion": "2.1.4",
    "EchoTime": 0.03,
    "FlipAngle": 90,
    "ImageType": [
      "ORIGINAL",
      "PRIMARY",
      "EPI",
      "NONE"
    ],
    "MagneticFieldStrength": 3,
    "Manufacturer": "GE",
    "ManufacturersModelName": "DISCOVERY_MR750",
    "ProtocolName": "tr_FMRI_5",
    "RepetitionTime": 2,
    "ScanningSequence": "EP_GR",
    "SequenceVariant": "SS",
    "SeriesDescription": "tr_FMRI_5",
    "SliceEncodingDirection": "k",
    "SliceTiming": [
      0.057142857,
      0.171428571,
      0.285714286,
      0.4,
      0.514285714,
      0.628571429,
      0.742857143,
      0.857142857,
      0.971428571,
      1.085714286,
      1.2,
      1.314285714,
      1.428571429,
      1.542857143,
      1.657142857,
      1.771428571,
      1.885714286,
      2.0,
      0.114285714,
      0.228571429,
      0.342857143,
      0.457142857,
      0.571428571,
      0.685714286,
      0.8,
      0.914285714,
      1.028571429,
      1.142857143,
      1.257142857,
      1.371428571,
      1.485714286,
      1.6,
      1.714285714,
      1.828571429,
      1.942857143
    ],
    "TaskName": "Emotional face perception",
    "dataset": "ds003548",
    "modality": "bold",
    "run_id": 5,
    "subject_id": "14",
    "task_id": "emotionalfaces"
  },
  "dummy_trs": 0,
  "dvars_nstd": 13.869420513043481,
  "dvars_std": 1.1699534524456532,
  "dvars_vstd": 0.9589766309782604,
  "efc": 0.3419339325428065,
  "fber": 127352.8203125,
  "fd_mean": 0.10824612608921468,
  "fd_num": 14,
  "fd_perc": 7.5675675675675675,
  "fwhm_avg": 2.88975,
  "fwhm_x": 2.772225,
  "fwhm_y": 2.892425,
  "fwhm_z": 3.0046,
  "gcor": 0.0668917,
  "gsr_x": -0.019948329776525497,
  "gsr_y": 0.004875379614531994,
  "provenance": {
    "md5sum": "3f9d02a1ba9e71dc3f33d923f9a2d232",
    "settings": {
      "fd_thres": 0.2,
      "testing": false
    },
    "software": "mriqc",
    "version": "22.0.1",
    "webapi_port": null,
    "webapi_url": "https://mriqc.nimh.nih.gov/api/v1"
  },
  "size_t": 185,
  "size_x": 64,
  "size_y": 64,
  "size_z": 35,
  "snr": 3.3351301038513346,
  "spacing_tr": 2.0,
  "spacing_x": 4.0,
  "spacing_y": 4.0,
  "spacing_z": 4.0,
  "summary_bg_k": 76.66216122629808,
  "summary_bg_mad": 9.208162372145054,
  "summary_bg_mean": 40.984222412109375,
  "summary_bg_median": 7.091892242431641,
  "summary_bg_n": 102816.0,
  "summary_bg_p05": 0.3837837874889374,
  "summary_bg_p95": 203.7608184814453,
  "summary_bg_stdv": 124.1903305053711,
  "summary_fg_k": 0.9127452116584256,
  "summary_fg_mad": 627.4212600878652,
  "summary_fg_mean": 2535.386474609375,
  "summary_fg_median": 2399.5732421875,
  "summary_fg_n": 13572.0,
  "summary_fg_p05": 1596.5824279785156,
  "summary_fg_p95": 3931.625451660156,
  "summary_fg_stdv": 719.4576416015625,
  "tsnr": 100.50753937661648
}