{
  "aor": 0.0008830333333333335,
  "aqi": 0.0036464741333333338,
  "bids_meta": {
    "AcquisitionDateTime": "2020-05-09T17:29:13.000000",
    "BodyPartExamined": "HEAD",
    "ConversionSoftware": "dcm2niix",
    "ConversionSoftwareVersion": "v1.0.20170411 GCC4.8.4",
    "Dcm2bidsVersion": "2.1.4",
    "EchoTime": 0.04,
    "FlipAngle": 90,
    "ImageType": [
      "ORIGINAL",
      "PRIMARY",
      "EPI",
      "NONE"
    ],
    "MagneticFieldStrength": 3,
    "Manufacturer": "GE",
    "ManufacturersModelName": "DISCOVERY_MR750",
    "ProtocolName": "fMRI_RestState",
    "RepetitionTime": 2,
    "ScanningSequence": "EP_GR",
    "SequenceVariant": "SS",
    "SeriesDescription": "fMRI_RestState",
    "SliceEncodingDirection": "k",
    "SliceTiming": [
      0.057142857,
      0.171428571,
      0.285714286,
      0.4,
      0.514285714,
      0.628571429,
      0.742857143,
      0.857142857,
      0.971428571,
      1.085714286,
      1.2,
      1.314285714,
      1.428571429,
      1.542857143,
      1.657142857,
      1.771428571,
      1.885714286,
      2.0,
      0.114285714,
      0.228571429,
      0.342857143,
      0.457142857,
      0.571428571,
      0.685714286,
      0.8,
      0.914285714,
      1.028571429,
      1.142857143,
      1.257142857,
      1.371428571,
      1.485714286,
      1.6,
      1.714285714,
      1.828571429,
      1.942857143
    ],
    "TaskName": "Resting state, awake, closed eyes",
    "dataset": "ds003548",
    "modality": "bold",
    "subject_id": "14",
    "task_id": "rest"
  },
  "dummy_trs": 0,
  "dvars_nstd": 16.86005902682274,
  "dvars_std": 1.0921968022408026,
  "dvars_vstd": 0.9405048762541818,
  "efc": 0.3280131040468584,
  "fber": 100692.0703125,
  "fd_mean": 0.11643487364700678,
  "fd_num": 13,
  "fd_perc": 4.333333333333333,
  "fwhm_avg": 2.741375,
  "fwhm_x": 2.63775,
  "fwhm_y": 2.844375,
  "fwhm_z": 2.742,
  "gcor": 0.0515351,
  "gsr_x": -0.019004706293344498,
  "gsr_y": 0.006603911053389311,
  "provenance": {
    "md5sum": "e83dac4e59591178da4781d5b586293e",
    "settings": {
      "fd_thres": 0.2,
      "testing": false
    },
    "software": "mriqc",
    "version": "22.0.1",
    "webapi_port": null,
    "webapi_url": "https://mriqc.nimh.nih.gov/api/v1"
  },
  "size_t": 300,
  "size_x": 64,
  "size_y": 64,
  "size_z": 35,
  "snr": 3.3700651508076853,
  "spacing_tr": 2.0,
  "spacing_x": 4.0,
  "spacing_y": 4.0,
  "spacing_z": 4.0,
  "summary_bg_k": 112.80067524317316,
  "summary_bg_mad": 8.411296517982331,
  "summary_bg_mean": 29.867223739624023,
  "summary_bg_median": 6.526666641235352,
  "summary_bg_n": 104457.0,
  "summary_bg_p05": 0.2866666615009308,
  "summary_bg_p95": 123.80066986083983,
  "summary_bg_stdv": 92.60142517089844,
  "summary_fg_k": 0.9130471535068483,
  "summary_fg_mad": 492.6365748566275,
  "summary_fg_mean": 2033.1204833984375,
  "summary_fg_median": 1936.0733642578125,
  "summary_fg_n": 12330.0,
  "summary_fg_p05": 1256.5186706542968,
  "summary_fg_p95": 3124.6438720703118,
  "summary_fg_stdv": 574.4680786132812,
  "tsnr": 68.40338084008545
}