{
  "aor": 0.00047697297297297306,
  "aqi": 0.001239293789189189,
  "bids_meta": {
    "AcquisitionDateTime": "2020-05-09T17:57:40.000000",
    "BodyPartExamined": "HEAD",
    "ConversionSoftware": "dcm2niix",
    "ConversionSoftwareVersion": "v1.0.20170411 GCC4.8.4",
    "Dcm2bidsVersion": "2.1.4",
    "EchoTime": 0.03,
    "FlipAngle": 90,
    "ImageType": [
      "ORIGINAL",
      "PRIMARY",
      "EPI",
      "NONE"
    ],
    "MagneticFieldStrength": 3,
    "Manufacturer": "GE",
    "ManufacturersModelName": "DISCOVERY_MR750",
    "ProtocolName": "tr_FMRI_3",
    "RepetitionTime": 2,
    "ScanningSequence": "EP_GR",
    "SequenceVariant": "SS",
    "SeriesDescription": "tr_FMRI_3",
    "SliceEncodingDirection": "k",
    "SliceTiming": [
      0.057142857,
      0.171428571,
      0.285714286,
      0.4,
      0.514285714,
      0.628571429,
      0.742857143,
      0.857142857,
      0.971428571,
      1.085714286,
      1.2,
      1.314285714,
      1.428571429,
      1.542857143,
      1.657142857,
      1.771428571,
      1.885714286,
      2.0,
      0.114285714,
      0.228571429,
      0.342857143,
      0.457142857,
      0.571428571,
      0.685714286,
      0.8,
      0.914285714,
      1.028571429,
      1.142857143,
      1.257142857,
      1.371428571,
      1.485714286,
      1.6,
      1.714285714,
      1.828571429,
      1.942857143
    ],
    "TaskName": "Emotional face perception",
    "dataset": "ds003548",
    "modality": "bold",
    "run_id": 3,
    "subject_id": "14",
    "task_id": "emotionalfaces"
  },
  "dummy_trs": 0,
  "dvars_nstd": 14.43710686293478,
  "dvars_std": 1.219325476304348,
  "dvars_vstd": 0.9709363410869561,
  "efc": 0.34152461540832707,
  "fber": 126649.0,
  "fd_mean": 0.11527409483435364,
  "fd_num": 16,
  "fd_perc": 8.64864864864865,
  "fwhm_avg": 2.8473333333333333,
  "fwhm_x": 2.7385,
  "fwhm_y": 2.830775,
  "fwhm_z": 2.972725,
  "gcor": 0.0720211,
  "gsr_x": -0.020227747038006783,
  "gsr_y": 0.0043803188018500805,
  "provenance": {
    "md5sum": "dacb0980ee59f2b95785dfb05529d952",
    "settings": {
      "fd_thres": 0.2,
      "testing": false
    },
    "software": "mriqc",
    "version": "22.0.1",
    "webapi_port": null,
    "webapi_url": "https://mriqc.nimh.nih.gov/api/v1"
  },
  "size_t": 185,
  "size_x": 64,
  "size_y": 64,
  "size_z": 35,
  "snr": 3.3634024674902374,
  "spacing_tr": 2.0,
  "spacing_x": 4.0,
  "spacing_y": 4.0,
  "spacing_z": 4.0,
  "summary_bg_k": 74.42711124580896,
  "summary_bg_mad": 9.248232059901307,
  "summary_bg_mean": 41.23430633544922,
  "summary_bg_median": 7.108108043670654,
  "summary_bg_n": 102925.0,
  "summary_bg_p05": 0.36216217279434204,
  "summary_bg_p95": 203.90163269042867,
  "summary_bg_stdv": 125.46222686767578,
  "summary_fg_k": 0.8200521494372395,
  "summary_fg_mad": 622.8610637866341,
  "summary_fg_mean": 2544.52099609375,
  "summary_fg_median": 2406.891845703125,
  "summary_fg_n": 13467.0,
  "summary_fg_p05": 1613.0053955078126,
  "summary_fg_p95": 3929.4725585937485,
  "summary_fg_stdv": 715.5856323242188,
  "tsnr": 118.51251727156341
}