{
  "bids_meta": {
    "AcquisitionDateTime": "2019-11-21T20:08:51.000000",
    "BodyPartExamined": "HEAD",
    "ConversionSoftware": "dcm2niix",
    "ConversionSoftwareVersion": "v1.0.20170411 GCC4.8.4",
    "Dcm2bidsVersion": "2.1.4",
    "EchoTime": 0.101816,
    "FlipAngle": 142,
    "ImageType": [
      "ORIGINAL",
      "PRIMARY",
      "OTHER"
    ],
    "MagneticFieldStrength": 3,
    "Manufacturer": "GE",
    "ManufacturersModelName": "DISCOVERY_MR750",
    "ProtocolName": "Ax_T2_FSE",
    "RepetitionTime": 6.28,
    "ScanningSequence": "SE",
    "SequenceVariant": "SK",
    "SeriesDescription": "Ax_T2_FSE",
    "dataset": "ds003548",
    "modality": "T2w",
    "subject_id": "07"
  },
  "cjv": 0.47547313253127027,
  "cnr": 2.754398200874431,
  "efc": 0.5791227532393616,
  "fber": 8025.082012872144,
  "fwhm_avg": 5.605164166666667,
  "fwhm_x": 6.54172,
  "fwhm_y": 8.33694,
  "fwhm_z": 1.9368325,
  "icvs_csf": 0.15183504743982926,
  "icvs_gm": 0.3554636485909294,
  "icvs_wm": 0.49270130396924133,
  "inu_med": 1.056708812713623,
  "inu_range": 0.4642978608608246,
  "provenance": {
    "md5sum": "53c5a9844b9992710f902b05fd8dc098",
    "settings": {
      "testing": false
    },
    "software": "mriqc",
    "version": "22.0.1",
    "warnings": {
      "large_rot_frame": true,
      "small_air_mask": false
    },
    "webapi_port": null,
    "webapi_url": "https://mriqc.nimh.nih.gov/api/v1"
  },
  "qi_1": 0.0,
  "qi_2": 0.00041503518576383884,
  "rpve_csf": 29.38372167868177,
  "rpve_gm": 11.301726193613812,
  "rpve_wm": 9.735294466149831,
  "size_x": 512,
  "size_y": 512,
  "size_z": 35,
  "snr_csf": 2.3939566488223076,
  "snr_gm": 9.627278514990339,
  "snr_total": 6.75382092266529,
  "snr_wm": 8.240227604183223,
  "snrd_csf": 99.21152328792648,
  "snrd_gm": 57.391736347033195,
  "snrd_total": 64.33518786997526,
  "snrd_wm": 36.40230397496608,
  "spacing_x": 0.5,
  "spacing_y": 0.5,
  "spacing_z": 4.0,
  "summary_bg_k": 89.74487166978976,
  "summary_bg_mad": 19.00122442369795,
  "summary_bg_mean": 16.801797271733204,
  "summary_bg_median": 12.816131114959717,
  "summary_bg_n": 1434944.0,
  "summary_bg_p05": 0.0,
  "summary_bg_p95": 38.02118897438049,
  "summary_bg_stdv": 50.371310026119865,
  "summary_csf_k": -0.34038962844915366,
  "summary_csf_mad": 764.7359456390968,
  "summary_csf_mean": 2588.589063689401,
  "summary_csf_median": 2877.4777579307556,
  "summary_csf_n": 182376.0,
  "summary_csf_p05": 234.96240377426147,
  "summary_csf_p95": 4139.866672754288,
  "summary_csf_stdv": 1201.9724210439174,
  "summary_gm_k": 1.054757228051864,
  "summary_gm_mad": 163.15718038481972,
  "summary_gm_mean": 1688.3976957814093,
  "summary_gm_median": 1664.559109210968,
  "summary_gm_n": 332997.0,
  "summary_gm_p05": 1449.9999861717224,
  "summary_gm_p95": 2002.136002779007,
  "summary_gm_stdv": 172.90001605923658,
  "summary_wm_k": 0.4364548639355119,
  "summary_wm_mad": 126.2948050028457,
  "summary_wm_mean": 1062.4987281690555,
  "summary_wm_median": 1055.7928812503815,
  "summary_wm_n": 555871.0,
  "summary_wm_p05": 863.8926780223846,
  "summary_wm_p95": 1280.587821006775,
  "summary_wm_stdv": 128.12654968894356,
  "tpm_overlap_csf": 0.1562994847810676,
  "tpm_overlap_gm": 0.3821538637994482,
  "tpm_overlap_wm": 0.4585095992389673,
  "wm2max": 0.21886880218110172
}