{
  "aor": 0.0033675675675675677,
  "aqi": 0.001220719227027027,
  "bids_meta": {
    "AcquisitionDateTime": "2019-11-05T20:09:47.000000",
    "BodyPartExamined": "HEAD",
    "ConversionSoftware": "dcm2niix",
    "ConversionSoftwareVersion": "v1.0.20170411 GCC4.8.4",
    "Dcm2bidsVersion": "2.1.4",
    "EchoTime": 0.03,
    "FlipAngle": 90,
    "ImageType": [
      "ORIGINAL",
      "PRIMARY",
      "EPI",
      "NONE"
    ],
    "MagneticFieldStrength": 3,
    "Manufacturer": "GE",
    "ManufacturersModelName": "DISCOVERY_MR750",
    "ProtocolName": "tr_FMRI_5",
    "RepetitionTime": 2,
    "ScanningSequence": "EP_GR",
    "SequenceVariant": "SS",
    "SeriesDescription": "tr_FMRI_5",
    "SliceEncodingDirection": "k",
    "SliceTiming": [
      0.057142857,
      0.171428571,
      0.285714286,
      0.4,
      0.514285714,
      0.628571429,
      0.742857143,
      0.857142857,
      0.971428571,
      1.085714286,
      1.2,
      1.314285714,
      1.428571429,
      1.542857143,
      1.657142857,
      1.771428571,
      1.885714286,
      2.0,
      0.114285714,
      0.228571429,
      0.342857143,
      0.457142857,
      0.571428571,
      0.685714286,
      0.8,
      0.914285714,
      1.028571429,
      1.142857143,
      1.257142857,
      1.371428571,
      1.485714286,
      1.6,
      1.714285714,
      1.828571429,
      1.942857143
    ],
    "TaskName": "Emotional face perception",
    "dataset": "ds003548",
    "modality": "bold",
    "run_id": 5,
    "subject_id": "06",
    "task_id": "emotionalfaces"
  },
  "dummy_trs": 0,
  "dvars_nstd": 13.917063966956528,
  "dvars_std": 1.2565048898913038,
  "dvars_vstd": 1.027345683260869,
  "efc": 0.34619339406483046,
  "fber": 94979.1640625,
  "fd_mean": 0.06711287380657838,
  "fd_num": 3,
  "fd_perc": 1.6216216216216217,
  "fwhm_avg": 2.6374,
  "fwhm_x": 2.511975,
  "fwhm_y": 2.7495,
  "fwhm_z": 2.650725,
  "gcor": 0.0801601,
  "gsr_x": -0.009256848134100437,
  "gsr_y": -0.005166009068489075,
  "provenance": {
    "md5sum": "83cf4032387e80693f5e806556b0e9cd",
    "settings": {
      "fd_thres": 0.2,
      "testing": false
    },
    "software": "mriqc",
    "version": "22.0.1",
    "webapi_port": null,
    "webapi_url": "https://mriqc.nimh.nih.gov/api/v1"
  },
  "size_t": 185,
  "size_x": 64,
  "size_y": 64,
  "size_z": 35,
  "snr": 3.8366477150415883,
  "spacing_tr": 2.0,
  "spacing_x": 4.0,
  "spacing_y": 4.0,
  "spacing_z": 4.0,
  "summary_bg_k": 58.8427423851953,
  "summary_bg_mad": 11.159587917207881,
  "summary_bg_mean": 51.27811050415039,
  "summary_bg_median": 8.170270919799805,
  "summary_bg_n": 104372.0,
  "summary_bg_p05": 0.227027028799057,
  "summary_bg_p95": 243.02405929565427,
  "summary_bg_stdv": 155.43055725097656,
  "summary_fg_k": 0.29575147011544933,
  "summary_fg_mad": 541.0135305223017,
  "summary_fg_mean": 2450.885986328125,
  "summary_fg_median": 2354.61083984375,
  "summary_fg_n": 12613.0,
  "summary_fg_p05": 1577.409814453125,
  "summary_fg_p95": 3631.8962402343745,
  "summary_fg_stdv": 613.6913452148438,
  "tsnr": 114.27138193370774
}