{
  "aor": 0.0016595675675675676,
  "aqi": 0.0007747801135135135,
  "bids_meta": {
    "AcquisitionDateTime": "2019-10-02T18:34:46.000000",
    "BodyPartExamined": "HEAD",
    "ConversionSoftware": "dcm2niix",
    "ConversionSoftwareVersion": "v1.0.20170411 GCC4.8.4",
    "Dcm2bidsVersion": "2.1.4",
    "EchoTime": 0.03,
    "FlipAngle": 90,
    "ImageType": [
      "ORIGINAL",
      "PRIMARY",
      "EPI",
      "NONE"
    ],
    "MagneticFieldStrength": 3,
    "Manufacturer": "GE",
    "ManufacturersModelName": "DISCOVERY_MR750",
    "ProtocolName": "tr_FMRI_1",
    "RepetitionTime": 2,
    "ScanningSequence": "EP_GR",
    "SequenceVariant": "SS",
    "SeriesDescription": "tr_FMRI_1",
    "SliceEncodingDirection": "k",
    "SliceTiming": [
      0.057142857,
      0.171428571,
      0.285714286,
      0.4,
      0.514285714,
      0.628571429,
      0.742857143,
      0.857142857,
      0.971428571,
      1.085714286,
      1.2,
      1.314285714,
      1.428571429,
      1.542857143,
      1.657142857,
      1.771428571,
      1.885714286,
      2.0,
      0.114285714,
      0.228571429,
      0.342857143,
      0.457142857,
      0.571428571,
      0.685714286,
      0.8,
      0.914285714,
      1.028571429,
      1.142857143,
      1.257142857,
      1.371428571,
      1.485714286,
      1.6,
      1.714285714,
      1.828571429,
      1.942857143
    ],
    "TaskName": "Emotional face perception",
    "dataset": "ds003548",
    "modality": "bold",
    "run_id": 1,
    "subject_id": "01",
    "task_id": "emotionalfaces"
  },
  "dummy_trs": 0,
  "dvars_nstd": 11.30329622369565,
  "dvars_std": 1.2260500042934779,
  "dvars_vstd": 1.0122590123369561,
  "efc": 0.3674887737516022,
  "fber": 103224.5,
  "fd_mean": 0.047219101913084885,
  "fd_num": 0,
  "fd_perc": 0.0,
  "fwhm_avg": 2.898725,
  "fwhm_x": 2.78935,
  "fwhm_y": 2.903325,
  "fwhm_z": 3.0035,
  "gcor": 0.125679,
  "gsr_x": -0.0022981588263064623,
  "gsr_y": 0.0026239219587296247,
  "provenance": {
    "md5sum": "5705154c2c63497223dbab85fe680428",
    "settings": {
      "fd_thres": 0.2,
      "testing": false
    },
    "software": "mriqc",
    "version": "22.0.1",
    "webapi_port": null,
    "webapi_url": "https://mriqc.nimh.nih.gov/api/v1"
  },
  "size_t": 185,
  "size_x": 64,
  "size_y": 64,
  "size_z": 35,
  "snr": 3.327418033408592,
  "spacing_tr": 2.0,
  "spacing_x": 4.0,
  "spacing_y": 4.0,
  "spacing_z": 4.0,
  "summary_bg_k": 57.30653107087646,
  "summary_bg_mad": 11.420044024757766,
  "summary_bg_mean": 59.0638313293457,
  "summary_bg_median": 8.23243236541748,
  "summary_bg_n": 100725.0,
  "summary_bg_p05": 0.15135136246681213,
  "summary_bg_p95": 296.66812133789017,
  "summary_bg_stdv": 188.6847686767578,
  "summary_fg_k": 0.4594330021512518,
  "summary_fg_mad": 652.9422158056813,
  "summary_fg_mean": 2648.21875,
  "summary_fg_median": 2511.6162109375,
  "summary_fg_n": 15140.0,
  "summary_fg_p05": 1608.3297119140625,
  "summary_fg_p95": 4119.121337890625,
  "summary_fg_stdv": 754.7994384765625,
  "tsnr": 133.93836773000658
}