{
  "aor": 0.0013327027027027027,
  "aqi": 0.0008970073945945946,
  "bids_meta": {
    "AcquisitionDateTime": "2019-10-02T18:54:34.000000",
    "BodyPartExamined": "HEAD",
    "ConversionSoftware": "dcm2niix",
    "ConversionSoftwareVersion": "v1.0.20170411 GCC4.8.4",
    "Dcm2bidsVersion": "2.1.4",
    "EchoTime": 0.03,
    "FlipAngle": 90,
    "ImageType": [
      "ORIGINAL",
      "PRIMARY",
      "EPI",
      "NONE"
    ],
    "MagneticFieldStrength": 3,
    "Manufacturer": "GE",
    "ManufacturersModelName": "DISCOVERY_MR750",
    "ProtocolName": "tr_FMRI_3",
    "RepetitionTime": 2,
    "ScanningSequence": "EP_GR",
    "SequenceVariant": "SS",
    "SeriesDescription": "tr_FMRI_3",
    "SliceEncodingDirection": "k",
    "SliceTiming": [
      0.057142857,
      0.171428571,
      0.285714286,
      0.4,
      0.514285714,
      0.628571429,
      0.742857143,
      0.857142857,
      0.971428571,
      1.085714286,
      1.2,
      1.314285714,
      1.428571429,
      1.542857143,
      1.657142857,
      1.771428571,
      1.885714286,
      2.0,
      0.114285714,
      0.228571429,
      0.342857143,
      0.457142857,
      0.571428571,
      0.685714286,
      0.8,
      0.914285714,
      1.028571429,
      1.142857143,
      1.257142857,
      1.371428571,
      1.485714286,
      1.6,
      1.714285714,
      1.828571429,
      1.942857143
    ],
    "TaskName": "Emotional face perception",
    "dataset": "ds003548",
    "modality": "bold",
    "run_id": 3,
    "subject_id": "01",
    "task_id": "emotionalfaces"
  },
  "dummy_trs": 0,
  "dvars_nstd": 11.672146932282613,
  "dvars_std": 1.2460563571739132,
  "dvars_vstd": 1.0080606356521742,
  "efc": 0.36742346874241927,
  "fber": 101265.2890625,
  "fd_mean": 0.05248197789460254,
  "fd_num": 1,
  "fd_perc": 0.5405405405405406,
  "fwhm_avg": 2.8760666666666665,
  "fwhm_x": 2.744375,
  "fwhm_y": 2.896075,
  "fwhm_z": 2.98775,
  "gcor": 0.0927185,
  "gsr_x": -0.0019722350407391787,
  "gsr_y": 0.0025337946135550737,
  "provenance": {
    "md5sum": "edf27c271adc760e31b8e4741c3850ea",
    "settings": {
      "fd_thres": 0.2,
      "testing": false
    },
    "software": "mriqc",
    "version": "22.0.1",
    "webapi_port": null,
    "webapi_url": "https://mriqc.nimh.nih.gov/api/v1"
  },
  "size_t": 185,
  "size_x": 64,
  "size_y": 64,
  "size_z": 35,
  "snr": 3.333288356173938,
  "spacing_tr": 2.0,
  "spacing_x": 4.0,
  "spacing_y": 4.0,
  "spacing_z": 4.0,
  "summary_bg_k": 59.49425074386244,
  "summary_bg_mad": 11.412029928140555,
  "summary_bg_mean": 57.933963775634766,
  "summary_bg_median": 8.23243236541748,
  "summary_bg_n": 100617.0,
  "summary_bg_p05": 0.17297297716140747,
  "summary_bg_p95": 285.61730957031216,
  "summary_bg_stdv": 186.77401733398438,
  "summary_fg_k": 0.48393267112168203,
  "summary_fg_mad": 649.8126799704274,
  "summary_fg_mean": 2634.714111328125,
  "summary_fg_median": 2499.410888671875,
  "summary_fg_n": 15161.0,
  "summary_fg_p05": 1607.1351318359375,
  "summary_fg_p95": 4092.789306640625,
  "summary_fg_stdv": 749.8086547851562,
  "tsnr": 129.10646773315966
}