{
  "aor": 0.0010711351351351353,
  "aqi": 0.0008578578108108107,
  "bids_meta": {
    "AcquisitionDateTime": "2019-10-02T18:45:53.000000",
    "BodyPartExamined": "HEAD",
    "ConversionSoftware": "dcm2niix",
    "ConversionSoftwareVersion": "v1.0.20170411 GCC4.8.4",
    "Dcm2bidsVersion": "2.1.4",
    "EchoTime": 0.03,
    "FlipAngle": 90,
    "ImageType": [
      "ORIGINAL",
      "PRIMARY",
      "EPI",
      "NONE"
    ],
    "MagneticFieldStrength": 3,
    "Manufacturer": "GE",
    "ManufacturersModelName": "DISCOVERY_MR750",
    "ProtocolName": "tr_FMRI_2",
    "RepetitionTime": 2,
    "ScanningSequence": "EP_GR",
    "SequenceVariant": "SS",
    "SeriesDescription": "tr_FMRI_2",
    "SliceEncodingDirection": "k",
    "SliceTiming": [
      0.057142857,
      0.171428571,
      0.285714286,
      0.4,
      0.514285714,
      0.628571429,
      0.742857143,
      0.857142857,
      0.971428571,
      1.085714286,
      1.2,
      1.314285714,
      1.428571429,
      1.542857143,
      1.657142857,
      1.771428571,
      1.885714286,
      2.0,
      0.114285714,
      0.228571429,
      0.342857143,
      0.457142857,
      0.571428571,
      0.685714286,
      0.8,
      0.914285714,
      1.028571429,
      1.142857143,
      1.257142857,
      1.371428571,
      1.485714286,
      1.6,
      1.714285714,
      1.828571429,
      1.942857143
    ],
    "TaskName": "Emotional face perception",
    "dataset": "ds003548",
    "modality": "bold",
    "run_id": 2,
    "subject_id": "01",
    "task_id": "emotionalfaces"
  },
  "dummy_trs": 0,
  "dvars_nstd": 11.753993226413046,
  "dvars_std": 1.2285468486413038,
  "dvars_vstd": 0.993500296358696,
  "efc": 0.367366309888228,
  "fber": 103025.7421875,
  "fd_mean": 0.048179289464936985,
  "fd_num": 0,
  "fd_perc": 0.0,
  "fwhm_avg": 2.899941666666667,
  "fwhm_x": 2.79305,
  "fwhm_y": 2.89285,
  "fwhm_z": 3.013925,
  "gcor": 0.081223,
  "gsr_x": -0.0022203419357538223,
  "gsr_y": 0.002753067761659622,
  "provenance": {
    "md5sum": "9e3ae6d6b9dafff4925630b7341ab7ed",
    "settings": {
      "fd_thres": 0.2,
      "testing": false
    },
    "software": "mriqc",
    "version": "22.0.1",
    "webapi_port": null,
    "webapi_url": "https://mriqc.nimh.nih.gov/api/v1"
  },
  "size_t": 185,
  "size_x": 64,
  "size_y": 64,
  "size_z": 35,
  "snr": 3.3080576669181316,
  "spacing_tr": 2.0,
  "spacing_x": 4.0,
  "spacing_y": 4.0,
  "spacing_z": 4.0,
  "summary_bg_k": 59.86809392798874,
  "summary_bg_mad": 11.383980589980313,
  "summary_bg_mean": 58.650047302246094,
  "summary_bg_median": 8.208107948303223,
  "summary_bg_n": 100684.0,
  "summary_bg_p05": 0.1621621698141098,
  "summary_bg_p95": 294.5889282226559,
  "summary_bg_stdv": 188.01788330078125,
  "summary_fg_k": 0.49829686532843986,
  "summary_fg_mad": 654.8935606689536,
  "summary_fg_mean": 2649.061767578125,
  "summary_fg_median": 2513.22705078125,
  "summary_fg_n": 15199.0,
  "summary_fg_p05": 1604.8438720703125,
  "summary_fg_p95": 4132.332617187499,
  "summary_fg_stdv": 759.7039184570312,
  "tsnr": 129.59863427560776
}