{
  "aor": 0.008293733333333332,
  "aqi": 0.00338547654,
  "bids_meta": {
    "AcquisitionDateTime": "2019-10-02T18:22:12.000000",
    "BodyPartExamined": "HEAD",
    "ConversionSoftware": "dcm2niix",
    "ConversionSoftwareVersion": "v1.0.20170411 GCC4.8.4",
    "Dcm2bidsVersion": "2.1.4",
    "EchoTime": 0.04,
    "FlipAngle": 90,
    "ImageType": [
      "ORIGINAL",
      "PRIMARY",
      "EPI",
      "NONE"
    ],
    "MagneticFieldStrength": 3,
    "Manufacturer": "GE",
    "ManufacturersModelName": "DISCOVERY_MR750",
    "ProtocolName": "fMRI_RestState",
    "RepetitionTime": 2,
    "ScanningSequence": "EP_GR",
    "SequenceVariant": "SS",
    "SeriesDescription": "fMRI_RestState",
    "SliceEncodingDirection": "k",
    "SliceTiming": [
      0.057142857,
      0.171428571,
      0.285714286,
      0.4,
      0.514285714,
      0.628571429,
      0.742857143,
      0.857142857,
      0.971428571,
      1.085714286,
      1.2,
      1.314285714,
      1.428571429,
      1.542857143,
      1.657142857,
      1.771428571,
      1.885714286,
      2.0,
      0.114285714,
      0.228571429,
      0.342857143,
      0.457142857,
      0.571428571,
      0.685714286,
      0.8,
      0.914285714,
      1.028571429,
      1.142857143,
      1.257142857,
      1.371428571,
      1.485714286,
      1.6,
      1.714285714,
      1.828571429,
      1.942857143
    ],
    "TaskName": "Resting state, awake, closed eyes",
    "dataset": "ds003548",
    "modality": "bold",
    "subject_id": "01",
    "task_id": "rest"
  },
  "dummy_trs": 0,
  "dvars_nstd": 13.531155165384618,
  "dvars_std": 1.2103598510367897,
  "dvars_vstd": 1.0129370073913047,
  "efc": 0.3514202929536605,
  "fber": 81613.1875,
  "fd_mean": 0.055795282240425764,
  "fd_num": 0,
  "fd_perc": 0.0,
  "fwhm_avg": 2.7242833333333336,
  "fwhm_x": 2.652525,
  "fwhm_y": 2.81895,
  "fwhm_z": 2.701375,
  "gcor": 0.0531819,
  "gsr_x": -0.0034746385645121336,
  "gsr_y": 0.004783071577548981,
  "provenance": {
    "md5sum": "dc64c11f4fb1eafd0b7a9973bf9e4b8b",
    "settings": {
      "fd_thres": 0.2,
      "testing": false
    },
    "software": "mriqc",
    "version": "22.0.1",
    "webapi_port": null,
    "webapi_url": "https://mriqc.nimh.nih.gov/api/v1"
  },
  "size_t": 300,
  "size_x": 64,
  "size_y": 64,
  "size_z": 35,
  "snr": 3.5077772374950427,
  "spacing_tr": 2.0,
  "spacing_x": 4.0,
  "spacing_y": 4.0,
  "spacing_z": 4.0,
  "summary_bg_k": 85.66168694292385,
  "summary_bg_mad": 10.338679684823546,
  "summary_bg_mean": 38.814476013183594,
  "summary_bg_median": 7.576666831970215,
  "summary_bg_n": 102214.0,
  "summary_bg_p05": 0.1666666716337204,
  "summary_bg_p95": 174.82467498779286,
  "summary_bg_stdv": 119.53866577148438,
  "summary_fg_k": 0.32783411812307817,
  "summary_fg_mad": 513.341245144894,
  "summary_fg_mean": 2168.313720703125,
  "summary_fg_median": 2060.501708984375,
  "summary_fg_n": 13772.0,
  "summary_fg_p05": 1344.2477294921875,
  "summary_fg_p95": 3281.510888671875,
  "summary_fg_stdv": 587.38818359375,
  "tsnr": 79.41861612140201
}