{
  "aor": 0.0008415675675675676,
  "aqi": 0.0010442754756756758,
  "bids_meta": {
    "AcquisitionDateTime": "2019-10-02T19:04:27.000000",
    "BodyPartExamined": "HEAD",
    "ConversionSoftware": "dcm2niix",
    "ConversionSoftwareVersion": "v1.0.20170411 GCC4.8.4",
    "Dcm2bidsVersion": "2.1.4",
    "EchoTime": 0.03,
    "FlipAngle": 90,
    "ImageType": [
      "ORIGINAL",
      "PRIMARY",
      "EPI",
      "NONE"
    ],
    "MagneticFieldStrength": 3,
    "Manufacturer": "GE",
    "ManufacturersModelName": "DISCOVERY_MR750",
    "ProtocolName": "tr_FMRI_4",
    "RepetitionTime": 2,
    "ScanningSequence": "EP_GR",
    "SequenceVariant": "SS",
    "SeriesDescription": "tr_FMRI_4",
    "SliceEncodingDirection": "k",
    "SliceTiming": [
      0.057142857,
      0.171428571,
      0.285714286,
      0.4,
      0.514285714,
      0.628571429,
      0.742857143,
      0.857142857,
      0.971428571,
      1.085714286,
      1.2,
      1.314285714,
      1.428571429,
      1.542857143,
      1.657142857,
      1.771428571,
      1.885714286,
      2.0,
      0.114285714,
      0.228571429,
      0.342857143,
      0.457142857,
      0.571428571,
      0.685714286,
      0.8,
      0.914285714,
      1.028571429,
      1.142857143,
      1.257142857,
      1.371428571,
      1.485714286,
      1.6,
      1.714285714,
      1.828571429,
      1.942857143
    ],
    "TaskName": "Emotional face perception",
    "dataset": "ds003548",
    "modality": "bold",
    "run_id": 4,
    "subject_id": "01",
    "task_id": "emotionalfaces"
  },
  "dummy_trs": 0,
  "dvars_nstd": 11.64181290255435,
  "dvars_std": 1.1781917079891313,
  "dvars_vstd": 0.9709019458152174,
  "efc": 0.3674992008299915,
  "fber": 99526.671875,
  "fd_mean": 0.0570410905615006,
  "fd_num": 0,
  "fd_perc": 0.0,
  "fwhm_avg": 2.8855500000000003,
  "fwhm_x": 2.781375,
  "fwhm_y": 2.87735,
  "fwhm_z": 2.997925,
  "gcor": 0.0604352,
  "gsr_x": -0.001573116285726428,
  "gsr_y": 0.0021447159815579653,
  "provenance": {
    "md5sum": "ef990c357d99042bba87e2557cc3e01f",
    "settings": {
      "fd_thres": 0.2,
      "testing": false
    },
    "software": "mriqc",
    "version": "22.0.1",
    "webapi_port": null,
    "webapi_url": "https://mriqc.nimh.nih.gov/api/v1"
  },
  "size_t": 185,
  "size_x": 64,
  "size_y": 64,
  "size_z": 35,
  "snr": 3.2894424320808913,
  "spacing_tr": 2.0,
  "spacing_x": 4.0,
  "spacing_y": 4.0,
  "spacing_z": 4.0,
  "summary_bg_k": 58.11282057604173,
  "summary_bg_mad": 11.452100411226615,
  "summary_bg_mean": 58.555057525634766,
  "summary_bg_median": 8.259459495544434,
  "summary_bg_n": 100680.0,
  "summary_bg_p05": 0.1621621698141098,
  "summary_bg_p95": 291.65135345458924,
  "summary_bg_stdv": 187.99549865722656,
  "summary_fg_k": 0.49625283070813486,
  "summary_fg_mad": 647.7288564909508,
  "summary_fg_mean": 2622.051513671875,
  "summary_fg_median": 2485.513671875,
  "summary_fg_n": 15133.0,
  "summary_fg_p05": 1585.8962890625,
  "summary_fg_p95": 4098.26279296875,
  "summary_fg_stdv": 755.578369140625,
  "tsnr": 119.03518857294694
}