{
  "aor": 0.004634590163934427,
  "aqi": 0.0018275078469945352,
  "bids_meta": {
    "AcquisitionDateTime": "2020-02-25T18:59:13.000000",
    "BodyPartExamined": "HEAD",
    "ConversionSoftware": "dcm2niix",
    "ConversionSoftwareVersion": "v1.0.20170411 GCC4.8.4",
    "Dcm2bidsVersion": "2.1.4",
    "EchoTime": 0.03,
    "FlipAngle": 90,
    "ImageType": [
      "ORIGINAL",
      "PRIMARY",
      "EPI",
      "NONE"
    ],
    "MagneticFieldStrength": 3,
    "Manufacturer": "GE",
    "ManufacturersModelName": "DISCOVERY_MR750",
    "ProtocolName": "tr_FMRI_1",
    "RepetitionTime": 2,
    "ScanningSequence": "EP_GR",
    "SequenceVariant": "SS",
    "SeriesDescription": "tr_FMRI_1",
    "SliceEncodingDirection": "k",
    "SliceTiming": [
      0.057142857,
      0.171428571,
      0.285714286,
      0.4,
      0.514285714,
      0.628571429,
      0.742857143,
      0.857142857,
      0.971428571,
      1.085714286,
      1.2,
      1.314285714,
      1.428571429,
      1.542857143,
      1.657142857,
      1.771428571,
      1.885714286,
      2.0,
      0.114285714,
      0.228571429,
      0.342857143,
      0.457142857,
      0.571428571,
      0.685714286,
      0.8,
      0.914285714,
      1.028571429,
      1.142857143,
      1.257142857,
      1.371428571,
      1.485714286,
      1.6,
      1.714285714,
      1.828571429,
      1.942857143
    ],
    "TaskName": "Emotional face perception",
    "dataset": "ds003548",
    "modality": "bold",
    "run_id": 1,
    "subject_id": "08",
    "task_id": "emotionalfaces"
  },
  "dummy_trs": 2,
  "dvars_nstd": 12.256645328241753,
  "dvars_std": 1.0720024553296696,
  "dvars_vstd": 0.9872234482417581,
  "efc": 0.36370149052674317,
  "fber": 67589.9453125,
  "fd_mean": 0.07003068866661505,
  "fd_num": 5,
  "fd_perc": 2.73224043715847,
  "fwhm_avg": 2.876041666666667,
  "fwhm_x": 2.730675,
  "fwhm_y": 2.90485,
  "fwhm_z": 2.9926,
  "gcor": 0.0433204,
  "gsr_x": -0.003921345341950655,
  "gsr_y": 0.001572475885041058,
  "provenance": {
    "md5sum": "0dc730bb912752a993b3fa92128419b7",
    "settings": {
      "fd_thres": 0.2,
      "testing": false
    },
    "software": "mriqc",
    "version": "22.0.1",
    "webapi_port": null,
    "webapi_url": "https://mriqc.nimh.nih.gov/api/v1"
  },
  "size_t": 183,
  "size_x": 64,
  "size_y": 64,
  "size_z": 35,
  "snr": 3.4846742225458316,
  "spacing_tr": 2.0,
  "spacing_x": 4.0,
  "spacing_y": 4.0,
  "spacing_z": 4.0,
  "summary_bg_k": 70.79598065716837,
  "summary_bg_mad": 12.73579585878146,
  "summary_bg_mean": 53.82008743286133,
  "summary_bg_median": 9.20218563079834,
  "summary_bg_n": 101667.0,
  "summary_bg_p05": 0.17486338317394257,
  "summary_bg_p95": 249.3595596313476,
  "summary_bg_stdv": 157.07728576660156,
  "summary_fg_k": 0.8906288185266864,
  "summary_fg_mad": 581.892956634017,
  "summary_fg_mean": 2374.1748046875,
  "summary_fg_median": 2277.0654296875,
  "summary_fg_n": 14215.0,
  "summary_fg_p05": 1458.5207275390626,
  "summary_fg_p95": 3616.9398193359375,
  "summary_fg_stdv": 653.428466796875,
  "tsnr": 97.99813479185104
}