{
  "aor": 0.004586666666666666,
  "aqi": 0.0088612759,
  "bids_meta": {
    "AcquisitionDateTime": "2020-02-25T18:45:7.000000",
    "BodyPartExamined": "HEAD",
    "ConversionSoftware": "dcm2niix",
    "ConversionSoftwareVersion": "v1.0.20170411 GCC4.8.4",
    "Dcm2bidsVersion": "2.1.4",
    "EchoTime": 0.04,
    "FlipAngle": 90,
    "ImageType": [
      "ORIGINAL",
      "PRIMARY",
      "EPI",
      "NONE"
    ],
    "MagneticFieldStrength": 3,
    "Manufacturer": "GE",
    "ManufacturersModelName": "DISCOVERY_MR750",
    "ProtocolName": "fMRI_RestState",
    "RepetitionTime": 2,
    "ScanningSequence": "EP_GR",
    "SequenceVariant": "SS",
    "SeriesDescription": "fMRI_RestState",
    "SliceEncodingDirection": "k",
    "SliceTiming": [
      0.057142857,
      0.171428571,
      0.285714286,
      0.4,
      0.514285714,
      0.628571429,
      0.742857143,
      0.857142857,
      0.971428571,
      1.085714286,
      1.2,
      1.314285714,
      1.428571429,
      1.542857143,
      1.657142857,
      1.771428571,
      1.885714286,
      2.0,
      0.114285714,
      0.228571429,
      0.342857143,
      0.457142857,
      0.571428571,
      0.685714286,
      0.8,
      0.914285714,
      1.028571429,
      1.142857143,
      1.257142857,
      1.371428571,
      1.485714286,
      1.6,
      1.714285714,
      1.828571429,
      1.942857143
    ],
    "TaskName": "Resting state, awake, closed eyes",
    "dataset": "ds003548",
    "modality": "bold",
    "subject_id": "08",
    "task_id": "rest"
  },
  "dummy_trs": 0,
  "dvars_nstd": 14.143685516354523,
  "dvars_std": 0.9320241047157185,
  "dvars_vstd": 0.9065999529765878,
  "efc": 0.3487532146555506,
  "fber": 47754.13671875,
  "fd_mean": 0.0882329890234489,
  "fd_num": 22,
  "fd_perc": 7.333333333333333,
  "fwhm_avg": 2.7127583333333334,
  "fwhm_x": 2.68495,
  "fwhm_y": 2.82695,
  "fwhm_z": 2.626375,
  "gcor": 0.0219256,
  "gsr_x": -0.0034858749713748693,
  "gsr_y": 0.002740797819569707,
  "provenance": {
    "md5sum": "669af83d649014950410659c0dc77a59",
    "settings": {
      "fd_thres": 0.2,
      "testing": false
    },
    "software": "mriqc",
    "version": "22.0.1",
    "webapi_port": null,
    "webapi_url": "https://mriqc.nimh.nih.gov/api/v1"
  },
  "size_t": 300,
  "size_x": 64,
  "size_y": 64,
  "size_z": 35,
  "snr": 3.6157124093816218,
  "spacing_tr": 2.0,
  "spacing_x": 4.0,
  "spacing_y": 4.0,
  "spacing_z": 4.0,
  "summary_bg_k": 120.82464539838737,
  "summary_bg_mad": 12.083209017542428,
  "summary_bg_mean": 36.98956298828125,
  "summary_bg_median": 8.793334007263184,
  "summary_bg_n": 103182.0,
  "summary_bg_p05": 0.12333333492279053,
  "summary_bg_p95": 152.94517059326162,
  "summary_bg_stdv": 108.21592712402344,
  "summary_fg_k": 1.0106442660084136,
  "summary_fg_mad": 449.4062867432914,
  "summary_fg_mean": 1882.704833984375,
  "summary_fg_median": 1823.405029296875,
  "summary_fg_n": 13098.0,
  "summary_fg_p05": 1164.5186584472656,
  "summary_fg_p95": 2824.250280761719,
  "summary_fg_stdv": 504.2810974121094,
  "tsnr": 46.85569547326304
}