{
  "aor": 0.0021992432432432433,
  "aqi": 0.0014942601135135133,
  "bids_meta": {
    "AcquisitionDateTime": "2020-02-25T19:30:38.000000",
    "BodyPartExamined": "HEAD",
    "ConversionSoftware": "dcm2niix",
    "ConversionSoftwareVersion": "v1.0.20170411 GCC4.8.4",
    "Dcm2bidsVersion": "2.1.4",
    "EchoTime": 0.03,
    "FlipAngle": 90,
    "ImageType": [
      "ORIGINAL",
      "PRIMARY",
      "EPI",
      "NONE"
    ],
    "MagneticFieldStrength": 3,
    "Manufacturer": "GE",
    "ManufacturersModelName": "DISCOVERY_MR750",
    "ProtocolName": "tr_FMRI_5",
    "RepetitionTime": 2,
    "ScanningSequence": "EP_GR",
    "SequenceVariant": "SS",
    "SeriesDescription": "tr_FMRI_5",
    "SliceEncodingDirection": "k",
    "SliceTiming": [
      0.057142857,
      0.171428571,
      0.285714286,
      0.4,
      0.514285714,
      0.628571429,
      0.742857143,
      0.857142857,
      0.971428571,
      1.085714286,
      1.2,
      1.314285714,
      1.428571429,
      1.542857143,
      1.657142857,
      1.771428571,
      1.885714286,
      2.0,
      0.114285714,
      0.228571429,
      0.342857143,
      0.457142857,
      0.571428571,
      0.685714286,
      0.8,
      0.914285714,
      1.028571429,
      1.142857143,
      1.257142857,
      1.371428571,
      1.485714286,
      1.6,
      1.714285714,
      1.828571429,
      1.942857143
    ],
    "TaskName": "Emotional face perception",
    "dataset": "ds003548",
    "modality": "bold",
    "run_id": 5,
    "subject_id": "08",
    "task_id": "emotionalfaces"
  },
  "dummy_trs": 0,
  "dvars_nstd": 12.033200476195653,
  "dvars_std": 1.0971318703804347,
  "dvars_vstd": 1.0016400860869568,
  "efc": 0.362261060247273,
  "fber": 66721.90625,
  "fd_mean": 0.07649196517784651,
  "fd_num": 8,
  "fd_perc": 4.324324324324325,
  "fwhm_avg": 2.9384499999999996,
  "fwhm_x": 2.81675,
  "fwhm_y": 2.945175,
  "fwhm_z": 3.053425,
  "gcor": 0.0772087,
  "gsr_x": -0.0010059465421363711,
  "gsr_y": 0.0037274390924721956,
  "provenance": {
    "md5sum": "81cfd92278d3b27408529dbf404aa4af",
    "settings": {
      "fd_thres": 0.2,
      "testing": false
    },
    "software": "mriqc",
    "version": "22.0.1",
    "webapi_port": null,
    "webapi_url": "https://mriqc.nimh.nih.gov/api/v1"
  },
  "size_t": 185,
  "size_x": 64,
  "size_y": 64,
  "size_z": 35,
  "snr": 3.3705648620620234,
  "spacing_tr": 2.0,
  "spacing_x": 4.0,
  "spacing_y": 4.0,
  "spacing_z": 4.0,
  "summary_bg_k": 65.58126127829044,
  "summary_bg_mad": 12.566056041110013,
  "summary_bg_mean": 51.03670120239258,
  "summary_bg_median": 9.08648681640625,
  "summary_bg_n": 101551.0,
  "summary_bg_p05": 0.1459459513425827,
  "summary_bg_p95": 238.77838134765625,
  "summary_bg_stdv": 147.96180725097656,
  "summary_fg_k": 1.0016311134994442,
  "summary_fg_mad": 585.0749771669473,
  "summary_fg_mean": 2358.3349609375,
  "summary_fg_median": 2254.478515625,
  "summary_fg_n": 14388.0,
  "summary_fg_p05": 1436.1405944824219,
  "summary_fg_p95": 3637.7193359375,
  "summary_fg_stdv": 668.849365234375,
  "tsnr": 103.90941685903817
}