{
  "aor": 0.0019277297297297298,
  "aqi": 0.004567140648648649,
  "bids_meta": {
    "AcquisitionDateTime": "2020-02-25T19:23:4.000000",
    "BodyPartExamined": "HEAD",
    "ConversionSoftware": "dcm2niix",
    "ConversionSoftwareVersion": "v1.0.20170411 GCC4.8.4",
    "Dcm2bidsVersion": "2.1.4",
    "EchoTime": 0.03,
    "FlipAngle": 90,
    "ImageType": [
      "ORIGINAL",
      "PRIMARY",
      "EPI",
      "NONE"
    ],
    "MagneticFieldStrength": 3,
    "Manufacturer": "GE",
    "ManufacturersModelName": "DISCOVERY_MR750",
    "ProtocolName": "tr_FMRI_4",
    "RepetitionTime": 2,
    "ScanningSequence": "EP_GR",
    "SequenceVariant": "SS",
    "SeriesDescription": "tr_FMRI_4",
    "SliceEncodingDirection": "k",
    "SliceTiming": [
      0.057142857,
      0.171428571,
      0.285714286,
      0.4,
      0.514285714,
      0.628571429,
      0.742857143,
      0.857142857,
      0.971428571,
      1.085714286,
      1.2,
      1.314285714,
      1.428571429,
      1.542857143,
      1.657142857,
      1.771428571,
      1.885714286,
      2.0,
      0.114285714,
      0.228571429,
      0.342857143,
      0.457142857,
      0.571428571,
      0.685714286,
      0.8,
      0.914285714,
      1.028571429,
      1.142857143,
      1.257142857,
      1.371428571,
      1.485714286,
      1.6,
      1.714285714,
      1.828571429,
      1.942857143
    ],
    "TaskName": "Emotional face perception",
    "dataset": "ds003548",
    "modality": "bold",
    "run_id": 4,
    "subject_id": "08",
    "task_id": "emotionalfaces"
  },
  "dummy_trs": 0,
  "dvars_nstd": 12.308148731249997,
  "dvars_std": 0.9647191614130438,
  "dvars_vstd": 0.9082936210326088,
  "efc": 0.3631052462890557,
  "fber": 66706.140625,
  "fd_mean": 0.10190024039477412,
  "fd_num": 20,
  "fd_perc": 10.81081081081081,
  "fwhm_avg": 2.9663000000000004,
  "fwhm_x": 2.85795,
  "fwhm_y": 2.975725,
  "fwhm_z": 3.065225,
  "gcor": 0.0357628,
  "gsr_x": -0.00249312911182642,
  "gsr_y": 0.0031095182057470083,
  "provenance": {
    "md5sum": "09e1291fed81a25036809d673ba88228",
    "settings": {
      "fd_thres": 0.2,
      "testing": false
    },
    "software": "mriqc",
    "version": "22.0.1",
    "webapi_port": null,
    "webapi_url": "https://mriqc.nimh.nih.gov/api/v1"
  },
  "size_t": 185,
  "size_x": 64,
  "size_y": 64,
  "size_z": 35,
  "snr": 3.3852264294987977,
  "spacing_tr": 2.0,
  "spacing_x": 4.0,
  "spacing_y": 4.0,
  "spacing_z": 4.0,
  "summary_bg_k": 61.78105681633569,
  "summary_bg_mad": 12.75037902612619,
  "summary_bg_mean": 52.261070251464844,
  "summary_bg_median": 9.237837791442871,
  "summary_bg_n": 101624.0,
  "summary_bg_p05": 0.21621622145175934,
  "summary_bg_p95": 244.24379119873018,
  "summary_bg_stdv": 145.80010986328125,
  "summary_fg_k": 1.0572951320733628,
  "summary_fg_mad": 578.8841356034193,
  "summary_fg_mean": 2354.16455078125,
  "summary_fg_median": 2248.17578125,
  "summary_fg_n": 14226.0,
  "summary_fg_p05": 1441.9013977050781,
  "summary_fg_p95": 3630.3785400390625,
  "summary_fg_stdv": 664.0905151367188,
  "tsnr": 66.1482900113333
}