{
  "aor": 0.0011782702702702705,
  "aqi": 0.002004497772972973,
  "bids_meta": {
    "AcquisitionDateTime": "2020-02-25T19:07:21.000000",
    "BodyPartExamined": "HEAD",
    "ConversionSoftware": "dcm2niix",
    "ConversionSoftwareVersion": "v1.0.20170411 GCC4.8.4",
    "Dcm2bidsVersion": "2.1.4",
    "EchoTime": 0.03,
    "FlipAngle": 90,
    "ImageType": [
      "ORIGINAL",
      "PRIMARY",
      "EPI",
      "NONE"
    ],
    "MagneticFieldStrength": 3,
    "Manufacturer": "GE",
    "ManufacturersModelName": "DISCOVERY_MR750",
    "ProtocolName": "tr_FMRI_2",
    "RepetitionTime": 2,
    "ScanningSequence": "EP_GR",
    "SequenceVariant": "SS",
    "SeriesDescription": "tr_FMRI_2",
    "SliceEncodingDirection": "k",
    "SliceTiming": [
      0.057142857,
      0.171428571,
      0.285714286,
      0.4,
      0.514285714,
      0.628571429,
      0.742857143,
      0.857142857,
      0.971428571,
      1.085714286,
      1.2,
      1.314285714,
      1.428571429,
      1.542857143,
      1.657142857,
      1.771428571,
      1.885714286,
      2.0,
      0.114285714,
      0.228571429,
      0.342857143,
      0.457142857,
      0.571428571,
      0.685714286,
      0.8,
      0.914285714,
      1.028571429,
      1.142857143,
      1.257142857,
      1.371428571,
      1.485714286,
      1.6,
      1.714285714,
      1.828571429,
      1.942857143
    ],
    "TaskName": "Emotional face perception",
    "dataset": "ds003548",
    "modality": "bold",
    "run_id": 2,
    "subject_id": "08",
    "task_id": "emotionalfaces"
  },
  "dummy_trs": 0,
  "dvars_nstd": 12.257886213097827,
  "dvars_std": 1.045563065706522,
  "dvars_vstd": 0.9514797500543477,
  "efc": 0.36230985571567287,
  "fber": 68354.4453125,
  "fd_mean": 0.08095863294413856,
  "fd_num": 11,
  "fd_perc": 5.945945945945946,
  "fwhm_avg": 2.92685,
  "fwhm_x": 2.807625,
  "fwhm_y": 2.947025,
  "fwhm_z": 3.0259,
  "gcor": 0.0317386,
  "gsr_x": -0.002760781906545162,
  "gsr_y": 0.0033541996963322163,
  "provenance": {
    "md5sum": "0b58e118db040f9d98b03b9c859d346f",
    "settings": {
      "fd_thres": 0.2,
      "testing": false
    },
    "software": "mriqc",
    "version": "22.0.1",
    "webapi_port": null,
    "webapi_url": "https://mriqc.nimh.nih.gov/api/v1"
  },
  "size_t": 185,
  "size_x": 64,
  "size_y": 64,
  "size_z": 35,
  "snr": 3.4139571689956383,
  "spacing_tr": 2.0,
  "spacing_x": 4.0,
  "spacing_y": 4.0,
  "spacing_z": 4.0,
  "summary_bg_k": 66.0446999719934,
  "summary_bg_mad": 12.5580419444928,
  "summary_bg_mean": 50.93410110473633,
  "summary_bg_median": 9.08648681640625,
  "summary_bg_n": 101571.0,
  "summary_bg_p05": 0.1621621698141098,
  "summary_bg_p95": 235.31082153320312,
  "summary_bg_stdv": 146.60073852539062,
  "summary_fg_k": 1.06289856240985,
  "summary_fg_mad": 577.7059446314379,
  "summary_fg_mean": 2368.19921875,
  "summary_fg_median": 2262.0107421875,
  "summary_fg_n": 14264.0,
  "summary_fg_p05": 1452.4217102050782,
  "summary_fg_p95": 3644.582873535155,
  "summary_fg_stdv": 662.5541381835938,
  "tsnr": 94.60548836155795
}