{
  "aor": 0.0028295675675675674,
  "aqi": 0.0024961309891891894,
  "bids_meta": {
    "AcquisitionDateTime": "2020-03-12T20:58:59.000000",
    "BodyPartExamined": "HEAD",
    "ConversionSoftware": "dcm2niix",
    "ConversionSoftwareVersion": "v1.0.20170411 GCC4.8.4",
    "Dcm2bidsVersion": "2.1.4",
    "EchoTime": 0.03,
    "FlipAngle": 90,
    "ImageType": [
      "ORIGINAL",
      "PRIMARY",
      "EPI",
      "NONE"
    ],
    "MagneticFieldStrength": 3,
    "Manufacturer": "GE",
    "ManufacturersModelName": "DISCOVERY_MR750",
    "ProtocolName": "tr_FMRI_4",
    "RepetitionTime": 2,
    "ScanningSequence": "EP_GR",
    "SequenceVariant": "SS",
    "SeriesDescription": "tr_FMRI_4",
    "SliceEncodingDirection": "k",
    "SliceTiming": [
      0.057142857,
      0.171428571,
      0.285714286,
      0.4,
      0.514285714,
      0.628571429,
      0.742857143,
      0.857142857,
      0.971428571,
      1.085714286,
      1.2,
      1.314285714,
      1.428571429,
      1.542857143,
      1.657142857,
      1.771428571,
      1.885714286,
      2.0,
      0.114285714,
      0.228571429,
      0.342857143,
      0.457142857,
      0.571428571,
      0.685714286,
      0.8,
      0.914285714,
      1.028571429,
      1.142857143,
      1.257142857,
      1.371428571,
      1.485714286,
      1.6,
      1.714285714,
      1.828571429,
      1.942857143
    ],
    "TaskName": "Emotional face perception",
    "dataset": "ds003548",
    "modality": "bold",
    "run_id": 4,
    "subject_id": "10",
    "task_id": "emotionalfaces"
  },
  "dummy_trs": 0,
  "dvars_nstd": 13.420914429782615,
  "dvars_std": 1.0790052034782602,
  "dvars_vstd": 0.9640700527717389,
  "efc": 0.3361971929669003,
  "fber": 143178.921875,
  "fd_mean": 0.14641094857250977,
  "fd_num": 37,
  "fd_perc": 20.0,
  "fwhm_avg": 2.903617644501665,
  "fwhm_x": 2.68705,
  "fwhm_y": 2.9478,
  "fwhm_z": 3.076002933504995,
  "gcor": 0.123952,
  "gsr_x": -0.022221306338906288,
  "gsr_y": 0.006251235492527485,
  "provenance": {
    "md5sum": "b22b9fc87c197771cff026def5746c52",
    "settings": {
      "fd_thres": 0.2,
      "testing": false
    },
    "software": "mriqc",
    "version": "22.0.1",
    "webapi_port": null,
    "webapi_url": "https://mriqc.nimh.nih.gov/api/v1"
  },
  "size_t": 185,
  "size_x": 64,
  "size_y": 64,
  "size_z": 35,
  "snr": 3.3976685631633003,
  "spacing_tr": 2.0,
  "spacing_x": 4.0,
  "spacing_y": 4.0,
  "spacing_z": 3.9999961853027344,
  "summary_bg_k": 98.10703933173167,
  "summary_bg_mad": 9.224190211899563,
  "summary_bg_mean": 48.74400329589844,
  "summary_bg_median": 7.043243408203125,
  "summary_bg_n": 104275.0,
  "summary_bg_p05": 0.3351351320743561,
  "summary_bg_p95": 235.1886520385734,
  "summary_bg_stdv": 165.30909729003906,
  "summary_fg_k": 1.2759417151802186,
  "summary_fg_mad": 569.5273808796962,
  "summary_fg_mean": 2662.736083984375,
  "summary_fg_median": 2486.92431640625,
  "summary_fg_n": 12793.0,
  "summary_fg_p05": 1768.9578369140625,
  "summary_fg_p95": 4156.20126953125,
  "summary_fg_stdv": 731.921630859375,
  "tsnr": 84.8566307653673
}