{
  "aor": 0.009907297297297299,
  "aqi": 0.002892637286486486,
  "bids_meta": {
    "AcquisitionDateTime": "2020-03-12T20:42:21.000000",
    "BodyPartExamined": "HEAD",
    "ConversionSoftware": "dcm2niix",
    "ConversionSoftwareVersion": "v1.0.20170411 GCC4.8.4",
    "Dcm2bidsVersion": "2.1.4",
    "EchoTime": 0.03,
    "FlipAngle": 90,
    "ImageType": [
      "ORIGINAL",
      "PRIMARY",
      "EPI",
      "NONE"
    ],
    "MagneticFieldStrength": 3,
    "Manufacturer": "GE",
    "ManufacturersModelName": "DISCOVERY_MR750",
    "ProtocolName": "tr_FMRI_2",
    "RepetitionTime": 2,
    "ScanningSequence": "EP_GR",
    "SequenceVariant": "SS",
    "SeriesDescription": "tr_FMRI_2",
    "SliceEncodingDirection": "k",
    "SliceTiming": [
      0.057142857,
      0.171428571,
      0.285714286,
      0.4,
      0.514285714,
      0.628571429,
      0.742857143,
      0.857142857,
      0.971428571,
      1.085714286,
      1.2,
      1.314285714,
      1.428571429,
      1.542857143,
      1.657142857,
      1.771428571,
      1.885714286,
      2.0,
      0.114285714,
      0.228571429,
      0.342857143,
      0.457142857,
      0.571428571,
      0.685714286,
      0.8,
      0.914285714,
      1.028571429,
      1.142857143,
      1.257142857,
      1.371428571,
      1.485714286,
      1.6,
      1.714285714,
      1.828571429,
      1.942857143
    ],
    "TaskName": "Emotional face perception",
    "dataset": "ds003548",
    "modality": "bold",
    "run_id": 2,
    "subject_id": "10",
    "task_id": "emotionalfaces"
  },
  "dummy_trs": 0,
  "dvars_nstd": 13.179695673478262,
  "dvars_std": 1.0040054822826088,
  "dvars_vstd": 0.9370166391304342,
  "efc": 0.33990073371844537,
  "fber": 143308.6875,
  "fd_mean": 0.13337256414689264,
  "fd_num": 26,
  "fd_perc": 14.054054054054054,
  "fwhm_avg": 2.9341676519641737,
  "fwhm_x": 2.7355,
  "fwhm_y": 2.967525,
  "fwhm_z": 3.099477955892521,
  "gcor": 0.156478,
  "gsr_x": -0.023461798205971718,
  "gsr_y": 0.003757519880309701,
  "provenance": {
    "md5sum": "411684b70f0a354781907a477ad938df",
    "settings": {
      "fd_thres": 0.2,
      "testing": false
    },
    "software": "mriqc",
    "version": "22.0.1",
    "webapi_port": null,
    "webapi_url": "https://mriqc.nimh.nih.gov/api/v1"
  },
  "size_t": 185,
  "size_x": 64,
  "size_y": 64,
  "size_z": 35,
  "snr": 3.4983291912601016,
  "spacing_tr": 2.0,
  "spacing_x": 4.0,
  "spacing_y": 4.0,
  "spacing_z": 3.9999961853027344,
  "summary_bg_k": 87.93176718943516,
  "summary_bg_mad": 8.983768373822944,
  "summary_bg_mean": 50.8816032409668,
  "summary_bg_median": 6.945946216583252,
  "summary_bg_n": 104002.0,
  "summary_bg_p05": 0.4216216206550598,
  "summary_bg_p95": 246.95621643066403,
  "summary_bg_stdv": 172.00799560546875,
  "summary_fg_k": 1.2131557784620943,
  "summary_fg_mad": 565.9093753926179,
  "summary_fg_mean": 2627.6435546875,
  "summary_fg_median": 2475.3623046875,
  "summary_fg_n": 12916.0,
  "summary_fg_p05": 1736.1203002929688,
  "summary_fg_p95": 4053.3703002929688,
  "summary_fg_stdv": 707.5567626953125,
  "tsnr": 73.73173725418746
}