{
  "aor": 0.0015401999999999998,
  "aqi": 0.007561602666666666,
  "bids_meta": {
    "AcquisitionDateTime": "2020-03-12T20:21:13.000000",
    "BodyPartExamined": "HEAD",
    "ConversionSoftware": "dcm2niix",
    "ConversionSoftwareVersion": "v1.0.20170411 GCC4.8.4",
    "Dcm2bidsVersion": "2.1.4",
    "EchoTime": 0.04,
    "FlipAngle": 90,
    "ImageType": [
      "ORIGINAL",
      "PRIMARY",
      "EPI",
      "NONE"
    ],
    "MagneticFieldStrength": 3,
    "Manufacturer": "GE",
    "ManufacturersModelName": "DISCOVERY_MR750",
    "ProtocolName": "fMRI_RestState",
    "RepetitionTime": 2,
    "ScanningSequence": "EP_GR",
    "SequenceVariant": "SS",
    "SeriesDescription": "fMRI_RestState",
    "SliceEncodingDirection": "k",
    "SliceTiming": [
      0.057142857,
      0.171428571,
      0.285714286,
      0.4,
      0.514285714,
      0.628571429,
      0.742857143,
      0.857142857,
      0.971428571,
      1.085714286,
      1.2,
      1.314285714,
      1.428571429,
      1.542857143,
      1.657142857,
      1.771428571,
      1.885714286,
      2.0,
      0.114285714,
      0.228571429,
      0.342857143,
      0.457142857,
      0.571428571,
      0.685714286,
      0.8,
      0.914285714,
      1.028571429,
      1.142857143,
      1.257142857,
      1.371428571,
      1.485714286,
      1.6,
      1.714285714,
      1.828571429,
      1.942857143
    ],
    "TaskName": "Resting state, awake, closed eyes",
    "dataset": "ds003548",
    "modality": "bold",
    "subject_id": "10",
    "task_id": "rest"
  },
  "dummy_trs": 0,
  "dvars_nstd": 12.066627776722413,
  "dvars_std": 0.9441257142140466,
  "dvars_vstd": 0.8883006008361201,
  "efc": 0.32478665643932314,
  "fber": 117463.7578125,
  "fd_mean": 0.08185812001808859,
  "fd_num": 13,
  "fd_perc": 4.333333333333333,
  "fwhm_avg": 2.7373342244792536,
  "fwhm_x": 2.564625,
  "fwhm_y": 2.844075,
  "fwhm_z": 2.803302673437761,
  "gcor": 0.0815189,
  "gsr_x": -0.018595296889543533,
  "gsr_y": 0.0037370596546679735,
  "provenance": {
    "md5sum": "1f1f4e7333db412a7491466a882b71c3",
    "settings": {
      "fd_thres": 0.2,
      "testing": false
    },
    "software": "mriqc",
    "version": "22.0.1",
    "webapi_port": null,
    "webapi_url": "https://mriqc.nimh.nih.gov/api/v1"
  },
  "size_t": 300,
  "size_x": 64,
  "size_y": 64,
  "size_z": 35,
  "snr": 3.665354388202577,
  "spacing_tr": 2.0,
  "spacing_x": 4.0,
  "spacing_y": 4.0,
  "spacing_z": 3.9999961853027344,
  "summary_bg_k": 250.1142278529392,
  "summary_bg_mad": 8.356934841960761,
  "summary_bg_mean": 30.598896026611328,
  "summary_bg_median": 6.490000247955322,
  "summary_bg_n": 104957.0,
  "summary_bg_p05": 0.3199999928474426,
  "summary_bg_p95": 125.70800476074217,
  "summary_bg_stdv": 103.74734497070312,
  "summary_fg_k": 0.6961495820335561,
  "summary_fg_mad": 463.94337161855196,
  "summary_fg_mean": 2154.865478515625,
  "summary_fg_median": 2048.473388671875,
  "summary_fg_n": 12206.0,
  "summary_fg_p05": 1413.6792297363281,
  "summary_fg_p95": 3260.9218139648438,
  "summary_fg_stdv": 558.8516845703125,
  "tsnr": 50.24138746038079
}