{
  "bids_meta": {
    "AcquisitionDateTime": "2019-11-05T19:21:56.000000",
    "BodyPartExamined": "HEAD",
    "ConversionSoftware": "dcm2niix",
    "ConversionSoftwareVersion": "v1.0.20170411 GCC4.8.4",
    "Dcm2bidsVersion": "2.1.4",
    "EchoTime": 0.00302,
    "FlipAngle": 12,
    "ImageType": [
      "ORIGINAL",
      "PRIMARY",
      "OTHER"
    ],
    "InversionTime": 0.45,
    "MagneticFieldStrength": 3,
    "Manufacturer": "GE",
    "ManufacturersModelName": "DISCOVERY_MR750",
    "ProtocolName": "3D_Ax_T1_BRAVO",
    "RepetitionTime": 0.007788,
    "ScanningSequence": "GR",
    "SequenceVariant": "SS_SK",
    "SeriesDescription": "3D_Ax_T1_BRAVO",
    "dataset": "ds003548",
    "modality": "T1w",
    "subject_id": "06"
  },
  "cjv": 0.26781139720850305,
  "cnr": 4.933561869078973,
  "efc": 0.633803667596854,
  "fber": 1883.188681403529,
  "fwhm_avg": 8.385176700660622,
  "fwhm_x": 8.1218,
  "fwhm_y": 8.71331227839716,
  "fwhm_z": 8.320417823584705,
  "icvs_csf": 0.23906403749873062,
  "icvs_gm": 0.42833076379808827,
  "icvs_wm": 0.3326051987031811,
  "inu_med": 0.4127228111028671,
  "inu_range": 0.11397281289100647,
  "provenance": {
    "md5sum": "b4c62f7efc14f73c9cd947914f533216",
    "settings": {
      "testing": false
    },
    "software": "mriqc",
    "version": "22.0.1",
    "warnings": {
      "large_rot_frame": true,
      "small_air_mask": false
    },
    "webapi_port": null,
    "webapi_url": "https://mriqc.nimh.nih.gov/api/v1"
  },
  "qi_1": 6.488123247091578e-07,
  "qi_2": 0.00046924231648615004,
  "rpve_csf": 20.160904084308985,
  "rpve_gm": 11.529342329873717,
  "rpve_wm": 16.616671406433337,
  "size_x": 296,
  "size_y": 512,
  "size_z": 512,
  "snr_csf": 3.343860026857298,
  "snr_gm": 19.497173926977414,
  "snr_total": 16.08755716809468,
  "snr_wm": 25.421637550449326,
  "snrd_csf": 10.874967952552444,
  "snrd_gm": 27.668064316124664,
  "snrd_total": 25.726880986128133,
  "snrd_wm": 38.63761068970729,
  "spacing_x": 0.5,
  "spacing_y": 0.47850000858306885,
  "spacing_z": 0.47850000858306885,
  "summary_bg_k": 34.516936700575364,
  "summary_bg_mad": 16.95592380387244,
  "summary_bg_mean": 17.07191339417987,
  "summary_bg_median": 11.436596810817719,
  "summary_bg_n": 17730940.0,
  "summary_bg_p05": 0.0,
  "summary_bg_p95": 55.97913175821304,
  "summary_bg_stdv": 20.37832423291598,
  "summary_csf_k": 0.004651127452441894,
  "summary_csf_mad": 81.03146744166409,
  "summary_csf_mean": 280.5155607618501,
  "summary_csf_median": 281.46066677570343,
  "summary_csf_n": 969237.0,
  "summary_csf_p05": 137.07864809036255,
  "summary_csf_p95": 421.4686887860298,
  "summary_csf_stdv": 84.17233954710865,
  "summary_gm_k": -0.2840213692545208,
  "summary_gm_mad": 38.43342728877754,
  "summary_gm_mean": 716.3667561114893,
  "summary_gm_median": 716.0914739966393,
  "summary_gm_n": 1062267.0,
  "summary_gm_p05": 656.6612989902496,
  "summary_gm_p95": 776.7656297087669,
  "summary_gm_stdv": 36.72794527147327,
  "summary_wm_k": 0.8428991584587306,
  "summary_wm_mad": 37.60050471595573,
  "summary_wm_mean": 1001.871061609793,
  "summary_wm_median": 999.9999737739563,
  "summary_wm_n": 2095740.0,
  "summary_wm_p05": 940.9710828661919,
  "summary_wm_p95": 1068.9004535079002,
  "summary_wm_stdv": 39.33655859935136,
  "tpm_overlap_csf": 0.14169418148454904,
  "tpm_overlap_gm": 0.4485585850771045,
  "tpm_overlap_wm": 0.4936321625748135,
  "wm2max": 0.4180576758543173
}