{
  "bids_meta": {
    "AcquisitionDateTime": "2019-11-05T19:20:58.000000",
    "BodyPartExamined": "HEAD",
    "ConversionSoftware": "dcm2niix",
    "ConversionSoftwareVersion": "v1.0.20170411 GCC4.8.4",
    "Dcm2bidsVersion": "2.1.4",
    "EchoTime": 0.1014,
    "FlipAngle": 142,
    "ImageType": [
      "ORIGINAL",
      "PRIMARY",
      "OTHER"
    ],
    "MagneticFieldStrength": 3,
    "Manufacturer": "GE",
    "ManufacturersModelName": "DISCOVERY_MR750",
    "ProtocolName": "Ax_T2_FSE",
    "RepetitionTime": 6.255,
    "ScanningSequence": "SE",
    "SequenceVariant": "SK",
    "SeriesDescription": "Ax_T2_FSE",
    "dataset": "ds003548",
    "modality": "T2w",
    "subject_id": "06"
  },
  "cjv": 0.39644050121052615,
  "cnr": 1.6148625107905878,
  "efc": 0.5615573738812928,
  "fber": 8515.243101032342,
  "fwhm_avg": 5.490818333333333,
  "fwhm_x": 6.5701,
  "fwhm_y": 7.9932,
  "fwhm_z": 1.909155,
  "icvs_csf": 0.3037979729603033,
  "icvs_gm": 0.14946261480403156,
  "icvs_wm": 0.5467394122356651,
  "inu_med": 1.0188336372375488,
  "inu_range": 0.377799892425537,
  "provenance": {
    "md5sum": "e127508a6424ddf91abbc675461ca15f",
    "settings": {
      "testing": false
    },
    "software": "mriqc",
    "version": "22.0.1",
    "warnings": {
      "large_rot_frame": true,
      "small_air_mask": false
    },
    "webapi_port": null,
    "webapi_url": "https://mriqc.nimh.nih.gov/api/v1"
  },
  "qi_1": 0.0,
  "qi_2": 0.0002536808664424004,
  "rpve_csf": 14.275073259089027,
  "rpve_gm": 36.42076535389151,
  "rpve_wm": 10.521902257307238,
  "size_x": 512,
  "size_y": 512,
  "size_z": 35,
  "snr_csf": 8.087896485430639,
  "snr_gm": 2.5172081010725598,
  "snr_total": 6.067406917005094,
  "snr_wm": 7.597116164512086,
  "snrd_csf": 61.24647798150545,
  "snrd_gm": 102.49902963932253,
  "snrd_total": 66.66673752892814,
  "snrd_wm": 36.254704965956456,
  "spacing_x": 0.5,
  "spacing_y": 0.5,
  "spacing_z": 4.0,
  "summary_bg_k": 124.741920970565,
  "summary_bg_mad": 19.437371426294114,
  "summary_bg_mean": 14.149584255025665,
  "summary_bg_median": 13.110307797789574,
  "summary_bg_n": 1838274.0,
  "summary_bg_p05": 0.0,
  "summary_bg_p95": 31.042797774076462,
  "summary_bg_stdv": 41.41969973346896,
  "summary_csf_k": 0.4379862934186898,
  "summary_csf_mad": 218.9497011237728,
  "summary_csf_mean": 1848.254657830093,
  "summary_csf_median": 1817.1338687315583,
  "summary_csf_n": 232872.0,
  "summary_csf_p05": 1541.063939012587,
  "summary_csf_p95": 2261.7541349083185,
  "summary_csf_stdv": 224.67275272729466,
  "summary_gm_k": -0.24234196005677688,
  "summary_gm_mad": 629.703808793218,
  "summary_gm_mean": 2649.061713006825,
  "summary_gm_median": 3041.063982911408,
  "summary_gm_n": 155942.0,
  "summary_gm_p05": 222.2724597901106,
  "summary_gm_p95": 4016.501021705568,
  "summary_gm_stdv": 1208.1060087860167,
  "summary_wm_k": -0.33506044523362144,
  "summary_wm_mad": 149.46668372633061,
  "summary_wm_mean": 1091.4861768103347,
  "summary_wm_median": 1075.6480121910572,
  "summary_wm_n": 528693.0,
  "summary_wm_p05": 885.6992423161864,
  "summary_wm_p95": 1344.8614016249776,
  "summary_wm_stdv": 141.58622451296347,
  "tpm_overlap_csf": 0.11764915415795246,
  "tpm_overlap_gm": 0.11739145678386816,
  "tpm_overlap_wm": 0.4612591472249895,
  "wm2max": 0.24116706004270203
}