{
  "bids_meta": {
    "AcquisitionDateTime": "2019-11-05T18:01:37.000000",
    "BodyPartExamined": "HEAD",
    "ConversionSoftware": "dcm2niix",
    "ConversionSoftwareVersion": "v1.0.20170411 GCC4.8.4",
    "Dcm2bidsVersion": "2.1.4",
    "EchoTime": 0.00302,
    "FlipAngle": 12,
    "ImageType": [
      "ORIGINAL",
      "PRIMARY",
      "OTHER"
    ],
    "InversionTime": 0.45,
    "MagneticFieldStrength": 3,
    "Manufacturer": "GE",
    "ManufacturersModelName": "DISCOVERY_MR750",
    "ProtocolName": "3D_Ax_T1_BRAVO",
    "RepetitionTime": 0.007788,
    "ScanningSequence": "GR",
    "SequenceVariant": "SS_SK",
    "SeriesDescription": "3D_Ax_T1_BRAVO",
    "dataset": "ds003548",
    "modality": "T1w",
    "subject_id": "05"
  },
  "cjv": 0.26709444808439825,
  "cnr": 5.00219117696464,
  "efc": 0.664926112360996,
  "fber": 3124.351531013345,
  "fwhm_avg": 7.885700294346872,
  "fwhm_x": 7.64126,
  "fwhm_y": 8.17678146252481,
  "fwhm_z": 7.839059420515806,
  "icvs_csf": 0.24365824023775098,
  "icvs_gm": 0.4214247746677748,
  "icvs_wm": 0.33491698509447426,
  "inu_med": 0.401643306016922,
  "inu_range": 0.11830483973026273,
  "provenance": {
    "md5sum": "52be4c8aff3ab54b0e16d82e5b939f05",
    "settings": {
      "testing": false
    },
    "software": "mriqc",
    "version": "22.0.1",
    "warnings": {
      "large_rot_frame": true,
      "small_air_mask": false
    },
    "webapi_port": null,
    "webapi_url": "https://mriqc.nimh.nih.gov/api/v1"
  },
  "qi_1": 0.0,
  "qi_2": 0.0010071720797353273,
  "rpve_csf": 16.168772451537496,
  "rpve_gm": 9.503684520323686,
  "rpve_wm": 13.51379242861354,
  "size_x": 296,
  "size_y": 512,
  "size_z": 512,
  "snr_csf": 3.179097267978935,
  "snr_gm": 19.765525471368026,
  "snr_total": 16.51771074329027,
  "snr_wm": 26.608509490523844,
  "snrd_csf": 22.34288130508643,
  "snrd_gm": 56.601965972885615,
  "snrd_total": 52.47577571222132,
  "snrd_wm": 78.48247985869193,
  "spacing_x": 0.5,
  "spacing_y": 0.47850000858306885,
  "spacing_z": 0.47850000858306885,
  "summary_bg_k": 7.637519095845061,
  "summary_bg_mad": 8.347549420015987,
  "summary_bg_mean": 13.757205513839288,
  "summary_bg_median": 5.63033652305603,
  "summary_bg_n": 14993925.0,
  "summary_bg_p05": 0.0,
  "summary_bg_p95": 54.92374634742737,
  "summary_bg_stdv": 19.041047793901054,
  "summary_csf_k": 3.7859233610531593,
  "summary_csf_mad": 95.41635959567944,
  "summary_csf_mean": 280.22447172821194,
  "summary_csf_median": 284.6862208843231,
  "summary_csf_n": 1243157.0,
  "summary_csf_p05": 135.31451153755188,
  "summary_csf_p95": 426.3395218849182,
  "summary_csf_stdv": 89.54935391579598,
  "summary_gm_k": -0.21036396564909543,
  "summary_gm_mad": 37.70217685066824,
  "summary_gm_mean": 721.825207408683,
  "summary_gm_median": 721.2050929069519,
  "summary_gm_n": 1282012.0,
  "summary_gm_p05": 663.1119518280029,
  "summary_gm_p95": 782.7286376953125,
  "summary_gm_stdv": 36.4880161002052,
  "summary_wm_k": 0.41434477850578944,
  "summary_wm_mad": 36.762386518613454,
  "summary_wm_mean": 1001.8402729551914,
  "summary_wm_median": 999.999968290329,
  "summary_wm_n": 2662044.0,
  "summary_wm_p05": 943.4728810787201,
  "summary_wm_p95": 1066.0725266933441,
  "summary_wm_stdv": 37.58195402943762,
  "tpm_overlap_csf": 0.14290123671153598,
  "tpm_overlap_gm": 0.43342803704775595,
  "tpm_overlap_wm": 0.4841194091558668,
  "wm2max": 0.477265851618529
}