{
  "bids_meta": {
    "AcquisitionDateTime": "2019-11-05T17:58:16.000000",
    "BodyPartExamined": "HEAD",
    "ConversionSoftware": "dcm2niix",
    "ConversionSoftwareVersion": "v1.0.20170411 GCC4.8.4",
    "Dcm2bidsVersion": "2.1.4",
    "EchoTime": 0.1014,
    "FlipAngle": 142,
    "ImageType": [
      "ORIGINAL",
      "PRIMARY",
      "OTHER"
    ],
    "MagneticFieldStrength": 3,
    "Manufacturer": "GE",
    "ManufacturersModelName": "DISCOVERY_MR750",
    "ProtocolName": "Ax_T2_FSE",
    "RepetitionTime": 6.255,
    "ScanningSequence": "SE",
    "SequenceVariant": "SK",
    "SeriesDescription": "Ax_T2_FSE",
    "dataset": "ds003548",
    "modality": "T2w",
    "subject_id": "05"
  },
  "cjv": 0.47993288820279695,
  "cnr": 2.8535681151919796,
  "efc": 0.5895269021411378,
  "fber": 9898.348817396245,
  "fwhm_avg": 5.572146068503632,
  "fwhm_x": 6.5537,
  "fwhm_y": 8.28108,
  "fwhm_z": 1.8816582055108972,
  "icvs_csf": 0.145967925293653,
  "icvs_gm": 0.2963876440975521,
  "icvs_wm": 0.5576444306087949,
  "inu_med": 0.9991475343704224,
  "inu_range": 0.3875928759574888,
  "provenance": {
    "md5sum": "6b86a59f3d8e1e7c51b7e01f42a6a786",
    "settings": {
      "testing": false
    },
    "software": "mriqc",
    "version": "22.0.1",
    "warnings": {
      "large_rot_frame": true,
      "small_air_mask": false
    },
    "webapi_port": null,
    "webapi_url": "https://mriqc.nimh.nih.gov/api/v1"
  },
  "qi_1": 0.0,
  "qi_2": 0.0015043296148874812,
  "rpve_csf": 30.12864188977417,
  "rpve_gm": 11.658809674038238,
  "rpve_wm": 8.470171238751004,
  "size_x": 512,
  "size_y": 512,
  "size_z": 35,
  "snr_csf": 2.6747500861611484,
  "snr_gm": 8.146056527992066,
  "snr_total": 6.322550034550236,
  "snr_wm": 8.146843489497494,
  "snrd_csf": 101.81037939390201,
  "snrd_gm": 60.08957699391919,
  "snrd_total": 65.81992907385217,
  "snrd_wm": 35.55983083373529,
  "spacing_x": 0.5,
  "spacing_y": 0.5,
  "spacing_z": 4.000003814697266,
  "summary_bg_k": 328.6073241268538,
  "summary_bg_mad": 0.0,
  "summary_bg_mean": 7.61078156710797,
  "summary_bg_median": 0.0,
  "summary_bg_n": 1656279.0,
  "summary_bg_p05": 0.0,
  "summary_bg_p95": 26.115933433175087,
  "summary_bg_stdv": 19.571395419808976,
  "summary_csf_k": 0.2722796191509782,
  "summary_csf_mad": 596.0741184301709,
  "summary_csf_mean": 2766.050809164007,
  "summary_csf_median": 3041.460057720542,
  "summary_csf_n": 183285.0,
  "summary_csf_p05": 320.2107921242714,
  "summary_csf_p95": 4170.722318813205,
  "summary_csf_stdv": 1137.0975465584133,
  "summary_gm_k": 1.0562724697800778,
  "summary_gm_mad": 214.39365940452947,
  "summary_gm_mean": 1822.3749950890804,
  "summary_gm_median": 1795.102320611477,
  "summary_gm_n": 272047.0,
  "summary_gm_p05": 1520.9237672388554,
  "summary_gm_p95": 2215.9795742481947,
  "summary_gm_stdv": 220.3641743940329,
  "summary_wm_k": -0.2754135400491875,
  "summary_wm_mad": 137.2992620516681,
  "summary_wm_mean": 1074.8950626447172,
  "summary_wm_median": 1062.3062774538994,
  "summary_wm_n": 666000.0,
  "summary_wm_p05": 881.2771365046501,
  "summary_wm_p95": 1307.501569390297,
  "summary_wm_stdv": 130.39473279385274,
  "tpm_overlap_csf": 0.16359928106076077,
  "tpm_overlap_gm": 0.3435916739595943,
  "tpm_overlap_wm": 0.4593077521976275,
  "wm2max": 0.2426151749526557
}