{
  "aor": 0.0013056216216216219,
  "aqi": 0.001344935643243243,
  "bids_meta": {
    "AcquisitionDateTime": "2020-03-17T18:43:13.000000",
    "BodyPartExamined": "HEAD",
    "ConversionSoftware": "dcm2niix",
    "ConversionSoftwareVersion": "v1.0.20170411 GCC4.8.4",
    "Dcm2bidsVersion": "2.1.4",
    "EchoTime": 0.03,
    "FlipAngle": 90,
    "ImageType": [
      "ORIGINAL",
      "PRIMARY",
      "EPI",
      "NONE"
    ],
    "MagneticFieldStrength": 3,
    "Manufacturer": "GE",
    "ManufacturersModelName": "DISCOVERY_MR750",
    "ProtocolName": "tr_FMRI_1",
    "RepetitionTime": 2,
    "ScanningSequence": "EP_GR",
    "SequenceVariant": "SS",
    "SeriesDescription": "tr_FMRI_1",
    "SliceEncodingDirection": "k",
    "SliceTiming": [
      0.057142857,
      0.171428571,
      0.285714286,
      0.4,
      0.514285714,
      0.628571429,
      0.742857143,
      0.857142857,
      0.971428571,
      1.085714286,
      1.2,
      1.314285714,
      1.428571429,
      1.542857143,
      1.657142857,
      1.771428571,
      1.885714286,
      2.0,
      0.114285714,
      0.228571429,
      0.342857143,
      0.457142857,
      0.571428571,
      0.685714286,
      0.8,
      0.914285714,
      1.028571429,
      1.142857143,
      1.257142857,
      1.371428571,
      1.485714286,
      1.6,
      1.714285714,
      1.828571429,
      1.942857143
    ],
    "TaskName": "Emotional face perception",
    "dataset": "ds003548",
    "modality": "bold",
    "run_id": 1,
    "subject_id": "12",
    "task_id": "emotionalfaces"
  },
  "dummy_trs": 0,
  "dvars_nstd": 11.875559418097824,
  "dvars_std": 1.090403793967391,
  "dvars_vstd": 0.9658899847282609,
  "efc": 0.35897397809275006,
  "fber": 98994.1484375,
  "fd_mean": 0.051228679782191026,
  "fd_num": 2,
  "fd_perc": 1.0810810810810811,
  "fwhm_avg": 2.696441666666667,
  "fwhm_x": 2.5648,
  "fwhm_y": 2.77965,
  "fwhm_z": 2.744875,
  "gcor": 0.053456,
  "gsr_x": -0.016640465706586838,
  "gsr_y": 0.003157323459163308,
  "provenance": {
    "md5sum": "b4505345f283029acdb36f96a116456b",
    "settings": {
      "fd_thres": 0.2,
      "testing": false
    },
    "software": "mriqc",
    "version": "22.0.1",
    "webapi_port": null,
    "webapi_url": "https://mriqc.nimh.nih.gov/api/v1"
  },
  "size_t": 185,
  "size_x": 64,
  "size_y": 64,
  "size_z": 35,
  "snr": 3.706438262050448,
  "spacing_tr": 2.0,
  "spacing_x": 4.0,
  "spacing_y": 4.0,
  "spacing_z": 4.0,
  "summary_bg_k": 60.49704215224132,
  "summary_bg_mad": 10.794947051344606,
  "summary_bg_mean": 52.38441848754883,
  "summary_bg_median": 7.891891956329346,
  "summary_bg_n": 101860.0,
  "summary_bg_p05": 0.20540541410446167,
  "summary_bg_p95": 247.8605476379392,
  "summary_bg_stdv": 162.71192932128906,
  "summary_fg_k": 0.47386491788001406,
  "summary_fg_mad": 586.5655425809624,
  "summary_fg_mean": 2476.632080078125,
  "summary_fg_median": 2368.572998046875,
  "summary_fg_n": 14437.0,
  "summary_fg_p05": 1610.8994873046875,
  "summary_fg_p95": 3667.2108886718734,
  "summary_fg_stdv": 639.020751953125,
  "tsnr": 104.09557828400284
}