{
  "aor": 0.0015574594594594594,
  "aqi": 0.0007523799891891893,
  "bids_meta": {
    "AcquisitionDateTime": "2020-03-17T18:58:50.000000",
    "BodyPartExamined": "HEAD",
    "ConversionSoftware": "dcm2niix",
    "ConversionSoftwareVersion": "v1.0.20170411 GCC4.8.4",
    "Dcm2bidsVersion": "2.1.4",
    "EchoTime": 0.03,
    "FlipAngle": 90,
    "ImageType": [
      "ORIGINAL",
      "PRIMARY",
      "EPI",
      "NONE"
    ],
    "MagneticFieldStrength": 3,
    "Manufacturer": "GE",
    "ManufacturersModelName": "DISCOVERY_MR750",
    "ProtocolName": "tr_FMRI_3",
    "RepetitionTime": 2,
    "ScanningSequence": "EP_GR",
    "SequenceVariant": "SS",
    "SeriesDescription": "tr_FMRI_3",
    "SliceEncodingDirection": "k",
    "SliceTiming": [
      0.057142857,
      0.171428571,
      0.285714286,
      0.4,
      0.514285714,
      0.628571429,
      0.742857143,
      0.857142857,
      0.971428571,
      1.085714286,
      1.2,
      1.314285714,
      1.428571429,
      1.542857143,
      1.657142857,
      1.771428571,
      1.885714286,
      2.0,
      0.114285714,
      0.228571429,
      0.342857143,
      0.457142857,
      0.571428571,
      0.685714286,
      0.8,
      0.914285714,
      1.028571429,
      1.142857143,
      1.257142857,
      1.371428571,
      1.485714286,
      1.6,
      1.714285714,
      1.828571429,
      1.942857143
    ],
    "TaskName": "Emotional face perception",
    "dataset": "ds003548",
    "modality": "bold",
    "run_id": 3,
    "subject_id": "12",
    "task_id": "emotionalfaces"
  },
  "dummy_trs": 0,
  "dvars_nstd": 12.531550547608697,
  "dvars_std": 1.18273885527174,
  "dvars_vstd": 1.0074662005434791,
  "efc": 0.3590174785604054,
  "fber": 97678.859375,
  "fd_mean": 0.046120934714944106,
  "fd_num": 3,
  "fd_perc": 1.6216216216216217,
  "fwhm_avg": 2.6778666666666666,
  "fwhm_x": 2.547825,
  "fwhm_y": 2.75415,
  "fwhm_z": 2.731625,
  "gcor": 0.0633423,
  "gsr_x": -0.016560034826397896,
  "gsr_y": 0.004113438073545694,
  "provenance": {
    "md5sum": "7216449c2e0901984930842b6b76dd34",
    "settings": {
      "fd_thres": 0.2,
      "testing": false
    },
    "software": "mriqc",
    "version": "22.0.1",
    "webapi_port": null,
    "webapi_url": "https://mriqc.nimh.nih.gov/api/v1"
  },
  "size_t": 185,
  "size_x": 64,
  "size_y": 64,
  "size_z": 35,
  "snr": 3.682507372154613,
  "spacing_tr": 2.0,
  "spacing_x": 4.0,
  "spacing_y": 4.0,
  "spacing_z": 4.0,
  "summary_bg_k": 59.37387710669436,
  "summary_bg_mad": 10.851045109075239,
  "summary_bg_mean": 52.44379806518555,
  "summary_bg_median": 7.940540790557861,
  "summary_bg_n": 101884.0,
  "summary_bg_p05": 0.20000000298023224,
  "summary_bg_p95": 250.7419006347654,
  "summary_bg_stdv": 161.8431854248047,
  "summary_fg_k": 0.5697032645974054,
  "summary_fg_mad": 587.8155832942459,
  "summary_fg_mean": 2477.0205078125,
  "summary_fg_median": 2365.708251953125,
  "summary_fg_n": 14415.0,
  "summary_fg_p05": 1620.8465698242187,
  "summary_fg_p95": 3685.338500976562,
  "summary_fg_stdv": 642.3955078125,
  "tsnr": 126.76500015705824
}