{
  "aor": 0.005012432432432433,
  "aqi": 0.0014873443621621623,
  "bids_meta": {
    "AcquisitionDateTime": "2020-03-17T19:10:54.000000",
    "BodyPartExamined": "HEAD",
    "ConversionSoftware": "dcm2niix",
    "ConversionSoftwareVersion": "v1.0.20170411 GCC4.8.4",
    "Dcm2bidsVersion": "2.1.4",
    "EchoTime": 0.03,
    "FlipAngle": 90,
    "ImageType": [
      "ORIGINAL",
      "PRIMARY",
      "EPI",
      "NONE"
    ],
    "MagneticFieldStrength": 3,
    "Manufacturer": "GE",
    "ManufacturersModelName": "DISCOVERY_MR750",
    "ProtocolName": "tr_FMRI_4",
    "RepetitionTime": 2,
    "ScanningSequence": "EP_GR",
    "SequenceVariant": "SS",
    "SeriesDescription": "tr_FMRI_4",
    "SliceEncodingDirection": "k",
    "SliceTiming": [
      0.057142857,
      0.171428571,
      0.285714286,
      0.4,
      0.514285714,
      0.628571429,
      0.742857143,
      0.857142857,
      0.971428571,
      1.085714286,
      1.2,
      1.314285714,
      1.428571429,
      1.542857143,
      1.657142857,
      1.771428571,
      1.885714286,
      2.0,
      0.114285714,
      0.228571429,
      0.342857143,
      0.457142857,
      0.571428571,
      0.685714286,
      0.8,
      0.914285714,
      1.028571429,
      1.142857143,
      1.257142857,
      1.371428571,
      1.485714286,
      1.6,
      1.714285714,
      1.828571429,
      1.942857143
    ],
    "TaskName": "Emotional face perception",
    "dataset": "ds003548",
    "modality": "bold",
    "run_id": 4,
    "subject_id": "12",
    "task_id": "emotionalfaces"
  },
  "dummy_trs": 0,
  "dvars_nstd": 12.952511828804347,
  "dvars_std": 1.1305209367934774,
  "dvars_vstd": 0.9835891371195654,
  "efc": 0.35903521002443717,
  "fber": 107760.875,
  "fd_mean": 0.06119723566380133,
  "fd_num": 7,
  "fd_perc": 3.7837837837837838,
  "fwhm_avg": 2.6738583333333334,
  "fwhm_x": 2.571025,
  "fwhm_y": 2.724,
  "fwhm_z": 2.72655,
  "gcor": 0.0379538,
  "gsr_x": -0.016268236562609673,
  "gsr_y": 0.00504456227645278,
  "provenance": {
    "md5sum": "c2af29196ef5b6676ea5e1c98e6c4a4f",
    "settings": {
      "fd_thres": 0.2,
      "testing": false
    },
    "software": "mriqc",
    "version": "22.0.1",
    "webapi_port": null,
    "webapi_url": "https://mriqc.nimh.nih.gov/api/v1"
  },
  "size_t": 185,
  "size_x": 64,
  "size_y": 64,
  "size_z": 35,
  "snr": 3.6705076616905608,
  "spacing_tr": 2.0,
  "spacing_x": 4.0,
  "spacing_y": 4.0,
  "spacing_z": 4.0,
  "summary_bg_k": 59.288619987124896,
  "summary_bg_mad": 10.482398520453035,
  "summary_bg_mean": 52.690799713134766,
  "summary_bg_median": 7.659459590911865,
  "summary_bg_n": 101821.0,
  "summary_bg_p05": 0.18918919563293457,
  "summary_bg_p95": 253.0,
  "summary_bg_stdv": 162.1619415283203,
  "summary_fg_k": 0.7030699461113747,
  "summary_fg_mad": 588.9457236205958,
  "summary_fg_mean": 2487.382568359375,
  "summary_fg_median": 2373.840576171875,
  "summary_fg_n": 14474.0,
  "summary_fg_p05": 1630.708740234375,
  "summary_fg_p95": 3715.8371459960917,
  "summary_fg_stdv": 646.7112426757812,
  "tsnr": 96.811959520448
}