{
  "aor": 0.0009074054054054056,
  "aqi": 0.0007178229837837838,
  "bids_meta": {
    "AcquisitionDateTime": "2020-03-17T19:20:1.000000",
    "BodyPartExamined": "HEAD",
    "ConversionSoftware": "dcm2niix",
    "ConversionSoftwareVersion": "v1.0.20170411 GCC4.8.4",
    "Dcm2bidsVersion": "2.1.4",
    "EchoTime": 0.03,
    "FlipAngle": 90,
    "ImageType": [
      "ORIGINAL",
      "PRIMARY",
      "EPI",
      "NONE"
    ],
    "MagneticFieldStrength": 3,
    "Manufacturer": "GE",
    "ManufacturersModelName": "DISCOVERY_MR750",
    "ProtocolName": "tr_FMRI_5",
    "RepetitionTime": 2,
    "ScanningSequence": "EP_GR",
    "SequenceVariant": "SS",
    "SeriesDescription": "tr_FMRI_5",
    "SliceEncodingDirection": "k",
    "SliceTiming": [
      0.057142857,
      0.171428571,
      0.285714286,
      0.4,
      0.514285714,
      0.628571429,
      0.742857143,
      0.857142857,
      0.971428571,
      1.085714286,
      1.2,
      1.314285714,
      1.428571429,
      1.542857143,
      1.657142857,
      1.771428571,
      1.885714286,
      2.0,
      0.114285714,
      0.228571429,
      0.342857143,
      0.457142857,
      0.571428571,
      0.685714286,
      0.8,
      0.914285714,
      1.028571429,
      1.142857143,
      1.257142857,
      1.371428571,
      1.485714286,
      1.6,
      1.714285714,
      1.828571429,
      1.942857143
    ],
    "TaskName": "Emotional face perception",
    "dataset": "ds003548",
    "modality": "bold",
    "run_id": 5,
    "subject_id": "12",
    "task_id": "emotionalfaces"
  },
  "dummy_trs": 0,
  "dvars_nstd": 11.750085758206522,
  "dvars_std": 1.1511625200543485,
  "dvars_vstd": 0.9980845907608696,
  "efc": 0.35905983856636187,
  "fber": 98077.65625,
  "fd_mean": 0.034534628736892996,
  "fd_num": 0,
  "fd_perc": 0.0,
  "fwhm_avg": 2.6848083333333332,
  "fwhm_x": 2.56625,
  "fwhm_y": 2.74465,
  "fwhm_z": 2.743525,
  "gcor": 0.0629089,
  "gsr_x": -0.015666909515857697,
  "gsr_y": 0.0055526806972920895,
  "provenance": {
    "md5sum": "6440a690c2a4ed52fdd03e7719ecb25b",
    "settings": {
      "fd_thres": 0.2,
      "testing": false
    },
    "software": "mriqc",
    "version": "22.0.1",
    "webapi_port": null,
    "webapi_url": "https://mriqc.nimh.nih.gov/api/v1"
  },
  "size_t": 185,
  "size_x": 64,
  "size_y": 64,
  "size_z": 35,
  "snr": 3.6352522618234846,
  "spacing_tr": 2.0,
  "spacing_x": 4.0,
  "spacing_y": 4.0,
  "spacing_z": 4.0,
  "summary_bg_k": 58.59737871468388,
  "summary_bg_mad": 10.802961147961817,
  "summary_bg_mean": 52.65513229370117,
  "summary_bg_median": 7.902702808380127,
  "summary_bg_n": 101814.0,
  "summary_bg_p05": 0.2108108103275299,
  "summary_bg_p95": 254.19514083862276,
  "summary_bg_stdv": 162.98851013183594,
  "summary_fg_k": 0.7819774856634338,
  "summary_fg_mad": 588.5609564921116,
  "summary_fg_mean": 2482.29736328125,
  "summary_fg_median": 2367.591796875,
  "summary_fg_n": 14504.0,
  "summary_fg_p05": 1619.93818359375,
  "summary_fg_p95": 3710.9427734374985,
  "summary_fg_stdv": 651.2643432617188,
  "tsnr": 129.98856121161953
}