{
  "aor": 0.0037492432432432434,
  "aqi": 0.0009112829945945947,
  "bids_meta": {
    "AcquisitionDateTime": "2020-03-17T18:50:26.000000",
    "BodyPartExamined": "HEAD",
    "ConversionSoftware": "dcm2niix",
    "ConversionSoftwareVersion": "v1.0.20170411 GCC4.8.4",
    "Dcm2bidsVersion": "2.1.4",
    "EchoTime": 0.03,
    "FlipAngle": 90,
    "ImageType": [
      "ORIGINAL",
      "PRIMARY",
      "EPI",
      "NONE"
    ],
    "MagneticFieldStrength": 3,
    "Manufacturer": "GE",
    "ManufacturersModelName": "DISCOVERY_MR750",
    "ProtocolName": "tr_FMRI_2",
    "RepetitionTime": 2,
    "ScanningSequence": "EP_GR",
    "SequenceVariant": "SS",
    "SeriesDescription": "tr_FMRI_2",
    "SliceEncodingDirection": "k",
    "SliceTiming": [
      0.057142857,
      0.171428571,
      0.285714286,
      0.4,
      0.514285714,
      0.628571429,
      0.742857143,
      0.857142857,
      0.971428571,
      1.085714286,
      1.2,
      1.314285714,
      1.428571429,
      1.542857143,
      1.657142857,
      1.771428571,
      1.885714286,
      2.0,
      0.114285714,
      0.228571429,
      0.342857143,
      0.457142857,
      0.571428571,
      0.685714286,
      0.8,
      0.914285714,
      1.028571429,
      1.142857143,
      1.257142857,
      1.371428571,
      1.485714286,
      1.6,
      1.714285714,
      1.828571429,
      1.942857143
    ],
    "TaskName": "Emotional face perception",
    "dataset": "ds003548",
    "modality": "bold",
    "run_id": 2,
    "subject_id": "12",
    "task_id": "emotionalfaces"
  },
  "dummy_trs": 0,
  "dvars_nstd": 12.497515455869573,
  "dvars_std": 1.1793801046739132,
  "dvars_vstd": 1.0260748058152176,
  "efc": 0.3595137423224955,
  "fber": 102716.859375,
  "fd_mean": 0.05649892326776267,
  "fd_num": 6,
  "fd_perc": 3.2432432432432434,
  "fwhm_avg": 2.67855,
  "fwhm_x": 2.563225,
  "fwhm_y": 2.75045,
  "fwhm_z": 2.721975,
  "gcor": 0.0826007,
  "gsr_x": -0.016541671007871628,
  "gsr_y": 0.0037106266245245934,
  "provenance": {
    "md5sum": "9b4319ed465a78f8fe31d3639b1f53f1",
    "settings": {
      "fd_thres": 0.2,
      "testing": false
    },
    "software": "mriqc",
    "version": "22.0.1",
    "webapi_port": null,
    "webapi_url": "https://mriqc.nimh.nih.gov/api/v1"
  },
  "size_t": 185,
  "size_x": 64,
  "size_y": 64,
  "size_z": 35,
  "snr": 3.6207784904754567,
  "spacing_tr": 2.0,
  "spacing_x": 4.0,
  "spacing_y": 4.0,
  "spacing_z": 4.0,
  "summary_bg_k": 57.08456784284989,
  "summary_bg_mad": 10.578567061269728,
  "summary_bg_mean": 53.125614166259766,
  "summary_bg_median": 7.740540504455566,
  "summary_bg_n": 101755.0,
  "summary_bg_p05": 0.18918919563293457,
  "summary_bg_p95": 257.4405548095694,
  "summary_bg_stdv": 162.66836547851562,
  "summary_fg_k": 0.555438522071436,
  "summary_fg_mad": 599.8610023927395,
  "summary_fg_mean": 2470.404541015625,
  "summary_fg_median": 2363.789306640625,
  "summary_fg_n": 14501.0,
  "summary_fg_p05": 1589.0054931640625,
  "summary_fg_p95": 3694.470458984375,
  "summary_fg_stdv": 652.8175659179688,
  "tsnr": 112.31328670028597
}