{
  "aor": 0.0010924324324324323,
  "aqi": 0.0015120589081081082,
  "bids_meta": {
    "AcquisitionDateTime": "2020-03-12T20:32:32.000000",
    "BodyPartExamined": "HEAD",
    "ConversionSoftware": "dcm2niix",
    "ConversionSoftwareVersion": "v1.0.20170411 GCC4.8.4",
    "Dcm2bidsVersion": "2.1.4",
    "EchoTime": 0.03,
    "FlipAngle": 90,
    "ImageType": [
      "ORIGINAL",
      "PRIMARY",
      "EPI",
      "NONE"
    ],
    "MagneticFieldStrength": 3,
    "Manufacturer": "GE",
    "ManufacturersModelName": "DISCOVERY_MR750",
    "ProtocolName": "tr_FMRI_1",
    "RepetitionTime": 2,
    "ScanningSequence": "EP_GR",
    "SequenceVariant": "SS",
    "SeriesDescription": "tr_FMRI_1",
    "SliceEncodingDirection": "k",
    "SliceTiming": [
      0.057142857,
      0.171428571,
      0.285714286,
      0.4,
      0.514285714,
      0.628571429,
      0.742857143,
      0.857142857,
      0.971428571,
      1.085714286,
      1.2,
      1.314285714,
      1.428571429,
      1.542857143,
      1.657142857,
      1.771428571,
      1.885714286,
      2.0,
      0.114285714,
      0.228571429,
      0.342857143,
      0.457142857,
      0.571428571,
      0.685714286,
      0.8,
      0.914285714,
      1.028571429,
      1.142857143,
      1.257142857,
      1.371428571,
      1.485714286,
      1.6,
      1.714285714,
      1.828571429,
      1.942857143
    ],
    "TaskName": "Emotional face perception",
    "dataset": "ds003548",
    "modality": "bold",
    "run_id": 1,
    "subject_id": "10",
    "task_id": "emotionalfaces"
  },
  "dummy_trs": 0,
  "dvars_nstd": 9.299847693478265,
  "dvars_std": 1.0451567879347823,
  "dvars_vstd": 0.9592743879347828,
  "efc": 0.33912206991664534,
  "fber": 147153.90625,
  "fd_mean": 0.052457581177169844,
  "fd_num": 7,
  "fd_perc": 3.7837837837837838,
  "fwhm_avg": 2.9124676439771435,
  "fwhm_x": 2.729875,
  "fwhm_y": 2.933175,
  "fwhm_z": 3.074352931931431,
  "gcor": 0.0654964,
  "gsr_x": -0.022973842918872833,
  "gsr_y": 0.003976436797529459,
  "provenance": {
    "md5sum": "7221844ecb16ae9e0b5164059781db51",
    "settings": {
      "fd_thres": 0.2,
      "testing": false
    },
    "software": "mriqc",
    "version": "22.0.1",
    "webapi_port": null,
    "webapi_url": "https://mriqc.nimh.nih.gov/api/v1"
  },
  "size_t": 185,
  "size_x": 64,
  "size_y": 64,
  "size_z": 35,
  "snr": 3.487956418223543,
  "spacing_tr": 2.0,
  "spacing_x": 4.0,
  "spacing_y": 4.0,
  "spacing_z": 3.9999961853027344,
  "summary_bg_k": 84.93290939855011,
  "summary_bg_mad": 8.967740003848563,
  "summary_bg_mean": 50.24480056762695,
  "summary_bg_median": 6.897297382354736,
  "summary_bg_n": 104023.0,
  "summary_bg_p05": 0.34594595432281494,
  "summary_bg_p95": 245.85298309326166,
  "summary_bg_stdv": 169.3369140625,
  "summary_fg_k": 1.127960600478203,
  "summary_fg_mad": 574.1317367196623,
  "summary_fg_mean": 2645.730224609375,
  "summary_fg_median": 2489.3271484375,
  "summary_fg_n": 12954.0,
  "summary_fg_p05": 1745.73681640625,
  "summary_fg_p95": 4089.7709960937495,
  "summary_fg_stdv": 713.6646118164062,
  "tsnr": 117.56617240933701
}