{
  "aor": 0.004205243243243243,
  "aqi": 0.0019984413891891892,
  "bids_meta": {
    "AcquisitionDateTime": "2020-03-12T20:51:45.000000",
    "BodyPartExamined": "HEAD",
    "ConversionSoftware": "dcm2niix",
    "ConversionSoftwareVersion": "v1.0.20170411 GCC4.8.4",
    "Dcm2bidsVersion": "2.1.4",
    "EchoTime": 0.03,
    "FlipAngle": 90,
    "ImageType": [
      "ORIGINAL",
      "PRIMARY",
      "EPI",
      "NONE"
    ],
    "MagneticFieldStrength": 3,
    "Manufacturer": "GE",
    "ManufacturersModelName": "DISCOVERY_MR750",
    "ProtocolName": "tr_FMRI_3",
    "RepetitionTime": 2,
    "ScanningSequence": "EP_GR",
    "SequenceVariant": "SS",
    "SeriesDescription": "tr_FMRI_3",
    "SliceEncodingDirection": "k",
    "SliceTiming": [
      0.057142857,
      0.171428571,
      0.285714286,
      0.4,
      0.514285714,
      0.628571429,
      0.742857143,
      0.857142857,
      0.971428571,
      1.085714286,
      1.2,
      1.314285714,
      1.428571429,
      1.542857143,
      1.657142857,
      1.771428571,
      1.885714286,
      2.0,
      0.114285714,
      0.228571429,
      0.342857143,
      0.457142857,
      0.571428571,
      0.685714286,
      0.8,
      0.914285714,
      1.028571429,
      1.142857143,
      1.257142857,
      1.371428571,
      1.485714286,
      1.6,
      1.714285714,
      1.828571429,
      1.942857143
    ],
    "TaskName": "Emotional face perception",
    "dataset": "ds003548",
    "modality": "bold",
    "run_id": 3,
    "subject_id": "10",
    "task_id": "emotionalfaces"
  },
  "dummy_trs": 0,
  "dvars_nstd": 11.495084425978266,
  "dvars_std": 1.058218507173913,
  "dvars_vstd": 0.9705407074456522,
  "efc": 0.33897454304974695,
  "fber": 138557.078125,
  "fd_mean": 0.10129444837643856,
  "fd_num": 13,
  "fd_perc": 7.027027027027027,
  "fwhm_avg": 2.8949426424830524,
  "fwhm_x": 2.70055,
  "fwhm_y": 2.914625,
  "fwhm_z": 3.0696529274491575,
  "gcor": 0.130879,
  "gsr_x": -0.023151058703660965,
  "gsr_y": 0.0033728110138326883,
  "provenance": {
    "md5sum": "bd4ea785d5def272ad9c986915853f77",
    "settings": {
      "fd_thres": 0.2,
      "testing": false
    },
    "software": "mriqc",
    "version": "22.0.1",
    "webapi_port": null,
    "webapi_url": "https://mriqc.nimh.nih.gov/api/v1"
  },
  "size_t": 185,
  "size_x": 64,
  "size_y": 64,
  "size_z": 35,
  "snr": 3.4745406483091625,
  "spacing_tr": 2.0,
  "spacing_x": 4.0,
  "spacing_y": 4.0,
  "spacing_z": 3.9999961853027344,
  "summary_bg_k": 91.12428606075396,
  "summary_bg_mad": 9.16007779244178,
  "summary_bg_mean": 50.07837677001953,
  "summary_bg_median": 7.054054260253906,
  "summary_bg_n": 104113.0,
  "summary_bg_p05": 0.4000000059604645,
  "summary_bg_p95": 246.4962249755857,
  "summary_bg_stdv": 168.53289794921875,
  "summary_fg_k": 1.234141264400085,
  "summary_fg_mad": 565.4123996001355,
  "summary_fg_mean": 2630.92138671875,
  "summary_fg_median": 2475.908203125,
  "summary_fg_n": 12882.0,
  "summary_fg_p05": 1742.982244873047,
  "summary_fg_p95": 4069.0120361328118,
  "summary_fg_stdv": 712.55810546875,
  "tsnr": 96.2377559565939
}