{
  "aor": 0.003455891891891892,
  "aqi": 0.003098502054054054,
  "bids_meta": {
    "AcquisitionDateTime": "2020-03-12T21:07:26.000000",
    "BodyPartExamined": "HEAD",
    "ConversionSoftware": "dcm2niix",
    "ConversionSoftwareVersion": "v1.0.20170411 GCC4.8.4",
    "Dcm2bidsVersion": "2.1.4",
    "EchoTime": 0.03,
    "FlipAngle": 90,
    "ImageType": [
      "ORIGINAL",
      "PRIMARY",
      "EPI",
      "NONE"
    ],
    "MagneticFieldStrength": 3,
    "Manufacturer": "GE",
    "ManufacturersModelName": "DISCOVERY_MR750",
    "ProtocolName": "tr_FMRI_5",
    "RepetitionTime": 2,
    "ScanningSequence": "EP_GR",
    "SequenceVariant": "SS",
    "SeriesDescription": "tr_FMRI_5",
    "SliceEncodingDirection": "k",
    "SliceTiming": [
      0.057142857,
      0.171428571,
      0.285714286,
      0.4,
      0.514285714,
      0.628571429,
      0.742857143,
      0.857142857,
      0.971428571,
      1.085714286,
      1.2,
      1.314285714,
      1.428571429,
      1.542857143,
      1.657142857,
      1.771428571,
      1.885714286,
      2.0,
      0.114285714,
      0.228571429,
      0.342857143,
      0.457142857,
      0.571428571,
      0.685714286,
      0.8,
      0.914285714,
      1.028571429,
      1.142857143,
      1.257142857,
      1.371428571,
      1.485714286,
      1.6,
      1.714285714,
      1.828571429,
      1.942857143
    ],
    "TaskName": "Emotional face perception",
    "dataset": "ds003548",
    "modality": "bold",
    "run_id": 5,
    "subject_id": "10",
    "task_id": "emotionalfaces"
  },
  "dummy_trs": 0,
  "dvars_nstd": 15.2527517698913,
  "dvars_std": 1.077998476195652,
  "dvars_vstd": 0.9578505857065217,
  "efc": 0.33668789018974615,
  "fber": 145074.546875,
  "fd_mean": 0.18608923240167552,
  "fd_num": 53,
  "fd_perc": 28.64864864864865,
  "fwhm_avg": 2.8819009718268442,
  "fwhm_x": 2.692275,
  "fwhm_y": 2.896325,
  "fwhm_z": 3.057102915480533,
  "gcor": 0.146361,
  "gsr_x": -0.021845819428563118,
  "gsr_y": 0.005741220433264971,
  "provenance": {
    "md5sum": "11a2c838ddce3bab41cf4e390d224522",
    "settings": {
      "fd_thres": 0.2,
      "testing": false
    },
    "software": "mriqc",
    "version": "22.0.1",
    "webapi_port": null,
    "webapi_url": "https://mriqc.nimh.nih.gov/api/v1"
  },
  "size_t": 185,
  "size_x": 64,
  "size_y": 64,
  "size_z": 35,
  "snr": 3.3921335102573718,
  "spacing_tr": 2.0,
  "spacing_x": 4.0,
  "spacing_y": 4.0,
  "spacing_z": 3.9999961853027344,
  "summary_bg_k": 98.05647200618378,
  "summary_bg_mad": 9.10397946960121,
  "summary_bg_mean": 48.50480270385742,
  "summary_bg_median": 6.951351642608643,
  "summary_bg_n": 104149.0,
  "summary_bg_p05": 0.32972973585128784,
  "summary_bg_p95": 234.76108398437464,
  "summary_bg_stdv": 165.4102783203125,
  "summary_fg_k": 1.2855079442924886,
  "summary_fg_mad": 568.6058219811817,
  "summary_fg_mean": 2667.410888671875,
  "summary_fg_median": 2490.37841796875,
  "summary_fg_n": 12901.0,
  "summary_fg_p05": 1776.562255859375,
  "summary_fg_p95": 4161.20556640625,
  "summary_fg_stdv": 734.1343994140625,
  "tsnr": 74.3397635538131
}