{
  "bids_meta": {
    "AcquisitionDateTime": "2020-03-12T20:15:14.000000",
    "BodyPartExamined": "HEAD",
    "ConversionSoftware": "dcm2niix",
    "ConversionSoftwareVersion": "v1.0.20170411 GCC4.8.4",
    "Dcm2bidsVersion": "2.1.4",
    "EchoTime": 0.003192,
    "FlipAngle": 12,
    "ImageType": [
      "ORIGINAL",
      "PRIMARY",
      "OTHER"
    ],
    "InversionTime": 0.45,
    "MagneticFieldStrength": 3,
    "Manufacturer": "GE",
    "ManufacturersModelName": "DISCOVERY_MR750",
    "ProtocolName": "Sag_T1_FSPGR_BRAVO",
    "RepetitionTime": 0.008184,
    "ScanningSequence": "GR",
    "SequenceVariant": "SS_SP_SK",
    "SeriesDescription": "Sag_T1_FSPGR_BRAVO",
    "dataset": "ds003548",
    "modality": "T1w",
    "subject_id": "10"
  },
  "cjv": 0.3184394211138286,
  "cnr": 4.211313134718223,
  "efc": 0.6024495761739672,
  "fber": -1.0,
  "fwhm_avg": 4.116286666666666,
  "fwhm_x": 4.0995,
  "fwhm_y": 4.31593,
  "fwhm_z": 3.93343,
  "icvs_csf": 0.18980487595803405,
  "icvs_gm": 0.4624310858392842,
  "icvs_wm": 0.3477640382026817,
  "inu_med": 0.44677162170410156,
  "inu_range": 0.15742844492197033,
  "provenance": {
    "md5sum": "b4a45633dc39d3e42bc79afb81cfe8b0",
    "settings": {
      "testing": false
    },
    "software": "mriqc",
    "version": "22.0.1",
    "warnings": {
      "large_rot_frame": true,
      "small_air_mask": false
    },
    "webapi_port": null,
    "webapi_url": "https://mriqc.nimh.nih.gov/api/v1"
  },
  "qi_1": 0.0,
  "qi_2": 0.0016285410881644593,
  "rpve_csf": 30.68376537197778,
  "rpve_gm": 13.980877965515592,
  "rpve_wm": 20.84308101682716,
  "size_x": 176,
  "size_y": 256,
  "size_z": 256,
  "snr_csf": 2.8590563593682696,
  "snr_gm": 12.617229934358004,
  "snr_total": 12.992083949248359,
  "snr_wm": 23.499965554018804,
  "snrd_csf": 26.004894778095714,
  "snrd_gm": 60.16264552775554,
  "snrd_total": 57.24919575047102,
  "snrd_wm": 85.58004694556179,
  "spacing_x": 1.0,
  "spacing_y": 1.0,
  "spacing_z": 1.0,
  "summary_bg_k": 14.248128000253274,
  "summary_bg_mad": 0.0,
  "summary_bg_mean": 3.9941874232904904,
  "summary_bg_median": 0.0,
  "summary_bg_n": 1449425.0,
  "summary_bg_p05": 0.0,
  "summary_bg_p95": 19.9151592515409,
  "summary_bg_stdv": 7.655495331503713,
  "summary_csf_k": 0.693891132958258,
  "summary_csf_mad": 86.75439111191221,
  "summary_csf_mean": 305.7857720359061,
  "summary_csf_median": 303.87618604302406,
  "summary_csf_n": 18053.0,
  "summary_csf_p05": 118.9080727994442,
  "summary_csf_p95": 492.7755193404853,
  "summary_csf_stdv": 106.2825392394679,
  "summary_gm_k": 0.37032884423333057,
  "summary_gm_mad": 53.72338885126163,
  "summary_gm_mean": 702.6640916691741,
  "summary_gm_median": 703.0213127657771,
  "summary_gm_n": 47824.0,
  "summary_gm_p05": 610.6667856350541,
  "summary_gm_p95": 792.5537161098792,
  "summary_gm_stdv": 55.71856630146482,
  "summary_wm_k": 0.40534390381110663,
  "summary_wm_mad": 40.85666122647332,
  "summary_wm_mean": 1001.0897300894794,
  "summary_wm_median": 1000.0324357822537,
  "summary_wm_n": 186662.0,
  "summary_wm_p05": 932.8713946640491,
  "summary_wm_p95": 1072.3098917976022,
  "summary_wm_stdv": 42.554520122790976,
  "tpm_overlap_csf": 0.14156172576006365,
  "tpm_overlap_gm": 0.48627758300301693,
  "tpm_overlap_wm": 0.5229741154723915,
  "wm2max": 0.54210332297646
}