{
  "bids_meta": {
    "AcquisitionDateTime": "2020-03-12T20:14:17.000000",
    "BodyPartExamined": "HEAD",
    "ConversionSoftware": "dcm2niix",
    "ConversionSoftwareVersion": "v1.0.20170411 GCC4.8.4",
    "Dcm2bidsVersion": "2.1.4",
    "EchoTime": 0.1014,
    "FlipAngle": 142,
    "ImageType": [
      "ORIGINAL",
      "PRIMARY",
      "OTHER"
    ],
    "MagneticFieldStrength": 3,
    "Manufacturer": "GE",
    "ManufacturersModelName": "DISCOVERY_MR750",
    "ProtocolName": "Ax_T2_FSE",
    "RepetitionTime": 6.255,
    "ScanningSequence": "SE",
    "SequenceVariant": "SK",
    "SeriesDescription": "Ax_T2_FSE",
    "dataset": "ds003548",
    "modality": "T2w",
    "subject_id": "10"
  },
  "cjv": 0.977009968364073,
  "cnr": 1.0706757576406818,
  "efc": 0.586208648589654,
  "fber": 7150.581512345679,
  "fwhm_avg": 5.0139830471195035,
  "fwhm_x": 5.8624,
  "fwhm_y": 7.45846,
  "fwhm_z": 1.7210891413585105,
  "icvs_csf": 0.38839793275879525,
  "icvs_gm": 0.12901226789297665,
  "icvs_wm": 0.4825897993482281,
  "inu_med": 1.0512205958366394,
  "inu_range": 0.4005126684904098,
  "provenance": {
    "md5sum": "b1f8f2f7790f4685d0a708458f4a69ff",
    "settings": {
      "testing": false
    },
    "software": "mriqc",
    "version": "22.0.1",
    "warnings": {
      "large_rot_frame": true,
      "small_air_mask": false
    },
    "webapi_port": null,
    "webapi_url": "https://mriqc.nimh.nih.gov/api/v1"
  },
  "qi_1": 0.0,
  "qi_2": 0.0011272494635680475,
  "rpve_csf": 12.789014823742347,
  "rpve_gm": 39.86998747823962,
  "rpve_wm": 11.722765827948356,
  "size_x": 512,
  "size_y": 512,
  "size_z": 35,
  "snr_csf": 11.535400062264923,
  "snr_gm": 1.9271488669965917,
  "snr_total": 7.763521732888955,
  "snr_wm": 9.828016269405351,
  "snrd_csf": 52.615243352988536,
  "snrd_gm": 79.6558705934361,
  "snrd_total": 55.83232332811692,
  "snrd_wm": 35.22585603792613,
  "spacing_x": 0.5,
  "spacing_y": 0.5,
  "spacing_z": 3.9999961853027344,
  "summary_bg_k": 248.52522426428885,
  "summary_bg_mad": 19.586756500764988,
  "summary_bg_mean": 11.002994461471333,
  "summary_bg_median": 13.211066499352455,
  "summary_bg_n": 1498267.0,
  "summary_bg_p05": 0.0,
  "summary_bg_p95": 28.675785519182682,
  "summary_bg_stdv": 25.394001817339625,
  "summary_csf_k": 0.049668361496817415,
  "summary_csf_mad": 134.68775499643687,
  "summary_csf_mean": 1586.9054218736685,
  "summary_csf_median": 1573.0494592934847,
  "summary_csf_n": 314807.0,
  "summary_csf_p05": 1384.6751934438944,
  "summary_csf_p95": 1832.2194991484284,
  "summary_csf_stdv": 136.3669185607724,
  "summary_gm_k": -1.2374626372322797,
  "summary_gm_mad": 1186.9574439463581,
  "summary_gm_mean": 1983.5190694366943,
  "summary_gm_median": 2381.4890168979764,
  "summary_gm_n": 123270.0,
  "summary_gm_p05": 147.2645353898406,
  "summary_gm_p95": 3827.634525641799,
  "summary_gm_stdv": 1235.7526696649509,
  "summary_wm_k": -0.2854429235959661,
  "summary_wm_mad": 110.83799855138774,
  "summary_wm_mean": 1059.2036513927148,
  "summary_wm_median": 1053.1551364660263,
  "summary_wm_n": 441007.0,
  "summary_wm_p05": 892.1355494856834,
  "summary_wm_p95": 1245.1041614860296,
  "summary_wm_stdv": 107.15834340947639,
  "tpm_overlap_csf": 0.11399649806876448,
  "tpm_overlap_gm": 0.09207270655520952,
  "tpm_overlap_wm": 0.46657830414616663,
  "wm2max": 0.2309615180054891
}