{
  "bids_meta": {
    "AcquisitionDateTime": "2019-10-24T20:18:13.000000",
    "BodyPartExamined": "HEAD",
    "ConversionSoftware": "dcm2niix",
    "ConversionSoftwareVersion": "v1.0.20170411 GCC4.8.4",
    "Dcm2bidsVersion": "2.1.4",
    "EchoTime": 0.00302,
    "FlipAngle": 12,
    "ImageType": [
      "ORIGINAL",
      "PRIMARY",
      "OTHER"
    ],
    "InversionTime": 0.45,
    "MagneticFieldStrength": 3,
    "Manufacturer": "GE",
    "ManufacturersModelName": "DISCOVERY_MR750",
    "ProtocolName": "3D_Ax_T1_BRAVO",
    "RepetitionTime": 0.007788,
    "ScanningSequence": "GR",
    "SequenceVariant": "SS_SK",
    "SeriesDescription": "3D_Ax_T1_BRAVO",
    "dataset": "ds003548",
    "modality": "T1w",
    "subject_id": "03"
  },
  "cjv": 0.2528109966596061,
  "cnr": 5.323797098822671,
  "efc": 0.6473965522438383,
  "fber": 2768.9687205161117,
  "fwhm_avg": 7.776794568544179,
  "fwhm_x": 7.520146155598888,
  "fwhm_y": 8.424597550033646,
  "fwhm_z": 7.38564,
  "icvs_csf": 0.20048490592876472,
  "icvs_gm": 0.4522318267305945,
  "icvs_wm": 0.3472832673406408,
  "inu_med": 0.33595210313796997,
  "inu_range": 0.09360626786947246,
  "provenance": {
    "md5sum": "9604a35f91e67a8d57ac4d8b27562e1a",
    "settings": {
      "testing": false
    },
    "software": "mriqc",
    "version": "22.0.1",
    "warnings": {
      "large_rot_frame": true,
      "small_air_mask": false
    },
    "webapi_port": null,
    "webapi_url": "https://mriqc.nimh.nih.gov/api/v1"
  },
  "qi_1": 0.0,
  "qi_2": 0.0002072375299248658,
  "rpve_csf": 18.218213503163454,
  "rpve_gm": 8.868075905298642,
  "rpve_wm": 12.877440148748185,
  "size_x": 512,
  "size_y": 512,
  "size_z": 296,
  "snr_csf": 2.7860795439232935,
  "snr_gm": 19.553512288309285,
  "snr_total": 16.330810969205746,
  "snr_wm": 26.652841075384664,
  "snrd_csf": 11.300743121179211,
  "snrd_gm": 31.65844676844181,
  "snrd_total": 29.239547661547835,
  "snrd_wm": 44.759453095022494,
  "spacing_x": 0.47850000858306885,
  "spacing_y": 0.47850000858306885,
  "spacing_z": 0.5,
  "summary_bg_k": 116.67760590132995,
  "summary_bg_mad": 14.636828246820665,
  "summary_bg_mean": 13.645529017745,
  "summary_bg_median": 9.872390627861023,
  "summary_bg_n": 12787512.0,
  "summary_bg_p05": 0.0,
  "summary_bg_p95": 39.379869282245636,
  "summary_bg_stdv": 17.508429559900343,
  "summary_csf_k": -0.16630648475475418,
  "summary_csf_mad": 94.32622647951095,
  "summary_csf_mean": 252.04943682752062,
  "summary_csf_median": 252.47724920511246,
  "summary_csf_n": 849617.0,
  "summary_csf_p05": 106.1464814543724,
  "summary_csf_p95": 405.9015124440193,
  "summary_csf_stdv": 90.62092328726465,
  "summary_gm_k": -0.2521997707912713,
  "summary_gm_mad": 37.622069641827935,
  "summary_gm_mean": 708.6070535738402,
  "summary_gm_median": 707.3019418716431,
  "summary_gm_n": 1645039.0,
  "summary_gm_p05": 651.5777814388275,
  "summary_gm_p95": 770.0830333828926,
  "summary_gm_stdv": 36.17261781220749,
  "summary_wm_k": 0.4385006628498389,
  "summary_wm_mad": 36.375228717098764,
  "summary_wm_mean": 1001.4411400332858,
  "summary_wm_median": 1000.000041782856,
  "summary_wm_n": 2889569.0,
  "summary_wm_p05": 942.3014032244682,
  "summary_wm_p95": 1065.4503352046013,
  "summary_wm_stdv": 37.519447398431424,
  "tpm_overlap_csf": 0.13683198574648903,
  "tpm_overlap_gm": 0.4557262453750172,
  "tpm_overlap_wm": 0.5204897054111078,
  "wm2max": 0.516242897861336
}