{
  "bids_meta": {
    "AcquisitionDateTime": "2019-10-24T20:17:14.000000",
    "BodyPartExamined": "HEAD",
    "ConversionSoftware": "dcm2niix",
    "ConversionSoftwareVersion": "v1.0.20170411 GCC4.8.4",
    "Dcm2bidsVersion": "2.1.4",
    "EchoTime": 0.1014,
    "FlipAngle": 142,
    "ImageType": [
      "ORIGINAL",
      "PRIMARY",
      "OTHER"
    ],
    "MagneticFieldStrength": 3,
    "Manufacturer": "GE",
    "ManufacturersModelName": "DISCOVERY_MR750",
    "ProtocolName": "Ax_T2_FSE",
    "RepetitionTime": 6.255,
    "ScanningSequence": "SE",
    "SequenceVariant": "SK",
    "SeriesDescription": "Ax_T2_FSE",
    "dataset": "ds003548",
    "modality": "T2w",
    "subject_id": "03"
  },
  "cjv": 0.4641594274259833,
  "cnr": 2.9197557653349473,
  "efc": 0.6121842208956675,
  "fber": 9447.02435326911,
  "fwhm_avg": 5.561112499999999,
  "fwhm_x": 6.35176,
  "fwhm_y": 8.41772,
  "fwhm_z": 1.9138575,
  "icvs_csf": 0.1510059925585993,
  "icvs_gm": 0.36375332249069053,
  "icvs_wm": 0.48524068495071015,
  "inu_med": 0.923349142074585,
  "inu_range": 0.3964313507080076,
  "provenance": {
    "md5sum": "bbd192709af38401f9b412d24752f85d",
    "settings": {
      "testing": false
    },
    "software": "mriqc",
    "version": "22.0.1",
    "warnings": {
      "large_rot_frame": true,
      "small_air_mask": false
    },
    "webapi_port": null,
    "webapi_url": "https://mriqc.nimh.nih.gov/api/v1"
  },
  "qi_1": 0.0,
  "qi_2": 0.0006344759638706731,
  "rpve_csf": 27.42192561253373,
  "rpve_gm": 10.488073261833154,
  "rpve_wm": 9.364902951618337,
  "size_x": 512,
  "size_y": 512,
  "size_z": 35,
  "snr_csf": 2.403203636822488,
  "snr_gm": 10.333315956407098,
  "snr_total": 7.169038644972436,
  "snr_wm": 8.770596341687723,
  "snrd_csf": 105.31329331223927,
  "snrd_gm": 61.623710922141086,
  "snrd_total": 68.81377512418152,
  "snrd_wm": 39.5043211381642,
  "spacing_x": 0.5,
  "spacing_y": 0.5,
  "spacing_z": 4.0,
  "summary_bg_k": 125.17567985922437,
  "summary_bg_mad": 17.499730559542087,
  "summary_bg_mean": 13.296180452572056,
  "summary_bg_median": 11.803388893604279,
  "summary_bg_n": 1673024.0,
  "summary_bg_p05": 0.0,
  "summary_bg_p95": 36.253265887498856,
  "summary_bg_stdv": 33.15146345081503,
  "summary_csf_k": -0.3623193984981796,
  "summary_csf_mad": 821.9873439967769,
  "summary_csf_mean": 2529.0334027260164,
  "summary_csf_median": 2813.084813028574,
  "summary_csf_n": 189473.0,
  "summary_csf_p05": 254.6665463715792,
  "summary_csf_p95": 3897.64763250947,
  "summary_csf_stdv": 1170.5530677762965,
  "summary_gm_k": 0.46142734780185934,
  "summary_gm_mad": 154.49762122567157,
  "summary_gm_mean": 1661.711653675019,
  "summary_gm_median": 1646.0668911337852,
  "summary_gm_n": 361370.0,
  "summary_gm_p05": 1427.704196602106,
  "summary_gm_p95": 1946.0036494083693,
  "summary_gm_stdv": 159.2968433888694,
  "summary_wm_k": -0.013460435584793817,
  "summary_wm_mad": 119.74815625743798,
  "summary_wm_mean": 1062.1766190988171,
  "summary_wm_median": 1055.2229670882225,
  "summary_wm_n": 581014.0,
  "summary_wm_p05": 873.4507781267166,
  "summary_wm_p95": 1272.658252492547,
  "summary_wm_stdv": 120.31360444498479,
  "tpm_overlap_csf": 0.17297775189041859,
  "tpm_overlap_gm": 0.4170760595426875,
  "tpm_overlap_wm": 0.49089373911020834,
  "wm2max": 0.2469030543126986
}