{
  "aor": 0.0011759333333333333,
  "aqi": 0.0033968379666666658,
  "bids_meta": {
    "AcquisitionDateTime": "2020-03-12T21:48:30.000000",
    "BodyPartExamined": "HEAD",
    "ConversionSoftware": "dcm2niix",
    "ConversionSoftwareVersion": "v1.0.20170411 GCC4.8.4",
    "Dcm2bidsVersion": "2.1.4",
    "EchoTime": 0.04,
    "FlipAngle": 90,
    "ImageType": [
      "ORIGINAL",
      "PRIMARY",
      "EPI",
      "NONE"
    ],
    "MagneticFieldStrength": 3,
    "Manufacturer": "GE",
    "ManufacturersModelName": "DISCOVERY_MR750",
    "ProtocolName": "fMRI_RestState",
    "RepetitionTime": 2,
    "ScanningSequence": "EP_GR",
    "SequenceVariant": "SS",
    "SeriesDescription": "fMRI_RestState",
    "SliceEncodingDirection": "k",
    "SliceTiming": [
      0.057142857,
      0.171428571,
      0.285714286,
      0.4,
      0.514285714,
      0.628571429,
      0.742857143,
      0.857142857,
      0.971428571,
      1.085714286,
      1.2,
      1.314285714,
      1.428571429,
      1.542857143,
      1.657142857,
      1.771428571,
      1.885714286,
      2.0,
      0.114285714,
      0.228571429,
      0.342857143,
      0.457142857,
      0.571428571,
      0.685714286,
      0.8,
      0.914285714,
      1.028571429,
      1.142857143,
      1.257142857,
      1.371428571,
      1.485714286,
      1.6,
      1.714285714,
      1.828571429,
      1.942857143
    ],
    "TaskName": "Resting state, awake, closed eyes",
    "dataset": "ds003548",
    "modality": "bold",
    "subject_id": "11",
    "task_id": "rest"
  },
  "dummy_trs": 0,
  "dvars_nstd": 13.143890798628751,
  "dvars_std": 0.9883607484280932,
  "dvars_vstd": 0.9338181408361202,
  "efc": 0.3464661001801003,
  "fber": 60661.796875,
  "fd_mean": 0.07725136303237472,
  "fd_num": 8,
  "fd_perc": 2.6666666666666665,
  "fwhm_avg": 2.9169688888888885,
  "fwhm_x": 2.8558133333333333,
  "fwhm_y": 2.955093333333333,
  "fwhm_z": 2.94,
  "gcor": 0.0315774,
  "gsr_x": -0.010622409172356129,
  "gsr_y": 0.000758951879106462,
  "provenance": {
    "md5sum": "c97619784ef349d6e3f3301b51eefa49",
    "settings": {
      "fd_thres": 0.2,
      "testing": false
    },
    "software": "mriqc",
    "version": "22.0.1",
    "webapi_port": null,
    "webapi_url": "https://mriqc.nimh.nih.gov/api/v1"
  },
  "size_t": 300,
  "size_x": 64,
  "size_y": 64,
  "size_z": 35,
  "snr": 3.126318286800596,
  "spacing_tr": 2.0,
  "spacing_x": 3.75,
  "spacing_y": 3.75,
  "spacing_z": 4.0,
  "summary_bg_k": 92.0191896654294,
  "summary_bg_mad": 10.22007091349684,
  "summary_bg_mean": 31.8883113861084,
  "summary_bg_median": 8.449999809265137,
  "summary_bg_n": 101698.0,
  "summary_bg_p05": 0.5833333730697632,
  "summary_bg_p95": 130.64400024414047,
  "summary_bg_stdv": 92.74536895751953,
  "summary_fg_k": 1.095755824526493,
  "summary_fg_mad": 490.30643526150305,
  "summary_fg_mean": 2164.376220703125,
  "summary_fg_median": 2004.193359375,
  "summary_fg_n": 14101.0,
  "summary_fg_p05": 1357.126708984375,
  "summary_fg_p95": 3437.5234375,
  "summary_fg_stdv": 641.0487060546875,
  "tsnr": 62.34858945803717
}