{
  "aor": 0.0021801621621621624,
  "aqi": 0.001419422048648649,
  "bids_meta": {
    "AcquisitionDateTime": "2020-03-12T21:59:33.000000",
    "BodyPartExamined": "HEAD",
    "ConversionSoftware": "dcm2niix",
    "ConversionSoftwareVersion": "v1.0.20170411 GCC4.8.4",
    "Dcm2bidsVersion": "2.1.4",
    "EchoTime": 0.03,
    "FlipAngle": 90,
    "ImageType": [
      "ORIGINAL",
      "PRIMARY",
      "EPI",
      "NONE"
    ],
    "MagneticFieldStrength": 3,
    "Manufacturer": "GE",
    "ManufacturersModelName": "DISCOVERY_MR750",
    "ProtocolName": "tr_FMRI_1",
    "RepetitionTime": 2,
    "ScanningSequence": "EP_GR",
    "SequenceVariant": "SS",
    "SeriesDescription": "tr_FMRI_1",
    "SliceEncodingDirection": "k",
    "SliceTiming": [
      0.057142857,
      0.171428571,
      0.285714286,
      0.4,
      0.514285714,
      0.628571429,
      0.742857143,
      0.857142857,
      0.971428571,
      1.085714286,
      1.2,
      1.314285714,
      1.428571429,
      1.542857143,
      1.657142857,
      1.771428571,
      1.885714286,
      2.0,
      0.114285714,
      0.228571429,
      0.342857143,
      0.457142857,
      0.571428571,
      0.685714286,
      0.8,
      0.914285714,
      1.028571429,
      1.142857143,
      1.257142857,
      1.371428571,
      1.485714286,
      1.6,
      1.714285714,
      1.828571429,
      1.942857143
    ],
    "TaskName": "Emotional face perception",
    "dataset": "ds003548",
    "modality": "bold",
    "run_id": 1,
    "subject_id": "11",
    "task_id": "emotionalfaces"
  },
  "dummy_trs": 0,
  "dvars_nstd": 12.340580204239133,
  "dvars_std": 1.1166693785869568,
  "dvars_vstd": 0.9847735129347828,
  "efc": 0.36144269751681374,
  "fber": 79638.328125,
  "fd_mean": 0.06209449812872497,
  "fd_num": 2,
  "fd_perc": 1.0810810810810811,
  "fwhm_avg": 3.1538516666666667,
  "fwhm_x": 3.0560533333333333,
  "fwhm_y": 3.165626666666667,
  "fwhm_z": 3.239875,
  "gcor": 0.049338,
  "gsr_x": -0.009740362875163555,
  "gsr_y": 0.0038250936195254326,
  "provenance": {
    "md5sum": "6cb1b0215284db2ed4a04146c6d650a9",
    "settings": {
      "fd_thres": 0.2,
      "testing": false
    },
    "software": "mriqc",
    "version": "22.0.1",
    "webapi_port": null,
    "webapi_url": "https://mriqc.nimh.nih.gov/api/v1"
  },
  "size_t": 185,
  "size_x": 64,
  "size_y": 64,
  "size_z": 35,
  "snr": 2.9759490287805614,
  "spacing_tr": 2.0,
  "spacing_x": 3.75,
  "spacing_y": 3.75,
  "spacing_z": 4.0,
  "summary_bg_k": 45.01378127830442,
  "summary_bg_mad": 11.396002265126002,
  "summary_bg_mean": 47.89009094238281,
  "summary_bg_median": 9.075675964355469,
  "summary_bg_n": 100175.0,
  "summary_bg_p05": 0.5729730129241943,
  "summary_bg_p95": 231.63244018554624,
  "summary_bg_stdv": 134.64028930664062,
  "summary_fg_k": 1.1588620513665902,
  "summary_fg_mad": 627.813990411859,
  "summary_fg_mean": 2649.0869140625,
  "summary_fg_median": 2447.60546875,
  "summary_fg_n": 15559.0,
  "summary_fg_p05": 1620.543798828125,
  "summary_fg_p95": 4313.480761718749,
  "summary_fg_stdv": 822.4357299804688,
  "tsnr": 95.60042214905843
}