{
  "bids_meta": {
    "AcquisitionDateTime": "2019-10-30T17:48:27.000000",
    "BodyPartExamined": "HEAD",
    "ConversionSoftware": "dcm2niix",
    "ConversionSoftwareVersion": "v1.0.20170411 GCC4.8.4",
    "Dcm2bidsVersion": "2.1.4",
    "EchoTime": 0.00302,
    "FlipAngle": 12,
    "ImageType": [
      "ORIGINAL",
      "PRIMARY",
      "OTHER"
    ],
    "InversionTime": 0.45,
    "MagneticFieldStrength": 3,
    "Manufacturer": "GE",
    "ManufacturersModelName": "DISCOVERY_MR750",
    "ProtocolName": "3D_Ax_T1_BRAVO",
    "RepetitionTime": 0.007788,
    "ScanningSequence": "GR",
    "SequenceVariant": "SS_SK",
    "SeriesDescription": "3D_Ax_T1_BRAVO",
    "dataset": "ds003548",
    "modality": "T1w",
    "subject_id": "04"
  },
  "cjv": 0.24898532402781315,
  "cnr": 5.55404645982594,
  "efc": 0.6380872873574922,
  "fber": 8737.652244020424,
  "fwhm_avg": 7.123394618420247,
  "fwhm_x": 7.009508756189977,
  "fwhm_y": 7.584075099070765,
  "fwhm_z": 6.7766,
  "icvs_csf": 0.220012019146401,
  "icvs_gm": 0.4390055274783312,
  "icvs_wm": 0.3409824533752678,
  "inu_med": 0.3943316340446472,
  "inu_range": 0.10618311762809751,
  "provenance": {
    "md5sum": "ac688739e744c5bb641c4f6845d694d6",
    "settings": {
      "testing": false
    },
    "software": "mriqc",
    "version": "22.0.1",
    "warnings": {
      "large_rot_frame": true,
      "small_air_mask": false
    },
    "webapi_port": null,
    "webapi_url": "https://mriqc.nimh.nih.gov/api/v1"
  },
  "qi_1": 0.0003610908923435253,
  "qi_2": 0.0004193180061128994,
  "rpve_csf": 18.460799906985883,
  "rpve_gm": 9.806598532015217,
  "rpve_wm": 14.375421801787061,
  "size_x": 512,
  "size_y": 512,
  "size_z": 296,
  "snr_csf": 2.384180086760356,
  "snr_gm": 16.5985073221271,
  "snr_total": 14.759903722110645,
  "snr_wm": 25.29702375744448,
  "snrd_csf": 16.263019427190905,
  "snrd_gm": 51.65985233425035,
  "snrd_total": 48.190254156567526,
  "snrd_wm": 76.6478907082613,
  "spacing_x": 0.47850000858306885,
  "spacing_y": 0.47850000858306885,
  "spacing_z": 0.5,
  "summary_bg_k": 239.03957760455557,
  "summary_bg_mad": 8.547672642383725,
  "summary_bg_mean": 9.870719936402887,
  "summary_bg_median": 5.765317585319281,
  "summary_bg_n": 13131150.0,
  "summary_bg_p05": 0.0,
  "summary_bg_p95": 33.8005874119699,
  "summary_bg_stdv": 15.297511022392916,
  "summary_csf_k": 5.4819884005169985,
  "summary_csf_mad": 90.6165034375582,
  "summary_csf_mean": 216.1450653003209,
  "summary_csf_median": 212.1862962283194,
  "summary_csf_n": 771150.0,
  "summary_csf_p05": 78.98108273744583,
  "summary_csf_p95": 374.2180976457894,
  "summary_csf_stdv": 88.9975383272156,
  "summary_gm_k": -0.2776666887851813,
  "summary_gm_mad": 42.51489464610467,
  "summary_gm_mean": 675.1084172475809,
  "summary_gm_median": 674.014612082392,
  "summary_gm_n": 1220867.0,
  "summary_gm_p05": 610.5584368295968,
  "summary_gm_p95": 743.4245139919221,
  "summary_gm_stdv": 40.6069246446332,
  "summary_wm_k": 0.3793890890565508,
  "summary_wm_mad": 38.660061885813974,
  "summary_wm_mean": 1000.8187131018823,
  "summary_wm_median": 1000.0376692600548,
  "summary_wm_n": 2456918.0,
  "summary_wm_p05": 937.2220848500729,
  "summary_wm_p95": 1066.922889612615,
  "summary_wm_stdv": 39.53182300550589,
  "tpm_overlap_csf": 0.14287455371117205,
  "tpm_overlap_gm": 0.43841475932475504,
  "tpm_overlap_wm": 0.49143510303342014,
  "wm2max": 0.5067402428778737
}