{
  "bids_meta": {
    "AcquisitionDateTime": "2019-10-30T17:47:27.000000",
    "BodyPartExamined": "HEAD",
    "ConversionSoftware": "dcm2niix",
    "ConversionSoftwareVersion": "v1.0.20170411 GCC4.8.4",
    "Dcm2bidsVersion": "2.1.4",
    "EchoTime": 0.1014,
    "FlipAngle": 142,
    "ImageType": [
      "ORIGINAL",
      "PRIMARY",
      "OTHER"
    ],
    "MagneticFieldStrength": 3,
    "Manufacturer": "GE",
    "ManufacturersModelName": "DISCOVERY_MR750",
    "ProtocolName": "Ax_T2_FSE",
    "RepetitionTime": 6.255,
    "ScanningSequence": "SE",
    "SequenceVariant": "SK",
    "SeriesDescription": "Ax_T2_FSE",
    "dataset": "ds003548",
    "modality": "T2w",
    "subject_id": "04"
  },
  "cjv": 0.6555854463262726,
  "cnr": 1.2971764599830449,
  "efc": 0.6139967660166524,
  "fber": -1.0,
  "fwhm_avg": 4.914131666666667,
  "fwhm_x": 5.8159,
  "fwhm_y": 7.20568,
  "fwhm_z": 1.720815,
  "icvs_csf": 0.3615456177358617,
  "icvs_gm": 0.14736794852419768,
  "icvs_wm": 0.4910864337399406,
  "inu_med": 1.0126853585243225,
  "inu_range": 0.35134438574314153,
  "provenance": {
    "md5sum": "e7891e1ce66a58e070b634451080e9eb",
    "settings": {
      "testing": false
    },
    "software": "mriqc",
    "version": "22.0.1",
    "warnings": {
      "large_rot_frame": true,
      "small_air_mask": false
    },
    "webapi_port": null,
    "webapi_url": "https://mriqc.nimh.nih.gov/api/v1"
  },
  "qi_1": 0.0,
  "qi_2": 0.0005269515065022992,
  "rpve_csf": 11.527421480202136,
  "rpve_gm": 30.723484313052374,
  "rpve_wm": 10.109577997408119,
  "size_x": 512,
  "size_y": 512,
  "size_z": 35,
  "snr_csf": 10.613015767554035,
  "snr_gm": 2.186143381869258,
  "snr_total": 7.350084887844009,
  "snr_wm": 9.251095514108734,
  "snrd_csf": 34.70907305054731,
  "snrd_gm": 55.03263577659876,
  "snrd_total": 37.320273755958645,
  "snrd_wm": 22.219112440729848,
  "spacing_x": 0.5,
  "spacing_y": 0.5,
  "spacing_z": 4.0,
  "summary_bg_k": 146.02016662677278,
  "summary_bg_mad": 0.0,
  "summary_bg_mean": 9.18283969874573,
  "summary_bg_median": 0.0,
  "summary_bg_n": 1587128.0,
  "summary_bg_p05": 0.0,
  "summary_bg_p95": 25.83752904832363,
  "summary_bg_stdv": 31.002459547774485,
  "summary_csf_k": 0.07307003493851427,
  "summary_csf_mad": 155.28312505343993,
  "summary_csf_mean": 1657.520964903151,
  "summary_csf_median": 1642.5077788233757,
  "summary_csf_n": 331848.0,
  "summary_csf_p05": 1430.4064810425043,
  "summary_csf_p95": 1935.1871332973242,
  "summary_csf_stdv": 154.7632963152308,
  "summary_gm_k": -0.9600579780493916,
  "summary_gm_mad": 903.185089378771,
  "summary_gm_mean": 2256.0748358119445,
  "summary_gm_median": 2604.2623558565974,
  "summary_gm_n": 164870.0,
  "summary_gm_p05": 204.54345559738582,
  "summary_gm_p95": 3818.2284399602554,
  "summary_gm_stdv": 1191.2551022573552,
  "summary_wm_k": -0.14883989879413706,
  "summary_wm_mad": 114.81212242627161,
  "summary_wm_mean": 1057.661364258284,
  "summary_wm_median": 1051.4560550004244,
  "summary_wm_n": 529357.0,
  "summary_wm_p05": 880.3006718978286,
  "summary_wm_p95": 1256.6235526129603,
  "summary_wm_stdv": 113.65735660731521,
  "tpm_overlap_csf": 0.10838522388008079,
  "tpm_overlap_gm": 0.12036479751815456,
  "tpm_overlap_wm": 0.4507025681996928,
  "wm2max": 0.24854437594981893
}