{
  "aor": 0.00405081081081081,
  "aqi": 0.0014543354864864865,
  "bids_meta": {
    "AcquisitionDateTime": "2020-03-12T22:16:55.000000",
    "BodyPartExamined": "HEAD",
    "ConversionSoftware": "dcm2niix",
    "ConversionSoftwareVersion": "v1.0.20170411 GCC4.8.4",
    "Dcm2bidsVersion": "2.1.4",
    "EchoTime": 0.03,
    "FlipAngle": 90,
    "ImageType": [
      "ORIGINAL",
      "PRIMARY",
      "EPI",
      "NONE"
    ],
    "MagneticFieldStrength": 3,
    "Manufacturer": "GE",
    "ManufacturersModelName": "DISCOVERY_MR750",
    "ProtocolName": "tr_FMRI_3",
    "RepetitionTime": 2,
    "ScanningSequence": "EP_GR",
    "SequenceVariant": "SS",
    "SeriesDescription": "tr_FMRI_3",
    "SliceEncodingDirection": "k",
    "SliceTiming": [
      0.057142857,
      0.171428571,
      0.285714286,
      0.4,
      0.514285714,
      0.628571429,
      0.742857143,
      0.857142857,
      0.971428571,
      1.085714286,
      1.2,
      1.314285714,
      1.428571429,
      1.542857143,
      1.657142857,
      1.771428571,
      1.885714286,
      2.0,
      0.114285714,
      0.228571429,
      0.342857143,
      0.457142857,
      0.571428571,
      0.685714286,
      0.8,
      0.914285714,
      1.028571429,
      1.142857143,
      1.257142857,
      1.371428571,
      1.485714286,
      1.6,
      1.714285714,
      1.828571429,
      1.942857143
    ],
    "TaskName": "Emotional face perception",
    "dataset": "ds003548",
    "modality": "bold",
    "run_id": 3,
    "subject_id": "11",
    "task_id": "emotionalfaces"
  },
  "dummy_trs": 0,
  "dvars_nstd": 11.994628206413047,
  "dvars_std": 1.122031559891304,
  "dvars_vstd": 1.001703252119565,
  "efc": 0.3613780985077301,
  "fber": 82687.3203125,
  "fd_mean": 0.06575078154869052,
  "fd_num": 2,
  "fd_perc": 1.0810810810810811,
  "fwhm_avg": 3.168993333333333,
  "fwhm_x": 3.103893333333333,
  "fwhm_y": 3.1193866666666663,
  "fwhm_z": 3.2837,
  "gcor": 0.0367384,
  "gsr_x": -0.00942859798669815,
  "gsr_y": 0.004209207370877266,
  "provenance": {
    "md5sum": "c1f2acb7192dffe693c2b5ad71ddd3dd",
    "settings": {
      "fd_thres": 0.2,
      "testing": false
    },
    "software": "mriqc",
    "version": "22.0.1",
    "webapi_port": null,
    "webapi_url": "https://mriqc.nimh.nih.gov/api/v1"
  },
  "size_t": 185,
  "size_x": 64,
  "size_y": 64,
  "size_z": 35,
  "snr": 2.93516588719908,
  "spacing_tr": 2.0,
  "spacing_x": 3.75,
  "spacing_y": 3.75,
  "spacing_z": 4.0,
  "summary_bg_k": 43.37298660149132,
  "summary_bg_mad": 11.059411974602668,
  "summary_bg_mean": 47.76545715332031,
  "summary_bg_median": 8.897297859191895,
  "summary_bg_n": 100227.0,
  "summary_bg_p05": 0.6108108162879944,
  "summary_bg_p95": 237.71027832031214,
  "summary_bg_stdv": 135.5856170654297,
  "summary_fg_k": 1.2719580143465183,
  "summary_fg_mad": 628.4070674956045,
  "summary_fg_mean": 2631.530029296875,
  "summary_fg_median": 2428.54345703125,
  "summary_fg_n": 15612.0,
  "summary_fg_p05": 1605.6175842285156,
  "summary_fg_p95": 4293.861181640624,
  "summary_fg_stdv": 827.369140625,
  "tsnr": 97.42600263096392
}