{
  "aor": 0.0012395675675675676,
  "aqi": 0.0015936314864864864,
  "bids_meta": {
    "AcquisitionDateTime": "2020-03-12T22:08:41.000000",
    "BodyPartExamined": "HEAD",
    "ConversionSoftware": "dcm2niix",
    "ConversionSoftwareVersion": "v1.0.20170411 GCC4.8.4",
    "Dcm2bidsVersion": "2.1.4",
    "EchoTime": 0.03,
    "FlipAngle": 90,
    "ImageType": [
      "ORIGINAL",
      "PRIMARY",
      "EPI",
      "NONE"
    ],
    "MagneticFieldStrength": 3,
    "Manufacturer": "GE",
    "ManufacturersModelName": "DISCOVERY_MR750",
    "ProtocolName": "tr_FMRI_2",
    "RepetitionTime": 2,
    "ScanningSequence": "EP_GR",
    "SequenceVariant": "SS",
    "SeriesDescription": "tr_FMRI_2",
    "SliceEncodingDirection": "k",
    "SliceTiming": [
      0.057142857,
      0.171428571,
      0.285714286,
      0.4,
      0.514285714,
      0.628571429,
      0.742857143,
      0.857142857,
      0.971428571,
      1.085714286,
      1.2,
      1.314285714,
      1.428571429,
      1.542857143,
      1.657142857,
      1.771428571,
      1.885714286,
      2.0,
      0.114285714,
      0.228571429,
      0.342857143,
      0.457142857,
      0.571428571,
      0.685714286,
      0.8,
      0.914285714,
      1.028571429,
      1.142857143,
      1.257142857,
      1.371428571,
      1.485714286,
      1.6,
      1.714285714,
      1.828571429,
      1.942857143
    ],
    "TaskName": "Emotional face perception",
    "dataset": "ds003548",
    "modality": "bold",
    "run_id": 2,
    "subject_id": "11",
    "task_id": "emotionalfaces"
  },
  "dummy_trs": 0,
  "dvars_nstd": 11.572563508097824,
  "dvars_std": 1.0765942295108697,
  "dvars_vstd": 0.9635213905434784,
  "efc": 0.36055297446862783,
  "fber": 79365.34375,
  "fd_mean": 0.05516552220287831,
  "fd_num": 0,
  "fd_perc": 0.0,
  "fwhm_avg": 3.1224038888888885,
  "fwhm_x": 3.0750666666666664,
  "fwhm_y": 3.0855200000000003,
  "fwhm_z": 3.206625,
  "gcor": 0.0397592,
  "gsr_x": -0.00952303409576416,
  "gsr_y": 0.004081238526850939,
  "provenance": {
    "md5sum": "87f103c320eba6f0cf85172d1d035420",
    "settings": {
      "fd_thres": 0.2,
      "testing": false
    },
    "software": "mriqc",
    "version": "22.0.1",
    "webapi_port": null,
    "webapi_url": "https://mriqc.nimh.nih.gov/api/v1"
  },
  "size_t": 185,
  "size_x": 64,
  "size_y": 64,
  "size_z": 35,
  "snr": 2.962268156954282,
  "spacing_tr": 2.0,
  "spacing_x": 3.75,
  "spacing_y": 3.75,
  "spacing_z": 4.0,
  "summary_bg_k": 40.16452228807837,
  "summary_bg_mad": 11.371960505494238,
  "summary_bg_mean": 47.88074493408203,
  "summary_bg_median": 9.156757354736328,
  "summary_bg_n": 100284.0,
  "summary_bg_p05": 0.6540540456771851,
  "summary_bg_p95": 235.1386535644527,
  "summary_bg_stdv": 133.4369354248047,
  "summary_fg_k": 1.2066030244412502,
  "summary_fg_mad": 631.2238669253923,
  "summary_fg_mean": 2661.43212890625,
  "summary_fg_median": 2453.451416015625,
  "summary_fg_n": 15490.0,
  "summary_fg_p05": 1642.302508544922,
  "summary_fg_p95": 4333.379003906249,
  "summary_fg_stdv": 828.2073364257812,
  "tsnr": 93.949164589867
}