{
  "aor": 0.007874756756756756,
  "aqi": 0.001976381427027027,
  "bids_meta": {
    "AcquisitionDateTime": "2020-03-12T22:32:45.000000",
    "BodyPartExamined": "HEAD",
    "ConversionSoftware": "dcm2niix",
    "ConversionSoftwareVersion": "v1.0.20170411 GCC4.8.4",
    "Dcm2bidsVersion": "2.1.4",
    "EchoTime": 0.03,
    "FlipAngle": 90,
    "ImageType": [
      "ORIGINAL",
      "PRIMARY",
      "EPI",
      "NONE"
    ],
    "MagneticFieldStrength": 3,
    "Manufacturer": "GE",
    "ManufacturersModelName": "DISCOVERY_MR750",
    "ProtocolName": "tr_FMRI_5",
    "RepetitionTime": 2,
    "ScanningSequence": "EP_GR",
    "SequenceVariant": "SS",
    "SeriesDescription": "tr_FMRI_5",
    "SliceEncodingDirection": "k",
    "SliceTiming": [
      0.057142857,
      0.171428571,
      0.285714286,
      0.4,
      0.514285714,
      0.628571429,
      0.742857143,
      0.857142857,
      0.971428571,
      1.085714286,
      1.2,
      1.314285714,
      1.428571429,
      1.542857143,
      1.657142857,
      1.771428571,
      1.885714286,
      2.0,
      0.114285714,
      0.228571429,
      0.342857143,
      0.457142857,
      0.571428571,
      0.685714286,
      0.8,
      0.914285714,
      1.028571429,
      1.142857143,
      1.257142857,
      1.371428571,
      1.485714286,
      1.6,
      1.714285714,
      1.828571429,
      1.942857143
    ],
    "TaskName": "Emotional face perception",
    "dataset": "ds003548",
    "modality": "bold",
    "run_id": 5,
    "subject_id": "11",
    "task_id": "emotionalfaces"
  },
  "dummy_trs": 0,
  "dvars_nstd": 13.056488156358702,
  "dvars_std": 1.175816968315217,
  "dvars_vstd": 1.0323204553260867,
  "efc": 0.36197629782261553,
  "fber": 82659.8046875,
  "fd_mean": 0.08395901721530015,
  "fd_num": 5,
  "fd_perc": 2.7027027027027026,
  "fwhm_avg": 3.1644272222222223,
  "fwhm_x": 3.0738666666666665,
  "fwhm_y": 3.15224,
  "fwhm_z": 3.267175,
  "gcor": 0.0441241,
  "gsr_x": -0.009189492091536522,
  "gsr_y": 0.003912884742021561,
  "provenance": {
    "md5sum": "e8fe5d0d43a3faecd79af39508732411",
    "settings": {
      "fd_thres": 0.2,
      "testing": false
    },
    "software": "mriqc",
    "version": "22.0.1",
    "webapi_port": null,
    "webapi_url": "https://mriqc.nimh.nih.gov/api/v1"
  },
  "size_t": 185,
  "size_x": 64,
  "size_y": 64,
  "size_z": 35,
  "snr": 2.970728638015706,
  "spacing_tr": 2.0,
  "spacing_x": 3.75,
  "spacing_y": 3.75,
  "spacing_z": 4.0,
  "summary_bg_k": 43.25114110992942,
  "summary_bg_mad": 11.155579543349598,
  "summary_bg_mean": 48.663543701171875,
  "summary_bg_median": 8.935134887695312,
  "summary_bg_n": 100332.0,
  "summary_bg_p05": 0.5891892313957214,
  "summary_bg_p95": 240.45838394165034,
  "summary_bg_stdv": 137.26513671875,
  "summary_fg_k": 1.2599848373811753,
  "summary_fg_mad": 632.2456896946405,
  "summary_fg_mean": 2643.728759765625,
  "summary_fg_median": 2440.6162109375,
  "summary_fg_n": 15581.0,
  "summary_fg_p05": 1637.340576171875,
  "summary_fg_p95": 4291.30810546875,
  "summary_fg_stdv": 821.5283813476562,
  "tsnr": 87.82173924893141
}