{
  "aor": 0.0015591891891891892,
  "aqi": 0.00108112912972973,
  "bids_meta": {
    "AcquisitionDateTime": "2020-03-12T22:24:45.000000",
    "BodyPartExamined": "HEAD",
    "ConversionSoftware": "dcm2niix",
    "ConversionSoftwareVersion": "v1.0.20170411 GCC4.8.4",
    "Dcm2bidsVersion": "2.1.4",
    "EchoTime": 0.03,
    "FlipAngle": 90,
    "ImageType": [
      "ORIGINAL",
      "PRIMARY",
      "EPI",
      "NONE"
    ],
    "MagneticFieldStrength": 3,
    "Manufacturer": "GE",
    "ManufacturersModelName": "DISCOVERY_MR750",
    "ProtocolName": "tr_FMRI_4",
    "RepetitionTime": 2,
    "ScanningSequence": "EP_GR",
    "SequenceVariant": "SS",
    "SeriesDescription": "tr_FMRI_4",
    "SliceEncodingDirection": "k",
    "SliceTiming": [
      0.057142857,
      0.171428571,
      0.285714286,
      0.4,
      0.514285714,
      0.628571429,
      0.742857143,
      0.857142857,
      0.971428571,
      1.085714286,
      1.2,
      1.314285714,
      1.428571429,
      1.542857143,
      1.657142857,
      1.771428571,
      1.885714286,
      2.0,
      0.114285714,
      0.228571429,
      0.342857143,
      0.457142857,
      0.571428571,
      0.685714286,
      0.8,
      0.914285714,
      1.028571429,
      1.142857143,
      1.257142857,
      1.371428571,
      1.485714286,
      1.6,
      1.714285714,
      1.828571429,
      1.942857143
    ],
    "TaskName": "Emotional face perception",
    "dataset": "ds003548",
    "modality": "bold",
    "run_id": 4,
    "subject_id": "11",
    "task_id": "emotionalfaces"
  },
  "dummy_trs": 0,
  "dvars_nstd": 12.591508870489134,
  "dvars_std": 1.1376790114130437,
  "dvars_vstd": 0.9972222345108696,
  "efc": 0.361328624193081,
  "fber": 78449.328125,
  "fd_mean": 0.06603457153941186,
  "fd_num": 2,
  "fd_perc": 1.0810810810810811,
  "fwhm_avg": 3.1512344444444444,
  "fwhm_x": 3.06064,
  "fwhm_y": 3.0978133333333333,
  "fwhm_z": 3.29525,
  "gcor": 0.0683269,
  "gsr_x": -0.00944384653121233,
  "gsr_y": 0.0039353459142148495,
  "provenance": {
    "md5sum": "7f0c52eaf5320605802ef279a8588f26",
    "settings": {
      "fd_thres": 0.2,
      "testing": false
    },
    "software": "mriqc",
    "version": "22.0.1",
    "webapi_port": null,
    "webapi_url": "https://mriqc.nimh.nih.gov/api/v1"
  },
  "size_t": 185,
  "size_x": 64,
  "size_y": 64,
  "size_z": 35,
  "snr": 2.9353493180637193,
  "spacing_tr": 2.0,
  "spacing_x": 3.75,
  "spacing_y": 3.75,
  "spacing_z": 4.0,
  "summary_bg_k": 44.04678646033682,
  "summary_bg_mad": 11.227706943124378,
  "summary_bg_mean": 47.4930534362793,
  "summary_bg_median": 9.075675964355469,
  "summary_bg_n": 100219.0,
  "summary_bg_p05": 0.6324324607849121,
  "summary_bg_p95": 234.02703857421875,
  "summary_bg_stdv": 134.9611053466797,
  "summary_fg_k": 1.295751041225059,
  "summary_fg_mad": 629.9696636326378,
  "summary_fg_mean": 2633.430419921875,
  "summary_fg_median": 2428.37841796875,
  "summary_fg_n": 15621.0,
  "summary_fg_p05": 1623.1190185546875,
  "summary_fg_p95": 4312.259765625,
  "summary_fg_stdv": 827.26123046875,
  "tsnr": 109.29339979309589
}