{
  "aor": 0.0007011891891891892,
  "aqi": 0.0006683545729729729,
  "bids_meta": {
    "AcquisitionDateTime": "2019-11-21T20:35:56.000000",
    "BodyPartExamined": "HEAD",
    "ConversionSoftware": "dcm2niix",
    "ConversionSoftwareVersion": "v1.0.20170411 GCC4.8.4",
    "Dcm2bidsVersion": "2.1.4",
    "EchoTime": 0.03,
    "FlipAngle": 90,
    "ImageType": [
      "ORIGINAL",
      "PRIMARY",
      "EPI",
      "NONE"
    ],
    "MagneticFieldStrength": 3,
    "Manufacturer": "GE",
    "ManufacturersModelName": "DISCOVERY_MR750",
    "ProtocolName": "tr_FMRI_2",
    "RepetitionTime": 2,
    "ScanningSequence": "EP_GR",
    "SequenceVariant": "SS",
    "SeriesDescription": "tr_FMRI_2",
    "SliceEncodingDirection": "k",
    "SliceTiming": [
      0.057142857,
      0.171428571,
      0.285714286,
      0.4,
      0.514285714,
      0.628571429,
      0.742857143,
      0.857142857,
      0.971428571,
      1.085714286,
      1.2,
      1.314285714,
      1.428571429,
      1.542857143,
      1.657142857,
      1.771428571,
      1.885714286,
      2.0,
      0.114285714,
      0.228571429,
      0.342857143,
      0.457142857,
      0.571428571,
      0.685714286,
      0.8,
      0.914285714,
      1.028571429,
      1.142857143,
      1.257142857,
      1.371428571,
      1.485714286,
      1.6,
      1.714285714,
      1.828571429,
      1.942857143
    ],
    "TaskName": "Emotional face perception",
    "dataset": "ds003548",
    "modality": "bold",
    "run_id": 2,
    "subject_id": "07",
    "task_id": "emotionalfaces"
  },
  "dummy_trs": 0,
  "dvars_nstd": 13.469659919239119,
  "dvars_std": 1.1370483542934777,
  "dvars_vstd": 1.0168443341847824,
  "efc": 0.3750099285784252,
  "fber": 66781.2890625,
  "fd_mean": 0.07188551196210247,
  "fd_num": 0,
  "fd_perc": 0.0,
  "fwhm_avg": 3.2110416666666666,
  "fwhm_x": 2.964975,
  "fwhm_y": 3.181775,
  "fwhm_z": 3.486375,
  "gcor": 0.0397459,
  "gsr_x": -0.0023330755066126585,
  "gsr_y": -6.739871605532244e-05,
  "provenance": {
    "md5sum": "c97efbbce339618bdc31d078c2c5527b",
    "settings": {
      "fd_thres": 0.2,
      "testing": false
    },
    "software": "mriqc",
    "version": "22.0.1",
    "webapi_port": null,
    "webapi_url": "https://mriqc.nimh.nih.gov/api/v1"
  },
  "size_t": 185,
  "size_x": 64,
  "size_y": 64,
  "size_z": 35,
  "snr": 2.695375716136055,
  "spacing_tr": 2.0,
  "spacing_x": 4.0,
  "spacing_y": 4.0,
  "spacing_z": 4.0,
  "summary_bg_k": 33.71537881811878,
  "summary_bg_mad": 13.992559229815216,
  "summary_bg_mean": 72.96900177001953,
  "summary_bg_median": 9.983783721923828,
  "summary_bg_n": 100319.0,
  "summary_bg_p05": 0.17297297716140747,
  "summary_bg_p95": 399.28272094726503,
  "summary_bg_stdv": 192.8051300048828,
  "summary_fg_k": 0.5253543685648139,
  "summary_fg_mad": 808.9879091205571,
  "summary_fg_mean": 2626.097900390625,
  "summary_fg_median": 2436.475830078125,
  "summary_fg_n": 15402.0,
  "summary_fg_p05": 1462.7238403320314,
  "summary_fg_p95": 4395.4754638671875,
  "summary_fg_stdv": 903.9172973632812,
  "tsnr": 121.44779705442488
}