{
  "bids_meta": {
    "AcquisitionDateTime": "2019-10-02T18:15:29.000000",
    "BodyPartExamined": "HEAD",
    "ConversionSoftware": "dcm2niix",
    "ConversionSoftwareVersion": "v1.0.20170411 GCC4.8.4",
    "Dcm2bidsVersion": "2.1.4",
    "EchoTime": 0.00302,
    "FlipAngle": 12,
    "ImageType": [
      "ORIGINAL",
      "PRIMARY",
      "OTHER"
    ],
    "InversionTime": 0.45,
    "MagneticFieldStrength": 3,
    "Manufacturer": "GE",
    "ManufacturersModelName": "DISCOVERY_MR750",
    "ProtocolName": "3D_Ax_T1_BRAVO",
    "RepetitionTime": 0.007788,
    "ScanningSequence": "GR",
    "SequenceVariant": "SS_SK",
    "SeriesDescription": "3D_Ax_T1_BRAVO",
    "dataset": "ds003548",
    "modality": "T1w",
    "subject_id": "01"
  },
  "cjv": 0.2601228733474474,
  "cnr": 4.869421665964976,
  "efc": 0.5186396651507064,
  "fber": -1.0,
  "fwhm_avg": 6.977351611027776,
  "fwhm_x": 7.089822234373182,
  "fwhm_y": 7.167272598710148,
  "fwhm_z": 6.67496,
  "icvs_csf": 0.21576787603481665,
  "icvs_gm": 0.44606463278499203,
  "icvs_wm": 0.33816749118019135,
  "inu_med": 0.38179630041122437,
  "inu_range": 0.1112569272518158,
  "provenance": {
    "md5sum": "c3361307b5448db77bf9d81c892df11b",
    "settings": {
      "testing": false
    },
    "software": "mriqc",
    "version": "22.0.1",
    "warnings": {
      "large_rot_frame": false,
      "small_air_mask": false
    },
    "webapi_port": null,
    "webapi_url": "https://mriqc.nimh.nih.gov/api/v1"
  },
  "qi_1": 0.0,
  "qi_2": 0.004203257341217868,
  "rpve_csf": 17.855229090317746,
  "rpve_gm": 9.341339680404172,
  "rpve_wm": 13.771105004520269,
  "size_x": 512,
  "size_y": 512,
  "size_z": 296,
  "snr_csf": 3.0466235559391293,
  "snr_gm": 19.559281225812555,
  "snr_total": 16.27299850069462,
  "snr_wm": 26.213090720332175,
  "snrd_csf": 4.607927707440492,
  "snrd_gm": 12.147227843066581,
  "snrd_total": 11.269960545782041,
  "snrd_wm": 17.05472608683905,
  "spacing_x": 0.47850000858306885,
  "spacing_y": 0.47850000858306885,
  "spacing_z": 0.5,
  "summary_bg_k": 1.7022173187868095,
  "summary_bg_mad": 38.41523981930156,
  "summary_bg_mean": 25.948156062482624,
  "summary_bg_median": 25.910685509443283,
  "summary_bg_n": 26631895.0,
  "summary_bg_p05": 0.0,
  "summary_bg_p95": 71.25438515096903,
  "summary_bg_stdv": 26.658693393781977,
  "summary_csf_k": 23.33735102906682,
  "summary_csf_mad": 84.73949960140051,
  "summary_csf_mean": 277.174629795212,
  "summary_csf_median": 270.1951043345034,
  "summary_csf_n": 826296.0,
  "summary_csf_p05": 152.1871734187007,
  "summary_csf_p95": 433.3943190947175,
  "summary_csf_stdv": 88.68668408670436,
  "summary_gm_k": -0.263159643156734,
  "summary_gm_mad": 37.96329582142743,
  "summary_gm_mean": 713.216274029999,
  "summary_gm_median": 712.2771238647401,
  "summary_gm_n": 1317095.0,
  "summary_gm_p05": 655.2736157439649,
  "summary_gm_p95": 774.5008730366826,
  "summary_gm_stdv": 36.416310254165765,
  "summary_wm_k": 0.5995293962701611,
  "summary_wm_mad": 36.88992882647636,
  "summary_wm_mean": 1001.2721183979086,
  "summary_wm_median": 1000.038148816675,
  "summary_wm_n": 2587902.0,
  "summary_wm_p05": 941.0151313841343,
  "summary_wm_p95": 1065.3102139309049,
  "summary_wm_stdv": 38.150325967739036,
  "tpm_overlap_csf": 0.1396677908988022,
  "tpm_overlap_gm": 0.44875612447399005,
  "tpm_overlap_wm": 0.5018000899171771,
  "wm2max": 0.4970173279045545
}