{
  "bids_meta": {
    "AcquisitionDateTime": "2019-10-02T18:14:38.000000",
    "BodyPartExamined": "HEAD",
    "ConversionSoftware": "dcm2niix",
    "ConversionSoftwareVersion": "v1.0.20170411 GCC4.8.4",
    "Dcm2bidsVersion": "2.1.4",
    "EchoTime": 0.1014,
    "FlipAngle": 142,
    "ImageType": [
      "ORIGINAL",
      "PRIMARY",
      "OTHER"
    ],
    "MagneticFieldStrength": 3,
    "Manufacturer": "GE",
    "ManufacturersModelName": "DISCOVERY_MR750",
    "ProtocolName": "Ax_T2_FSE",
    "RepetitionTime": 6.255,
    "ScanningSequence": "SE",
    "SequenceVariant": "SK",
    "SeriesDescription": "Ax_T2_FSE",
    "dataset": "ds003548",
    "modality": "T2w",
    "subject_id": "01"
  },
  "cjv": 0.4749632911583635,
  "cnr": 3.0248304583187586,
  "efc": 0.5801304944141078,
  "fber": 11074.55556122449,
  "fwhm_avg": 5.482050833333333,
  "fwhm_x": 6.44182,
  "fwhm_y": 8.1163,
  "fwhm_z": 1.8880325,
  "icvs_csf": 0.15530014638104137,
  "icvs_gm": 0.3572315113407793,
  "icvs_wm": 0.48746834227817937,
  "inu_med": 1.0206799507141113,
  "inu_range": 0.4347134679555893,
  "provenance": {
    "md5sum": "c08ab264211a95bfbfdda751b96195bd",
    "settings": {
      "testing": false
    },
    "software": "mriqc",
    "version": "22.0.1",
    "warnings": {
      "large_rot_frame": true,
      "small_air_mask": false
    },
    "webapi_port": null,
    "webapi_url": "https://mriqc.nimh.nih.gov/api/v1"
  },
  "qi_1": 0.0,
  "qi_2": 0.0014982133000737976,
  "rpve_csf": 27.297271745406785,
  "rpve_gm": 10.981369301998647,
  "rpve_wm": 9.65875447365833,
  "size_x": 512,
  "size_y": 512,
  "size_z": 35,
  "snr_csf": 2.3201058644214476,
  "snr_gm": 11.806866940734299,
  "snr_total": 8.234851592782949,
  "snr_wm": 10.5775819731931,
  "snrd_csf": 98.33343259076851,
  "snrd_gm": 60.20196346141823,
  "snrd_total": 66.43417077591924,
  "snrd_wm": 40.76711627557098,
  "spacing_x": 0.5,
  "spacing_y": 0.5,
  "spacing_z": 4.0,
  "summary_bg_k": 363.6755530607529,
  "summary_bg_mad": 0.0,
  "summary_bg_mean": 8.025587968766784,
  "summary_bg_median": 0.0,
  "summary_bg_n": 1907551.0,
  "summary_bg_p05": 0.0,
  "summary_bg_p95": 23.089046247303486,
  "summary_bg_stdv": 16.92374909823761,
  "summary_csf_k": -0.42122824108362567,
  "summary_csf_mad": 681.4829510168895,
  "summary_csf_mean": 2286.2421277595327,
  "summary_csf_median": 2540.1890982314944,
  "summary_csf_n": 185866.0,
  "summary_csf_p05": 239.87391391396523,
  "summary_csf_p95": 3784.239518389106,
  "summary_csf_stdv": 1094.856189015943,
  "summary_gm_k": 0.06081814933099583,
  "summary_gm_mad": 132.48785641233547,
  "summary_gm_mean": 1568.3609434802995,
  "summary_gm_median": 1555.161527954042,
  "summary_gm_n": 334295.0,
  "summary_gm_p05": 1375.650103546679,
  "summary_gm_p95": 1804.2552999258041,
  "summary_gm_stdv": 131.71650106051698,
  "summary_wm_k": -0.3781754105928554,
  "summary_wm_mad": 105.96691866489265,
  "summary_wm_mean": 1055.654081930166,
  "summary_wm_median": 1053.11267593503,
  "summary_wm_n": 553205.0,
  "summary_wm_p05": 897.7935286536813,
  "summary_wm_p95": 1224.3498687520623,
  "summary_wm_stdv": 99.56072444296996,
  "tpm_overlap_csf": 0.1656166218925001,
  "tpm_overlap_gm": 0.4023815564449141,
  "tpm_overlap_wm": 0.469747977608629,
  "wm2max": 0.2503934647380649
}