{
  "bids_meta": {
    "AcquisitionDateTime": "2020-05-09T17:21:50.000000",
    "BodyPartExamined": "HEAD",
    "ConversionSoftware": "dcm2niix",
    "ConversionSoftwareVersion": "v1.0.20170411 GCC4.8.4",
    "Dcm2bidsVersion": "2.1.4",
    "EchoTime": 0.1014,
    "FlipAngle": 142,
    "ImageType": [
      "ORIGINAL",
      "PRIMARY",
      "OTHER"
    ],
    "MagneticFieldStrength": 3,
    "Manufacturer": "GE",
    "ManufacturersModelName": "DISCOVERY_MR750",
    "ProtocolName": "Ax_T2_FSE",
    "RepetitionTime": 6.255,
    "ScanningSequence": "SE",
    "SequenceVariant": "SK",
    "SeriesDescription": "Ax_T2_FSE",
    "dataset": "ds003548",
    "modality": "T2w",
    "subject_id": "14"
  },
  "cjv": 0.46315827604617327,
  "cnr": 3.0400761411706747,
  "efc": 0.5938235737061606,
  "fber": 9873.024695294784,
  "fwhm_avg": 5.33072,
  "fwhm_x": 6.0927,
  "fwhm_y": 8.12134,
  "fwhm_z": 1.77812,
  "icvs_csf": 0.15936458155382116,
  "icvs_gm": 0.33565689285853656,
  "icvs_wm": 0.5049785255876423,
  "inu_med": 0.9649348258972168,
  "inu_range": 0.35797535181045537,
  "provenance": {
    "md5sum": "43942bf345efcdb405c8bef8426a9d63",
    "settings": {
      "testing": false
    },
    "software": "mriqc",
    "version": "22.0.1",
    "warnings": {
      "large_rot_frame": true,
      "small_air_mask": false
    },
    "webapi_port": null,
    "webapi_url": "https://mriqc.nimh.nih.gov/api/v1"
  },
  "qi_1": 0.0,
  "qi_2": 0.001962279765412172,
  "rpve_csf": 31.99334171602296,
  "rpve_gm": 13.21666569043784,
  "rpve_wm": 10.981711656121917,
  "size_x": 512,
  "size_y": 512,
  "size_z": 35,
  "snr_csf": 2.3588298536686003,
  "snr_gm": 10.162769802047698,
  "snr_total": 7.319042329947926,
  "snr_wm": 9.435527334127478,
  "snrd_csf": 101.35297863709005,
  "snrd_gm": 60.51344257168798,
  "snrd_total": 66.7828888413429,
  "snrd_wm": 38.48224531525065,
  "spacing_x": 0.5,
  "spacing_y": 0.5,
  "spacing_z": 4.0,
  "summary_bg_k": 454.0126063359243,
  "summary_bg_mad": 0.0,
  "summary_bg_mean": 8.465128650958368,
  "summary_bg_median": 0.0,
  "summary_bg_n": 1470356.0,
  "summary_bg_p05": 0.0,
  "summary_bg_p95": 25.959041118621826,
  "summary_bg_stdv": 17.956129674327002,
  "summary_csf_k": -0.5855448674818002,
  "summary_csf_mad": 724.1957695775201,
  "summary_csf_mean": 2449.7726550422967,
  "summary_csf_median": 2777.9058334827423,
  "summary_csf_n": 168869.0,
  "summary_csf_p05": 218.41648763418198,
  "summary_csf_p95": 3938.996055960655,
  "summary_csf_stdv": 1177.6591703374775,
  "summary_gm_k": 0.19153988994786175,
  "summary_gm_mad": 162.71419564466868,
  "summary_gm_mean": 1678.078971011808,
  "summary_gm_median": 1658.5664021372795,
  "summary_gm_n": 269382.0,
  "summary_gm_p05": 1447.144433915615,
  "summary_gm_p95": 1973.103450357914,
  "summary_gm_stdv": 163.19993033146432,
  "summary_wm_k": -0.29026886494509974,
  "summary_wm_mad": 116.95750987862519,
  "summary_wm_mean": 1060.7678271773937,
  "summary_wm_median": 1054.7302623391151,
  "summary_wm_n": 500530.0,
  "summary_wm_p05": 886.2128204107285,
  "summary_wm_p95": 1253.1727100014687,
  "summary_wm_stdv": 111.78275165504459,
  "tpm_overlap_csf": 0.16845473649491094,
  "tpm_overlap_gm": 0.38272334218232573,
  "tpm_overlap_wm": 0.4674044783891873,
  "wm2max": 0.2584595267966003
}