{
  "bids_meta": {
    "AcquisitionDateTime": "2020-05-09T17:22:54.000000",
    "BodyPartExamined": "HEAD",
    "ConversionSoftware": "dcm2niix",
    "ConversionSoftwareVersion": "v1.0.20170411 GCC4.8.4",
    "Dcm2bidsVersion": "2.1.4",
    "EchoTime": 0.003192,
    "FlipAngle": 12,
    "ImageType": [
      "ORIGINAL",
      "PRIMARY",
      "OTHER"
    ],
    "InversionTime": 0.45,
    "MagneticFieldStrength": 3,
    "Manufacturer": "GE",
    "ManufacturersModelName": "DISCOVERY_MR750",
    "ProtocolName": "Sag_T1_FSPGR_BRAVO",
    "RepetitionTime": 0.008184,
    "ScanningSequence": "GR",
    "SequenceVariant": "SS_SP_SK",
    "SeriesDescription": "Sag_T1_FSPGR_BRAVO",
    "dataset": "ds003548",
    "modality": "T1w",
    "subject_id": "14"
  },
  "cjv": 0.35229747918825344,
  "cnr": 3.835948235252424,
  "efc": 0.5911808998056519,
  "fber": -1.0,
  "fwhm_avg": 3.8823700000000003,
  "fwhm_x": 3.77442,
  "fwhm_y": 4.1371,
  "fwhm_z": 3.73559,
  "icvs_csf": 0.23410968588082456,
  "icvs_gm": 0.4306208526140655,
  "icvs_wm": 0.3352694615051099,
  "inu_med": 0.48538732528686523,
  "inu_range": 0.14371657371520996,
  "provenance": {
    "md5sum": "c32013630bf872efb8faa7ef137efd74",
    "settings": {
      "testing": false
    },
    "software": "mriqc",
    "version": "22.0.1",
    "warnings": {
      "large_rot_frame": true,
      "small_air_mask": false
    },
    "webapi_port": null,
    "webapi_url": "https://mriqc.nimh.nih.gov/api/v1"
  },
  "qi_1": 2.1805121400013396e-05,
  "qi_2": 0.0023545893890997175,
  "rpve_csf": 24.52291651953955,
  "rpve_gm": 13.689958945465733,
  "rpve_wm": 20.168110363656833,
  "size_x": 176,
  "size_y": 256,
  "size_z": 256,
  "snr_csf": 3.062896861441511,
  "snr_gm": 11.271669042284493,
  "snr_total": 12.4882992241307,
  "snr_wm": 23.130331768666093,
  "snrd_csf": 20.948487112600535,
  "snrd_gm": 52.54087525897845,
  "snrd_total": 49.30013668211052,
  "snrd_wm": 74.41104767475257,
  "spacing_x": 1.0,
  "spacing_y": 1.0,
  "spacing_z": 1.0,
  "summary_bg_k": 146.27469177487518,
  "summary_bg_mad": 0.0,
  "summary_bg_mean": 4.514999495492054,
  "summary_bg_median": 0.0,
  "summary_bg_n": 1667487.0,
  "summary_bg_p05": 0.0,
  "summary_bg_p95": 20.05109876394272,
  "summary_bg_stdv": 8.804289776343802,
  "summary_csf_k": 1.8064361412456709,
  "summary_csf_mad": 72.545430180623,
  "summary_csf_mean": 285.2126763501315,
  "summary_csf_median": 281.52389474213123,
  "summary_csf_n": 37904.0,
  "summary_csf_p05": 145.596849411726,
  "summary_csf_p95": 454.0603655576706,
  "summary_csf_stdv": 91.9130463118285,
  "summary_gm_k": 0.10401136439110781,
  "summary_gm_mad": 61.58929614475231,
  "summary_gm_mean": 704.3296797113102,
  "summary_gm_median": 706.0897408276796,
  "summary_gm_n": 30524.0,
  "summary_gm_p05": 598.1372123211622,
  "summary_gm_p95": 804.6635295897722,
  "summary_gm_stdv": 62.6418476220107,
  "summary_wm_k": 0.3827768890019745,
  "summary_wm_mad": 41.954561406507025,
  "summary_wm_mean": 1000.7909222743501,
  "summary_wm_median": 1000.0000401288271,
  "summary_wm_n": 176208.0,
  "summary_wm_p05": 931.2231543444097,
  "summary_wm_p95": 1072.2810171246529,
  "summary_wm_stdv": 43.23315430882557,
  "tpm_overlap_csf": 0.17124947133343935,
  "tpm_overlap_gm": 0.4770416335022255,
  "tpm_overlap_wm": 0.5202642261909473,
  "wm2max": 0.5527529495888452
}