{
  "bids_meta": {
    "AcquisitionDateTime": "2020-02-25T18:20:42.000000",
    "BodyPartExamined": "HEAD",
    "ConversionSoftware": "dcm2niix",
    "ConversionSoftwareVersion": "v1.0.20170411 GCC4.8.4",
    "Dcm2bidsVersion": "2.1.4",
    "EchoTime": 0.1014,
    "FlipAngle": 142,
    "ImageType": [
      "ORIGINAL",
      "PRIMARY",
      "OTHER"
    ],
    "MagneticFieldStrength": 3,
    "Manufacturer": "GE",
    "ManufacturersModelName": "DISCOVERY_MR750",
    "ProtocolName": "Ax_T2_FSE",
    "RepetitionTime": 6.255,
    "ScanningSequence": "SE",
    "SequenceVariant": "SK",
    "SeriesDescription": "Ax_T2_FSE",
    "dataset": "ds003548",
    "modality": "T2w",
    "subject_id": "08"
  },
  "cjv": 1.2375253889639615,
  "cnr": 0.9788897773948672,
  "efc": 0.6016558972977404,
  "fber": -1.0,
  "fwhm_avg": 4.7094225,
  "fwhm_x": 5.65164,
  "fwhm_y": 6.89228,
  "fwhm_z": 1.5843475,
  "icvs_csf": 0.3840096088828981,
  "icvs_gm": 0.12668528720138791,
  "icvs_wm": 0.48930510391571397,
  "inu_med": 1.0879050493240356,
  "inu_range": 0.46281662583351135,
  "provenance": {
    "md5sum": "81a3d7be4ff1fc84765e864b4e63106b",
    "settings": {
      "testing": false
    },
    "software": "mriqc",
    "version": "22.0.1",
    "warnings": {
      "large_rot_frame": true,
      "small_air_mask": false
    },
    "webapi_port": null,
    "webapi_url": "https://mriqc.nimh.nih.gov/api/v1"
  },
  "qi_1": 0.0,
  "qi_2": 0.0003548818001351353,
  "rpve_csf": 10.84601485935648,
  "rpve_gm": 34.22489774648626,
  "rpve_wm": 9.695762966782691,
  "size_x": 512,
  "size_y": 512,
  "size_z": 35,
  "snr_csf": 12.353438355406363,
  "snr_gm": 1.8464447155317159,
  "snr_total": 8.158089626391387,
  "snr_wm": 10.27438580823608,
  "snrd_csf": 23.856291436629284,
  "snrd_gm": 34.28671384081064,
  "snrd_total": 24.725794656423904,
  "snrd_wm": 16.03437869183178,
  "spacing_x": 0.5,
  "spacing_y": 0.5,
  "spacing_z": 4.0,
  "summary_bg_k": 97.48859982265712,
  "summary_bg_mad": 0.0,
  "summary_bg_mean": 12.384827013882358,
  "summary_bg_median": 0.0,
  "summary_bg_n": 1642948.0,
  "summary_bg_p05": 0.0,
  "summary_bg_p95": 32.76612536609173,
  "summary_bg_stdv": 43.01513443475846,
  "summary_csf_k": -0.05553644677367231,
  "summary_csf_mad": 128.8403017276355,
  "summary_csf_mean": 1578.8760454033907,
  "summary_csf_median": 1566.3632539138198,
  "summary_csf_n": 368543.0,
  "summary_csf_p05": 1391.2148591428995,
  "summary_csf_p95": 1804.827832967043,
  "summary_csf_stdv": 126.79555956593846,
  "summary_gm_k": -1.046453388131301,
  "summary_gm_mad": 1373.005801926287,
  "summary_gm_mean": 1894.920547065167,
  "summary_gm_median": 2251.206932157278,
  "summary_gm_n": 139097.0,
  "summary_gm_p05": 176.8895898386836,
  "summary_gm_p95": 3753.5733528077576,
  "summary_gm_stdv": 1219.2072803408512,
  "summary_wm_k": -0.48285817893298777,
  "summary_wm_mad": 110.06575867078516,
  "summary_wm_mean": 1050.9525150204552,
  "summary_wm_median": 1052.7898541539907,
  "summary_wm_n": 525849.0,
  "summary_wm_p05": 881.9944470524788,
  "summary_wm_p95": 1218.5199665129185,
  "summary_wm_stdv": 102.4673272704441,
  "tpm_overlap_csf": 0.11069793983863153,
  "tpm_overlap_gm": 0.08837502813294476,
  "tpm_overlap_wm": 0.4536094010068444,
  "wm2max": 0.2453564511666513
}