{
  "bids_meta": {
    "AcquisitionDateTime": "2020-02-25T18:37:39.000000",
    "BodyPartExamined": "HEAD",
    "ConversionSoftware": "dcm2niix",
    "ConversionSoftwareVersion": "v1.0.20170411 GCC4.8.4",
    "Dcm2bidsVersion": "2.1.4",
    "EchoTime": 0.003192,
    "FlipAngle": 12,
    "ImageType": [
      "ORIGINAL",
      "PRIMARY",
      "OTHER"
    ],
    "InversionTime": 0.45,
    "MagneticFieldStrength": 3,
    "Manufacturer": "GE",
    "ManufacturersModelName": "DISCOVERY_MR750",
    "ProtocolName": "Sag_T1_FSPGR_BRAVO",
    "RepetitionTime": 0.008184,
    "ScanningSequence": "GR",
    "SequenceVariant": "SS_SP_SK",
    "SeriesDescription": "Sag_T1_FSPGR_BRAVO",
    "dataset": "ds003548",
    "modality": "T1w",
    "subject_id": "08"
  },
  "cjv": 0.31663128505440935,
  "cnr": 4.262549222576706,
  "efc": 0.5958046064573282,
  "fber": -1.0,
  "fwhm_avg": 3.80618,
  "fwhm_x": 3.82905,
  "fwhm_y": 4.02756,
  "fwhm_z": 3.56193,
  "icvs_csf": 0.16234843981476516,
  "icvs_gm": 0.4746253370652488,
  "icvs_wm": 0.36302622311998606,
  "inu_med": 0.4003862738609314,
  "inu_range": 0.11575627923011778,
  "provenance": {
    "md5sum": "877333c93e6682ea36aace9d1fdeaddf",
    "settings": {
      "testing": false
    },
    "software": "mriqc",
    "version": "22.0.1",
    "warnings": {
      "large_rot_frame": true,
      "small_air_mask": false
    },
    "webapi_port": null,
    "webapi_url": "https://mriqc.nimh.nih.gov/api/v1"
  },
  "qi_1": 5.18730717806599e-05,
  "qi_2": 0.0027621834228876803,
  "rpve_csf": 29.032700724007814,
  "rpve_gm": 11.607579967287617,
  "rpve_wm": 17.09643103955246,
  "size_x": 176,
  "size_y": 256,
  "size_z": 256,
  "snr_csf": 2.6949816182650115,
  "snr_gm": 11.970437959671177,
  "snr_total": 13.026373385785726,
  "snr_wm": 24.413700579420997,
  "snrd_csf": 21.6499835027066,
  "snrd_gm": 49.1447954504435,
  "snrd_total": 47.180269413242065,
  "snrd_wm": 70.7460292865761,
  "spacing_x": 1.0,
  "spacing_y": 1.0,
  "spacing_z": 1.0,
  "summary_bg_k": 26.503660590246096,
  "summary_bg_mad": 0.0,
  "summary_bg_mean": 5.318139677703502,
  "summary_bg_median": 0.0,
  "summary_bg_n": 2042549.0,
  "summary_bg_p05": 0.0,
  "summary_bg_p95": 24.0452613607049,
  "summary_bg_stdv": 9.26039804927762,
  "summary_csf_k": 0.5423803347763347,
  "summary_csf_mad": 92.80714453735132,
  "summary_csf_mean": 309.98366110050404,
  "summary_csf_median": 306.0240050703287,
  "summary_csf_n": 12361.0,
  "summary_csf_p05": 116.34569901227951,
  "summary_csf_p95": 511.36981174349785,
  "summary_csf_stdv": 113.5486877296841,
  "summary_gm_k": 0.09907761481676003,
  "summary_gm_mad": 57.69528742096058,
  "summary_gm_mean": 695.0495049747745,
  "summary_gm_median": 694.6650619953871,
  "summary_gm_n": 60875.0,
  "summary_gm_p05": 600.1523152291775,
  "summary_gm_p95": 790.7373053506017,
  "summary_gm_stdv": 58.03123984639712,
  "summary_wm_k": 0.4417174488494955,
  "summary_wm_mad": 38.98330231145985,
  "summary_wm_mean": 999.8998526519958,
  "summary_wm_median": 999.9999871775508,
  "summary_wm_n": 218724.0,
  "summary_wm_p05": 932.1437518745661,
  "summary_wm_p95": 1066.4780627042055,
  "summary_wm_stdv": 40.96051305027892,
  "tpm_overlap_csf": 0.13986804121853497,
  "tpm_overlap_gm": 0.4698936121353303,
  "tpm_overlap_wm": 0.5067159354458343,
  "wm2max": 0.49807619357286076
}