{
  "bids_meta": {
    "AcquisitionDateTime": "2019-11-21T20:10:57.000000",
    "BodyPartExamined": "HEAD",
    "ConversionSoftware": "dcm2niix",
    "ConversionSoftwareVersion": "v1.0.20170411 GCC4.8.4",
    "Dcm2bidsVersion": "2.1.4",
    "EchoTime": 0.00302,
    "FlipAngle": 12,
    "ImageType": [
      "ORIGINAL",
      "PRIMARY",
      "OTHER"
    ],
    "InversionTime": 0.45,
    "MagneticFieldStrength": 3,
    "Manufacturer": "GE",
    "ManufacturersModelName": "DISCOVERY_MR750",
    "ProtocolName": "3D_Ax_T1_BRAVO",
    "RepetitionTime": 0.007788,
    "ScanningSequence": "GR",
    "SequenceVariant": "SS_SK",
    "SeriesDescription": "3D_Ax_T1_BRAVO",
    "dataset": "ds003548",
    "modality": "T1w",
    "subject_id": "07"
  },
  "cjv": 0.26049640547224495,
  "cnr": 5.1582584501953175,
  "efc": 0.7006595104767848,
  "fber": 1829.1117412308338,
  "fwhm_avg": 8.43428585560504,
  "fwhm_x": 8.49314,
  "fwhm_y": 8.686457524437904,
  "fwhm_z": 8.12326004237722,
  "icvs_csf": 0.2149196822537201,
  "icvs_gm": 0.4373723386504385,
  "icvs_wm": 0.3477079790958414,
  "inu_med": 0.3775758892297745,
  "inu_range": 0.10356033146381377,
  "provenance": {
    "md5sum": "76d2a4cffc5a6ad495f0a1d731d373ad",
    "settings": {
      "testing": false
    },
    "software": "mriqc",
    "version": "22.0.1",
    "warnings": {
      "large_rot_frame": true,
      "small_air_mask": false
    },
    "webapi_port": null,
    "webapi_url": "https://mriqc.nimh.nih.gov/api/v1"
  },
  "qi_1": 0.0,
  "qi_2": 0.0005939729815434843,
  "rpve_csf": 18.091621878931306,
  "rpve_gm": 9.447631834271936,
  "rpve_wm": 13.34660711881019,
  "size_x": 296,
  "size_y": 512,
  "size_z": 512,
  "snr_csf": 3.3756500503231766,
  "snr_gm": 19.935719332841348,
  "snr_total": 16.590947635145483,
  "snr_wm": 26.461473522271927,
  "snrd_csf": 15.316106762132826,
  "snrd_gm": 35.76816472824246,
  "snrd_total": 33.728513672877746,
  "snrd_wm": 50.101269528257966,
  "spacing_x": 0.5,
  "spacing_y": 0.47850000858306885,
  "spacing_z": 0.47850000858306885,
  "summary_bg_k": 66.11082798722661,
  "summary_bg_mad": 13.076732162758729,
  "summary_bg_mean": 14.955078004306852,
  "summary_bg_median": 8.820121809840202,
  "summary_bg_n": 13605252.0,
  "summary_bg_p05": 0.0,
  "summary_bg_p95": 52.62174367904663,
  "summary_bg_stdv": 19.1152528548203,
  "summary_csf_k": -0.004337228924365721,
  "summary_csf_mad": 84.44466023747586,
  "summary_csf_mean": 298.36561856729105,
  "summary_csf_median": 305.71439154446125,
  "summary_csf_n": 990393.0,
  "summary_csf_p05": 126.47157713770866,
  "summary_csf_p95": 437.5303645245731,
  "summary_csf_stdv": 90.5645527963464,
  "summary_gm_k": -0.2796261971126306,
  "summary_gm_mad": 37.3462604987262,
  "summary_gm_mean": 715.2434239013368,
  "summary_gm_median": 713.9440124295652,
  "summary_gm_n": 1413145.0,
  "summary_gm_p05": 658.7435043230653,
  "summary_gm_p95": 775.9091054834425,
  "summary_gm_stdv": 35.812289885381894,
  "summary_wm_k": 0.30589366611756486,
  "summary_wm_mad": 37.18003085258944,
  "summary_wm_mean": 1002.0425201623743,
  "summary_wm_median": 1000.0373702868819,
  "summary_wm_n": 2771494.0,
  "summary_wm_p05": 943.5287932679057,
  "summary_wm_p95": 1067.645846363157,
  "summary_wm_stdv": 37.79219585146332,
  "tpm_overlap_csf": 0.1545037743144536,
  "tpm_overlap_gm": 0.45431518224268946,
  "tpm_overlap_wm": 0.5008392152095071,
  "wm2max": 0.511214703297543
}