{
  "bids_meta": {
    "AcquisitionDateTime": "2019-10-14T17:52:29.000000",
    "BodyPartExamined": "HEAD",
    "ConversionSoftware": "dcm2niix",
    "ConversionSoftwareVersion": "v1.0.20170411 GCC4.8.4",
    "Dcm2bidsVersion": "2.1.4",
    "EchoTime": 0.1014,
    "FlipAngle": 142,
    "ImageType": [
      "ORIGINAL",
      "PRIMARY",
      "OTHER"
    ],
    "MagneticFieldStrength": 3,
    "Manufacturer": "GE",
    "ManufacturersModelName": "DISCOVERY_MR750",
    "ProtocolName": "Ax_T2_FSE",
    "RepetitionTime": 6.255,
    "ScanningSequence": "SE",
    "SequenceVariant": "SK",
    "SeriesDescription": "Ax_T2_FSE",
    "dataset": "ds003548",
    "modality": "T2w",
    "subject_id": "02"
  },
  "cjv": 0.5592688861032674,
  "cnr": 1.3657243400560544,
  "efc": 0.5779168576513258,
  "fber": 7758.487782406666,
  "fwhm_avg": 5.365899415862322,
  "fwhm_x": 6.30526,
  "fwhm_y": 7.9549,
  "fwhm_z": 1.8375382475869677,
  "icvs_csf": 0.3731199661299637,
  "icvs_gm": 0.1481525005449596,
  "icvs_wm": 0.4787275333250767,
  "inu_med": 1.0250434279441833,
  "inu_range": 0.3800319194793702,
  "provenance": {
    "md5sum": "513bd2fc45f1a967e0345e3640bbc4d1",
    "settings": {
      "testing": false
    },
    "software": "mriqc",
    "version": "22.0.1",
    "warnings": {
      "large_rot_frame": true,
      "small_air_mask": false
    },
    "webapi_port": null,
    "webapi_url": "https://mriqc.nimh.nih.gov/api/v1"
  },
  "qi_1": 0.0,
  "qi_2": 0.002644075674219739,
  "rpve_csf": 10.4452644469336,
  "rpve_gm": 28.108863604871363,
  "rpve_wm": 9.501010039402578,
  "size_x": 512,
  "size_y": 512,
  "size_z": 35,
  "snr_csf": 10.762524831604674,
  "snr_gm": 2.2160256251587414,
  "snr_total": 7.432375496021289,
  "snr_wm": 9.31857603130045,
  "snrd_csf": 64.26948969562712,
  "snrd_gm": 107.02170650845864,
  "snrd_total": 70.69326642976556,
  "snrd_wm": 40.78860308521093,
  "spacing_x": 0.5,
  "spacing_y": 0.5,
  "spacing_z": 4.000003814697266,
  "summary_bg_k": 1096.742939727128,
  "summary_bg_mad": 0.0,
  "summary_bg_mean": 7.319186858882418,
  "summary_bg_median": 0.0,
  "summary_bg_n": 1691738.0,
  "summary_bg_p05": 0.0,
  "summary_bg_p95": 16.375993192195892,
  "summary_bg_stdv": 16.910014219456073,
  "summary_csf_k": 0.10868650564875937,
  "summary_csf_mad": 154.5363686223921,
  "summary_csf_mean": 1675.3617911164085,
  "summary_csf_median": 1658.888110369444,
  "summary_csf_n": 380010.0,
  "summary_csf_p05": 1453.2056358754635,
  "summary_csf_p95": 1953.65598782897,
  "summary_csf_stdv": 154.13538678271243,
  "summary_gm_k": -0.8036231396919655,
  "summary_gm_mad": 839.6921145020316,
  "summary_gm_mean": 2396.620609244024,
  "summary_gm_median": 2762.384411625564,
  "summary_gm_n": 187488.0,
  "summary_gm_p05": 207.56571371108294,
  "summary_gm_p95": 3954.638595983386,
  "summary_gm_stdv": 1246.5456235813854,
  "summary_wm_k": -0.18097603699575693,
  "summary_wm_mad": 116.41820699832996,
  "summary_wm_mean": 1059.4776321597074,
  "summary_wm_median": 1052.812602326274,
  "summary_wm_n": 569167.0,
  "summary_wm_p05": 885.8593517318368,
  "summary_wm_p95": 1257.0212374329567,
  "summary_wm_stdv": 112.9798881200421,
  "tpm_overlap_csf": 0.10975048389722593,
  "tpm_overlap_gm": 0.11794958605502363,
  "tpm_overlap_wm": 0.4811191559926616,
  "wm2max": 0.24621580355609687
}