{
  "bids_meta": {
    "AcquisitionDateTime": "2019-10-14T17:55:20.000000",
    "BodyPartExamined": "HEAD",
    "ConversionSoftware": "dcm2niix",
    "ConversionSoftwareVersion": "v1.0.20170411 GCC4.8.4",
    "Dcm2bidsVersion": "2.1.4",
    "EchoTime": 0.00302,
    "FlipAngle": 12,
    "ImageType": [
      "ORIGINAL",
      "PRIMARY",
      "OTHER"
    ],
    "InversionTime": 0.45,
    "MagneticFieldStrength": 3,
    "Manufacturer": "GE",
    "ManufacturersModelName": "DISCOVERY_MR750",
    "ProtocolName": "3D_Ax_T1_BRAVO",
    "RepetitionTime": 0.007788,
    "ScanningSequence": "GR",
    "SequenceVariant": "SS_SK",
    "SeriesDescription": "3D_Ax_T1_BRAVO",
    "dataset": "ds003548",
    "modality": "T1w",
    "subject_id": "02"
  },
  "cjv": 0.23792422869917484,
  "cnr": 5.900758379261156,
  "efc": 0.6068472574318676,
  "fber": 3633.2075411806054,
  "fwhm_avg": 7.283286751054053,
  "fwhm_x": 7.443678027398953,
  "fwhm_y": 7.5698222257632075,
  "fwhm_z": 6.83636,
  "icvs_csf": 0.21211833684610443,
  "icvs_gm": 0.4266121531810653,
  "icvs_wm": 0.36126950997283025,
  "inu_med": 0.3900742530822754,
  "inu_range": 0.10492035746574402,
  "provenance": {
    "md5sum": "4c4de310d52430ea0b72885b709c822e",
    "settings": {
      "testing": false
    },
    "software": "mriqc",
    "version": "22.0.1",
    "warnings": {
      "large_rot_frame": true,
      "small_air_mask": false
    },
    "webapi_port": null,
    "webapi_url": "https://mriqc.nimh.nih.gov/api/v1"
  },
  "qi_1": 0.0,
  "qi_2": 0.00026346031689093247,
  "rpve_csf": 17.728888035152593,
  "rpve_gm": 9.278471662539438,
  "rpve_wm": 12.844513384397342,
  "size_x": 512,
  "size_y": 512,
  "size_z": 296,
  "snr_csf": 2.3953009236298004,
  "snr_gm": 15.284469966011336,
  "snr_total": 14.581375867498204,
  "snr_wm": 26.06435671285348,
  "snrd_csf": 13.107588316560904,
  "snrd_gm": 44.54370613696805,
  "snrd_total": 41.911621711363296,
  "snrd_wm": 68.08357068056094,
  "spacing_x": 0.47850000858306885,
  "spacing_y": 0.47850000858306885,
  "spacing_z": 0.5,
  "summary_bg_k": 6.135062773733031,
  "summary_bg_mad": 9.622872563245458,
  "summary_bg_mean": 10.172609037128723,
  "summary_bg_median": 6.490528911352158,
  "summary_bg_n": 14986174.0,
  "summary_bg_p05": 0.0,
  "summary_bg_p95": 31.747152283787727,
  "summary_bg_stdv": 11.358856420221038,
  "summary_csf_k": 14.624648633150638,
  "summary_csf_mad": 81.58522390577672,
  "summary_csf_mean": 201.51812052088107,
  "summary_csf_median": 192.52884129434824,
  "summary_csf_n": 797133.0,
  "summary_csf_p05": 89.95026480406523,
  "summary_csf_p95": 346.64362832531333,
  "summary_csf_stdv": 80.37767556956648,
  "summary_gm_k": -0.17694062182915538,
  "summary_gm_mad": 43.982803400486034,
  "summary_gm_mean": 656.4230659558115,
  "summary_gm_median": 654.2735339552164,
  "summary_gm_n": 1344418.0,
  "summary_gm_p05": 590.0737371146679,
  "summary_gm_p95": 730.3256009817123,
  "summary_gm_stdv": 42.80641017192285,
  "summary_wm_k": 0.3034183827377879,
  "summary_wm_mad": 38.28229737117215,
  "summary_wm_mean": 1000.7562666098908,
  "summary_wm_median": 1000.0352969393134,
  "summary_wm_n": 2989543.0,
  "summary_wm_p05": 939.0102153271437,
  "summary_wm_p95": 1064.5172906890512,
  "summary_wm_stdv": 38.367919097369914,
  "tpm_overlap_csf": 0.13305639696196708,
  "tpm_overlap_gm": 0.42659422489468524,
  "tpm_overlap_wm": 0.5076723782594741,
  "wm2max": 0.5738285598623621
}