{
  "aor": 0.0014157837837837836,
  "aqi": 0.0007332306972972975,
  "bids_meta": {
    "AcquisitionDateTime": "2019-11-21T20:26:55.000000",
    "BodyPartExamined": "HEAD",
    "ConversionSoftware": "dcm2niix",
    "ConversionSoftwareVersion": "v1.0.20170411 GCC4.8.4",
    "Dcm2bidsVersion": "2.1.4",
    "EchoTime": 0.03,
    "FlipAngle": 90,
    "ImageType": [
      "ORIGINAL",
      "PRIMARY",
      "EPI",
      "NONE"
    ],
    "MagneticFieldStrength": 3,
    "Manufacturer": "GE",
    "ManufacturersModelName": "DISCOVERY_MR750",
    "ProtocolName": "tr_FMRI_1",
    "RepetitionTime": 2,
    "ScanningSequence": "EP_GR",
    "SequenceVariant": "SS",
    "SeriesDescription": "tr_FMRI_1",
    "SliceEncodingDirection": "k",
    "SliceTiming": [
      0.057142857,
      0.171428571,
      0.285714286,
      0.4,
      0.514285714,
      0.628571429,
      0.742857143,
      0.857142857,
      0.971428571,
      1.085714286,
      1.2,
      1.314285714,
      1.428571429,
      1.542857143,
      1.657142857,
      1.771428571,
      1.885714286,
      2.0,
      0.114285714,
      0.228571429,
      0.342857143,
      0.457142857,
      0.571428571,
      0.685714286,
      0.8,
      0.914285714,
      1.028571429,
      1.142857143,
      1.257142857,
      1.371428571,
      1.485714286,
      1.6,
      1.714285714,
      1.828571429,
      1.942857143
    ],
    "TaskName": "Emotional face perception",
    "dataset": "ds003548",
    "modality": "bold",
    "run_id": 1,
    "subject_id": "07",
    "task_id": "emotionalfaces"
  },
  "dummy_trs": 0,
  "dvars_nstd": 13.090667807173906,
  "dvars_std": 1.1504967036413039,
  "dvars_vstd": 1.012663786684783,
  "efc": 0.3737595209410598,
  "fber": 69749.4765625,
  "fd_mean": 0.0703738257658647,
  "fd_num": 1,
  "fd_perc": 0.5405405405405406,
  "fwhm_avg": 3.1680083333333333,
  "fwhm_x": 2.897575,
  "fwhm_y": 3.1622,
  "fwhm_z": 3.44425,
  "gcor": 0.0595122,
  "gsr_x": -0.002106774365529418,
  "gsr_y": -0.0012863734737038612,
  "provenance": {
    "md5sum": "e4e9732190aef6b37a94a632486c7541",
    "settings": {
      "fd_thres": 0.2,
      "testing": false
    },
    "software": "mriqc",
    "version": "22.0.1",
    "webapi_port": null,
    "webapi_url": "https://mriqc.nimh.nih.gov/api/v1"
  },
  "size_t": 185,
  "size_x": 64,
  "size_y": 64,
  "size_z": 35,
  "snr": 2.718676708008147,
  "spacing_tr": 2.0,
  "spacing_x": 4.0,
  "spacing_y": 4.0,
  "spacing_z": 4.0,
  "summary_bg_k": 34.799232825737086,
  "summary_bg_mad": 13.768165938452935,
  "summary_bg_mean": 72.34806060791016,
  "summary_bg_median": 9.843243598937988,
  "summary_bg_n": 100476.0,
  "summary_bg_p05": 0.1621621698141098,
  "summary_bg_p95": 396.1216354370117,
  "summary_bg_stdv": 192.13270568847656,
  "summary_fg_k": 0.4840482637379022,
  "summary_fg_mad": 806.4874657305579,
  "summary_fg_mean": 2642.041748046875,
  "summary_fg_median": 2454.0703125,
  "summary_fg_n": 15285.0,
  "summary_fg_p05": 1473.2162109375,
  "summary_fg_p95": 4391.097460937499,
  "summary_fg_stdv": 902.641357421875,
  "tsnr": 116.37470335140824
}