{
  "aor": 0.0015825,
  "aqi": 0.0050899857,
  "bids_meta": {
    "AcquisitionDateTime": "2019-11-21T20:16:8.000000",
    "BodyPartExamined": "HEAD",
    "ConversionSoftware": "dcm2niix",
    "ConversionSoftwareVersion": "v1.0.20170411 GCC4.8.4",
    "Dcm2bidsVersion": "2.1.4",
    "EchoTime": 0.04,
    "FlipAngle": 90,
    "ImageType": [
      "ORIGINAL",
      "PRIMARY",
      "EPI",
      "NONE"
    ],
    "MagneticFieldStrength": 3,
    "Manufacturer": "GE",
    "ManufacturersModelName": "DISCOVERY_MR750",
    "ProtocolName": "fMRI_RestState",
    "RepetitionTime": 2,
    "ScanningSequence": "EP_GR",
    "SequenceVariant": "SS",
    "SeriesDescription": "fMRI_RestState",
    "SliceEncodingDirection": "k",
    "SliceTiming": [
      0.057142857,
      0.171428571,
      0.285714286,
      0.4,
      0.514285714,
      0.628571429,
      0.742857143,
      0.857142857,
      0.971428571,
      1.085714286,
      1.2,
      1.314285714,
      1.428571429,
      1.542857143,
      1.657142857,
      1.771428571,
      1.885714286,
      2.0,
      0.114285714,
      0.228571429,
      0.342857143,
      0.457142857,
      0.571428571,
      0.685714286,
      0.8,
      0.914285714,
      1.028571429,
      1.142857143,
      1.257142857,
      1.371428571,
      1.485714286,
      1.6,
      1.714285714,
      1.828571429,
      1.942857143
    ],
    "TaskName": "Resting state, awake, closed eyes",
    "dataset": "ds003548",
    "modality": "bold",
    "subject_id": "07",
    "task_id": "rest"
  },
  "dummy_trs": 0,
  "dvars_nstd": 19.416101104682276,
  "dvars_std": 0.9722991424749161,
  "dvars_vstd": 0.8992893935451505,
  "efc": 0.3541129230245942,
  "fber": 53501.61328125,
  "fd_mean": 0.1917559323137652,
  "fd_num": 95,
  "fd_perc": 31.666666666666668,
  "fwhm_avg": 2.9306083333333333,
  "fwhm_x": 2.786425,
  "fwhm_y": 2.991225,
  "fwhm_z": 3.014175,
  "gcor": 0.0422849,
  "gsr_x": -0.0035845928359776735,
  "gsr_y": -0.002040478168055415,
  "provenance": {
    "md5sum": "1959f3268bfe495861fd4504462f0310",
    "settings": {
      "fd_thres": 0.2,
      "testing": false
    },
    "software": "mriqc",
    "version": "22.0.1",
    "webapi_port": null,
    "webapi_url": "https://mriqc.nimh.nih.gov/api/v1"
  },
  "size_t": 300,
  "size_x": 64,
  "size_y": 64,
  "size_z": 35,
  "snr": 2.9002030854708747,
  "spacing_tr": 2.0,
  "spacing_x": 4.0,
  "spacing_y": 4.0,
  "spacing_z": 4.0,
  "summary_bg_k": 57.700535817574945,
  "summary_bg_mad": 12.525518434317192,
  "summary_bg_mean": 41.597293853759766,
  "summary_bg_median": 9.11166763305664,
  "summary_bg_n": 101610.0,
  "summary_bg_p05": 0.21666666865348816,
  "summary_bg_p95": 197.35983734130824,
  "summary_bg_stdv": 105.08610534667969,
  "summary_fg_k": 0.5011280251929522,
  "summary_fg_mad": 640.1777563490184,
  "summary_fg_mean": 2180.854736328125,
  "summary_fg_median": 2038.6800537109375,
  "summary_fg_n": 14053.0,
  "summary_fg_p05": 1254.9900634765625,
  "summary_fg_p95": 3530.618701171875,
  "summary_fg_stdv": 702.9188842773438,
  "tsnr": 46.35066148324404
}