{
  "aor": 0.0010698918918918918,
  "aqi": 0.001405029254054054,
  "bids_meta": {
    "AcquisitionDateTime": "2019-11-21T20:59:5.000000",
    "BodyPartExamined": "HEAD",
    "ConversionSoftware": "dcm2niix",
    "ConversionSoftwareVersion": "v1.0.20170411 GCC4.8.4",
    "Dcm2bidsVersion": "2.1.4",
    "EchoTime": 0.03,
    "FlipAngle": 90,
    "ImageType": [
      "ORIGINAL",
      "PRIMARY",
      "EPI",
      "NONE"
    ],
    "MagneticFieldStrength": 3,
    "Manufacturer": "GE",
    "ManufacturersModelName": "DISCOVERY_MR750",
    "ProtocolName": "tr_FMRI_5",
    "RepetitionTime": 2,
    "ScanningSequence": "EP_GR",
    "SequenceVariant": "SS",
    "SeriesDescription": "tr_FMRI_5",
    "SliceEncodingDirection": "k",
    "SliceTiming": [
      0.057142857,
      0.171428571,
      0.285714286,
      0.4,
      0.514285714,
      0.628571429,
      0.742857143,
      0.857142857,
      0.971428571,
      1.085714286,
      1.2,
      1.314285714,
      1.428571429,
      1.542857143,
      1.657142857,
      1.771428571,
      1.885714286,
      2.0,
      0.114285714,
      0.228571429,
      0.342857143,
      0.457142857,
      0.571428571,
      0.685714286,
      0.8,
      0.914285714,
      1.028571429,
      1.142857143,
      1.257142857,
      1.371428571,
      1.485714286,
      1.6,
      1.714285714,
      1.828571429,
      1.942857143
    ],
    "TaskName": "Emotional face perception",
    "dataset": "ds003548",
    "modality": "bold",
    "run_id": 5,
    "subject_id": "07",
    "task_id": "emotionalfaces"
  },
  "dummy_trs": 0,
  "dvars_nstd": 14.818229301576096,
  "dvars_std": 1.1177195310326085,
  "dvars_vstd": 0.9794732514673913,
  "efc": 0.3753705860137546,
  "fber": 64562.37109375,
  "fd_mean": 0.09986976850783795,
  "fd_num": 8,
  "fd_perc": 4.324324324324325,
  "fwhm_avg": 3.2255833333333332,
  "fwhm_x": 2.990475,
  "fwhm_y": 3.206475,
  "fwhm_z": 3.4798,
  "gcor": 0.0561387,
  "gsr_x": -0.002319887513294816,
  "gsr_y": 0.0004162863187957555,
  "provenance": {
    "md5sum": "900fa111623e132706bd89d1126b967d",
    "settings": {
      "fd_thres": 0.2,
      "testing": false
    },
    "software": "mriqc",
    "version": "22.0.1",
    "webapi_port": null,
    "webapi_url": "https://mriqc.nimh.nih.gov/api/v1"
  },
  "size_t": 185,
  "size_x": 64,
  "size_y": 64,
  "size_z": 35,
  "snr": 2.678621265117906,
  "spacing_tr": 2.0,
  "spacing_x": 4.0,
  "spacing_y": 4.0,
  "spacing_z": 4.0,
  "summary_bg_k": 32.85952741338697,
  "summary_bg_mad": 14.064686011000145,
  "summary_bg_mean": 73.29170227050781,
  "summary_bg_median": 10.027027130126953,
  "summary_bg_n": 100411.0,
  "summary_bg_p05": 0.17297297716140747,
  "summary_bg_p95": 400.5946044921875,
  "summary_bg_stdv": 191.09254455566406,
  "summary_fg_k": 0.581924446455198,
  "summary_fg_mad": 808.9600379362737,
  "summary_fg_mean": 2598.187255859375,
  "summary_fg_median": 2408.14892578125,
  "summary_fg_n": 15362.0,
  "summary_fg_p05": 1449.1745971679688,
  "summary_fg_p95": 4350.873193359374,
  "summary_fg_stdv": 898.9962768554688,
  "tsnr": 89.08012504689395
}