{
  "aor": 0.0005394594594594595,
  "aqi": 0.000769906491891892,
  "bids_meta": {
    "AcquisitionDateTime": "2019-11-21T20:43:52.000000",
    "BodyPartExamined": "HEAD",
    "ConversionSoftware": "dcm2niix",
    "ConversionSoftwareVersion": "v1.0.20170411 GCC4.8.4",
    "Dcm2bidsVersion": "2.1.4",
    "EchoTime": 0.03,
    "FlipAngle": 90,
    "ImageType": [
      "ORIGINAL",
      "PRIMARY",
      "EPI",
      "NONE"
    ],
    "MagneticFieldStrength": 3,
    "Manufacturer": "GE",
    "ManufacturersModelName": "DISCOVERY_MR750",
    "ProtocolName": "tr_FMRI_3",
    "RepetitionTime": 2,
    "ScanningSequence": "EP_GR",
    "SequenceVariant": "SS",
    "SeriesDescription": "tr_FMRI_3",
    "SliceEncodingDirection": "k",
    "SliceTiming": [
      0.057142857,
      0.171428571,
      0.285714286,
      0.4,
      0.514285714,
      0.628571429,
      0.742857143,
      0.857142857,
      0.971428571,
      1.085714286,
      1.2,
      1.314285714,
      1.428571429,
      1.542857143,
      1.657142857,
      1.771428571,
      1.885714286,
      2.0,
      0.114285714,
      0.228571429,
      0.342857143,
      0.457142857,
      0.571428571,
      0.685714286,
      0.8,
      0.914285714,
      1.028571429,
      1.142857143,
      1.257142857,
      1.371428571,
      1.485714286,
      1.6,
      1.714285714,
      1.828571429,
      1.942857143
    ],
    "TaskName": "Emotional face perception",
    "dataset": "ds003548",
    "modality": "bold",
    "run_id": 3,
    "subject_id": "07",
    "task_id": "emotionalfaces"
  },
  "dummy_trs": 0,
  "dvars_nstd": 13.786144982391308,
  "dvars_std": 1.1217914520108703,
  "dvars_vstd": 0.9940968736956524,
  "efc": 0.3751567765990743,
  "fber": 65601.59375,
  "fd_mean": 0.08271134150070333,
  "fd_num": 3,
  "fd_perc": 1.6216216216216217,
  "fwhm_avg": 3.1772333333333336,
  "fwhm_x": 2.959175,
  "fwhm_y": 3.131675,
  "fwhm_z": 3.44085,
  "gcor": 0.0434678,
  "gsr_x": -0.002070759888738394,
  "gsr_y": 1.5534786143689416e-05,
  "provenance": {
    "md5sum": "e10779faf1bc1cd046142fb534adc514",
    "settings": {
      "fd_thres": 0.2,
      "testing": false
    },
    "software": "mriqc",
    "version": "22.0.1",
    "webapi_port": null,
    "webapi_url": "https://mriqc.nimh.nih.gov/api/v1"
  },
  "size_t": 185,
  "size_x": 64,
  "size_y": 64,
  "size_z": 35,
  "snr": 2.692536990903522,
  "spacing_tr": 2.0,
  "spacing_x": 4.0,
  "spacing_y": 4.0,
  "spacing_z": 4.0,
  "summary_bg_k": 34.9955999552172,
  "summary_bg_mad": 14.144826977172267,
  "summary_bg_mean": 73.2195053100586,
  "summary_bg_median": 10.08108139038086,
  "summary_bg_n": 100279.0,
  "summary_bg_p05": 0.18378378450870514,
  "summary_bg_p95": 403.04486694335924,
  "summary_bg_stdv": 193.65455627441406,
  "summary_fg_k": 0.5128256745654545,
  "summary_fg_mad": 811.7609109750423,
  "summary_fg_mean": 2633.79833984375,
  "summary_fg_median": 2443.36767578125,
  "summary_fg_n": 15397.0,
  "summary_fg_p05": 1466.3470703125,
  "summary_fg_p95": 4406.07138671875,
  "summary_fg_stdv": 907.4298095703125,
  "tsnr": 115.06845841789618
}