{
  "aor": 0.0011332432432432432,
  "aqi": 0.000842084854054054,
  "bids_meta": {
    "AcquisitionDateTime": "2019-11-21T20:51:2.000000",
    "BodyPartExamined": "HEAD",
    "ConversionSoftware": "dcm2niix",
    "ConversionSoftwareVersion": "v1.0.20170411 GCC4.8.4",
    "Dcm2bidsVersion": "2.1.4",
    "EchoTime": 0.03,
    "FlipAngle": 90,
    "ImageType": [
      "ORIGINAL",
      "PRIMARY",
      "EPI",
      "NONE"
    ],
    "MagneticFieldStrength": 3,
    "Manufacturer": "GE",
    "ManufacturersModelName": "DISCOVERY_MR750",
    "ProtocolName": "tr_FMRI_4",
    "RepetitionTime": 2,
    "ScanningSequence": "EP_GR",
    "SequenceVariant": "SS",
    "SeriesDescription": "tr_FMRI_4",
    "SliceEncodingDirection": "k",
    "SliceTiming": [
      0.057142857,
      0.171428571,
      0.285714286,
      0.4,
      0.514285714,
      0.628571429,
      0.742857143,
      0.857142857,
      0.971428571,
      1.085714286,
      1.2,
      1.314285714,
      1.428571429,
      1.542857143,
      1.657142857,
      1.771428571,
      1.885714286,
      2.0,
      0.114285714,
      0.228571429,
      0.342857143,
      0.457142857,
      0.571428571,
      0.685714286,
      0.8,
      0.914285714,
      1.028571429,
      1.142857143,
      1.257142857,
      1.371428571,
      1.485714286,
      1.6,
      1.714285714,
      1.828571429,
      1.942857143
    ],
    "TaskName": "Emotional face perception",
    "dataset": "ds003548",
    "modality": "bold",
    "run_id": 4,
    "subject_id": "07",
    "task_id": "emotionalfaces"
  },
  "dummy_trs": 0,
  "dvars_nstd": 13.94415740831521,
  "dvars_std": 1.1257200023913045,
  "dvars_vstd": 1.0084203751630432,
  "efc": 0.3758223446157405,
  "fber": 65707.53125,
  "fd_mean": 0.09395319844401066,
  "fd_num": 9,
  "fd_perc": 4.864864864864865,
  "fwhm_avg": 3.2064,
  "fwhm_x": 2.97025,
  "fwhm_y": 3.20495,
  "fwhm_z": 3.444,
  "gcor": 0.076183,
  "gsr_x": -0.0024601484183222055,
  "gsr_y": -0.0003900765732396394,
  "provenance": {
    "md5sum": "2b3311b8331d2560004b0185b263a12c",
    "settings": {
      "fd_thres": 0.2,
      "testing": false
    },
    "software": "mriqc",
    "version": "22.0.1",
    "webapi_port": null,
    "webapi_url": "https://mriqc.nimh.nih.gov/api/v1"
  },
  "size_t": 185,
  "size_x": 64,
  "size_y": 64,
  "size_z": 35,
  "snr": 2.706993034522369,
  "spacing_tr": 2.0,
  "spacing_x": 4.0,
  "spacing_y": 4.0,
  "spacing_z": 4.0,
  "summary_bg_k": 33.82013328995654,
  "summary_bg_mad": 14.088728300851782,
  "summary_bg_mean": 73.73432159423828,
  "summary_bg_median": 10.043243408203125,
  "summary_bg_n": 100379.0,
  "summary_bg_p05": 0.20000000298023224,
  "summary_bg_p95": 406.1573089599609,
  "summary_bg_stdv": 193.4677734375,
  "summary_fg_k": 0.47198336015584097,
  "summary_fg_mad": 802.216025757406,
  "summary_fg_mean": 2611.19677734375,
  "summary_fg_median": 2423.35693359375,
  "summary_fg_n": 15330.0,
  "summary_fg_p05": 1456.7970458984375,
  "summary_fg_p95": 4357.269506835937,
  "summary_fg_stdv": 895.1917724609375,
  "tsnr": 105.91233970690519
}