{
  "aor": 0.0021335135135135135,
  "aqi": 0.0010806917675675674,
  "bids_meta": {
    "AcquisitionDateTime": "2019-10-24T20:51:42.000000",
    "BodyPartExamined": "HEAD",
    "ConversionSoftware": "dcm2niix",
    "ConversionSoftwareVersion": "v1.0.20170411 GCC4.8.4",
    "Dcm2bidsVersion": "2.1.4",
    "EchoTime": 0.03,
    "FlipAngle": 90,
    "ImageType": [
      "ORIGINAL",
      "PRIMARY",
      "EPI",
      "NONE"
    ],
    "MagneticFieldStrength": 3,
    "Manufacturer": "GE",
    "ManufacturersModelName": "DISCOVERY_MR750",
    "ProtocolName": "tr_FMRI_3",
    "RepetitionTime": 2,
    "ScanningSequence": "EP_GR",
    "SequenceVariant": "SS",
    "SeriesDescription": "tr_FMRI_3",
    "SliceEncodingDirection": "k",
    "SliceTiming": [
      0.057142857,
      0.171428571,
      0.285714286,
      0.4,
      0.514285714,
      0.628571429,
      0.742857143,
      0.857142857,
      0.971428571,
      1.085714286,
      1.2,
      1.314285714,
      1.428571429,
      1.542857143,
      1.657142857,
      1.771428571,
      1.885714286,
      2.0,
      0.114285714,
      0.228571429,
      0.342857143,
      0.457142857,
      0.571428571,
      0.685714286,
      0.8,
      0.914285714,
      1.028571429,
      1.142857143,
      1.257142857,
      1.371428571,
      1.485714286,
      1.6,
      1.714285714,
      1.828571429,
      1.942857143
    ],
    "TaskName": "Emotional face perception",
    "dataset": "ds003548",
    "modality": "bold",
    "run_id": 3,
    "subject_id": "03",
    "task_id": "emotionalfaces"
  },
  "dummy_trs": 0,
  "dvars_nstd": 12.727809921195654,
  "dvars_std": 1.1715677755434784,
  "dvars_vstd": 1.011900499130435,
  "efc": 0.39690073788738517,
  "fber": 52553.953125,
  "fd_mean": 0.06776407508159155,
  "fd_num": 6,
  "fd_perc": 3.2432432432432434,
  "fwhm_avg": 3.022766666666667,
  "fwhm_x": 2.740025,
  "fwhm_y": 3.089875,
  "fwhm_z": 3.2384,
  "gcor": 0.0807215,
  "gsr_x": -0.018472062423825264,
  "gsr_y": 0.02529836632311344,
  "provenance": {
    "md5sum": "d15371f27d7b34569b76859d6b0e5448",
    "settings": {
      "fd_thres": 0.2,
      "testing": false
    },
    "software": "mriqc",
    "version": "22.0.1",
    "webapi_port": null,
    "webapi_url": "https://mriqc.nimh.nih.gov/api/v1"
  },
  "size_t": 185,
  "size_x": 64,
  "size_y": 64,
  "size_z": 35,
  "snr": 2.9106793896448098,
  "spacing_tr": 2.0,
  "spacing_x": 4.0,
  "spacing_y": 4.0,
  "spacing_z": 4.0,
  "summary_bg_k": 32.9617747072095,
  "summary_bg_mad": 14.858078306414932,
  "summary_bg_mean": 84.0128402709961,
  "summary_bg_median": 10.729729652404785,
  "summary_bg_n": 97984.0,
  "summary_bg_p05": 0.23243243992328644,
  "summary_bg_p95": 487.7473175048826,
  "summary_bg_stdv": 228.87484741210938,
  "summary_fg_k": 2.032165230839899,
  "summary_fg_mad": 699.3557008331026,
  "summary_fg_mean": 2517.085693359375,
  "summary_fg_median": 2377.340576171875,
  "summary_fg_n": 16893.0,
  "summary_fg_p05": 1435.0011474609375,
  "summary_fg_p95": 4006.2302734375,
  "summary_fg_stdv": 816.7406616210938,
  "tsnr": 109.91821653116494
}