{
  "bids_meta": {
    "AcquisitionDateTime": "2020-02-21T18:27:43.000000",
    "BodyPartExamined": "HEAD",
    "ConversionSoftware": "dcm2niix",
    "ConversionSoftwareVersion": "v1.0.20170411 GCC4.8.4",
    "Dcm2bidsVersion": "2.1.4",
    "EchoTime": 0.00302,
    "FlipAngle": 12,
    "ImageType": [
      "ORIGINAL",
      "PRIMARY",
      "OTHER"
    ],
    "InversionTime": 0.45,
    "MagneticFieldStrength": 3,
    "Manufacturer": "GE",
    "ManufacturersModelName": "DISCOVERY_MR750",
    "ProtocolName": "3D_Ax_T1_BRAVO",
    "RepetitionTime": 0.007788,
    "ScanningSequence": "GR",
    "SequenceVariant": "SS_SK",
    "SeriesDescription": "3D_Ax_T1_BRAVO",
    "dataset": "ds003548",
    "modality": "T1w",
    "subject_id": "09"
  },
  "cjv": 0.2730873533330808,
  "cnr": 4.882536541405784,
  "efc": 0.6072440505256261,
  "fber": 2887.609979912345,
  "fwhm_avg": 7.751172932936284,
  "fwhm_x": 7.55168,
  "fwhm_y": 7.973939250907273,
  "fwhm_z": 7.72789954790158,
  "icvs_csf": 0.2224668014488716,
  "icvs_gm": 0.44352993206763275,
  "icvs_wm": 0.33400326648349565,
  "inu_med": 0.4724602699279785,
  "inu_range": 0.16752696633338926,
  "provenance": {
    "md5sum": "6abe25055d91681633e75271f27a9f7b",
    "settings": {
      "testing": false
    },
    "software": "mriqc",
    "version": "22.0.1",
    "warnings": {
      "large_rot_frame": true,
      "small_air_mask": false
    },
    "webapi_port": null,
    "webapi_url": "https://mriqc.nimh.nih.gov/api/v1"
  },
  "qi_1": 0.0,
  "qi_2": 0.0006472798434359272,
  "rpve_csf": 21.408568552282702,
  "rpve_gm": 11.421621946339194,
  "rpve_wm": 16.797482760929235,
  "size_x": 296,
  "size_y": 512,
  "size_z": 512,
  "snr_csf": 2.5266556836303553,
  "snr_gm": 18.934713913228407,
  "snr_total": 15.319570185604954,
  "snr_wm": 24.4973409599561,
  "snrd_csf": 15.936288890982024,
  "snrd_gm": 47.03343365356376,
  "snrd_total": 42.95670858842883,
  "snrd_wm": 65.9004032207407,
  "spacing_x": 0.5,
  "spacing_y": 0.47850000858306885,
  "spacing_z": 0.47850000858306885,
  "summary_bg_k": 7.045055734311616,
  "summary_bg_mad": 9.941741392328604,
  "summary_bg_mean": 13.278152854998208,
  "summary_bg_median": 6.705602668225765,
  "summary_bg_n": 15206906.0,
  "summary_bg_p05": 0.0,
  "summary_bg_p95": 53.51503548771143,
  "summary_bg_stdv": 18.740040365094693,
  "summary_csf_k": -0.39676927360622605,
  "summary_csf_mad": 100.31537766194798,
  "summary_csf_mean": 240.74052453321437,
  "summary_csf_median": 241.83431558310986,
  "summary_csf_n": 716664.0,
  "summary_csf_p05": 82.97642527520657,
  "summary_csf_p95": 402.55246985703707,
  "summary_csf_stdv": 95.71313908246294,
  "summary_gm_k": -0.25747945139778095,
  "summary_gm_mad": 39.38212396703072,
  "summary_gm_mean": 714.4335209745994,
  "summary_gm_median": 713.7356956154108,
  "summary_gm_n": 1129556.0,
  "summary_gm_p05": 653.8070756401867,
  "summary_gm_p95": 776.9414085075259,
  "summary_gm_stdv": 37.69454257137255,
  "summary_wm_k": 0.9281357459267952,
  "summary_wm_mad": 38.80486156360519,
  "summary_wm_mean": 1002.4655510892574,
  "summary_wm_median": 1000.0432985723019,
  "summary_wm_n": 2102724.0,
  "summary_wm_p05": 940.2985418960452,
  "summary_wm_p95": 1072.9396888688207,
  "summary_wm_stdv": 40.82251467250571,
  "tpm_overlap_csf": 0.11564868282608015,
  "tpm_overlap_gm": 0.4271178097062959,
  "tpm_overlap_wm": 0.46953627148047217,
  "wm2max": 0.4439664278717806
}