{
  "bids_meta": {
    "AcquisitionDateTime": "2020-02-21T18:25:0.000000",
    "BodyPartExamined": "HEAD",
    "ConversionSoftware": "dcm2niix",
    "ConversionSoftwareVersion": "v1.0.20170411 GCC4.8.4",
    "Dcm2bidsVersion": "2.1.4",
    "EchoTime": 0.1014,
    "FlipAngle": 142,
    "ImageType": [
      "ORIGINAL",
      "PRIMARY",
      "OTHER"
    ],
    "MagneticFieldStrength": 3,
    "Manufacturer": "GE",
    "ManufacturersModelName": "DISCOVERY_MR750",
    "ProtocolName": "Ax_T2_FSE",
    "RepetitionTime": 11,
    "ScanningSequence": "SE",
    "SequenceVariant": "SK",
    "SeriesDescription": "Ax_T2_FSE",
    "dataset": "ds003548",
    "modality": "T2w",
    "subject_id": "09"
  },
  "cjv": 0.7642906937083506,
  "cnr": 1.3111943729982747,
  "efc": 0.5341658699630661,
  "fber": 4759.516244652562,
  "fwhm_avg": 4.9465691666666665,
  "fwhm_x": 6.2014,
  "fwhm_y": 1.6687075,
  "fwhm_z": 6.9696,
  "icvs_csf": 0.28486076328823995,
  "icvs_gm": 0.14602526300291477,
  "icvs_wm": 0.5691139737088453,
  "inu_med": 0.8777529895305634,
  "inu_range": 0.20900122821331024,
  "provenance": {
    "md5sum": "1fe2d79c650b63c99c5beb1848e26d71",
    "settings": {
      "testing": false
    },
    "software": "mriqc",
    "version": "22.0.1",
    "warnings": {
      "large_rot_frame": true,
      "small_air_mask": false
    },
    "webapi_port": null,
    "webapi_url": "https://mriqc.nimh.nih.gov/api/v1"
  },
  "qi_1": 0.0017911652779730668,
  "qi_2": 0.0009993704491403947,
  "rpve_csf": 24.384694951518036,
  "rpve_gm": 61.160532469130736,
  "rpve_wm": 16.533723643204556,
  "size_x": 512,
  "size_y": 57,
  "size_z": 512,
  "snr_csf": 6.7773717006159035,
  "snr_gm": 1.9379142301058745,
  "snr_total": 4.910260099243371,
  "snr_wm": 6.015494367008333,
  "snrd_csf": 53.954637219757885,
  "snrd_gm": 90.27640368793563,
  "snrd_total": 57.69524574438636,
  "snrd_wm": 28.854696325465557,
  "spacing_x": 0.5,
  "spacing_y": 4.0,
  "spacing_z": 0.5,
  "summary_bg_k": 15.374161759470127,
  "summary_bg_mad": 25.138480464726193,
  "summary_bg_mean": 26.502448023507256,
  "summary_bg_median": 16.95564740896225,
  "summary_bg_n": 2200761.0,
  "summary_bg_p05": 0.0,
  "summary_bg_p95": 111.21755164861679,
  "summary_bg_stdv": 43.351588370936504,
  "summary_csf_k": 0.03608900001912252,
  "summary_csf_mad": 312.739740018797,
  "summary_csf_mean": 2108.023605165738,
  "summary_csf_median": 2070.3132870197296,
  "summary_csf_n": 218403.0,
  "summary_csf_p05": 1677.7565213859082,
  "summary_csf_p95": 2660.312340080738,
  "summary_csf_stdv": 305.4736612960221,
  "summary_gm_k": -1.3672413014144178,
  "summary_gm_mad": 1600.0571803141543,
  "summary_gm_mean": 2818.9090896879543,
  "summary_gm_median": 3464.0291861891747,
  "summary_gm_n": 150063.0,
  "summary_gm_p05": 166.01207321882248,
  "summary_gm_p95": 4945.301366329193,
  "summary_gm_stdv": 1787.497914221078,
  "summary_wm_k": -0.5510787995239874,
  "summary_wm_mad": 201.24986903116957,
  "summary_wm_mean": 1125.12559706616,
  "summary_wm_median": 1107.194196343422,
  "summary_wm_n": 538602.0,
  "summary_wm_p05": 854.3921990990639,
  "summary_wm_p95": 1449.1809830665588,
  "summary_wm_stdv": 184.0568872567667,
  "tpm_overlap_csf": 0.1252898681192006,
  "tpm_overlap_gm": 0.11323174931826303,
  "tpm_overlap_wm": 0.44702220392665365,
  "wm2max": 0.22211972710675507
}