{
  "aor": 0.005425299999999999,
  "aqi": 0.006036316799999999,
  "bids_meta": {
    "AcquisitionDateTime": "2020-03-17T18:29:36.000000",
    "BodyPartExamined": "HEAD",
    "ConversionSoftware": "dcm2niix",
    "ConversionSoftwareVersion": "v1.0.20170411 GCC4.8.4",
    "Dcm2bidsVersion": "2.1.4",
    "EchoTime": 0.04,
    "FlipAngle": 90,
    "ImageType": [
      "ORIGINAL",
      "PRIMARY",
      "EPI",
      "NONE"
    ],
    "MagneticFieldStrength": 3,
    "Manufacturer": "GE",
    "ManufacturersModelName": "DISCOVERY_MR750",
    "ProtocolName": "fMRI_RestState",
    "RepetitionTime": 2,
    "ScanningSequence": "EP_GR",
    "SequenceVariant": "SS",
    "SeriesDescription": "fMRI_RestState",
    "SliceEncodingDirection": "k",
    "SliceTiming": [
      0.057142857,
      0.171428571,
      0.285714286,
      0.4,
      0.514285714,
      0.628571429,
      0.742857143,
      0.857142857,
      0.971428571,
      1.085714286,
      1.2,
      1.314285714,
      1.428571429,
      1.542857143,
      1.657142857,
      1.771428571,
      1.885714286,
      2.0,
      0.114285714,
      0.228571429,
      0.342857143,
      0.457142857,
      0.571428571,
      0.685714286,
      0.8,
      0.914285714,
      1.028571429,
      1.142857143,
      1.257142857,
      1.371428571,
      1.485714286,
      1.6,
      1.714285714,
      1.828571429,
      1.942857143
    ],
    "TaskName": "Resting state, awake, closed eyes",
    "dataset": "ds003548",
    "modality": "bold",
    "subject_id": "12",
    "task_id": "rest"
  },
  "dummy_trs": 0,
  "dvars_nstd": 14.239961506220745,
  "dvars_std": 1.0077134958862874,
  "dvars_vstd": 0.9222280048494982,
  "efc": 0.3434157181357842,
  "fber": 71712.703125,
  "fd_mean": 0.06332836405643844,
  "fd_num": 8,
  "fd_perc": 2.6666666666666665,
  "fwhm_avg": 2.6006199999999997,
  "fwhm_x": 2.49976,
  "fwhm_y": 2.71725,
  "fwhm_z": 2.58485,
  "gcor": 0.0625615,
  "gsr_x": -0.014031260274350643,
  "gsr_y": 0.0026684654876589775,
  "provenance": {
    "md5sum": "77a898db3db0d0afd4b63457ff51a152",
    "settings": {
      "fd_thres": 0.2,
      "testing": false
    },
    "software": "mriqc",
    "version": "22.0.1",
    "webapi_port": null,
    "webapi_url": "https://mriqc.nimh.nih.gov/api/v1"
  },
  "size_t": 300,
  "size_x": 64,
  "size_y": 64,
  "size_z": 35,
  "snr": 3.6463744861604708,
  "spacing_tr": 2.0,
  "spacing_x": 4.0,
  "spacing_y": 4.0,
  "spacing_z": 4.0,
  "summary_bg_k": 80.47054652263492,
  "summary_bg_mad": 10.056985443582237,
  "summary_bg_mean": 32.221336364746094,
  "summary_bg_median": 7.463333606719971,
  "summary_bg_n": 102877.0,
  "summary_bg_p05": 0.21000000834465027,
  "summary_bg_p95": 131.88533325195309,
  "summary_bg_stdv": 98.1165771484375,
  "summary_fg_k": 0.29320314695351835,
  "summary_fg_mad": 483.5112052569717,
  "summary_fg_mean": 1984.6634521484375,
  "summary_fg_median": 1907.08837890625,
  "summary_fg_n": 13640.0,
  "summary_fg_p05": 1248.931201171875,
  "summary_fg_p95": 2957.4235717773436,
  "summary_fg_stdv": 522.9902954101562,
  "tsnr": 53.42362050153315
}