{
  "aor": 0.0018763666666666667,
  "aqi": 0.00251727604,
  "bids_meta": {
    "AcquisitionDateTime": "2019-11-05T18:06:48.000000",
    "BodyPartExamined": "HEAD",
    "ConversionSoftware": "dcm2niix",
    "ConversionSoftwareVersion": "v1.0.20170411 GCC4.8.4",
    "Dcm2bidsVersion": "2.1.4",
    "EchoTime": 0.04,
    "FlipAngle": 90,
    "ImageType": [
      "ORIGINAL",
      "PRIMARY",
      "EPI",
      "NONE"
    ],
    "MagneticFieldStrength": 3,
    "Manufacturer": "GE",
    "ManufacturersModelName": "DISCOVERY_MR750",
    "ProtocolName": "fMRI_RestState",
    "RepetitionTime": 2,
    "ScanningSequence": "EP_GR",
    "SequenceVariant": "SS",
    "SeriesDescription": "fMRI_RestState",
    "SliceEncodingDirection": "k",
    "SliceTiming": [
      0.057142857,
      0.171428571,
      0.285714286,
      0.4,
      0.514285714,
      0.628571429,
      0.742857143,
      0.857142857,
      0.971428571,
      1.085714286,
      1.2,
      1.314285714,
      1.428571429,
      1.542857143,
      1.657142857,
      1.771428571,
      1.885714286,
      2.0,
      0.114285714,
      0.228571429,
      0.342857143,
      0.457142857,
      0.571428571,
      0.685714286,
      0.8,
      0.914285714,
      1.028571429,
      1.142857143,
      1.257142857,
      1.371428571,
      1.485714286,
      1.6,
      1.714285714,
      1.828571429,
      1.942857143
    ],
    "TaskName": "Resting state, awake, closed eyes",
    "dataset": "ds003548",
    "modality": "bold",
    "subject_id": "05",
    "task_id": "rest"
  },
  "dummy_trs": 0,
  "dvars_nstd": 17.529269323946497,
  "dvars_std": 1.3167535691638799,
  "dvars_vstd": 0.9902089606354518,
  "efc": 0.35894264254988223,
  "fber": 65875.0390625,
  "fd_mean": 0.05179869606035,
  "fd_num": 1,
  "fd_perc": 0.3333333333333333,
  "fwhm_avg": 2.811533333333333,
  "fwhm_x": 2.6816,
  "fwhm_y": 2.89885,
  "fwhm_z": 2.85415,
  "gcor": 0.064729,
  "gsr_x": -0.007901731878519058,
  "gsr_y": 0.009315830655395985,
  "provenance": {
    "md5sum": "2112a47fb1b85313859cb55a7c7817ec",
    "settings": {
      "fd_thres": 0.2,
      "testing": false
    },
    "software": "mriqc",
    "version": "22.0.1",
    "webapi_port": null,
    "webapi_url": "https://mriqc.nimh.nih.gov/api/v1"
  },
  "size_t": 300,
  "size_x": 64,
  "size_y": 64,
  "size_z": 35,
  "snr": 3.32289089113383,
  "spacing_tr": 2.0,
  "spacing_x": 4.0,
  "spacing_y": 4.0,
  "spacing_z": 4.0,
  "summary_bg_k": 176.34550170818656,
  "summary_bg_mad": 10.753808263587525,
  "summary_bg_mean": 39.139129638671875,
  "summary_bg_median": 8.103333473205566,
  "summary_bg_n": 100684.0,
  "summary_bg_p05": 0.2900000214576721,
  "summary_bg_p95": 158.1180046081536,
  "summary_bg_stdv": 134.34161376953125,
  "summary_fg_k": 0.633652158005654,
  "summary_fg_mad": 539.7957045544887,
  "summary_fg_mean": 2111.53369140625,
  "summary_fg_median": 2021.3634033203125,
  "summary_fg_n": 14957.0,
  "summary_fg_p05": 1271.7119873046875,
  "summary_fg_p95": 3262.619384765625,
  "summary_fg_stdv": 608.2943725585938,
  "tsnr": 84.91751602943987
}