{
  "aor": 0.0008363783783783784,
  "aqi": 0.0009781522432432432,
  "bids_meta": {
    "AcquisitionDateTime": "2019-11-05T18:52:28.000000",
    "BodyPartExamined": "HEAD",
    "ConversionSoftware": "dcm2niix",
    "ConversionSoftwareVersion": "v1.0.20170411 GCC4.8.4",
    "Dcm2bidsVersion": "2.1.4",
    "EchoTime": 0.03,
    "FlipAngle": 90,
    "ImageType": [
      "ORIGINAL",
      "PRIMARY",
      "EPI",
      "NONE"
    ],
    "MagneticFieldStrength": 3,
    "Manufacturer": "GE",
    "ManufacturersModelName": "DISCOVERY_MR750",
    "ProtocolName": "tr_FMRI_4",
    "RepetitionTime": 2,
    "ScanningSequence": "EP_GR",
    "SequenceVariant": "SS",
    "SeriesDescription": "tr_FMRI_4",
    "SliceEncodingDirection": "k",
    "SliceTiming": [
      0.057142857,
      0.171428571,
      0.285714286,
      0.4,
      0.514285714,
      0.628571429,
      0.742857143,
      0.857142857,
      0.971428571,
      1.085714286,
      1.2,
      1.314285714,
      1.428571429,
      1.542857143,
      1.657142857,
      1.771428571,
      1.885714286,
      2.0,
      0.114285714,
      0.228571429,
      0.342857143,
      0.457142857,
      0.571428571,
      0.685714286,
      0.8,
      0.914285714,
      1.028571429,
      1.142857143,
      1.257142857,
      1.371428571,
      1.485714286,
      1.6,
      1.714285714,
      1.828571429,
      1.942857143
    ],
    "TaskName": "Emotional face perception",
    "dataset": "ds003548",
    "modality": "bold",
    "run_id": 4,
    "subject_id": "05",
    "task_id": "emotionalfaces"
  },
  "dummy_trs": 0,
  "dvars_nstd": 13.504586732826088,
  "dvars_std": 1.2634253941304348,
  "dvars_vstd": 0.9899994840760872,
  "efc": 0.37471338138287985,
  "fber": 91627.5,
  "fd_mean": 0.039318265093117304,
  "fd_num": 0,
  "fd_perc": 0.0,
  "fwhm_avg": 3.0330166666666667,
  "fwhm_x": 2.8165,
  "fwhm_y": 3.050475,
  "fwhm_z": 3.232075,
  "gcor": 0.059722,
  "gsr_x": -0.005615700501948595,
  "gsr_y": 0.0080934539437294,
  "provenance": {
    "md5sum": "f7247ef5558893ba8d1ce6786b9e8060",
    "settings": {
      "fd_thres": 0.2,
      "testing": false
    },
    "software": "mriqc",
    "version": "22.0.1",
    "webapi_port": null,
    "webapi_url": "https://mriqc.nimh.nih.gov/api/v1"
  },
  "size_t": 185,
  "size_x": 64,
  "size_y": 64,
  "size_z": 35,
  "snr": 3.1988381825655434,
  "spacing_tr": 2.0,
  "spacing_x": 4.0,
  "spacing_y": 4.0,
  "spacing_z": 4.0,
  "summary_bg_k": 80.19233100116622,
  "summary_bg_mad": 11.6364241915726,
  "summary_bg_mean": 56.71671676635742,
  "summary_bg_median": 8.556756973266602,
  "summary_bg_n": 99065.0,
  "summary_bg_p05": 0.2756756842136383,
  "summary_bg_p95": 264.4194702148436,
  "summary_bg_stdv": 181.95648193359375,
  "summary_fg_k": 0.6147524996272877,
  "summary_fg_mad": 704.140133480614,
  "summary_fg_mean": 2622.4052734375,
  "summary_fg_median": 2493.502685546875,
  "summary_fg_n": 16223.0,
  "summary_fg_p05": 1567.890869140625,
  "summary_fg_p95": 4109.411523437499,
  "summary_fg_stdv": 779.4785766601562,
  "tsnr": 118.01603473909199
}