{
  "aor": 0.0007381621621621623,
  "aqi": 0.0010284683567567566,
  "bids_meta": {
    "AcquisitionDateTime": "2019-11-05T18:44:50.000000",
    "BodyPartExamined": "HEAD",
    "ConversionSoftware": "dcm2niix",
    "ConversionSoftwareVersion": "v1.0.20170411 GCC4.8.4",
    "Dcm2bidsVersion": "2.1.4",
    "EchoTime": 0.03,
    "FlipAngle": 90,
    "ImageType": [
      "ORIGINAL",
      "PRIMARY",
      "EPI",
      "NONE"
    ],
    "MagneticFieldStrength": 3,
    "Manufacturer": "GE",
    "ManufacturersModelName": "DISCOVERY_MR750",
    "ProtocolName": "tr_FMRI_3",
    "RepetitionTime": 2,
    "ScanningSequence": "EP_GR",
    "SequenceVariant": "SS",
    "SeriesDescription": "tr_FMRI_3",
    "SliceEncodingDirection": "k",
    "SliceTiming": [
      0.057142857,
      0.171428571,
      0.285714286,
      0.4,
      0.514285714,
      0.628571429,
      0.742857143,
      0.857142857,
      0.971428571,
      1.085714286,
      1.2,
      1.314285714,
      1.428571429,
      1.542857143,
      1.657142857,
      1.771428571,
      1.885714286,
      2.0,
      0.114285714,
      0.228571429,
      0.342857143,
      0.457142857,
      0.571428571,
      0.685714286,
      0.8,
      0.914285714,
      1.028571429,
      1.142857143,
      1.257142857,
      1.371428571,
      1.485714286,
      1.6,
      1.714285714,
      1.828571429,
      1.942857143
    ],
    "TaskName": "Emotional face perception",
    "dataset": "ds003548",
    "modality": "bold",
    "run_id": 3,
    "subject_id": "05",
    "task_id": "emotionalfaces"
  },
  "dummy_trs": 0,
  "dvars_nstd": 14.267295531576087,
  "dvars_std": 1.2880353389130434,
  "dvars_vstd": 0.9889158525543486,
  "efc": 0.3739280920416866,
  "fber": 88353.359375,
  "fd_mean": 0.04363352639006144,
  "fd_num": 0,
  "fd_perc": 0.0,
  "fwhm_avg": 2.990741666666666,
  "fwhm_x": 2.778275,
  "fwhm_y": 3.037625,
  "fwhm_z": 3.156325,
  "gcor": 0.0605724,
  "gsr_x": -0.005484858062118292,
  "gsr_y": 0.008565103635191917,
  "provenance": {
    "md5sum": "efd2edb1176815642e7a7f908dbe94c5",
    "settings": {
      "fd_thres": 0.2,
      "testing": false
    },
    "software": "mriqc",
    "version": "22.0.1",
    "webapi_port": null,
    "webapi_url": "https://mriqc.nimh.nih.gov/api/v1"
  },
  "size_t": 185,
  "size_x": 64,
  "size_y": 64,
  "size_z": 35,
  "snr": 3.259485110815926,
  "spacing_tr": 2.0,
  "spacing_x": 4.0,
  "spacing_y": 4.0,
  "spacing_z": 4.0,
  "summary_bg_k": 89.2539599795068,
  "summary_bg_mad": 11.660465951204364,
  "summary_bg_mean": 54.56348419189453,
  "summary_bg_median": 8.729729652404785,
  "summary_bg_n": 99035.0,
  "summary_bg_p05": 0.318918913602829,
  "summary_bg_p95": 256.24973754882785,
  "summary_bg_stdv": 172.28671264648438,
  "summary_fg_k": 0.520308350808909,
  "summary_fg_mad": 700.5577813916126,
  "summary_fg_mean": 2624.71337890625,
  "summary_fg_median": 2504.319091796875,
  "summary_fg_n": 16093.0,
  "summary_fg_p05": 1579.19462890625,
  "summary_fg_p95": 4074.80986328125,
  "summary_fg_stdv": 768.2935180664062,
  "tsnr": 118.95784401334822
}