{
  "aor": 0.00086,
  "aqi": 0.0008876679243243244,
  "bids_meta": {
    "AcquisitionDateTime": "2019-11-05T18:29:11.000000",
    "BodyPartExamined": "HEAD",
    "ConversionSoftware": "dcm2niix",
    "ConversionSoftwareVersion": "v1.0.20170411 GCC4.8.4",
    "Dcm2bidsVersion": "2.1.4",
    "EchoTime": 0.03,
    "FlipAngle": 90,
    "ImageType": [
      "ORIGINAL",
      "PRIMARY",
      "EPI",
      "NONE"
    ],
    "MagneticFieldStrength": 3,
    "Manufacturer": "GE",
    "ManufacturersModelName": "DISCOVERY_MR750",
    "ProtocolName": "tr_FMRI_1",
    "RepetitionTime": 2,
    "ScanningSequence": "EP_GR",
    "SequenceVariant": "SS",
    "SeriesDescription": "tr_FMRI_1",
    "SliceEncodingDirection": "k",
    "SliceTiming": [
      0.057142857,
      0.171428571,
      0.285714286,
      0.4,
      0.514285714,
      0.628571429,
      0.742857143,
      0.857142857,
      0.971428571,
      1.085714286,
      1.2,
      1.314285714,
      1.428571429,
      1.542857143,
      1.657142857,
      1.771428571,
      1.885714286,
      2.0,
      0.114285714,
      0.228571429,
      0.342857143,
      0.457142857,
      0.571428571,
      0.685714286,
      0.8,
      0.914285714,
      1.028571429,
      1.142857143,
      1.257142857,
      1.371428571,
      1.485714286,
      1.6,
      1.714285714,
      1.828571429,
      1.942857143
    ],
    "TaskName": "Emotional face perception",
    "dataset": "ds003548",
    "modality": "bold",
    "run_id": 1,
    "subject_id": "05",
    "task_id": "emotionalfaces"
  },
  "dummy_trs": 0,
  "dvars_nstd": 14.135388359021738,
  "dvars_std": 1.334822473423913,
  "dvars_vstd": 0.9911460705434783,
  "efc": 0.37433081079062286,
  "fber": 90582.8984375,
  "fd_mean": 0.036147390490269625,
  "fd_num": 0,
  "fd_perc": 0.0,
  "fwhm_avg": 2.9998916666666666,
  "fwhm_x": 2.78985,
  "fwhm_y": 3.042075,
  "fwhm_z": 3.16775,
  "gcor": 0.0553909,
  "gsr_x": -0.005816321820020676,
  "gsr_y": 0.007063530385494232,
  "provenance": {
    "md5sum": "2f243c7c7c5392ce771401fe0d3dc3cf",
    "settings": {
      "fd_thres": 0.2,
      "testing": false
    },
    "software": "mriqc",
    "version": "22.0.1",
    "webapi_port": null,
    "webapi_url": "https://mriqc.nimh.nih.gov/api/v1"
  },
  "size_t": 185,
  "size_x": 64,
  "size_y": 64,
  "size_z": 35,
  "snr": 3.2522500861499224,
  "spacing_tr": 2.0,
  "spacing_x": 4.0,
  "spacing_y": 4.0,
  "spacing_z": 4.0,
  "summary_bg_k": 78.88791571955977,
  "summary_bg_mad": 11.732593350979144,
  "summary_bg_mean": 55.95423126220703,
  "summary_bg_median": 8.621622085571289,
  "summary_bg_n": 99100.0,
  "summary_bg_p05": 0.2594594657421112,
  "summary_bg_p95": 259.56810760498036,
  "summary_bg_stdv": 177.9772186279297,
  "summary_fg_k": 0.5707908479542425,
  "summary_fg_mad": 699.323305105916,
  "summary_fg_mean": 2626.47900390625,
  "summary_fg_median": 2507.3134765625,
  "summary_fg_n": 16201.0,
  "summary_fg_p05": 1569.0162353515625,
  "summary_fg_p95": 4085.173095703125,
  "summary_fg_stdv": 770.9235229492188,
  "tsnr": 128.26649327157065
}