{
  "aor": 0.000596,
  "aqi": 0.0010698353189189187,
  "bids_meta": {
    "AcquisitionDateTime": "2019-11-05T18:36:49.000000",
    "BodyPartExamined": "HEAD",
    "ConversionSoftware": "dcm2niix",
    "ConversionSoftwareVersion": "v1.0.20170411 GCC4.8.4",
    "Dcm2bidsVersion": "2.1.4",
    "EchoTime": 0.03,
    "FlipAngle": 90,
    "ImageType": [
      "ORIGINAL",
      "PRIMARY",
      "EPI",
      "NONE"
    ],
    "MagneticFieldStrength": 3,
    "Manufacturer": "GE",
    "ManufacturersModelName": "DISCOVERY_MR750",
    "ProtocolName": "tr_FMRI_2",
    "RepetitionTime": 2,
    "ScanningSequence": "EP_GR",
    "SequenceVariant": "SS",
    "SeriesDescription": "tr_FMRI_2",
    "SliceEncodingDirection": "k",
    "SliceTiming": [
      0.057142857,
      0.171428571,
      0.285714286,
      0.4,
      0.514285714,
      0.628571429,
      0.742857143,
      0.857142857,
      0.971428571,
      1.085714286,
      1.2,
      1.314285714,
      1.428571429,
      1.542857143,
      1.657142857,
      1.771428571,
      1.885714286,
      2.0,
      0.114285714,
      0.228571429,
      0.342857143,
      0.457142857,
      0.571428571,
      0.685714286,
      0.8,
      0.914285714,
      1.028571429,
      1.142857143,
      1.257142857,
      1.371428571,
      1.485714286,
      1.6,
      1.714285714,
      1.828571429,
      1.942857143
    ],
    "TaskName": "Emotional face perception",
    "dataset": "ds003548",
    "modality": "bold",
    "run_id": 2,
    "subject_id": "05",
    "task_id": "emotionalfaces"
  },
  "dummy_trs": 0,
  "dvars_nstd": 14.002350055760878,
  "dvars_std": 1.276545883858696,
  "dvars_vstd": 0.9785129034782601,
  "efc": 0.3753501934724256,
  "fber": 92608.2734375,
  "fd_mean": 0.041148313367577107,
  "fd_num": 0,
  "fd_perc": 0.0,
  "fwhm_avg": 3.0226666666666664,
  "fwhm_x": 2.82445,
  "fwhm_y": 3.039775,
  "fwhm_z": 3.203775,
  "gcor": 0.0417667,
  "gsr_x": -0.00567395705729723,
  "gsr_y": 0.007532636169344187,
  "provenance": {
    "md5sum": "149bffad6e391bc1200f3ef9f68922e5",
    "settings": {
      "fd_thres": 0.2,
      "testing": false
    },
    "software": "mriqc",
    "version": "22.0.1",
    "webapi_port": null,
    "webapi_url": "https://mriqc.nimh.nih.gov/api/v1"
  },
  "size_t": 185,
  "size_x": 64,
  "size_y": 64,
  "size_z": 35,
  "snr": 3.242868040353941,
  "spacing_tr": 2.0,
  "spacing_x": 4.0,
  "spacing_y": 4.0,
  "spacing_z": 4.0,
  "summary_bg_k": 75.75537206205075,
  "summary_bg_mad": 11.596353796856517,
  "summary_bg_mean": 56.81324768066406,
  "summary_bg_median": 8.54594612121582,
  "summary_bg_n": 99001.0,
  "summary_bg_p05": 0.29729729890823364,
  "summary_bg_p95": 265.3027038574219,
  "summary_bg_stdv": 180.1656494140625,
  "summary_fg_k": 0.613187424317188,
  "summary_fg_mad": 702.2885095429272,
  "summary_fg_mean": 2640.175048828125,
  "summary_fg_median": 2513.0,
  "summary_fg_n": 16249.0,
  "summary_fg_p05": 1588.8843505859375,
  "summary_fg_p95": 4113.510546875,
  "summary_fg_stdv": 774.907470703125,
  "tsnr": 122.75484435074031
}