{
  "aor": 0.0023960540540540545,
  "aqi": 0.0011051875351351353,
  "bids_meta": {
    "AcquisitionDateTime": "2019-11-05T18:59:33.000000",
    "BodyPartExamined": "HEAD",
    "ConversionSoftware": "dcm2niix",
    "ConversionSoftwareVersion": "v1.0.20170411 GCC4.8.4",
    "Dcm2bidsVersion": "2.1.4",
    "EchoTime": 0.03,
    "FlipAngle": 90,
    "ImageType": [
      "ORIGINAL",
      "PRIMARY",
      "EPI",
      "NONE"
    ],
    "MagneticFieldStrength": 3,
    "Manufacturer": "GE",
    "ManufacturersModelName": "DISCOVERY_MR750",
    "ProtocolName": "tr_FMRI_5",
    "RepetitionTime": 2,
    "ScanningSequence": "EP_GR",
    "SequenceVariant": "SS",
    "SeriesDescription": "tr_FMRI_5",
    "SliceEncodingDirection": "k",
    "SliceTiming": [
      0.057142857,
      0.171428571,
      0.285714286,
      0.4,
      0.514285714,
      0.628571429,
      0.742857143,
      0.857142857,
      0.971428571,
      1.085714286,
      1.2,
      1.314285714,
      1.428571429,
      1.542857143,
      1.657142857,
      1.771428571,
      1.885714286,
      2.0,
      0.114285714,
      0.228571429,
      0.342857143,
      0.457142857,
      0.571428571,
      0.685714286,
      0.8,
      0.914285714,
      1.028571429,
      1.142857143,
      1.257142857,
      1.371428571,
      1.485714286,
      1.6,
      1.714285714,
      1.828571429,
      1.942857143
    ],
    "TaskName": "Emotional face perception",
    "dataset": "ds003548",
    "modality": "bold",
    "run_id": 5,
    "subject_id": "05",
    "task_id": "emotionalfaces"
  },
  "dummy_trs": 0,
  "dvars_nstd": 14.912728206141304,
  "dvars_std": 1.3346246927173915,
  "dvars_vstd": 1.0057978798913043,
  "efc": 0.3741795095385783,
  "fber": 94417.453125,
  "fd_mean": 0.052741351187947184,
  "fd_num": 4,
  "fd_perc": 2.1621621621621623,
  "fwhm_avg": 3.0040750000000003,
  "fwhm_x": 2.8009,
  "fwhm_y": 3.0184,
  "fwhm_z": 3.192925,
  "gcor": 0.0637176,
  "gsr_x": -0.004987693391740322,
  "gsr_y": 0.008120681159198284,
  "provenance": {
    "md5sum": "d7495937f9e383fb45d9316c5b1ed25d",
    "settings": {
      "fd_thres": 0.2,
      "testing": false
    },
    "software": "mriqc",
    "version": "22.0.1",
    "webapi_port": null,
    "webapi_url": "https://mriqc.nimh.nih.gov/api/v1"
  },
  "size_t": 185,
  "size_x": 64,
  "size_y": 64,
  "size_z": 35,
  "snr": 3.233293334873371,
  "spacing_tr": 2.0,
  "spacing_x": 4.0,
  "spacing_y": 4.0,
  "spacing_z": 4.0,
  "summary_bg_k": 84.9275127595469,
  "summary_bg_mad": 11.500186228109587,
  "summary_bg_mean": 54.67585754394531,
  "summary_bg_median": 8.470270156860352,
  "summary_bg_n": 98972.0,
  "summary_bg_p05": 0.26486486196517944,
  "summary_bg_p95": 256.1837875366208,
  "summary_bg_stdv": 173.49752807617188,
  "summary_fg_k": 0.5361363447986105,
  "summary_fg_mad": 708.3794491991536,
  "summary_fg_mean": 2635.414794921875,
  "summary_fg_median": 2508.3623046875,
  "summary_fg_n": 16127.0,
  "summary_fg_p05": 1582.819482421875,
  "summary_fg_p95": 4109.663427734374,
  "summary_fg_stdv": 775.7677001953125,
  "tsnr": 112.85914825089276
}