{
  "aor": 0.002856324324324325,
  "aqi": 0.0013369274324324324,
  "bids_meta": {
    "AcquisitionDateTime": "2019-10-24T20:59:13.000000",
    "BodyPartExamined": "HEAD",
    "ConversionSoftware": "dcm2niix",
    "ConversionSoftwareVersion": "v1.0.20170411 GCC4.8.4",
    "Dcm2bidsVersion": "2.1.4",
    "EchoTime": 0.03,
    "FlipAngle": 90,
    "ImageType": [
      "ORIGINAL",
      "PRIMARY",
      "EPI",
      "NONE"
    ],
    "MagneticFieldStrength": 3,
    "Manufacturer": "GE",
    "ManufacturersModelName": "DISCOVERY_MR750",
    "ProtocolName": "tr_FMRI_4",
    "RepetitionTime": 2,
    "ScanningSequence": "EP_GR",
    "SequenceVariant": "SS",
    "SeriesDescription": "tr_FMRI_4",
    "SliceEncodingDirection": "k",
    "SliceTiming": [
      0.057142857,
      0.171428571,
      0.285714286,
      0.4,
      0.514285714,
      0.628571429,
      0.742857143,
      0.857142857,
      0.971428571,
      1.085714286,
      1.2,
      1.314285714,
      1.428571429,
      1.542857143,
      1.657142857,
      1.771428571,
      1.885714286,
      2.0,
      0.114285714,
      0.228571429,
      0.342857143,
      0.457142857,
      0.571428571,
      0.685714286,
      0.8,
      0.914285714,
      1.028571429,
      1.142857143,
      1.257142857,
      1.371428571,
      1.485714286,
      1.6,
      1.714285714,
      1.828571429,
      1.942857143
    ],
    "TaskName": "Emotional face perception",
    "dataset": "ds003548",
    "modality": "bold",
    "run_id": 4,
    "subject_id": "03",
    "task_id": "emotionalfaces"
  },
  "dummy_trs": 0,
  "dvars_nstd": 12.92113745706522,
  "dvars_std": 1.142261435271739,
  "dvars_vstd": 1.0155553954347831,
  "efc": 0.39706181452541967,
  "fber": 50931.24609375,
  "fd_mean": 0.07940446055990992,
  "fd_num": 11,
  "fd_perc": 5.945945945945946,
  "fwhm_avg": 3.004025,
  "fwhm_x": 2.7266,
  "fwhm_y": 3.065625,
  "fwhm_z": 3.21985,
  "gcor": 0.117873,
  "gsr_x": -0.018436085432767868,
  "gsr_y": 0.02568720653653145,
  "provenance": {
    "md5sum": "a64851e41d68600b8208565f55796214",
    "settings": {
      "fd_thres": 0.2,
      "testing": false
    },
    "software": "mriqc",
    "version": "22.0.1",
    "webapi_port": null,
    "webapi_url": "https://mriqc.nimh.nih.gov/api/v1"
  },
  "size_t": 185,
  "size_x": 64,
  "size_y": 64,
  "size_z": 35,
  "snr": 2.924045981224552,
  "spacing_tr": 2.0,
  "spacing_x": 4.0,
  "spacing_y": 4.0,
  "spacing_z": 4.0,
  "summary_bg_k": 34.449821369878705,
  "summary_bg_mad": 15.12254349478293,
  "summary_bg_mean": 85.01982116699219,
  "summary_bg_median": 10.908108711242676,
  "summary_bg_n": 98065.0,
  "summary_bg_p05": 0.227027028799057,
  "summary_bg_p95": 496.12975463867195,
  "summary_bg_stdv": 232.1603240966797,
  "summary_fg_k": 2.0447351746265854,
  "summary_fg_mad": 691.9665793271032,
  "summary_fg_mean": 2521.669677734375,
  "summary_fg_median": 2381.2568359375,
  "summary_fg_n": 16824.0,
  "summary_fg_p05": 1447.886804199219,
  "summary_fg_p95": 4017.556506347656,
  "summary_fg_stdv": 814.3463134765625,
  "tsnr": 98.6925528361462
}