{
  "aor": 0.0014080540540540541,
  "aqi": 0.0009873128324324324,
  "bids_meta": {
    "AcquisitionDateTime": "2019-10-24T20:34:46.000000",
    "BodyPartExamined": "HEAD",
    "ConversionSoftware": "dcm2niix",
    "ConversionSoftwareVersion": "v1.0.20170411 GCC4.8.4",
    "Dcm2bidsVersion": "2.1.4",
    "EchoTime": 0.03,
    "FlipAngle": 90,
    "ImageType": [
      "ORIGINAL",
      "PRIMARY",
      "EPI",
      "NONE"
    ],
    "MagneticFieldStrength": 3,
    "Manufacturer": "GE",
    "ManufacturersModelName": "DISCOVERY_MR750",
    "ProtocolName": "tr_FMRI_1",
    "RepetitionTime": 2,
    "ScanningSequence": "EP_GR",
    "SequenceVariant": "SS",
    "SeriesDescription": "tr_FMRI_1",
    "SliceEncodingDirection": "k",
    "SliceTiming": [
      0.057142857,
      0.171428571,
      0.285714286,
      0.4,
      0.514285714,
      0.628571429,
      0.742857143,
      0.857142857,
      0.971428571,
      1.085714286,
      1.2,
      1.314285714,
      1.428571429,
      1.542857143,
      1.657142857,
      1.771428571,
      1.885714286,
      2.0,
      0.114285714,
      0.228571429,
      0.342857143,
      0.457142857,
      0.571428571,
      0.685714286,
      0.8,
      0.914285714,
      1.028571429,
      1.142857143,
      1.257142857,
      1.371428571,
      1.485714286,
      1.6,
      1.714285714,
      1.828571429,
      1.942857143
    ],
    "TaskName": "Emotional face perception",
    "dataset": "ds003548",
    "modality": "bold",
    "run_id": 1,
    "subject_id": "03",
    "task_id": "emotionalfaces"
  },
  "dummy_trs": 0,
  "dvars_nstd": 12.946600421521742,
  "dvars_std": 1.1819538818478255,
  "dvars_vstd": 1.0054584171195646,
  "efc": 0.3946780323440687,
  "fber": 52360.609375,
  "fd_mean": 0.06555980074135637,
  "fd_num": 5,
  "fd_perc": 2.7027027027027026,
  "fwhm_avg": 3.034075,
  "fwhm_x": 2.762275,
  "fwhm_y": 3.0903,
  "fwhm_z": 3.24965,
  "gcor": 0.0722068,
  "gsr_x": -0.018652474507689476,
  "gsr_y": 0.02483777515590191,
  "provenance": {
    "md5sum": "bd06f46cf96ee90e58158a2e5265ea5c",
    "settings": {
      "fd_thres": 0.2,
      "testing": false
    },
    "software": "mriqc",
    "version": "22.0.1",
    "webapi_port": null,
    "webapi_url": "https://mriqc.nimh.nih.gov/api/v1"
  },
  "size_t": 185,
  "size_x": 64,
  "size_y": 64,
  "size_z": 35,
  "snr": 2.908001101706993,
  "spacing_tr": 2.0,
  "spacing_x": 4.0,
  "spacing_y": 4.0,
  "spacing_z": 4.0,
  "summary_bg_k": 33.85410715198453,
  "summary_bg_mad": 14.697798053100284,
  "summary_bg_mean": 80.88523864746094,
  "summary_bg_median": 10.670270919799805,
  "summary_bg_n": 98060.0,
  "summary_bg_p05": 0.2432432472705841,
  "summary_bg_p95": 469.18459167480506,
  "summary_bg_stdv": 220.8031005859375,
  "summary_fg_k": 1.9037382025389151,
  "summary_fg_mad": 697.8008869098626,
  "summary_fg_mean": 2501.927734375,
  "summary_fg_median": 2364.90283203125,
  "summary_fg_n": 16813.0,
  "summary_fg_p05": 1421.570849609375,
  "summary_fg_p95": 3999.010986328125,
  "summary_fg_stdv": 813.2158203125,
  "tsnr": 115.95026316866279
}