{
  "aor": 0.0012978378378378378,
  "aqi": 0.0009340829567567568,
  "bids_meta": {
    "AcquisitionDateTime": "2019-10-24T20:42:35.000000",
    "BodyPartExamined": "HEAD",
    "ConversionSoftware": "dcm2niix",
    "ConversionSoftwareVersion": "v1.0.20170411 GCC4.8.4",
    "Dcm2bidsVersion": "2.1.4",
    "EchoTime": 0.03,
    "FlipAngle": 90,
    "ImageType": [
      "ORIGINAL",
      "PRIMARY",
      "EPI",
      "NONE"
    ],
    "MagneticFieldStrength": 3,
    "Manufacturer": "GE",
    "ManufacturersModelName": "DISCOVERY_MR750",
    "ProtocolName": "tr_FMRI_2",
    "RepetitionTime": 2,
    "ScanningSequence": "EP_GR",
    "SequenceVariant": "SS",
    "SeriesDescription": "tr_FMRI_2",
    "SliceEncodingDirection": "k",
    "SliceTiming": [
      0.057142857,
      0.171428571,
      0.285714286,
      0.4,
      0.514285714,
      0.628571429,
      0.742857143,
      0.857142857,
      0.971428571,
      1.085714286,
      1.2,
      1.314285714,
      1.428571429,
      1.542857143,
      1.657142857,
      1.771428571,
      1.885714286,
      2.0,
      0.114285714,
      0.228571429,
      0.342857143,
      0.457142857,
      0.571428571,
      0.685714286,
      0.8,
      0.914285714,
      1.028571429,
      1.142857143,
      1.257142857,
      1.371428571,
      1.485714286,
      1.6,
      1.714285714,
      1.828571429,
      1.942857143
    ],
    "TaskName": "Emotional face perception",
    "dataset": "ds003548",
    "modality": "bold",
    "run_id": 2,
    "subject_id": "03",
    "task_id": "emotionalfaces"
  },
  "dummy_trs": 0,
  "dvars_nstd": 12.498502710597824,
  "dvars_std": 1.1896467097282608,
  "dvars_vstd": 1.006221608206522,
  "efc": 0.3952799517364003,
  "fber": 53545.87890625,
  "fd_mean": 0.05927871120669309,
  "fd_num": 3,
  "fd_perc": 1.6216216216216217,
  "fwhm_avg": 3.0008916666666665,
  "fwhm_x": 2.737075,
  "fwhm_y": 3.06285,
  "fwhm_z": 3.20275,
  "gcor": 0.0699359,
  "gsr_x": -0.018187034875154495,
  "gsr_y": 0.024840889498591423,
  "provenance": {
    "md5sum": "4527b0d5fa0c2d3c9dcf633f04ca1384",
    "settings": {
      "fd_thres": 0.2,
      "testing": false
    },
    "software": "mriqc",
    "version": "22.0.1",
    "webapi_port": null,
    "webapi_url": "https://mriqc.nimh.nih.gov/api/v1"
  },
  "size_t": 185,
  "size_x": 64,
  "size_y": 64,
  "size_z": 35,
  "snr": 2.9314769438171773,
  "spacing_tr": 2.0,
  "spacing_x": 4.0,
  "spacing_y": 4.0,
  "spacing_z": 4.0,
  "summary_bg_k": 34.55834142405163,
  "summary_bg_mad": 14.729854351199153,
  "summary_bg_mean": 82.1820297241211,
  "summary_bg_median": 10.670270919799805,
  "summary_bg_n": 98079.0,
  "summary_bg_p05": 0.25405406951904297,
  "summary_bg_p95": 480.63461608886604,
  "summary_bg_stdv": 224.9701690673828,
  "summary_fg_k": 1.867712558685576,
  "summary_fg_mad": 695.3446030585983,
  "summary_fg_mean": 2520.443115234375,
  "summary_fg_median": 2378.61083984375,
  "summary_fg_n": 16786.0,
  "summary_fg_p05": 1443.0986633300781,
  "summary_fg_p95": 4010.5541381835938,
  "summary_fg_stdv": 811.37939453125,
  "tsnr": 121.41311977081932
}