{
  "aor": 0.0011570999999999999,
  "aqi": 0.0025759195366666667,
  "bids_meta": {
    "AcquisitionDateTime": "2019-10-24T20:23:23.000000",
    "BodyPartExamined": "HEAD",
    "ConversionSoftware": "dcm2niix",
    "ConversionSoftwareVersion": "v1.0.20170411 GCC4.8.4",
    "Dcm2bidsVersion": "2.1.4",
    "EchoTime": 0.04,
    "FlipAngle": 90,
    "ImageType": [
      "ORIGINAL",
      "PRIMARY",
      "EPI",
      "NONE"
    ],
    "MagneticFieldStrength": 3,
    "Manufacturer": "GE",
    "ManufacturersModelName": "DISCOVERY_MR750",
    "ProtocolName": "fMRI_RestState",
    "RepetitionTime": 2,
    "ScanningSequence": "EP_GR",
    "SequenceVariant": "SS",
    "SeriesDescription": "fMRI_RestState",
    "SliceEncodingDirection": "k",
    "SliceTiming": [
      0.057142857,
      0.171428571,
      0.285714286,
      0.4,
      0.514285714,
      0.628571429,
      0.742857143,
      0.857142857,
      0.971428571,
      1.085714286,
      1.2,
      1.314285714,
      1.428571429,
      1.542857143,
      1.657142857,
      1.771428571,
      1.885714286,
      2.0,
      0.114285714,
      0.228571429,
      0.342857143,
      0.457142857,
      0.571428571,
      0.685714286,
      0.8,
      0.914285714,
      1.028571429,
      1.142857143,
      1.257142857,
      1.371428571,
      1.485714286,
      1.6,
      1.714285714,
      1.828571429,
      1.942857143
    ],
    "TaskName": "Resting state, awake, closed eyes",
    "dataset": "ds003548",
    "modality": "bold",
    "subject_id": "03",
    "task_id": "rest"
  },
  "dummy_trs": 0,
  "dvars_nstd": 14.862922142107033,
  "dvars_std": 1.1003021866220741,
  "dvars_vstd": 0.9719413966889627,
  "efc": 0.3743957899536061,
  "fber": 42926.71484375,
  "fd_mean": 0.08843317750899919,
  "fd_num": 13,
  "fd_perc": 4.333333333333333,
  "fwhm_avg": 2.853025,
  "fwhm_x": 2.654325,
  "fwhm_y": 2.9474,
  "fwhm_z": 2.95735,
  "gcor": 0.0957105,
  "gsr_x": -0.017939819023013115,
  "gsr_y": 0.021707085892558098,
  "provenance": {
    "md5sum": "cbcbf3c324d401e9a2c52e9aa72dcfd8",
    "settings": {
      "fd_thres": 0.2,
      "testing": false
    },
    "software": "mriqc",
    "version": "22.0.1",
    "webapi_port": null,
    "webapi_url": "https://mriqc.nimh.nih.gov/api/v1"
  },
  "size_t": 300,
  "size_x": 64,
  "size_y": 64,
  "size_z": 35,
  "snr": 2.9963903180332947,
  "spacing_tr": 2.0,
  "spacing_x": 4.0,
  "spacing_y": 4.0,
  "spacing_z": 4.0,
  "summary_bg_k": 164.89479336478914,
  "summary_bg_mad": 12.740495462612175,
  "summary_bg_mean": 47.97499084472656,
  "summary_bg_median": 9.430000305175781,
  "summary_bg_n": 99558.0,
  "summary_bg_p05": 0.24000000953674316,
  "summary_bg_p95": 238.53966751098622,
  "summary_bg_stdv": 133.73374938964844,
  "summary_fg_k": 1.6987407925681213,
  "summary_fg_mad": 549.3413136989894,
  "summary_fg_mean": 2022.167236328125,
  "summary_fg_median": 1920.9200439453125,
  "summary_fg_n": 15416.0,
  "summary_fg_p05": 1157.1567077636719,
  "summary_fg_p95": 3207.279296875,
  "summary_fg_stdv": 641.0572509765625,
  "tsnr": 79.85924518853426
}