{
  "aor": 0.0031531638418079095,
  "aqi": 0.0011108419943502824,
  "bids_meta": {
    "AcquisitionDateTime": "2019-10-24T21:07:32.000000",
    "BodyPartExamined": "HEAD",
    "ConversionSoftware": "dcm2niix",
    "ConversionSoftwareVersion": "v1.0.20170411 GCC4.8.4",
    "Dcm2bidsVersion": "2.1.4",
    "EchoTime": 0.03,
    "FlipAngle": 90,
    "ImageType": [
      "ORIGINAL",
      "PRIMARY",
      "EPI",
      "NONE"
    ],
    "MagneticFieldStrength": 3,
    "Manufacturer": "GE",
    "ManufacturersModelName": "DISCOVERY_MR750",
    "ProtocolName": "tr_FMRI_4",
    "RepetitionTime": 2,
    "ScanningSequence": "EP_GR",
    "SequenceVariant": "SS",
    "SeriesDescription": "tr_FMRI_4",
    "SliceEncodingDirection": "k",
    "SliceTiming": [
      0.057142857,
      0.171428571,
      0.285714286,
      0.4,
      0.514285714,
      0.628571429,
      0.742857143,
      0.857142857,
      0.971428571,
      1.085714286,
      1.2,
      1.314285714,
      1.428571429,
      1.542857143,
      1.657142857,
      1.771428571,
      1.885714286,
      2.0,
      0.114285714,
      0.228571429,
      0.342857143,
      0.457142857,
      0.571428571,
      0.685714286,
      0.8,
      0.914285714,
      1.028571429,
      1.142857143,
      1.257142857,
      1.371428571,
      1.485714286,
      1.6,
      1.714285714,
      1.828571429,
      1.942857143
    ],
    "TaskName": "Emotional face perception",
    "dataset": "ds003548",
    "modality": "bold",
    "run_id": 5,
    "subject_id": "03",
    "task_id": "emotionalfaces"
  },
  "dummy_trs": 8,
  "dvars_nstd": 13.096197605000002,
  "dvars_std": 1.2153057706250003,
  "dvars_vstd": 1.0324819228409092,
  "efc": 0.3984687912617242,
  "fber": 51994.44921875,
  "fd_mean": 0.068224231644365,
  "fd_num": 7,
  "fd_perc": 3.9548022598870056,
  "fwhm_avg": 2.995041666666667,
  "fwhm_x": 2.71145,
  "fwhm_y": 3.0478,
  "fwhm_z": 3.225875,
  "gcor": 0.0879221,
  "gsr_x": -0.018644938245415688,
  "gsr_y": 0.025672592222690582,
  "provenance": {
    "md5sum": "6bba693187790acdc6cbd69fb87c0c7a",
    "settings": {
      "fd_thres": 0.2,
      "testing": false
    },
    "software": "mriqc",
    "version": "22.0.1",
    "webapi_port": null,
    "webapi_url": "https://mriqc.nimh.nih.gov/api/v1"
  },
  "size_t": 177,
  "size_x": 64,
  "size_y": 64,
  "size_z": 35,
  "snr": 2.9439537345922604,
  "spacing_tr": 2.0,
  "spacing_x": 4.0,
  "spacing_y": 4.0,
  "spacing_z": 4.0,
  "summary_bg_k": 33.4251328525195,
  "summary_bg_mad": 15.085687116187701,
  "summary_bg_mean": 86.17431640625,
  "summary_bg_median": 10.853107452392578,
  "summary_bg_n": 97966.0,
  "summary_bg_p05": 0.23163841664791107,
  "summary_bg_p95": 503.2387008666992,
  "summary_bg_stdv": 234.23033142089844,
  "summary_fg_k": 2.100827952109926,
  "summary_fg_mad": 692.8611719499149,
  "summary_fg_mean": 2526.645263671875,
  "summary_fg_median": 2386.265625,
  "summary_fg_n": 16911.0,
  "summary_fg_p05": 1462.5480346679688,
  "summary_fg_p95": 4003.234375,
  "summary_fg_stdv": 810.5409545898438,
  "tsnr": 113.01687641534954
}